{
  "bids_meta": {
    "AcquisitionMatrixPE": 215,
    "AcquisitionNumber": 1,
    "AcquisitionTime": "15:47:39.152500",
    "BaseResolution": 256,
    "ConversionSoftware": "dcm2niix",
    "ConversionSoftwareVersion": "v1.0.20180404 Clang8.0.0",
    "DeviceSerialNumber": "35002",
    "EchoTime": 0.00226,
    "FlipAngle": 9,
    "ImageOrientationPatientDICOM": [
      0,
      1,
      0,
      0,
      0,
      -1
    ],
    "ImageType": [
      "ORIGINAL",
      "PRIMARY",
      "M",
      "ND",
      "NORM"
    ],
    "InPlanePhaseEncodingDirectionDICOM": "ROW",
    "InstitutionAddress": "University_Pkwy_1700_North_685_Provo_UT_US_84601",
    "InstitutionName": "Brigham_Young_University",
    "InversionTime": 0.9,
    "MRAcquisitionType": "3D",
    "MagneticFieldStrength": 3,
    "Manufacturer": "Siemens",
    "ManufacturersModelName": "TrioTim",
    "Modality": "MR",
    "ParallelReductionFactorInPlane": 2,
    "PartialFourier": 0.875,
    "PatientPosition": "HFS",
    "PercentPhaseFOV": 87.5,
    "PhaseEncodingSteps": 226,
    "PhaseOversampling": 0.2,
    "PhaseResolution": 0.96,
    "PixelBandwidth": 199,
    "ProcedureStepDescription": "Research_KIRWAN",
    "ProtocolName": "t1_mpr_sag_iso_mprage_fast",
    "PulseSequenceDetails": "%SiemensSeq%_tfl",
    "ReceiveCoilName": "32Ch_Head",
    "ReconMatrixPE": 256,
    "RepetitionTime": 1.9,
    "SAR": 0.12796,
    "ScanOptions": "IR_PFP",
    "ScanningSequence": "GR_IR",
    "SequenceName": "_tfl3d1_ns",
    "SequenceVariant": "SP_MP_OSP",
    "SeriesDescription": "t1_mpr_sag_iso_mprage_fast",
    "SeriesNumber": 6,
    "ShimSetting": [
      -2830,
      -22913,
      1923,
      -81,
      -87,
      -38,
      -253,
      388
    ],
    "SliceThickness": 1,
    "SoftwareVersions": "syngo_MR_B17",
    "StationName": "MININT-E41B04",
    "TxRefAmp": 378.608,
    "dataset": "ds001747",
    "modality": "T1w",
    "run_id": 1,
    "subject_id": "3884"
  },
  "cjv": 0.33045540910853977,
  "cnr": 4.128150514584438,
  "efc": 0.5901230324925021,
  "fber": -1.0,
  "fwhm_avg": 4.8804490666666664,
  "fwhm_x": 4.55336,
  "fwhm_y": 5.18132736,
  "fwhm_z": 4.9066598400000005,
  "icvs_csf": 0.18131949984141782,
  "icvs_gm": 0.4541079701451937,
  "icvs_wm": 0.36457253001338846,
  "inu_med": 0.42812927067279816,
  "inu_range": 0.15091316401958466,
  "provenance": {
    "md5sum": "e4a737ad704d7f5574a649a3b3fd8cd2",
    "settings": {
      "testing": false
    },
    "software": "mriqc",
    "version": "22.0.1",
    "warnings": {
      "large_rot_frame": true,
      "small_air_mask": false
    },
    "webapi_port": null,
    "webapi_url": "https://mriqc.nimh.nih.gov/api/v1"
  },
  "qi_1": 0.0,
  "qi_2": 0.014842644908760604,
  "rpve_csf": 21.120266235329396,
  "rpve_gm": 9.294004567805237,
  "rpve_wm": 13.050801656888238,
  "size_x": 176,
  "size_y": 224,
  "size_z": 256,
  "snr_csf": 3.0968083979822447,
  "snr_gm": 15.60003347012707,
  "snr_total": 14.353763834432923,
  "snr_wm": 24.364449635189455,
  "snrd_csf": 47.39144084878904,
  "snrd_gm": 113.36313582376222,
  "snrd_total": 104.62334068824401,
  "snrd_wm": 153.11544539218076,
  "spacing_x": 1.0,
  "spacing_y": 0.9765625,
  "spacing_z": 0.9765625,
  "summary_bg_k": 20.061213199501047,
  "summary_bg_mad": 0.0,
  "summary_bg_mean": 1.9292916632474266,
  "summary_bg_median": 0.0,
  "summary_bg_n": 2667689.0,
  "summary_bg_p05": 0.0,
  "summary_bg_p95": 10.817101836204529,
  "summary_bg_stdv": 4.278781954384891,
  "summary_csf_k": 3.6156563094485117,
  "summary_csf_mad": 80.94856769731575,
  "summary_csf_mean": 328.88567225179537,
  "summary_csf_median": 309.5197303891182,
  "summary_csf_n": 41506.0,
  "summary_csf_p05": 193.44983149319887,
  "summary_csf_p95": 514.6937940940261,
  "summary_csf_stdv": 99.94677163560598,
  "summary_gm_k": 0.07068233019036319,
  "summary_gm_mad": 47.40185719704885,
  "summary_gm_mean": 739.6168870978377,
  "summary_gm_median": 740.3895430862904,
  "summary_gm_n": 52598.0,
  "summary_gm_p05": 660.5963013768196,
  "summary_gm_p95": 815.9038679301739,
  "summary_gm_stdv": 47.46031515122008,
  "summary_wm_k": 0.8048459992240051,
  "summary_wm_mad": 38.393474271485495,
  "summary_wm_mean": 1000.2734742302235,
  "summary_wm_median": 1000.0171028226614,
  "summary_wm_n": 235926.0,
  "summary_wm_p05": 935.0631448030472,
  "summary_wm_p95": 1067.196097612381,
  "summary_wm_stdv": 41.04402104085519,
  "tpm_overlap_csf": 0.1715234317293988,
  "tpm_overlap_gm": 0.48792099220837803,
  "tpm_overlap_wm": 0.5147349971734387,
  "wm2max": 0.5202600308198778
}