{
  "aor": 0.0002028536585365854,
  "aqi": 0.024366831097560975,
  "bids_meta": {
    "AcquisitionMatrixPE": 100,
    "AcquisitionNumber": 1,
    "AcquisitionTime": "16:20:35.597500",
    "BandwidthPerPixelPhaseEncode": 13.889,
    "BaseResolution": 100,
    "ConversionSoftware": "dcm2niix",
    "ConversionSoftwareVersion": "v1.0.20180404 Clang8.0.0",
    "DerivedVendorReportedEchoSpacing": 0.000719994,
    "DeviceSerialNumber": "35002",
    "DwellTime": 2.8e-06,
    "EchoTime": 0.0436,
    "EffectiveEchoSpacing": 0.000719994,
    "FlipAngle": 55,
    "ImageComments": "Unaliased_MB8_PE3_(remote)",
    "ImageOrientationPatientDICOM": [
      0.999999,
      -0.000596246,
      0.0016107,
      -4.06481e-09,
      0.937807,
      0.347158
    ],
    "ImageType": [
      "ORIGINAL",
      "PRIMARY",
      "M",
      "MB",
      "ND",
      "MOSAIC"
    ],
    "InPlanePhaseEncodingDirectionDICOM": "COL",
    "InstitutionAddress": "University_Pkwy_1700_North_685_Provo_UT_US_84601",
    "InstitutionName": "Brigham_Young_University",
    "InstitutionalDepartmentName": "MRI",
    "MRAcquisitionType": "2D",
    "MagneticFieldStrength": 3,
    "Manufacturer": "Siemens",
    "ManufacturersModelName": "TrioTim",
    "Modality": "MR",
    "MultibandAccelerationFactor": 8,
    "PartialFourier": 1,
    "PatientPosition": "HFS",
    "PercentPhaseFOV": 100,
    "PhaseEncodingDirection": "j-",
    "PhaseEncodingSteps": 100,
    "PhaseResolution": 1,
    "PixelBandwidth": 1786,
    "ProcedureStepDescription": "Research_KIRWAN",
    "ProtocolName": "Resting_State",
    "PulseSequenceDetails": "%CustomerSeq%_cmrr_mbep2d_bold",
    "ReceiveCoilName": "32Ch_Head",
    "ReconMatrixPE": 100,
    "RepetitionTime": 0.875,
    "SAR": 0.118525,
    "ScanOptions": "FS",
    "ScanningSequence": "EP",
    "SequenceName": "epfid2d1_100",
    "SequenceVariant": "SK_SS",
    "SeriesDescription": "Resting_State",
    "SeriesNumber": 6,
    "ShimSetting": [
      -2703,
      -23016,
      2400,
      820,
      289,
      -112,
      -226,
      264
    ],
    "SliceThickness": 1.8,
    "SliceTiming": [
      0,
      0.4875,
      0.0975,
      0.585,
      0.195,
      0.6825,
      0.2925,
      0.78,
      0.39,
      0,
      0.4875,
      0.0975,
      0.585,
      0.195,
      0.6825,
      0.2925,
      0.78,
      0.39,
      0,
      0.4875,
      0.0975,
      0.585,
      0.195,
      0.6825,
      0.2925,
      0.78,
      0.39,
      0,
      0.4875,
      0.0975,
      0.585,
      0.195,
      0.6825,
      0.2925,
      0.78,
      0.39,
      0,
      0.4875,
      0.0975,
      0.585,
      0.195,
      0.6825,
      0.2925,
      0.78,
      0.39,
      0,
      0.4875,
      0.0975,
      0.585,
      0.195,
      0.6825,
      0.2925,
      0.78,
      0.39,
      0,
      0.4875,
      0.0975,
      0.585,
      0.195,
      0.6825,
      0.2925,
      0.78,
      0.39,
      0,
      0.4875,
      0.0975,
      0.585,
      0.195,
      0.6825,
      0.2925,
      0.78,
      0.39
    ],
    "SoftwareVersions": "syngo_MR_B17",
    "SpacingBetweenSlices": 1.8,
    "StationName": "MININT-E41B04",
    "TaskName": "rest",
    "TotalReadoutTime": 0.0712794,
    "TxRefAmp": 393.763,
    "dataset": "ds001747",
    "modality": "bold",
    "run_id": 1,
    "subject_id": "4120",
    "task_id": "rest"
  },
  "dummy_trs": 3,
  "dvars_nstd": 69.72803174052507,
  "dvars_std": 1.0094525478144065,
  "dvars_vstd": 0.9610561678266178,
  "efc": 0.5839248133090339,
  "fber": 300.27166748046875,
  "fd_mean": 0.13362327025585727,
  "fd_num": 99,
  "fd_perc": 12.073170731707316,
  "fwhm_avg": 3.3609852031649172,
  "fwhm_x": 3.1551500835829334,
  "fwhm_y": 3.7090778760347862,
  "fwhm_z": 3.218727649877032,
  "gcor": 0.0053346,
  "gsr_x": -0.00131588417571038,
  "gsr_y": 0.11209303885698318,
  "provenance": {
    "md5sum": "627fd497c39bac0284af4603ca0127e2",
    "settings": {
      "fd_thres": 0.2,
      "testing": false
    },
    "software": "mriqc",
    "version": "22.0.1",
    "webapi_port": null,
    "webapi_url": "https://mriqc.nimh.nih.gov/api/v1"
  },
  "size_t": 820,
  "size_x": 100,
  "size_y": 100,
  "size_z": 72,
  "snr": 1.9705481683310344,
  "spacing_tr": 0.875,
  "spacing_x": 1.7999999523162842,
  "spacing_y": 1.7999999523162842,
  "spacing_z": 1.8000000715255737,
  "summary_bg_k": 45.75242856520811,
  "summary_bg_mad": 14.417402231954211,
  "summary_bg_mean": 45.44811248779297,
  "summary_bg_median": 22.759756088256836,
  "summary_bg_n": 421482.0,
  "summary_bg_p05": 11.551219940185547,
  "summary_bg_p95": 156.08639602661117,
  "summary_bg_stdv": 65.73220825195312,
  "summary_fg_k": 2.6383639193756565,
  "summary_fg_mad": 153.87422943936502,
  "summary_fg_mean": 458.1282958984375,
  "summary_fg_median": 404.2963562011719,
  "summary_fg_n": 194983.0,
  "summary_fg_p05": 233.0514678955078,
  "summary_fg_p95": 880.7266906738279,
  "summary_fg_stdv": 205.16896057128906,
  "tsnr": 17.213152641430497
}