{
  "bids_meta": {
    "AcquisitionMatrixPE": 215,
    "AcquisitionNumber": 1,
    "AcquisitionTime": "15:37:33.455000",
    "BaseResolution": 256,
    "ConversionSoftware": "dcm2niix",
    "ConversionSoftwareVersion": "v1.0.20180404 Clang8.0.0",
    "DeviceSerialNumber": "35002",
    "DwellTime": 9.8e-06,
    "EchoTime": 0.00226,
    "FlipAngle": 9,
    "ImageOrientationPatientDICOM": [
      0,
      1,
      0,
      0,
      0,
      -1
    ],
    "ImageType": [
      "ORIGINAL",
      "PRIMARY",
      "M",
      "ND",
      "NORM"
    ],
    "InPlanePhaseEncodingDirectionDICOM": "ROW",
    "InstitutionAddress": "University_Pkwy_1700_North_685_Provo_UT_US_84601",
    "InstitutionName": "Brigham_Young_University",
    "InstitutionalDepartmentName": "MRI",
    "InversionTime": 0.9,
    "MRAcquisitionType": "3D",
    "MagneticFieldStrength": 3,
    "Manufacturer": "Siemens",
    "ManufacturersModelName": "TrioTim",
    "Modality": "MR",
    "ParallelReductionFactorInPlane": 2,
    "PartialFourier": 0.875,
    "PatientPosition": "HFS",
    "PercentPhaseFOV": 87.5,
    "PhaseEncodingSteps": 226,
    "PhaseOversampling": 0.2,
    "PhaseResolution": 0.96,
    "PixelBandwidth": 199,
    "ProcedureStepDescription": "Research_KIRWAN",
    "ProtocolName": "t1_mpr_sag_iso_mprage_fast",
    "PulseSequenceDetails": "%SiemensSeq%_tfl",
    "ReceiveCoilName": "32Ch_Head",
    "ReconMatrixPE": 256,
    "RepetitionTime": 1.9,
    "SAR": 0.124912,
    "ScanOptions": "IR_PFP",
    "ScanningSequence": "GR_IR",
    "SequenceName": "_tfl3d1_ns",
    "SequenceVariant": "SP_MP_OSP",
    "SeriesDescription": "t1_mpr_sag_iso_mprage_fast",
    "SeriesNumber": 6,
    "ShimSetting": [
      -2830,
      -22913,
      1923,
      -81,
      -87,
      -38,
      -253,
      388
    ],
    "SliceThickness": 1,
    "SoftwareVersions": "syngo_MR_B17",
    "StationName": "MININT-E41B04",
    "TxRefAmp": 379.122,
    "dataset": "ds001747",
    "modality": "T1w",
    "run_id": 1,
    "subject_id": "3932"
  },
  "cjv": 0.3312280744710538,
  "cnr": 4.142702510326818,
  "efc": 0.5805250704911727,
  "fber": 25506.500622997504,
  "fwhm_avg": 4.465440986666667,
  "fwhm_x": 4.20025,
  "fwhm_y": 4.693084160000001,
  "fwhm_z": 4.5029888,
  "icvs_csf": 0.18431178138392518,
  "icvs_gm": 0.4741667338662045,
  "icvs_wm": 0.3415214847498703,
  "inu_med": 0.420113742351532,
  "inu_range": 0.13654822707176206,
  "provenance": {
    "md5sum": "ba5c4a4f81e528554829fe6cf8e09b0d",
    "settings": {
      "testing": false
    },
    "software": "mriqc",
    "version": "22.0.1",
    "warnings": {
      "large_rot_frame": true,
      "small_air_mask": false
    },
    "webapi_port": null,
    "webapi_url": "https://mriqc.nimh.nih.gov/api/v1"
  },
  "qi_1": 5.2277968931203064e-06,
  "qi_2": 0.021658793270897515,
  "rpve_csf": 22.821273948630076,
  "rpve_gm": 9.894441570763805,
  "rpve_wm": 14.97679274996108,
  "size_x": 176,
  "size_y": 224,
  "size_z": 256,
  "snr_csf": 2.2911901763315385,
  "snr_gm": 16.276336790894717,
  "snr_total": 15.290135967990869,
  "snr_wm": 27.30288093674635,
  "snrd_csf": 45.46827650916857,
  "snrd_gm": 116.26406704418511,
  "snrd_total": 105.26860284342469,
  "snrd_wm": 154.0734649769204,
  "spacing_x": 1.0,
  "spacing_y": 0.9765625,
  "spacing_z": 0.9765625,
  "summary_bg_k": 18.828911561268683,
  "summary_bg_mad": 0.0,
  "summary_bg_mean": 2.208726522289118,
  "summary_bg_median": 0.0,
  "summary_bg_n": 2067092.0,
  "summary_bg_p05": 0.0,
  "summary_bg_p95": 9.312697123736143,
  "summary_bg_stdv": 4.252290101954438,
  "summary_csf_k": 0.15072082483271032,
  "summary_csf_mad": 95.74167389350569,
  "summary_csf_mean": 298.675844596897,
  "summary_csf_median": 295.1206834986806,
  "summary_csf_n": 30994.0,
  "summary_csf_p05": 63.78978921845555,
  "summary_csf_p95": 522.6040784977376,
  "summary_csf_stdv": 128.80463855702183,
  "summary_gm_k": 0.025726269497607035,
  "summary_gm_mad": 46.54199177761482,
  "summary_gm_mean": 752.8290882873175,
  "summary_gm_median": 754.6345181018114,
  "summary_gm_n": 71068.0,
  "summary_gm_p05": 673.5462846720592,
  "summary_gm_p95": 825.3760389760137,
  "summary_gm_stdv": 46.36357790670714,
  "summary_wm_k": 0.5622445378201153,
  "summary_wm_mad": 34.74443954429184,
  "summary_wm_mean": 1001.2455409582882,
  "summary_wm_median": 1000.043762024492,
  "summary_wm_n": 193637.0,
  "summary_wm_p05": 943.4680339582264,
  "summary_wm_p95": 1063.0028411708772,
  "summary_wm_stdv": 36.62767977027237,
  "tpm_overlap_csf": 0.1410667502186603,
  "tpm_overlap_gm": 0.47201793282596394,
  "tpm_overlap_wm": 0.4842094049930425,
  "wm2max": 0.40314984234316376
}