{
  "aor": 0.0006242944038929441,
  "aqi": 0.020748437469586375,
  "bids_meta": {
    "AcquisitionMatrixPE": 100,
    "AcquisitionNumber": 1,
    "AcquisitionTime": "14:32:30.422500",
    "BandwidthPerPixelPhaseEncode": 13.889,
    "BaseResolution": 100,
    "ConversionSoftware": "dcm2niix",
    "ConversionSoftwareVersion": "v1.0.20180404 Clang8.0.0",
    "DerivedVendorReportedEchoSpacing": 0.000719994,
    "DeviceSerialNumber": "35002",
    "DwellTime": 2.8e-06,
    "EchoTime": 0.0436,
    "EffectiveEchoSpacing": 0.000719994,
    "FlipAngle": 55,
    "ImageComments": "Unaliased_MB8_PE3_(remote)",
    "ImageOrientationPatientDICOM": [
      0.999999,
      0.000633256,
      -0.00127039,
      -1.04874e-08,
      0.894976,
      0.446114
    ],
    "ImageType": [
      "ORIGINAL",
      "PRIMARY",
      "M",
      "MB",
      "ND",
      "MOSAIC"
    ],
    "InPlanePhaseEncodingDirectionDICOM": "COL",
    "InstitutionAddress": "University_Pkwy_1700_North_685_Provo_UT_US_84601",
    "InstitutionName": "Brigham_Young_University",
    "InstitutionalDepartmentName": "MRI",
    "MRAcquisitionType": "2D",
    "MagneticFieldStrength": 3,
    "Manufacturer": "Siemens",
    "ManufacturersModelName": "TrioTim",
    "Modality": "MR",
    "MultibandAccelerationFactor": 8,
    "PartialFourier": 1,
    "PatientPosition": "HFS",
    "PercentPhaseFOV": 100,
    "PhaseEncodingDirection": "j-",
    "PhaseEncodingSteps": 100,
    "PhaseResolution": 1,
    "PixelBandwidth": 1786,
    "ProcedureStepDescription": "Research_KIRWAN",
    "ProtocolName": "Resting_State",
    "PulseSequenceDetails": "%CustomerSeq%_cmrr_mbep2d_bold",
    "ReceiveCoilName": "32Ch_Head",
    "ReconMatrixPE": 100,
    "RepetitionTime": 0.875,
    "SAR": 0.145846,
    "ScanOptions": "FS",
    "ScanningSequence": "EP",
    "SequenceName": "epfid2d1_100",
    "SequenceVariant": "SK_SS",
    "SeriesDescription": "Resting_State",
    "SeriesNumber": 3,
    "ShimSetting": [
      -2807,
      -22850,
      2423,
      867,
      31,
      441,
      -214,
      445
    ],
    "SliceThickness": 1.8,
    "SliceTiming": [
      0,
      0.4875,
      0.0975,
      0.585,
      0.195,
      0.6825,
      0.2925,
      0.78,
      0.39,
      0,
      0.4875,
      0.0975,
      0.585,
      0.195,
      0.6825,
      0.2925,
      0.78,
      0.39,
      0,
      0.4875,
      0.0975,
      0.585,
      0.195,
      0.6825,
      0.2925,
      0.78,
      0.39,
      0,
      0.4875,
      0.0975,
      0.585,
      0.195,
      0.6825,
      0.2925,
      0.78,
      0.39,
      0,
      0.4875,
      0.0975,
      0.585,
      0.195,
      0.6825,
      0.2925,
      0.78,
      0.39,
      0,
      0.4875,
      0.0975,
      0.585,
      0.195,
      0.6825,
      0.2925,
      0.78,
      0.39,
      0,
      0.4875,
      0.0975,
      0.585,
      0.195,
      0.6825,
      0.2925,
      0.78,
      0.39,
      0,
      0.4875,
      0.0975,
      0.585,
      0.195,
      0.6825,
      0.2925,
      0.78,
      0.39
    ],
    "SoftwareVersions": "syngo_MR_B17",
    "SpacingBetweenSlices": 1.8,
    "StationName": "MININT-E41B04",
    "TaskName": "rest",
    "TotalReadoutTime": 0.0712794,
    "TxRefAmp": 407.224,
    "dataset": "ds001747",
    "modality": "bold",
    "run_id": 1,
    "subject_id": "3946",
    "task_id": "rest"
  },
  "dummy_trs": 1,
  "dvars_nstd": 75.76074596037768,
  "dvars_std": 1.0522408337880627,
  "dvars_vstd": 0.9999855764555412,
  "efc": 0.6112846122791866,
  "fber": 196.2799835205078,
  "fd_mean": 0.12564573520605532,
  "fd_num": 41,
  "fd_perc": 4.987834549878346,
  "fwhm_avg": 3.1372723053315563,
  "fwhm_x": 2.991805634811339,
  "fwhm_y": 3.504538981727467,
  "fwhm_z": 2.915472299455862,
  "gcor": 0.00228052,
  "gsr_x": 0.003604623954743147,
  "gsr_y": 0.10575903952121735,
  "provenance": {
    "md5sum": "58cd10f5a6d6da9d47ad45865a133dbe",
    "settings": {
      "fd_thres": 0.2,
      "testing": false
    },
    "software": "mriqc",
    "version": "22.0.1",
    "webapi_port": null,
    "webapi_url": "https://mriqc.nimh.nih.gov/api/v1"
  },
  "size_t": 822,
  "size_x": 100,
  "size_y": 100,
  "size_z": 72,
  "snr": 1.8763344031760412,
  "spacing_tr": 0.875,
  "spacing_x": 1.7999999523162842,
  "spacing_y": 1.7999999523162842,
  "spacing_z": 1.7999999523162842,
  "summary_bg_k": 45.806155936338214,
  "summary_bg_mad": 17.686613534467668,
  "summary_bg_mean": 50.313228607177734,
  "summary_bg_median": 26.10462188720703,
  "summary_bg_n": 398155.0,
  "summary_bg_p05": 11.968369483947754,
  "summary_bg_p95": 169.93381805419918,
  "summary_bg_stdv": 69.7428207397461,
  "summary_fg_k": 6.827186822033351,
  "summary_fg_mad": 130.45637175379318,
  "summary_fg_mean": 421.1049499511719,
  "summary_fg_median": 370.69464111328125,
  "summary_fg_n": 213658.0,
  "summary_fg_p05": 212.2635566711426,
  "summary_fg_p95": 808.349853515625,
  "summary_fg_stdv": 197.562744140625,
  "tsnr": 17.66950954287313
}