{
  "bids_meta": {
    "AcquisitionMatrixPE": 215,
    "AcquisitionNumber": 1,
    "AcquisitionTime": "17:38:16.560000",
    "BaseResolution": 256,
    "ConversionSoftware": "dcm2niix",
    "ConversionSoftwareVersion": "v1.0.20180404 Clang8.0.0",
    "DeviceSerialNumber": "35002",
    "DwellTime": 9.8e-06,
    "EchoTime": 0.00226,
    "FlipAngle": 9,
    "ImageOrientationPatientDICOM": [
      0,
      1,
      -1e-16,
      -0.0296663,
      0,
      -0.99956
    ],
    "ImageType": [
      "ORIGINAL",
      "PRIMARY",
      "M",
      "ND",
      "NORM"
    ],
    "InPlanePhaseEncodingDirectionDICOM": "ROW",
    "InstitutionAddress": "University_Pkwy_1700_North_685_Provo_UT_US_84601",
    "InstitutionName": "Brigham_Young_University",
    "InstitutionalDepartmentName": "MRI",
    "InversionTime": 0.9,
    "MRAcquisitionType": "3D",
    "MagneticFieldStrength": 3,
    "Manufacturer": "Siemens",
    "ManufacturersModelName": "TrioTim",
    "Modality": "MR",
    "ParallelReductionFactorInPlane": 2,
    "PartialFourier": 0.875,
    "PatientPosition": "HFS",
    "PercentPhaseFOV": 87.5,
    "PhaseEncodingSteps": 226,
    "PhaseOversampling": 0.2,
    "PhaseResolution": 0.96,
    "PixelBandwidth": 199,
    "ProcedureStepDescription": "Research_KIRWAN",
    "ProtocolName": "t1_mpr_sag_iso_mprage_fast",
    "PulseSequenceDetails": "%SiemensSeq%_tfl",
    "ReceiveCoilName": "32Ch_Head",
    "ReconMatrixPE": 256,
    "RepetitionTime": 1.9,
    "SAR": 0.113472,
    "ScanOptions": "IR_PFP",
    "ScanningSequence": "GR_IR",
    "SequenceName": "_tfl3d1_ns",
    "SequenceVariant": "SP_MP_OSP",
    "SeriesDescription": "t1_mpr_sag_iso_mprage_fast",
    "SeriesNumber": 6,
    "ShimSetting": [
      -2830,
      -22913,
      1923,
      -81,
      -87,
      -38,
      -253,
      388
    ],
    "SliceThickness": 1,
    "SoftwareVersions": "syngo_MR_B17",
    "StationName": "MININT-E41B04",
    "TxRefAmp": 387.634,
    "dataset": "ds001747",
    "modality": "T1w",
    "run_id": 1,
    "subject_id": "3895"
  },
  "cjv": 0.3131851658923833,
  "cnr": 4.393135809227751,
  "efc": 0.510977811697048,
  "fber": -1.0,
  "fwhm_avg": 4.302662297014767,
  "fwhm_x": 4.062900171044301,
  "fwhm_y": 4.62359552,
  "fwhm_z": 4.2214912,
  "icvs_csf": 0.17914183383361582,
  "icvs_gm": 0.476280598397743,
  "icvs_wm": 0.3445775677686412,
  "inu_med": 0.38993674516677856,
  "inu_range": 0.11550844907760621,
  "provenance": {
    "md5sum": "d1e7deac4120f5015e073dda4c6c729f",
    "settings": {
      "testing": false
    },
    "software": "mriqc",
    "version": "22.0.1",
    "warnings": {
      "large_rot_frame": true,
      "small_air_mask": false
    },
    "webapi_port": null,
    "webapi_url": "https://mriqc.nimh.nih.gov/api/v1"
  },
  "qi_1": 0.000926687785724926,
  "qi_2": 0.017188916585398804,
  "rpve_csf": 30.541755680123675,
  "rpve_gm": 12.63906991968111,
  "rpve_wm": 18.831342467195352,
  "size_x": 176,
  "size_y": 224,
  "size_z": 256,
  "snr_csf": 2.818560965945496,
  "snr_gm": 15.475786489465815,
  "snr_total": 14.924097057135038,
  "snr_wm": 26.477943715993803,
  "snrd_csf": 40.43672346270781,
  "snrd_gm": 103.4608041244457,
  "snrd_total": 95.01000157893422,
  "snrd_wm": 141.13247714964913,
  "spacing_x": 0.9999974966049194,
  "spacing_y": 0.9765625,
  "spacing_z": 0.9765625,
  "summary_bg_k": 21.69708292160562,
  "summary_bg_mad": 0.0,
  "summary_bg_mean": 2.0375610979205687,
  "summary_bg_median": 0.0,
  "summary_bg_n": 3035345.0,
  "summary_bg_p05": 0.0,
  "summary_bg_p95": 11.848669789731503,
  "summary_bg_stdv": 4.641996104985346,
  "summary_csf_k": 1.4241100669099813,
  "summary_csf_mad": 65.69596258808942,
  "summary_csf_mean": 299.26232051438546,
  "summary_csf_median": 286.5160794183612,
  "summary_csf_n": 22940.0,
  "summary_csf_p05": 126.9002928050235,
  "summary_csf_p95": 493.10907012932,
  "summary_csf_stdv": 101.65110420193541,
  "summary_gm_k": -0.09032776058509162,
  "summary_gm_mad": 49.23344811624996,
  "summary_gm_mean": 732.7266968404102,
  "summary_gm_median": 733.0758140813559,
  "summary_gm_n": 48440.0,
  "summary_gm_p05": 655.2452974654734,
  "summary_gm_p95": 809.2433594986796,
  "summary_gm_stdv": 47.36872324373502,
  "summary_wm_k": 0.9893235167086174,
  "summary_wm_mad": 34.36325173685052,
  "summary_wm_mean": 1000.4499124495367,
  "summary_wm_median": 1000.0000140666962,
  "summary_wm_n": 146180.0,
  "summary_wm_p05": 939.4055010192096,
  "summary_wm_p95": 1062.2228530794382,
  "summary_wm_stdv": 37.76715459275658,
  "tpm_overlap_csf": 0.1630163739147261,
  "tpm_overlap_gm": 0.4955016484968974,
  "tpm_overlap_wm": 0.51626184140692,
  "wm2max": 0.4932690874727714
}