{
  "aor": 0.0011364963503649635,
  "aqi": 0.02498556435523114,
  "bids_meta": {
    "AcquisitionMatrixPE": 100,
    "AcquisitionNumber": 1,
    "AcquisitionTime": "12:50:17.615000",
    "BandwidthPerPixelPhaseEncode": 13.889,
    "BaseResolution": 100,
    "ConversionSoftware": "dcm2niix",
    "ConversionSoftwareVersion": "v1.0.20180404 Clang8.0.0",
    "DerivedVendorReportedEchoSpacing": 0.000719994,
    "DeviceSerialNumber": "35002",
    "DwellTime": 2.8e-06,
    "EchoTime": 0.0436,
    "EffectiveEchoSpacing": 0.000719994,
    "FlipAngle": 55,
    "ImageComments": "Unaliased_MB8_PE3_(remote)",
    "ImageOrientationPatientDICOM": [
      0.998714,
      -0.0264452,
      0.0432512,
      -3.2948e-08,
      0.853159,
      0.521651
    ],
    "ImageType": [
      "ORIGINAL",
      "PRIMARY",
      "M",
      "MB",
      "ND",
      "MOSAIC"
    ],
    "InPlanePhaseEncodingDirectionDICOM": "COL",
    "InstitutionAddress": "University_Pkwy_1700_North_685_Provo_UT_US_84601",
    "InstitutionName": "Brigham_Young_University",
    "InstitutionalDepartmentName": "MRI",
    "MRAcquisitionType": "2D",
    "MagneticFieldStrength": 3,
    "Manufacturer": "Siemens",
    "ManufacturersModelName": "TrioTim",
    "Modality": "MR",
    "MultibandAccelerationFactor": 8,
    "PartialFourier": 1,
    "PatientPosition": "HFS",
    "PercentPhaseFOV": 100,
    "PhaseEncodingDirection": "j-",
    "PhaseEncodingSteps": 100,
    "PhaseResolution": 1,
    "PixelBandwidth": 1786,
    "ProcedureStepDescription": "Research_KIRWAN",
    "ProtocolName": "Resting_State",
    "PulseSequenceDetails": "%CustomerSeq%_cmrr_mbep2d_bold",
    "ReceiveCoilName": "32Ch_Head",
    "ReconMatrixPE": 100,
    "RepetitionTime": 0.875,
    "SAR": 0.1306,
    "ScanOptions": "FS",
    "ScanningSequence": "EP",
    "SequenceName": "epfid2d1_100",
    "SequenceVariant": "SK_SS",
    "SeriesDescription": "Resting_State",
    "SeriesNumber": 3,
    "ShimSetting": [
      -2813,
      -22959,
      2376,
      1026,
      -25,
      578,
      -16,
      384
    ],
    "SliceThickness": 1.8,
    "SliceTiming": [
      0,
      0.4875,
      0.0975,
      0.585,
      0.195,
      0.6825,
      0.2925,
      0.78,
      0.39,
      0,
      0.4875,
      0.0975,
      0.585,
      0.195,
      0.6825,
      0.2925,
      0.78,
      0.39,
      0,
      0.4875,
      0.0975,
      0.585,
      0.195,
      0.6825,
      0.2925,
      0.78,
      0.39,
      0,
      0.4875,
      0.0975,
      0.585,
      0.195,
      0.6825,
      0.2925,
      0.78,
      0.39,
      0,
      0.4875,
      0.0975,
      0.585,
      0.195,
      0.6825,
      0.2925,
      0.78,
      0.39,
      0,
      0.4875,
      0.0975,
      0.585,
      0.195,
      0.6825,
      0.2925,
      0.78,
      0.39,
      0,
      0.4875,
      0.0975,
      0.585,
      0.195,
      0.6825,
      0.2925,
      0.78,
      0.39,
      0,
      0.4875,
      0.0975,
      0.585,
      0.195,
      0.6825,
      0.2925,
      0.78,
      0.39
    ],
    "SoftwareVersions": "syngo_MR_B17",
    "SpacingBetweenSlices": 1.8,
    "StationName": "MININT-E41B04",
    "TaskName": "rest",
    "TotalReadoutTime": 0.0712794,
    "TxRefAmp": 401.073,
    "dataset": "ds001747",
    "modality": "bold",
    "run_id": 1,
    "subject_id": "3947",
    "task_id": "rest"
  },
  "dummy_trs": 1,
  "dvars_nstd": 65.19784133756399,
  "dvars_std": 1.0394401249695484,
  "dvars_vstd": 1.0148235998781967,
  "efc": 0.5780295238514701,
  "fber": 409.3509521484375,
  "fd_mean": 0.10498677349139514,
  "fd_num": 14,
  "fd_perc": 1.70316301703163,
  "fwhm_avg": 2.7283667389437025,
  "fwhm_x": 2.58716673520318,
  "fwhm_y": 2.9471223002943012,
  "fwhm_z": 2.6508111813336264,
  "gcor": 0.0121485,
  "gsr_x": -0.013142621144652367,
  "gsr_y": 0.08832744508981705,
  "provenance": {
    "md5sum": "e4230deb5412dc8c28cd10438e8616bc",
    "settings": {
      "fd_thres": 0.2,
      "testing": false
    },
    "software": "mriqc",
    "version": "22.0.1",
    "webapi_port": null,
    "webapi_url": "https://mriqc.nimh.nih.gov/api/v1"
  },
  "size_t": 822,
  "size_x": 100,
  "size_y": 100,
  "size_z": 72,
  "snr": 2.769495669086876,
  "spacing_tr": 0.875,
  "spacing_x": 1.7999999523162842,
  "spacing_y": 1.7999999523162842,
  "spacing_z": 1.7999999523162842,
  "summary_bg_k": 64.65370245275763,
  "summary_bg_mad": 9.337507035429148,
  "summary_bg_mean": 32.095802307128906,
  "summary_bg_median": 17.282238006591797,
  "summary_bg_n": 438652.0,
  "summary_bg_p05": 9.84306526184082,
  "summary_bg_p95": 96.91052246093744,
  "summary_bg_stdv": 50.222434997558594,
  "summary_fg_k": 2.805310838601546,
  "summary_fg_mad": 98.49929900166917,
  "summary_fg_mean": 377.5516357421875,
  "summary_fg_median": 353.3248291015625,
  "summary_fg_n": 180981.0,
  "summary_fg_p05": 217.60218811035156,
  "summary_fg_p95": 623.0875854492188,
  "summary_fg_stdv": 127.57696533203125,
  "tsnr": 18.320951698813587
}