{
  "bids_meta": {
    "AcquisitionMatrixPE": 215,
    "AcquisitionNumber": 1,
    "AcquisitionTime": "16:53:37.322500",
    "BaseResolution": 256,
    "ConversionSoftware": "dcm2niix",
    "ConversionSoftwareVersion": "v1.0.20180404 Clang8.0.0",
    "DeviceSerialNumber": "35002",
    "DwellTime": 9.8e-06,
    "EchoTime": 0.00226,
    "FlipAngle": 9,
    "ImageOrientationPatientDICOM": [
      0,
      1,
      0,
      0,
      0,
      -1
    ],
    "ImageType": [
      "ORIGINAL",
      "PRIMARY",
      "M",
      "ND",
      "NORM"
    ],
    "InPlanePhaseEncodingDirectionDICOM": "ROW",
    "InstitutionAddress": "University_Pkwy_1700_North_685_Provo_UT_US_84601",
    "InstitutionName": "Brigham_Young_University",
    "InstitutionalDepartmentName": "MRI",
    "InversionTime": 0.9,
    "MRAcquisitionType": "3D",
    "MagneticFieldStrength": 3,
    "Manufacturer": "Siemens",
    "ManufacturersModelName": "TrioTim",
    "Modality": "MR",
    "ParallelReductionFactorInPlane": 2,
    "PartialFourier": 0.875,
    "PatientPosition": "HFS",
    "PercentPhaseFOV": 87.5,
    "PhaseEncodingSteps": 226,
    "PhaseOversampling": 0.2,
    "PhaseResolution": 0.96,
    "PixelBandwidth": 199,
    "ProcedureStepDescription": "Research_KIRWAN",
    "ProtocolName": "t1_mpr_sag_iso_mprage_fast",
    "PulseSequenceDetails": "%SiemensSeq%_tfl",
    "ReceiveCoilName": "32Ch_Head",
    "ReconMatrixPE": 256,
    "RepetitionTime": 1.9,
    "SAR": 0.1145,
    "ScanOptions": "IR_PFP",
    "ScanningSequence": "GR_IR",
    "SequenceName": "_tfl3d1_ns",
    "SequenceVariant": "SP_MP_OSP",
    "SeriesDescription": "t1_mpr_sag_iso_mprage_fast",
    "SeriesNumber": 6,
    "ShimSetting": [
      -2830,
      -22913,
      1923,
      -81,
      -87,
      -38,
      -253,
      388
    ],
    "SliceThickness": 1,
    "SoftwareVersions": "syngo_MR_B17",
    "StationName": "MININT-E41B04",
    "TxRefAmp": 388.064,
    "dataset": "ds001747",
    "modality": "T1w",
    "run_id": 1,
    "subject_id": "3900"
  },
  "cjv": 0.3360096314218387,
  "cnr": 3.9722196995011108,
  "efc": 0.5915056252841882,
  "fber": -1.0,
  "fwhm_avg": 4.571087173333333,
  "fwhm_x": 4.40845,
  "fwhm_y": 4.8887296,
  "fwhm_z": 4.41608192,
  "icvs_csf": 0.2090812697002014,
  "icvs_gm": 0.449243557895701,
  "icvs_wm": 0.3416751724040976,
  "inu_med": 0.4438604712486267,
  "inu_range": 0.1627821743488312,
  "provenance": {
    "md5sum": "e2696ad6ff44929b243f7560a6fdc636",
    "settings": {
      "testing": false
    },
    "software": "mriqc",
    "version": "22.0.1",
    "warnings": {
      "large_rot_frame": true,
      "small_air_mask": false
    },
    "webapi_port": null,
    "webapi_url": "https://mriqc.nimh.nih.gov/api/v1"
  },
  "qi_1": 0.0,
  "qi_2": 0.013812132528811485,
  "rpve_csf": 19.5848116427632,
  "rpve_gm": 9.618158724860542,
  "rpve_wm": 14.130608616508285,
  "size_x": 176,
  "size_y": 224,
  "size_z": 256,
  "snr_csf": 3.090903623499048,
  "snr_gm": 15.501055925648485,
  "snr_total": 14.942135115238159,
  "snr_wm": 26.234445796566945,
  "snrd_csf": 42.67426521093436,
  "snrd_gm": 105.6462403401186,
  "snrd_total": 96.1539824446129,
  "snrd_wm": 140.1414417827857,
  "spacing_x": 1.0,
  "spacing_y": 0.9765625,
  "spacing_z": 0.9765625,
  "summary_bg_k": 9.574499893873062,
  "summary_bg_mad": 0.0,
  "summary_bg_mean": 2.4115027451655724,
  "summary_bg_median": 0.0,
  "summary_bg_n": 2516234.0,
  "summary_bg_p05": 0.0,
  "summary_bg_p95": 10.457198265939951,
  "summary_bg_stdv": 4.675050043347115,
  "summary_csf_k": 1.6960142970782872,
  "summary_csf_mad": 68.14489653149559,
  "summary_csf_mean": 321.23066641333395,
  "summary_csf_median": 304.52334113046527,
  "summary_csf_n": 46678.0,
  "summary_csf_p05": 189.73735086247325,
  "summary_csf_p95": 508.810789022036,
  "summary_csf_stdv": 98.52137635089694,
  "summary_gm_k": 0.24157141821396744,
  "summary_gm_mad": 47.376928064754075,
  "summary_gm_mean": 750.9908438561715,
  "summary_gm_median": 753.8910377770662,
  "summary_gm_n": 46770.0,
  "summary_gm_p05": 666.1964867375791,
  "summary_gm_p95": 825.8754723519087,
  "summary_gm_stdv": 48.63429832085029,
  "summary_wm_k": 0.9257975303720731,
  "summary_wm_mad": 35.33439079410883,
  "summary_wm_mean": 1000.3446999111829,
  "summary_wm_median": 1000.0486211441457,
  "summary_wm_n": 202061.0,
  "summary_wm_p05": 938.9104898869991,
  "summary_wm_p95": 1062.159515030682,
  "summary_wm_stdv": 38.119583477207016,
  "tpm_overlap_csf": 0.16564471485393542,
  "tpm_overlap_gm": 0.47256253983580626,
  "tpm_overlap_wm": 0.5033662014342842,
  "wm2max": 0.4140604547193749
}