{
  "bids_meta": {
    "AcquisitionMatrixPE": 215,
    "AcquisitionNumber": 1,
    "AcquisitionTime": "15:33:38.467500",
    "BaseResolution": 256,
    "ConversionSoftware": "dcm2niix",
    "ConversionSoftwareVersion": "v1.0.20180404 Clang8.0.0",
    "DeviceSerialNumber": "35002",
    "DwellTime": 9.8e-06,
    "EchoTime": 0.00226,
    "FlipAngle": 9,
    "ImageOrientationPatientDICOM": [
      0,
      1,
      0,
      0,
      0,
      -1
    ],
    "ImageType": [
      "ORIGINAL",
      "PRIMARY",
      "M",
      "ND",
      "NORM"
    ],
    "InPlanePhaseEncodingDirectionDICOM": "ROW",
    "InstitutionAddress": "University_Pkwy_1700_North_685_Provo_UT_US_84601",
    "InstitutionName": "Brigham_Young_University",
    "InstitutionalDepartmentName": "MRI",
    "InversionTime": 0.9,
    "MRAcquisitionType": "3D",
    "MagneticFieldStrength": 3,
    "Manufacturer": "Siemens",
    "ManufacturersModelName": "TrioTim",
    "Modality": "MR",
    "ParallelReductionFactorInPlane": 2,
    "PartialFourier": 0.875,
    "PatientPosition": "HFS",
    "PercentPhaseFOV": 87.5,
    "PhaseEncodingSteps": 226,
    "PhaseOversampling": 0.2,
    "PhaseResolution": 0.96,
    "PixelBandwidth": 199,
    "ProcedureStepDescription": "Research_KIRWAN",
    "ProtocolName": "t1_mpr_sag_iso_mprage_fast",
    "PulseSequenceDetails": "%SiemensSeq%_tfl",
    "ReceiveCoilName": "32Ch_Head",
    "ReconMatrixPE": 256,
    "RepetitionTime": 1.9,
    "SAR": 0.113424,
    "ScanOptions": "IR_PFP",
    "ScanningSequence": "GR_IR",
    "SequenceName": "_tfl3d1_ns",
    "SequenceVariant": "SP_MP_OSP",
    "SeriesDescription": "t1_mpr_sag_iso_mprage_fast",
    "SeriesNumber": 6,
    "ShimSetting": [
      -2830,
      -22913,
      1923,
      -81,
      -87,
      -38,
      -253,
      388
    ],
    "SliceThickness": 1,
    "SoftwareVersions": "syngo_MR_B17",
    "StationName": "MININT-E41B04",
    "TxRefAmp": 392.606,
    "dataset": "ds001747",
    "modality": "T1w",
    "run_id": 1,
    "subject_id": "3943"
  },
  "cjv": 0.3173629308527341,
  "cnr": 4.140260470242246,
  "efc": 0.5579503031372915,
  "fber": -1.0,
  "fwhm_avg": 4.484725226666666,
  "fwhm_x": 4.46364,
  "fwhm_y": 4.58368,
  "fwhm_z": 4.40685568,
  "icvs_csf": 0.20843474956677396,
  "icvs_gm": 0.4551272987424194,
  "icvs_wm": 0.3364379516908066,
  "inu_med": 0.3797398507595062,
  "inu_range": 0.12557061314582818,
  "provenance": {
    "md5sum": "9619cf662e21e330ebff6e3b362548cb",
    "settings": {
      "testing": false
    },
    "software": "mriqc",
    "version": "22.0.1",
    "warnings": {
      "large_rot_frame": true,
      "small_air_mask": false
    },
    "webapi_port": null,
    "webapi_url": "https://mriqc.nimh.nih.gov/api/v1"
  },
  "qi_1": 5.1951810984468265e-06,
  "qi_2": 0.01221109267627919,
  "rpve_csf": 19.826562385413837,
  "rpve_gm": 9.768829897359073,
  "rpve_wm": 14.945159469291932,
  "size_x": 176,
  "size_y": 224,
  "size_z": 256,
  "snr_csf": 3.166013228079215,
  "snr_gm": 16.285455985870193,
  "snr_total": 16.117281396521633,
  "snr_wm": 28.900374975615495,
  "snrd_csf": 43.4318658446637,
  "snrd_gm": 113.84339814323812,
  "snrd_total": 102.42247093378315,
  "snrd_wm": 149.9921488134476,
  "spacing_x": 1.0,
  "spacing_y": 0.9765625,
  "spacing_z": 0.9765625,
  "summary_bg_k": 45.03035138912774,
  "summary_bg_mad": 0.0,
  "summary_bg_mean": 2.1207652176305225,
  "summary_bg_median": 0.0,
  "summary_bg_n": 2495844.0,
  "summary_bg_p05": 0.0,
  "summary_bg_p95": 10.8761575371027,
  "summary_bg_stdv": 4.36798128546061,
  "summary_csf_k": 1.9823273452486365,
  "summary_csf_mad": 60.903403487056075,
  "summary_csf_mean": 308.2416189346856,
  "summary_csf_median": 289.57264044880867,
  "summary_csf_n": 41451.0,
  "summary_csf_p05": 203.6550390869379,
  "summary_csf_p95": 495.1684065312147,
  "summary_csf_stdv": 91.46176172239787,
  "summary_gm_k": 0.2724750827470621,
  "summary_gm_mad": 44.898276783272635,
  "summary_gm_mean": 756.707773050246,
  "summary_gm_median": 759.0264142900705,
  "summary_gm_n": 50736.0,
  "summary_gm_p05": 676.2624942958355,
  "summary_gm_p95": 829.6304667033255,
  "summary_gm_stdv": 46.607164991604726,
  "summary_wm_k": 0.8698253942276493,
  "summary_wm_mad": 31.590643344171802,
  "summary_wm_mean": 1001.9834297812343,
  "summary_wm_median": 1000.0404480397701,
  "summary_wm_n": 196085.0,
  "summary_wm_p05": 948.9346371591091,
  "summary_wm_p95": 1062.2650073319674,
  "summary_wm_stdv": 34.60293850382833,
  "tpm_overlap_csf": 0.15662664017189173,
  "tpm_overlap_gm": 0.45646943766043546,
  "tpm_overlap_wm": 0.48104822712362705,
  "wm2max": 0.4349085328046519
}