{
  "aor": 0.00018710109622411695,
  "aqi": 0.017815263580998778,
  "bids_meta": {
    "AcquisitionMatrixPE": 100,
    "AcquisitionNumber": 1,
    "AcquisitionTime": "14:49:43.205000",
    "BandwidthPerPixelPhaseEncode": 13.889,
    "BaseResolution": 100,
    "ConversionSoftware": "dcm2niix",
    "ConversionSoftwareVersion": "v1.0.20180404 Clang8.0.0",
    "DerivedVendorReportedEchoSpacing": 0.000719994,
    "DeviceSerialNumber": "35002",
    "DwellTime": 2.8e-06,
    "EchoTime": 0.0436,
    "EffectiveEchoSpacing": 0.000719994,
    "FlipAngle": 55,
    "ImageComments": "Unaliased_MB8_PE3_(remote)",
    "ImageOrientationPatientDICOM": [
      1,
      0,
      0,
      0,
      0.997053,
      0.076719
    ],
    "ImageType": [
      "ORIGINAL",
      "PRIMARY",
      "M",
      "MB",
      "ND",
      "MOSAIC"
    ],
    "InPlanePhaseEncodingDirectionDICOM": "COL",
    "InstitutionAddress": "University_Pkwy_1700_North_685_Provo_UT_US_84601",
    "InstitutionName": "Brigham_Young_University",
    "InstitutionalDepartmentName": "MRI",
    "MRAcquisitionType": "2D",
    "MagneticFieldStrength": 3,
    "Manufacturer": "Siemens",
    "ManufacturersModelName": "TrioTim",
    "Modality": "MR",
    "MultibandAccelerationFactor": 8,
    "PartialFourier": 1,
    "PatientPosition": "HFS",
    "PercentPhaseFOV": 100,
    "PhaseEncodingDirection": "j-",
    "PhaseEncodingSteps": 100,
    "PhaseResolution": 1,
    "PixelBandwidth": 1786,
    "ProcedureStepDescription": "Research_KIRWAN",
    "ProtocolName": "Resting_State",
    "PulseSequenceDetails": "%CustomerSeq%_cmrr_mbep2d_bold",
    "ReceiveCoilName": "32Ch_Head",
    "ReconMatrixPE": 100,
    "RepetitionTime": 0.875,
    "SAR": 0.109709,
    "ScanOptions": "FS",
    "ScanningSequence": "EP",
    "SequenceName": "epfid2d1_100",
    "SequenceVariant": "SK_SS",
    "SeriesDescription": "Resting_State",
    "SeriesNumber": 3,
    "ShimSetting": [
      -2755,
      -23059,
      2383,
      579,
      66,
      88,
      -309,
      460
    ],
    "SliceThickness": 1.8,
    "SliceTiming": [
      0,
      0.4875,
      0.0975,
      0.585,
      0.195,
      0.6825,
      0.2925,
      0.78,
      0.39,
      0,
      0.4875,
      0.0975,
      0.585,
      0.195,
      0.6825,
      0.2925,
      0.78,
      0.39,
      0,
      0.4875,
      0.0975,
      0.585,
      0.195,
      0.6825,
      0.2925,
      0.78,
      0.39,
      0,
      0.4875,
      0.0975,
      0.585,
      0.195,
      0.6825,
      0.2925,
      0.78,
      0.39,
      0,
      0.4875,
      0.0975,
      0.585,
      0.195,
      0.6825,
      0.2925,
      0.78,
      0.39,
      0,
      0.4875,
      0.0975,
      0.585,
      0.195,
      0.6825,
      0.2925,
      0.78,
      0.39,
      0,
      0.4875,
      0.0975,
      0.585,
      0.195,
      0.6825,
      0.2925,
      0.78,
      0.39,
      0,
      0.4875,
      0.0975,
      0.585,
      0.195,
      0.6825,
      0.2925,
      0.78,
      0.39
    ],
    "SoftwareVersions": "syngo_MR_B17",
    "SpacingBetweenSlices": 1.8,
    "StationName": "MININT-E41B04",
    "TaskName": "rest",
    "TotalReadoutTime": 0.0712794,
    "TxRefAmp": 391.432,
    "dataset": "ds001747",
    "modality": "bold",
    "run_id": 1,
    "subject_id": "3883",
    "task_id": "rest"
  },
  "dummy_trs": 2,
  "dvars_nstd": 72.55684575343902,
  "dvars_std": 1.0282130647560976,
  "dvars_vstd": 0.9918542084512205,
  "efc": 0.5562933133070744,
  "fber": 447.282958984375,
  "fd_mean": 0.1264259095665984,
  "fd_num": 93,
  "fd_perc": 11.327649208282581,
  "fwhm_avg": 3.378920459881194,
  "fwhm_x": 3.2924611983315466,
  "fwhm_y": 3.547538982866578,
  "fwhm_z": 3.296761198445458,
  "gcor": 0.00709994,
  "gsr_x": -0.03148820996284485,
  "gsr_y": 0.1550590842962265,
  "provenance": {
    "md5sum": "43bcd1a699549dede575eff9e80bd59b",
    "settings": {
      "fd_thres": 0.2,
      "testing": false
    },
    "software": "mriqc",
    "version": "22.0.1",
    "webapi_port": null,
    "webapi_url": "https://mriqc.nimh.nih.gov/api/v1"
  },
  "size_t": 821,
  "size_x": 100,
  "size_y": 100,
  "size_z": 72,
  "snr": 1.885557140858607,
  "spacing_tr": 0.875,
  "spacing_x": 1.7999999523162842,
  "spacing_y": 1.7999999523162842,
  "spacing_z": 1.7999999523162842,
  "summary_bg_k": 46.05855938227681,
  "summary_bg_mad": 7.65138380754138,
  "summary_bg_mean": 34.61068344116211,
  "summary_bg_median": 16.264312744140625,
  "summary_bg_n": 440350.0,
  "summary_bg_p05": 10.475030899047852,
  "summary_bg_p95": 117.68313522338858,
  "summary_bg_stdv": 57.27281951904297,
  "summary_fg_k": 3.694409777924676,
  "summary_fg_mad": 117.7856155806547,
  "summary_fg_mean": 406.1830749511719,
  "summary_fg_median": 349.2375183105469,
  "summary_fg_n": 183410.0,
  "summary_fg_p05": 218.70067672729493,
  "summary_fg_p95": 795.6936920166012,
  "summary_fg_stdv": 185.21664428710938,
  "tsnr": 19.27355516469106
}