{
  "bids_meta": {
    "AcquisitionMatrixPE": 215,
    "AcquisitionNumber": 1,
    "AcquisitionTime": "16:33:44.362500",
    "BaseResolution": 256,
    "ConversionSoftware": "dcm2niix",
    "ConversionSoftwareVersion": "v1.0.20180404 Clang8.0.0",
    "DeviceSerialNumber": "35002",
    "DwellTime": 9.8e-06,
    "EchoTime": 0.00226,
    "FlipAngle": 9,
    "ImageOrientationPatientDICOM": [
      0,
      1,
      0,
      0,
      0,
      -1
    ],
    "ImageType": [
      "ORIGINAL",
      "PRIMARY",
      "M",
      "ND",
      "NORM"
    ],
    "InPlanePhaseEncodingDirectionDICOM": "ROW",
    "InstitutionAddress": "University_Pkwy_1700_North_685_Provo_UT_US_84601",
    "InstitutionName": "Brigham_Young_University",
    "InstitutionalDepartmentName": "MRI",
    "InversionTime": 0.9,
    "MRAcquisitionType": "3D",
    "MagneticFieldStrength": 3,
    "Manufacturer": "Siemens",
    "ManufacturersModelName": "TrioTim",
    "Modality": "MR",
    "ParallelReductionFactorInPlane": 2,
    "PartialFourier": 0.875,
    "PatientPosition": "HFS",
    "PercentPhaseFOV": 87.5,
    "PhaseEncodingSteps": 226,
    "PhaseOversampling": 0.2,
    "PhaseResolution": 0.96,
    "PixelBandwidth": 199,
    "ProcedureStepDescription": "Research_KIRWAN",
    "ProtocolName": "t1_mpr_sag_iso_mprage_fast",
    "PulseSequenceDetails": "%SiemensSeq%_tfl",
    "ReceiveCoilName": "32Ch_Head",
    "ReconMatrixPE": 256,
    "RepetitionTime": 1.9,
    "SAR": 0.12741,
    "ScanOptions": "IR_PFP",
    "ScanningSequence": "GR_IR",
    "SequenceName": "_tfl3d1_ns",
    "SequenceVariant": "SP_MP_OSP",
    "SeriesDescription": "t1_mpr_sag_iso_mprage_fast",
    "SeriesNumber": 6,
    "ShimSetting": [
      -2830,
      -22913,
      1923,
      -81,
      -87,
      -38,
      -253,
      388
    ],
    "SliceThickness": 1,
    "SoftwareVersions": "syngo_MR_B17",
    "StationName": "MININT-E41B04",
    "TxRefAmp": 377.514,
    "dataset": "ds001747",
    "modality": "T1w",
    "run_id": 1,
    "subject_id": "3969"
  },
  "cjv": 0.31973901025520485,
  "cnr": 4.3036396939632136,
  "efc": 0.5829337094271311,
  "fber": -1.0,
  "fwhm_avg": 4.542730453333333,
  "fwhm_x": 4.34344,
  "fwhm_y": 4.698152960000001,
  "fwhm_z": 4.5865984,
  "icvs_csf": 0.18429845398828545,
  "icvs_gm": 0.4770048754076985,
  "icvs_wm": 0.3386966706040161,
  "inu_med": 0.4511500298976898,
  "inu_range": 0.15836234241724018,
  "provenance": {
    "md5sum": "60c80f785180bcb610f59e36ea9522e5",
    "settings": {
      "testing": false
    },
    "software": "mriqc",
    "version": "22.0.1",
    "warnings": {
      "large_rot_frame": true,
      "small_air_mask": false
    },
    "webapi_port": null,
    "webapi_url": "https://mriqc.nimh.nih.gov/api/v1"
  },
  "qi_1": 0.00010591659004728601,
  "qi_2": 0.013288833967834958,
  "rpve_csf": 20.06707768484282,
  "rpve_gm": 8.741799865183925,
  "rpve_wm": 13.560842886517397,
  "size_x": 176,
  "size_y": 224,
  "size_z": 256,
  "snr_csf": 2.701697157946759,
  "snr_gm": 15.197808865850334,
  "snr_total": 14.593377447718458,
  "snr_wm": 25.880626319358278,
  "snrd_csf": 35.26464272727163,
  "snrd_gm": 89.8130528650985,
  "snrd_total": 82.53317276812352,
  "snrd_wm": 122.52182271200047,
  "spacing_x": 1.0,
  "spacing_y": 0.9765625,
  "spacing_z": 0.9765625,
  "summary_bg_k": 21.998812048490272,
  "summary_bg_mad": 0.0,
  "summary_bg_mean": 2.5966154503583394,
  "summary_bg_median": 0.0,
  "summary_bg_n": 2870886.0,
  "summary_bg_p05": 0.0,
  "summary_bg_p95": 13.196289885789156,
  "summary_bg_stdv": 5.347332778471291,
  "summary_csf_k": 1.2805670524016062,
  "summary_csf_mad": 70.8983624734786,
  "summary_csf_mean": 299.5897111291028,
  "summary_csf_median": 287.83590711280704,
  "summary_csf_n": 32725.0,
  "summary_csf_p05": 111.49340629577637,
  "summary_csf_p95": 502.678474791348,
  "summary_csf_stdv": 106.53729580095818,
  "summary_gm_k": 0.033383216411372985,
  "summary_gm_mad": 48.81526596534592,
  "summary_gm_mean": 731.4671059980191,
  "summary_gm_median": 733.0691463947296,
  "summary_gm_n": 76325.0,
  "summary_gm_p05": 650.0152691267431,
  "summary_gm_p95": 807.4126012958586,
  "summary_gm_stdv": 48.2348706028913,
  "summary_wm_k": 0.6607073825914762,
  "summary_wm_mad": 36.54687901638332,
  "summary_wm_mean": 1000.835274080352,
  "summary_wm_median": 1000.0435919389129,
  "summary_wm_n": 227610.0,
  "summary_wm_p05": 939.3319480419159,
  "summary_wm_p95": 1064.9797906838357,
  "summary_wm_stdv": 38.64054071800757,
  "tpm_overlap_csf": 0.1525036683481417,
  "tpm_overlap_gm": 0.4768683128071153,
  "tpm_overlap_wm": 0.5047240827480888,
  "wm2max": 0.4152710963214815
}