{
  "aor": 0.00027204379562043794,
  "aqi": 0.017428717031630167,
  "bids_meta": {
    "AcquisitionMatrixPE": 100,
    "AcquisitionNumber": 1,
    "AcquisitionTime": "12:32:20.992500",
    "BandwidthPerPixelPhaseEncode": 13.889,
    "BaseResolution": 100,
    "ConversionSoftware": "dcm2niix",
    "ConversionSoftwareVersion": "v1.0.20180404 Clang8.0.0",
    "DerivedVendorReportedEchoSpacing": 0.000719994,
    "DeviceSerialNumber": "35002",
    "DwellTime": 2.8e-06,
    "EchoTime": 0.0436,
    "EffectiveEchoSpacing": 0.000719994,
    "FlipAngle": 55,
    "ImageComments": "Unaliased_MB8_PE3_(remote)",
    "ImageOrientationPatientDICOM": [
      0.999999,
      -0.000339652,
      0.00124116,
      3.40409e-08,
      0.964543,
      0.263927
    ],
    "ImageType": [
      "ORIGINAL",
      "PRIMARY",
      "M",
      "MB",
      "ND",
      "MOSAIC"
    ],
    "InPlanePhaseEncodingDirectionDICOM": "COL",
    "InstitutionAddress": "University_Pkwy_1700_North_685_Provo_UT_US_84601",
    "InstitutionName": "Brigham_Young_University",
    "InstitutionalDepartmentName": "MRI",
    "MRAcquisitionType": "2D",
    "MagneticFieldStrength": 3,
    "Manufacturer": "Siemens",
    "ManufacturersModelName": "TrioTim",
    "Modality": "MR",
    "MultibandAccelerationFactor": 8,
    "PartialFourier": 1,
    "PatientPosition": "HFS",
    "PercentPhaseFOV": 100,
    "PhaseEncodingDirection": "j-",
    "PhaseEncodingSteps": 100,
    "PhaseResolution": 1,
    "PixelBandwidth": 1786,
    "ProcedureStepDescription": "Research_KIRWAN",
    "ProtocolName": "Resting_State",
    "PulseSequenceDetails": "%CustomerSeq%_cmrr_mbep2d_bold",
    "ReceiveCoilName": "32Ch_Head",
    "ReconMatrixPE": 100,
    "RepetitionTime": 0.875,
    "SAR": 0.142074,
    "ScanOptions": "FS",
    "ScanningSequence": "EP",
    "SequenceName": "epfid2d1_100",
    "SequenceVariant": "SK_SS",
    "SeriesDescription": "Resting_State",
    "SeriesNumber": 3,
    "ShimSetting": [
      -2737,
      -22981,
      2412,
      782,
      208,
      204,
      -189,
      371
    ],
    "SliceThickness": 1.8,
    "SliceTiming": [
      0,
      0.4875,
      0.0975,
      0.585,
      0.195,
      0.6825,
      0.2925,
      0.78,
      0.39,
      0,
      0.4875,
      0.0975,
      0.585,
      0.195,
      0.6825,
      0.2925,
      0.78,
      0.39,
      0,
      0.4875,
      0.0975,
      0.585,
      0.195,
      0.6825,
      0.2925,
      0.78,
      0.39,
      0,
      0.4875,
      0.0975,
      0.585,
      0.195,
      0.6825,
      0.2925,
      0.78,
      0.39,
      0,
      0.4875,
      0.0975,
      0.585,
      0.195,
      0.6825,
      0.2925,
      0.78,
      0.39,
      0,
      0.4875,
      0.0975,
      0.585,
      0.195,
      0.6825,
      0.2925,
      0.78,
      0.39,
      0,
      0.4875,
      0.0975,
      0.585,
      0.195,
      0.6825,
      0.2925,
      0.78,
      0.39,
      0,
      0.4875,
      0.0975,
      0.585,
      0.195,
      0.6825,
      0.2925,
      0.78,
      0.39
    ],
    "SoftwareVersions": "syngo_MR_B17",
    "SpacingBetweenSlices": 1.8,
    "StationName": "MININT-E41B04",
    "TaskName": "rest",
    "TotalReadoutTime": 0.0712794,
    "TxRefAmp": 383.464,
    "dataset": "ds001747",
    "modality": "bold",
    "run_id": 1,
    "subject_id": "3894",
    "task_id": "rest"
  },
  "dummy_trs": 1,
  "dvars_nstd": 66.3419574547746,
  "dvars_std": 1.0452694521315462,
  "dvars_vstd": 0.9931958664311802,
  "efc": 0.5975720728303333,
  "fber": 249.54823303222656,
  "fd_mean": 0.08140104087500959,
  "fd_num": 5,
  "fd_perc": 0.6082725060827251,
  "fwhm_avg": 3.516931574648351,
  "fwhm_x": 3.374072311604614,
  "fwhm_y": 3.8511834353548537,
  "fwhm_z": 3.3255389769855865,
  "gcor": 0.0132791,
  "gsr_x": -0.02284078299999237,
  "gsr_y": 0.1396269053220749,
  "provenance": {
    "md5sum": "75f34aa40c0cb66d9cc3318c86fbfd76",
    "settings": {
      "fd_thres": 0.2,
      "testing": false
    },
    "software": "mriqc",
    "version": "22.0.1",
    "webapi_port": null,
    "webapi_url": "https://mriqc.nimh.nih.gov/api/v1"
  },
  "size_t": 822,
  "size_x": 100,
  "size_y": 100,
  "size_z": 72,
  "snr": 1.9091749410540344,
  "spacing_tr": 0.875,
  "spacing_x": 1.7999999523162842,
  "spacing_y": 1.7999999523162842,
  "spacing_z": 1.7999999523162842,
  "summary_bg_k": 30.987959057894322,
  "summary_bg_mad": 17.214057548385316,
  "summary_bg_mean": 54.27616882324219,
  "summary_bg_median": 26.383211135864258,
  "summary_bg_n": 409940.0,
  "summary_bg_p05": 13.047445297241211,
  "summary_bg_p95": 191.7038856506346,
  "summary_bg_stdv": 78.8436279296875,
  "summary_fg_k": 3.9155918941651064,
  "summary_fg_mad": 161.55495773547267,
  "summary_fg_mean": 490.1327819824219,
  "summary_fg_median": 428.2785949707031,
  "summary_fg_n": 206184.0,
  "summary_fg_p05": 250.89920043945312,
  "summary_fg_p95": 940.4428802490231,
  "summary_fg_stdv": 224.32598876953125,
  "tsnr": 19.48586907167919
}