{
  "bids_meta": {
    "AcquisitionMatrixPE": 215,
    "AcquisitionNumber": 1,
    "AcquisitionTime": "12:28:41.197500",
    "BaseResolution": 256,
    "ConversionSoftware": "dcm2niix",
    "ConversionSoftwareVersion": "v1.0.20180404 Clang8.0.0",
    "DeviceSerialNumber": "35002",
    "DwellTime": 9.8e-06,
    "EchoTime": 0.00226,
    "FlipAngle": 9,
    "ImageOrientationPatientDICOM": [
      0,
      1,
      0,
      0,
      0,
      -1
    ],
    "ImageType": [
      "ORIGINAL",
      "PRIMARY",
      "M",
      "ND",
      "NORM"
    ],
    "InPlanePhaseEncodingDirectionDICOM": "ROW",
    "InstitutionAddress": "University_Pkwy_1700_North_685_Provo_UT_US_84601",
    "InstitutionName": "Brigham_Young_University",
    "InstitutionalDepartmentName": "MRI",
    "InversionTime": 0.9,
    "MRAcquisitionType": "3D",
    "MagneticFieldStrength": 3,
    "Manufacturer": "Siemens",
    "ManufacturersModelName": "TrioTim",
    "Modality": "MR",
    "ParallelReductionFactorInPlane": 2,
    "PartialFourier": 0.875,
    "PatientPosition": "HFS",
    "PercentPhaseFOV": 87.5,
    "PhaseEncodingSteps": 226,
    "PhaseOversampling": 0.2,
    "PhaseResolution": 0.96,
    "PixelBandwidth": 199,
    "ProcedureStepDescription": "Research_KIRWAN",
    "ProtocolName": "t1_mpr_sag_iso_mprage_fast",
    "PulseSequenceDetails": "%SiemensSeq%_tfl",
    "ReceiveCoilName": "32Ch_Head",
    "ReconMatrixPE": 256,
    "RepetitionTime": 1.9,
    "SAR": 0.115914,
    "ScanOptions": "IR_PFP",
    "ScanningSequence": "GR_IR",
    "SequenceName": "_tfl3d1_ns",
    "SequenceVariant": "SP_MP_OSP",
    "SeriesDescription": "t1_mpr_sag_iso_mprage_fast",
    "SeriesNumber": 6,
    "ShimSetting": [
      -2830,
      -22913,
      1923,
      -81,
      -87,
      -38,
      -253,
      388
    ],
    "SliceThickness": 1,
    "SoftwareVersions": "syngo_MR_B17",
    "StationName": "MININT-E41B04",
    "TxRefAmp": 406.071,
    "dataset": "ds001747",
    "modality": "T1w",
    "run_id": 1,
    "subject_id": "3953"
  },
  "cjv": 0.3440318585552418,
  "cnr": 3.9794635452680733,
  "efc": 0.5586374646939636,
  "fber": -1.0,
  "fwhm_avg": 4.486470613333334,
  "fwhm_x": 4.4076,
  "fwhm_y": 4.59557888,
  "fwhm_z": 4.45623296,
  "icvs_csf": 0.19076753299747504,
  "icvs_gm": 0.4500254191276066,
  "icvs_wm": 0.35920704787491836,
  "inu_med": 0.3627784848213196,
  "inu_range": 0.09264513850212092,
  "provenance": {
    "md5sum": "ac1483ab3df1e11667efaca558f435f3",
    "settings": {
      "testing": false
    },
    "software": "mriqc",
    "version": "22.0.1",
    "warnings": {
      "large_rot_frame": true,
      "small_air_mask": false
    },
    "webapi_port": null,
    "webapi_url": "https://mriqc.nimh.nih.gov/api/v1"
  },
  "qi_1": 2.8476744751166407e-05,
  "qi_2": 0.00968479761691149,
  "rpve_csf": 24.76895322026191,
  "rpve_gm": 11.290528103883481,
  "rpve_wm": 15.921837161415477,
  "size_x": 176,
  "size_y": 224,
  "size_z": 256,
  "snr_csf": 2.5896637649205227,
  "snr_gm": 14.464634593898396,
  "snr_total": 15.317577787605087,
  "snr_wm": 28.89843500399634,
  "snrd_csf": 43.04084417381484,
  "snrd_gm": 105.81060807558539,
  "snrd_total": 96.58063863040293,
  "snrd_wm": 140.89046364180857,
  "spacing_x": 1.0,
  "spacing_y": 0.9765625,
  "spacing_z": 0.9765625,
  "summary_bg_k": 36.87460805286411,
  "summary_bg_mad": 0.0,
  "summary_bg_mean": 1.9780738897350048,
  "summary_bg_median": 0.0,
  "summary_bg_n": 2429395.0,
  "summary_bg_p05": 0.0,
  "summary_bg_p95": 11.64269244670868,
  "summary_bg_stdv": 4.6499697626680305,
  "summary_csf_k": 0.36755642335186955,
  "summary_csf_mad": 96.2636894795886,
  "summary_csf_mean": 312.002366703836,
  "summary_csf_median": 305.49153423309326,
  "summary_csf_n": 34140.0,
  "summary_csf_p05": 96.99395948052407,
  "summary_csf_p95": 516.8898480594158,
  "summary_csf_stdv": 117.96398599642411,
  "summary_gm_k": -0.16734919682943028,
  "summary_gm_mad": 53.90530959230328,
  "summary_gm_mean": 749.9117500207286,
  "summary_gm_median": 751.0132670402527,
  "summary_gm_n": 45068.0,
  "summary_gm_p05": 663.991094827652,
  "summary_gm_p95": 833.227364897728,
  "summary_gm_stdv": 51.92007652302206,
  "summary_wm_k": 1.064530207508109,
  "summary_wm_mad": 31.754056688799423,
  "summary_wm_mean": 1001.982784071976,
  "summary_wm_median": 999.9999935626984,
  "summary_wm_n": 191822.0,
  "summary_wm_p05": 949.535080909729,
  "summary_wm_p95": 1061.4718202352524,
  "summary_wm_stdv": 34.603859580556616,
  "tpm_overlap_csf": 0.13567055846458717,
  "tpm_overlap_gm": 0.4709368062378749,
  "tpm_overlap_wm": 0.5177851835984704,
  "wm2max": 0.42732459417238333
}