{
  "aor": 0.00018964720194647203,
  "aqi": 0.0180860198296837,
  "bids_meta": {
    "AcquisitionMatrixPE": 100,
    "AcquisitionNumber": 1,
    "AcquisitionTime": "10:41:29.967500",
    "BandwidthPerPixelPhaseEncode": 13.889,
    "BaseResolution": 100,
    "ConversionSoftware": "dcm2niix",
    "ConversionSoftwareVersion": "v1.0.20180404 Clang8.0.0",
    "DerivedVendorReportedEchoSpacing": 0.000719994,
    "DeviceSerialNumber": "35002",
    "DwellTime": 2.8e-06,
    "EchoTime": 0.0436,
    "EffectiveEchoSpacing": 0.000719994,
    "FlipAngle": 55,
    "ImageComments": "Unaliased_MB8_PE3_(remote)",
    "ImageOrientationPatientDICOM": [
      1,
      2e-16,
      0,
      -2e-16,
      0.825114,
      0.564967
    ],
    "ImageType": [
      "ORIGINAL",
      "PRIMARY",
      "M",
      "MB",
      "ND",
      "MOSAIC"
    ],
    "InPlanePhaseEncodingDirectionDICOM": "COL",
    "InstitutionAddress": "University_Pkwy_1700_North_685_Provo_UT_US_84601",
    "InstitutionName": "Brigham_Young_University",
    "InstitutionalDepartmentName": "MRI",
    "MRAcquisitionType": "2D",
    "MagneticFieldStrength": 3,
    "Manufacturer": "Siemens",
    "ManufacturersModelName": "TrioTim",
    "Modality": "MR",
    "MultibandAccelerationFactor": 8,
    "PartialFourier": 1,
    "PatientPosition": "HFS",
    "PercentPhaseFOV": 100,
    "PhaseEncodingDirection": "j-",
    "PhaseEncodingSteps": 100,
    "PhaseResolution": 1,
    "PixelBandwidth": 1786,
    "ProcedureStepDescription": "Research_KIRWAN",
    "ProtocolName": "Resting_State",
    "PulseSequenceDetails": "%CustomerSeq%_cmrr_mbep2d_bold",
    "ReceiveCoilName": "32Ch_Head",
    "ReconMatrixPE": 100,
    "RepetitionTime": 0.875,
    "SAR": 0.106332,
    "ScanOptions": "FS",
    "ScanningSequence": "EP",
    "SequenceName": "epfid2d1_100",
    "SequenceVariant": "SK_SS",
    "SeriesDescription": "Resting_State",
    "SeriesNumber": 3,
    "ShimSetting": [
      -2818,
      -22862,
      2536,
      1066,
      -6,
      745,
      79,
      481
    ],
    "SliceThickness": 1.8,
    "SliceTiming": [
      0,
      0.4875,
      0.0975,
      0.585,
      0.195,
      0.6825,
      0.2925,
      0.78,
      0.39,
      0,
      0.4875,
      0.0975,
      0.585,
      0.195,
      0.6825,
      0.2925,
      0.78,
      0.39,
      0,
      0.4875,
      0.0975,
      0.585,
      0.195,
      0.6825,
      0.2925,
      0.78,
      0.39,
      0,
      0.4875,
      0.0975,
      0.585,
      0.195,
      0.6825,
      0.2925,
      0.78,
      0.39,
      0,
      0.4875,
      0.0975,
      0.585,
      0.195,
      0.6825,
      0.2925,
      0.78,
      0.39,
      0,
      0.4875,
      0.0975,
      0.585,
      0.195,
      0.6825,
      0.2925,
      0.78,
      0.39,
      0,
      0.4875,
      0.0975,
      0.585,
      0.195,
      0.6825,
      0.2925,
      0.78,
      0.39,
      0,
      0.4875,
      0.0975,
      0.585,
      0.195,
      0.6825,
      0.2925,
      0.78,
      0.39
    ],
    "SoftwareVersions": "syngo_MR_B17",
    "SpacingBetweenSlices": 1.8,
    "StationName": "MININT-E41B04",
    "TaskName": "rest",
    "TotalReadoutTime": 0.0712794,
    "TxRefAmp": 388.88,
    "dataset": "ds001747",
    "modality": "bold",
    "run_id": 1,
    "subject_id": "3861",
    "task_id": "rest"
  },
  "dummy_trs": 1,
  "dvars_nstd": 69.3964280606456,
  "dvars_std": 1.033894126528624,
  "dvars_vstd": 0.9807612429110824,
  "efc": 0.5676157540750628,
  "fber": 333.1983947753906,
  "fd_mean": 0.09468487416181796,
  "fd_num": 11,
  "fd_perc": 1.338199513381995,
  "fwhm_avg": 3.1981537207417063,
  "fwhm_x": 3.078127859320319,
  "fwhm_y": 3.45034453584736,
  "fwhm_z": 3.065988767057441,
  "gcor": 0.00788062,
  "gsr_x": 0.014266175217926502,
  "gsr_y": 0.07897216081619263,
  "provenance": {
    "md5sum": "373713da81a816d6e20c6b9f630d019c",
    "settings": {
      "fd_thres": 0.2,
      "testing": false
    },
    "software": "mriqc",
    "version": "22.0.1",
    "webapi_port": null,
    "webapi_url": "https://mriqc.nimh.nih.gov/api/v1"
  },
  "size_t": 822,
  "size_x": 100,
  "size_y": 100,
  "size_z": 72,
  "snr": 2.087064805613269,
  "spacing_tr": 0.875,
  "spacing_x": 1.7999999523162842,
  "spacing_y": 1.7999999523162842,
  "spacing_z": 1.8000000715255737,
  "summary_bg_k": 14.835491627044078,
  "summary_bg_mad": 12.100703357091428,
  "summary_bg_mean": 37.12910842895508,
  "summary_bg_median": 20.363746643066406,
  "summary_bg_n": 441068.0,
  "summary_bg_p05": 10.92457389831543,
  "summary_bg_p95": 126.15121726989737,
  "summary_bg_stdv": 44.799049377441406,
  "summary_fg_k": 5.925797077890227,
  "summary_fg_mad": 129.90442276503737,
  "summary_fg_mean": 421.8111572265625,
  "summary_fg_median": 379.0303955078125,
  "summary_fg_n": 176997.0,
  "summary_fg_p05": 218.65328979492188,
  "summary_fg_p95": 774.5374511718743,
  "summary_fg_stdv": 181.60879516601562,
  "tsnr": 18.673043227754533
}