{
  "bids_meta": {
    "AcquisitionMatrixPE": 215,
    "AcquisitionNumber": 1,
    "AcquisitionTime": "11:02:35.637500",
    "BaseResolution": 256,
    "ConversionSoftware": "dcm2niix",
    "ConversionSoftwareVersion": "v1.0.20180404 Clang8.0.0",
    "DeviceSerialNumber": "35002",
    "DwellTime": 9.8e-06,
    "EchoTime": 0.00226,
    "FlipAngle": 9,
    "ImageOrientationPatientDICOM": [
      0,
      1,
      0,
      0,
      0,
      -1
    ],
    "ImageType": [
      "ORIGINAL",
      "PRIMARY",
      "M",
      "ND",
      "NORM"
    ],
    "InPlanePhaseEncodingDirectionDICOM": "ROW",
    "InstitutionAddress": "University_Pkwy_1700_North_685_Provo_UT_US_84601",
    "InstitutionName": "Brigham_Young_University",
    "InstitutionalDepartmentName": "MRI",
    "InversionTime": 0.9,
    "MRAcquisitionType": "3D",
    "MagneticFieldStrength": 3,
    "Manufacturer": "Siemens",
    "ManufacturersModelName": "TrioTim",
    "Modality": "MR",
    "ParallelReductionFactorInPlane": 2,
    "PartialFourier": 0.875,
    "PatientPosition": "HFS",
    "PercentPhaseFOV": 87.5,
    "PhaseEncodingSteps": 226,
    "PhaseOversampling": 0.2,
    "PhaseResolution": 0.96,
    "PixelBandwidth": 199,
    "ProcedureStepDescription": "Research_KIRWAN",
    "ProtocolName": "t1_mpr_sag_iso_mprage_fast",
    "PulseSequenceDetails": "%SiemensSeq%_tfl",
    "ReceiveCoilName": "32Ch_Head",
    "ReconMatrixPE": 256,
    "RepetitionTime": 1.9,
    "SAR": 0.117665,
    "ScanOptions": "IR_PFP",
    "ScanningSequence": "GR_IR",
    "SequenceName": "_tfl3d1_ns",
    "SequenceVariant": "SP_MP_OSP",
    "SeriesDescription": "t1_mpr_sag_iso_mprage_fast",
    "SeriesNumber": 6,
    "ShimSetting": [
      -2830,
      -22913,
      1923,
      -81,
      -87,
      -38,
      -253,
      388
    ],
    "SliceThickness": 1,
    "SoftwareVersions": "syngo_MR_B17",
    "StationName": "MININT-E41B04",
    "TxRefAmp": 393.975,
    "dataset": "ds001747",
    "modality": "T1w",
    "run_id": 1,
    "subject_id": "3892"
  },
  "cjv": 0.30890370868726685,
  "cnr": 4.420494371353836,
  "efc": 0.559297024651949,
  "fber": -1.0,
  "fwhm_avg": 4.54078216,
  "fwhm_x": 4.29727,
  "fwhm_y": 4.83741696,
  "fwhm_z": 4.48765952,
  "icvs_csf": 0.15989607167687103,
  "icvs_gm": 0.49176819766779173,
  "icvs_wm": 0.34833573065533724,
  "inu_med": 0.40320006012916565,
  "inu_range": 0.14102126806974408,
  "provenance": {
    "md5sum": "0ef650f4c033a1e8fbec0f0ace96238c",
    "settings": {
      "testing": false
    },
    "software": "mriqc",
    "version": "22.0.1",
    "warnings": {
      "large_rot_frame": true,
      "small_air_mask": false
    },
    "webapi_port": null,
    "webapi_url": "https://mriqc.nimh.nih.gov/api/v1"
  },
  "qi_1": 0.0,
  "qi_2": 0.022145517722879163,
  "rpve_csf": 24.48408980897014,
  "rpve_gm": 9.349428089873879,
  "rpve_wm": 14.355619156430402,
  "size_x": 176,
  "size_y": 224,
  "size_z": 256,
  "snr_csf": 2.421776423968766,
  "snr_gm": 16.896961765240874,
  "snr_total": 15.559115544512403,
  "snr_wm": 27.358608444327572,
  "snrd_csf": 52.994880980848876,
  "snrd_gm": 128.478094049408,
  "snrd_total": 117.89378125886743,
  "snrd_wm": 172.20836874634543,
  "spacing_x": 1.0,
  "spacing_y": 0.9765625,
  "spacing_z": 0.9765625,
  "summary_bg_k": 8.404555658244826,
  "summary_bg_mad": 0.0,
  "summary_bg_mean": 1.787622338974796,
  "summary_bg_median": 0.0,
  "summary_bg_n": 2461291.0,
  "summary_bg_p05": 0.0,
  "summary_bg_p95": 10.14049593359232,
  "summary_bg_stdv": 3.8043237291918652,
  "summary_csf_k": 0.09738832052922897,
  "summary_csf_mad": 100.76438558937637,
  "summary_csf_mean": 327.21840353294857,
  "summary_csf_median": 307.73695865646005,
  "summary_csf_n": 19079.0,
  "summary_csf_p05": 106.35522433556616,
  "summary_csf_p95": 556.0668668989092,
  "summary_csf_stdv": 127.06742484431614,
  "summary_gm_k": 0.026689922220164863,
  "summary_gm_mad": 44.93081658113992,
  "summary_gm_mean": 744.243766500207,
  "summary_gm_median": 746.0618305951357,
  "summary_gm_n": 85505.0,
  "summary_gm_p05": 669.3501399829984,
  "summary_gm_p95": 813.1748838350177,
  "summary_gm_stdv": 44.15335006779488,
  "summary_wm_k": 0.7280292048534012,
  "summary_wm_mad": 33.51161798644408,
  "summary_wm_mean": 1000.9942397106947,
  "summary_wm_median": 999.9999749474227,
  "summary_wm_n": 215971.0,
  "summary_wm_p05": 942.8726009093225,
  "summary_wm_p95": 1062.4104699585587,
  "summary_wm_stdv": 36.55148111257444,
  "tpm_overlap_csf": 0.1322876604463275,
  "tpm_overlap_gm": 0.4672995622080844,
  "tpm_overlap_wm": 0.49302221393499446,
  "wm2max": 0.4698063460314574
}