{
  "bids_meta": {
    "AcquisitionMatrixPE": 215,
    "AcquisitionNumber": 1,
    "AcquisitionTime": "13:22:18.117500",
    "BaseResolution": 256,
    "ConversionSoftware": "dcm2niix",
    "ConversionSoftwareVersion": "v1.0.20180404 Clang8.0.0",
    "DeviceSerialNumber": "35002",
    "DwellTime": 9.8e-06,
    "EchoTime": 0.00226,
    "FlipAngle": 9,
    "ImageOrientationPatientDICOM": [
      -0.0418756,
      0.999123,
      1.94677e-08,
      0.085342,
      0.00357691,
      -0.996345
    ],
    "ImageType": [
      "ORIGINAL",
      "PRIMARY",
      "M",
      "ND",
      "NORM"
    ],
    "InPlanePhaseEncodingDirectionDICOM": "ROW",
    "InstitutionAddress": "University_Pkwy_1700_North_685_Provo_UT_US_84601",
    "InstitutionName": "Brigham_Young_University",
    "InstitutionalDepartmentName": "MRI",
    "InversionTime": 0.9,
    "MRAcquisitionType": "3D",
    "MagneticFieldStrength": 3,
    "Manufacturer": "Siemens",
    "ManufacturersModelName": "TrioTim",
    "Modality": "MR",
    "ParallelReductionFactorInPlane": 2,
    "PartialFourier": 0.875,
    "PatientPosition": "HFS",
    "PercentPhaseFOV": 87.5,
    "PhaseEncodingSteps": 226,
    "PhaseOversampling": 0.2,
    "PhaseResolution": 0.96,
    "PixelBandwidth": 199,
    "ProcedureStepDescription": "Research_KIRWAN",
    "ProtocolName": "t1_mpr_sag_iso_mprage_fast",
    "PulseSequenceDetails": "%SiemensSeq%_tfl",
    "ReceiveCoilName": "32Ch_Head",
    "ReconMatrixPE": 256,
    "RepetitionTime": 1.9,
    "SAR": 0.154552,
    "ScanOptions": "IR_PFP",
    "ScanningSequence": "GR_IR",
    "SequenceName": "_tfl3d1_ns",
    "SequenceVariant": "SP_MP_OSP",
    "SeriesDescription": "t1_mpr_sag_iso_mprage_fast",
    "SeriesNumber": 6,
    "ShimSetting": [
      -2830,
      -22913,
      1923,
      -81,
      -87,
      -38,
      -253,
      388
    ],
    "SliceThickness": 1,
    "SoftwareVersions": "syngo_MR_B17",
    "StationName": "MININT-E41B04",
    "TxRefAmp": 440.154,
    "dataset": "ds001747",
    "modality": "T1w",
    "run_id": 1,
    "subject_id": "3941"
  },
  "cjv": 0.3604576643741745,
  "cnr": 3.7996557035868035,
  "efc": 0.6232520021634579,
  "fber": -1.0,
  "fwhm_avg": 4.725951590535716,
  "fwhm_x": 4.579145011607149,
  "fwhm_y": 4.96223232,
  "fwhm_z": 4.636477439999999,
  "icvs_csf": 0.22116905729282774,
  "icvs_gm": 0.42100764014067765,
  "icvs_wm": 0.3578233025664946,
  "inu_med": 0.4189588725566864,
  "inu_range": 0.1485273540019989,
  "provenance": {
    "md5sum": "06b6d6fe180ae4ac94ad2b2219ccab74",
    "settings": {
      "testing": false
    },
    "software": "mriqc",
    "version": "22.0.1",
    "warnings": {
      "large_rot_frame": true,
      "small_air_mask": false
    },
    "webapi_port": null,
    "webapi_url": "https://mriqc.nimh.nih.gov/api/v1"
  },
  "qi_1": 0.0,
  "qi_2": 0.01570186652573487,
  "rpve_csf": 18.846174420291085,
  "rpve_gm": 10.07770049149738,
  "rpve_wm": 13.654818135651528,
  "size_x": 176,
  "size_y": 224,
  "size_z": 256,
  "snr_csf": 3.224887788507463,
  "snr_gm": 14.522661204829104,
  "snr_total": 14.566337929784622,
  "snr_wm": 25.951464796017298,
  "snrd_csf": 26.744788803392105,
  "snrd_gm": 67.95563371419286,
  "snrd_total": 61.64908341118774,
  "snrd_wm": 90.24682771597826,
  "spacing_x": 0.9999967217445374,
  "spacing_y": 0.9765625,
  "spacing_z": 0.9765625,
  "summary_bg_k": 11.852959548611743,
  "summary_bg_mad": 0.0,
  "summary_bg_mean": 3.269172008113022,
  "summary_bg_median": 0.0,
  "summary_bg_n": 2457604.0,
  "summary_bg_p05": 0.0,
  "summary_bg_p95": 20.2243721075356,
  "summary_bg_stdv": 7.259757809516497,
  "summary_csf_k": 1.7562615532589287,
  "summary_csf_mad": 67.90428007511052,
  "summary_csf_mean": 307.3815555762493,
  "summary_csf_median": 296.3668167106807,
  "summary_csf_n": 58480.0,
  "summary_csf_p05": 178.93165856972337,
  "summary_csf_p95": 480.9103525789452,
  "summary_csf_stdv": 91.89909919966532,
  "summary_gm_k": -0.02263415710713046,
  "summary_gm_mad": 52.5685943502822,
  "summary_gm_mean": 752.0817657226387,
  "summary_gm_median": 753.0362265892327,
  "summary_gm_n": 36775.0,
  "summary_gm_p05": 666.2721264027059,
  "summary_gm_p95": 836.0436367914081,
  "summary_gm_stdv": 51.85179062383621,
  "summary_wm_k": 0.6977938650613518,
  "summary_wm_mad": 36.46993918640768,
  "summary_wm_mean": 1001.7372172889587,
  "summary_wm_median": 1000.0514584369957,
  "summary_wm_n": 227723.0,
  "summary_wm_p05": 941.6941099129617,
  "summary_wm_p95": 1067.1058015823364,
  "summary_wm_stdv": 38.535368640351166,
  "tpm_overlap_csf": 0.15399695427343987,
  "tpm_overlap_gm": 0.4570715849125442,
  "tpm_overlap_wm": 0.5060452517449302,
  "wm2max": 0.3877526587784584
}