{
  "bids_meta": {
    "AcquisitionMatrixPE": 215,
    "AcquisitionNumber": 1,
    "AcquisitionTime": "14:54:1.827500",
    "BaseResolution": 256,
    "ConversionSoftware": "dcm2niix",
    "ConversionSoftwareVersion": "v1.0.20180404 Clang8.0.0",
    "DeviceSerialNumber": "35002",
    "DwellTime": 9.8e-06,
    "EchoTime": 0.00226,
    "FlipAngle": 9,
    "ImageOrientationPatientDICOM": [
      0,
      1,
      0,
      0,
      0,
      -1
    ],
    "ImageType": [
      "ORIGINAL",
      "PRIMARY",
      "M",
      "ND",
      "NORM"
    ],
    "InPlanePhaseEncodingDirectionDICOM": "ROW",
    "InstitutionAddress": "University_Pkwy_1700_North_685_Provo_UT_US_84601",
    "InstitutionName": "Brigham_Young_University",
    "InstitutionalDepartmentName": "MRI",
    "InversionTime": 0.9,
    "MRAcquisitionType": "3D",
    "MagneticFieldStrength": 3,
    "Manufacturer": "Siemens",
    "ManufacturersModelName": "TrioTim",
    "Modality": "MR",
    "PartialFourier": 0.875,
    "PatientPosition": "HFS",
    "PercentPhaseFOV": 87.5,
    "PhaseEncodingSteps": 227,
    "PhaseOversampling": 0.2,
    "PhaseResolution": 0.96,
    "PixelBandwidth": 199,
    "ProcedureStepDescription": "Research_KIRWAN",
    "ProtocolName": "t1_mpr_sag_iso_mprage",
    "PulseSequenceDetails": "%SiemensSeq%_tfl",
    "ReceiveCoilName": "32Ch_Head",
    "ReconMatrixPE": 256,
    "RepetitionTime": 1.9,
    "SAR": 0.106901,
    "ScanOptions": "IR_PFP",
    "ScanningSequence": "GR_IR",
    "SequenceName": "_tfl3d1_ns",
    "SequenceVariant": "SP_MP_OSP",
    "SeriesDescription": "t1_mpr_sag_iso_mprage",
    "SeriesNumber": 6,
    "ShimSetting": [
      -2830,
      -22913,
      1923,
      -81,
      -87,
      -38,
      -253,
      388
    ],
    "SliceThickness": 1,
    "SoftwareVersions": "syngo_MR_B17",
    "StationName": "MININT-E41B04",
    "TxRefAmp": 402.024,
    "dataset": "ds001747",
    "modality": "T1w",
    "run_id": 1,
    "subject_id": "3878"
  },
  "cjv": 0.3136595258599841,
  "cnr": 4.30528277175927,
  "efc": 0.5343113679868081,
  "fber": -1.0,
  "fwhm_avg": 4.424881626666667,
  "fwhm_x": 4.23081,
  "fwhm_y": 4.61406208,
  "fwhm_z": 4.429772799999999,
  "icvs_csf": 0.19822979192400245,
  "icvs_gm": 0.45862419352305445,
  "icvs_wm": 0.34314601455294313,
  "inu_med": 0.3651159703731537,
  "inu_range": 0.10519124120473855,
  "provenance": {
    "md5sum": "c551c7397b117d82ab6132b6841f9cca",
    "settings": {
      "testing": false
    },
    "software": "mriqc",
    "version": "22.0.1",
    "warnings": {
      "large_rot_frame": true,
      "small_air_mask": false
    },
    "webapi_port": null,
    "webapi_url": "https://mriqc.nimh.nih.gov/api/v1"
  },
  "qi_1": 0.0,
  "qi_2": 0.01332415136155653,
  "rpve_csf": 24.022345712175138,
  "rpve_gm": 11.366948312582382,
  "rpve_wm": 17.239361519084916,
  "size_x": 176,
  "size_y": 224,
  "size_z": 256,
  "snr_csf": 2.8075522949621474,
  "snr_gm": 14.975323107701792,
  "snr_total": 16.554965247197124,
  "snr_wm": 31.882020338927433,
  "snrd_csf": 46.38256715686033,
  "snrd_gm": 111.5568049916518,
  "snrd_total": 102.50057815891391,
  "snrd_wm": 149.5623623282296,
  "spacing_x": 1.0,
  "spacing_y": 0.9765625,
  "spacing_z": 0.9765625,
  "summary_bg_k": 9.956410730597595,
  "summary_bg_mad": 0.0,
  "summary_bg_mean": 2.199966705395637,
  "summary_bg_median": 0.0,
  "summary_bg_n": 2748622.0,
  "summary_bg_p05": 0.0,
  "summary_bg_p95": 11.57890421897173,
  "summary_bg_stdv": 4.38053524977373,
  "summary_csf_k": 3.867089977495879,
  "summary_csf_mad": 81.28501120530467,
  "summary_csf_mean": 315.1124836785826,
  "summary_csf_median": 310.13460770249367,
  "summary_csf_n": 28761.0,
  "summary_csf_p05": 109.32449495792389,
  "summary_csf_p95": 506.77140514552593,
  "summary_csf_stdv": 110.46248956061697,
  "summary_gm_k": 0.07356631281821535,
  "summary_gm_mad": 50.0448763017734,
  "summary_gm_mean": 743.4936547924049,
  "summary_gm_median": 745.9187378659844,
  "summary_gm_n": 40898.0,
  "summary_gm_p05": 659.1383285075426,
  "summary_gm_p95": 820.9156687259674,
  "summary_gm_stdv": 49.80925040406731,
  "summary_wm_k": 0.8002858275809865,
  "summary_wm_mad": 29.66296304432387,
  "summary_wm_mean": 1001.969305259419,
  "summary_wm_median": 1000.0409078449011,
  "summary_wm_n": 177529.0,
  "summary_wm_p05": 954.5599540293216,
  "summary_wm_p95": 1055.8078564330935,
  "summary_wm_stdv": 31.366835622503896,
  "tpm_overlap_csf": 0.1548229389395447,
  "tpm_overlap_gm": 0.4894735604211513,
  "tpm_overlap_wm": 0.5247094761240139,
  "wm2max": 0.43655003661433495
}