{
  "aor": 0.0003249146341463415,
  "aqi": 0.02789117475609756,
  "bids_meta": {
    "AcquisitionMatrixPE": 100,
    "AcquisitionNumber": 1,
    "AcquisitionTime": "13:53:15.815000",
    "BandwidthPerPixelPhaseEncode": 13.889,
    "BaseResolution": 100,
    "ConversionSoftware": "dcm2niix",
    "ConversionSoftwareVersion": "v1.0.20180404 Clang8.0.0",
    "DerivedVendorReportedEchoSpacing": 0.000719994,
    "DeviceSerialNumber": "35002",
    "DwellTime": 2.8e-06,
    "EchoTime": 0.0436,
    "EffectiveEchoSpacing": 0.000719994,
    "FlipAngle": 55,
    "ImageComments": "Unaliased_MB8_PE3_(remote)",
    "ImageOrientationPatientDICOM": [
      1,
      -0.000110408,
      -0.000681816,
      -2.93014e-09,
      0.987141,
      -0.159854
    ],
    "ImageType": [
      "ORIGINAL",
      "PRIMARY",
      "M",
      "MB",
      "ND",
      "MOSAIC"
    ],
    "InPlanePhaseEncodingDirectionDICOM": "COL",
    "InstitutionAddress": "University_Pkwy_1700_North_685_Provo_UT_US_84601",
    "InstitutionName": "Brigham_Young_University",
    "InstitutionalDepartmentName": "MRI",
    "MRAcquisitionType": "2D",
    "MagneticFieldStrength": 3,
    "Manufacturer": "Siemens",
    "ManufacturersModelName": "TrioTim",
    "Modality": "MR",
    "MultibandAccelerationFactor": 8,
    "PartialFourier": 1,
    "PatientPosition": "HFS",
    "PercentPhaseFOV": 100,
    "PhaseEncodingDirection": "j-",
    "PhaseEncodingSteps": 100,
    "PhaseResolution": 1,
    "PixelBandwidth": 1786,
    "ProcedureStepDescription": "Research_KIRWAN",
    "ProtocolName": "Resting_State",
    "PulseSequenceDetails": "%CustomerSeq%_cmrr_mbep2d_bold",
    "ReceiveCoilName": "32Ch_Head",
    "ReconMatrixPE": 100,
    "RepetitionTime": 0.875,
    "SAR": 0.133794,
    "ScanOptions": "FS",
    "ScanningSequence": "EP",
    "SequenceName": "epfid2d1_100",
    "SequenceVariant": "SK_SS",
    "SeriesDescription": "Resting_State",
    "SeriesNumber": 3,
    "ShimSetting": [
      -2829,
      -22862,
      2525,
      1026,
      -97,
      492,
      -345,
      348
    ],
    "SliceThickness": 1.8,
    "SliceTiming": [
      0,
      0.49,
      0.1,
      0.5875,
      0.1975,
      0.685,
      0.295,
      0.7825,
      0.3925,
      0,
      0.49,
      0.1,
      0.5875,
      0.1975,
      0.685,
      0.295,
      0.7825,
      0.3925,
      0,
      0.49,
      0.1,
      0.5875,
      0.1975,
      0.685,
      0.295,
      0.7825,
      0.3925,
      0,
      0.49,
      0.1,
      0.5875,
      0.1975,
      0.685,
      0.295,
      0.7825,
      0.3925,
      0,
      0.49,
      0.1,
      0.5875,
      0.1975,
      0.685,
      0.295,
      0.7825,
      0.3925,
      0,
      0.49,
      0.1,
      0.5875,
      0.1975,
      0.685,
      0.295,
      0.7825,
      0.3925,
      0,
      0.49,
      0.1,
      0.5875,
      0.1975,
      0.685,
      0.295,
      0.7825,
      0.3925,
      0,
      0.49,
      0.1,
      0.5875,
      0.1975,
      0.685,
      0.295,
      0.7825,
      0.3925
    ],
    "SoftwareVersions": "syngo_MR_B17",
    "SpacingBetweenSlices": 1.8,
    "StationName": "MININT-E41B04",
    "TaskName": "rest",
    "TotalReadoutTime": 0.0712794,
    "TxRefAmp": 376.747,
    "dataset": "ds001747",
    "modality": "bold",
    "run_id": 1,
    "subject_id": "3882",
    "task_id": "rest"
  },
  "dummy_trs": 3,
  "dvars_nstd": 83.91771498652015,
  "dvars_std": 1.0654756117338218,
  "dvars_vstd": 0.9880407887789989,
  "efc": 0.5939647808336104,
  "fber": 369.58441162109375,
  "fd_mean": 0.3411360429775355,
  "fd_num": 600,
  "fd_perc": 73.17073170731707,
  "fwhm_avg": 3.1891463807798233,
  "fwhm_x": 3.110750082406735,
  "fwhm_y": 3.311572309948929,
  "fwhm_z": 3.1451167499838073,
  "gcor": 0.0102497,
  "gsr_x": -0.009411724284291267,
  "gsr_y": 0.10543074458837509,
  "provenance": {
    "md5sum": "a7a1ee07adde09d37fa880b1941438cf",
    "settings": {
      "fd_thres": 0.2,
      "testing": false
    },
    "software": "mriqc",
    "version": "22.0.1",
    "webapi_port": null,
    "webapi_url": "https://mriqc.nimh.nih.gov/api/v1"
  },
  "size_t": 820,
  "size_x": 100,
  "size_y": 100,
  "size_z": 72,
  "snr": 2.0807435665524316,
  "spacing_tr": 0.875,
  "spacing_x": 1.7999999523162842,
  "spacing_y": 1.7999999523162842,
  "spacing_z": 1.7999999523162842,
  "summary_bg_k": 26.549583629986895,
  "summary_bg_mad": 9.351241850979536,
  "summary_bg_mean": 34.21400451660156,
  "summary_bg_median": 17.948780059814453,
  "summary_bg_n": 403419.0,
  "summary_bg_p05": 10.843902587890625,
  "summary_bg_p95": 111.27475662231437,
  "summary_bg_stdv": 44.56898498535156,
  "summary_fg_k": 8.151016315187558,
  "summary_fg_mad": 113.93436990691879,
  "summary_fg_mean": 395.93621826171875,
  "summary_fg_median": 354.95001220703125,
  "summary_fg_n": 213183.0,
  "summary_fg_p05": 217.14866485595704,
  "summary_fg_p95": 725.6251220703123,
  "summary_fg_stdv": 170.58766174316406,
  "tsnr": 16.847280408954248
}