{
  "aor": 0.00018652068126520681,
  "aqi": 0.03138007700729927,
  "bids_meta": {
    "AcquisitionMatrixPE": 100,
    "AcquisitionNumber": 1,
    "AcquisitionTime": "17:16:19.927500",
    "BandwidthPerPixelPhaseEncode": 13.889,
    "BaseResolution": 100,
    "ConversionSoftware": "dcm2niix",
    "ConversionSoftwareVersion": "v1.0.20180404 Clang8.0.0",
    "DerivedVendorReportedEchoSpacing": 0.000719994,
    "DeviceSerialNumber": "35002",
    "DwellTime": 2.8e-06,
    "EchoTime": 0.0436,
    "EffectiveEchoSpacing": 0.000719994,
    "FlipAngle": 55,
    "ImageComments": "Unaliased_MB8_PE3_(remote)",
    "ImageOrientationPatientDICOM": [
      1,
      0,
      0,
      0,
      0.908508,
      0.417867
    ],
    "ImageType": [
      "ORIGINAL",
      "PRIMARY",
      "M",
      "MB",
      "ND",
      "MOSAIC"
    ],
    "InPlanePhaseEncodingDirectionDICOM": "COL",
    "InstitutionAddress": "University_Pkwy_1700_North_685_Provo_UT_US_84601",
    "InstitutionName": "Brigham_Young_University",
    "InstitutionalDepartmentName": "MRI",
    "MRAcquisitionType": "2D",
    "MagneticFieldStrength": 3,
    "Manufacturer": "Siemens",
    "ManufacturersModelName": "TrioTim",
    "Modality": "MR",
    "MultibandAccelerationFactor": 8,
    "PartialFourier": 1,
    "PatientPosition": "HFS",
    "PercentPhaseFOV": 100,
    "PhaseEncodingDirection": "j-",
    "PhaseEncodingSteps": 100,
    "PhaseResolution": 1,
    "PixelBandwidth": 1786,
    "ProcedureStepDescription": "Research_KIRWAN",
    "ProtocolName": "Resting_State",
    "PulseSequenceDetails": "%CustomerSeq%_cmrr_mbep2d_bold",
    "ReceiveCoilName": "32Ch_Head",
    "ReconMatrixPE": 100,
    "RepetitionTime": 0.875,
    "SAR": 0.113888,
    "ScanOptions": "FS",
    "ScanningSequence": "EP",
    "SequenceName": "epfid2d1_100",
    "SequenceVariant": "SK_SS",
    "SeriesDescription": "Resting_State",
    "SeriesNumber": 3,
    "ShimSetting": [
      -2815,
      -22951,
      2386,
      991,
      16,
      121,
      -583,
      454
    ],
    "SliceThickness": 1.8,
    "SliceTiming": [
      0,
      0.49,
      0.1,
      0.5875,
      0.1975,
      0.685,
      0.295,
      0.7825,
      0.3925,
      0,
      0.49,
      0.1,
      0.5875,
      0.1975,
      0.685,
      0.295,
      0.7825,
      0.3925,
      0,
      0.49,
      0.1,
      0.5875,
      0.1975,
      0.685,
      0.295,
      0.7825,
      0.3925,
      0,
      0.49,
      0.1,
      0.5875,
      0.1975,
      0.685,
      0.295,
      0.7825,
      0.3925,
      0,
      0.49,
      0.1,
      0.5875,
      0.1975,
      0.685,
      0.295,
      0.7825,
      0.3925,
      0,
      0.49,
      0.1,
      0.5875,
      0.1975,
      0.685,
      0.295,
      0.7825,
      0.3925,
      0,
      0.49,
      0.1,
      0.5875,
      0.1975,
      0.685,
      0.295,
      0.7825,
      0.3925,
      0,
      0.49,
      0.1,
      0.5875,
      0.1975,
      0.685,
      0.295,
      0.7825,
      0.3925
    ],
    "SoftwareVersions": "syngo_MR_B17",
    "SpacingBetweenSlices": 1.8,
    "StationName": "MININT-E41B04",
    "TaskName": "rest",
    "TotalReadoutTime": 0.0712794,
    "TxRefAmp": 391.032,
    "dataset": "ds001747",
    "modality": "bold",
    "run_id": 1,
    "subject_id": "3937",
    "task_id": "rest"
  },
  "dummy_trs": 1,
  "dvars_nstd": 78.62304026761261,
  "dvars_std": 1.0219621342874556,
  "dvars_vstd": 0.9921699800243599,
  "efc": 0.5828713318114931,
  "fber": 312.59014892578125,
  "fd_mean": 0.10877369142615446,
  "fd_num": 4,
  "fd_perc": 0.48661800486618007,
  "fwhm_avg": 2.527279696579678,
  "fwhm_x": 2.369777840555452,
  "fwhm_y": 2.739894517026862,
  "fwhm_z": 2.4721667321567202,
  "gcor": 0.00420649,
  "gsr_x": 0.020107833668589592,
  "gsr_y": 0.05014811083674431,
  "provenance": {
    "md5sum": "8edc12f149a12bc687c07543477c0765",
    "settings": {
      "fd_thres": 0.2,
      "testing": false
    },
    "software": "mriqc",
    "version": "22.0.1",
    "webapi_port": null,
    "webapi_url": "https://mriqc.nimh.nih.gov/api/v1"
  },
  "size_t": 822,
  "size_x": 100,
  "size_y": 100,
  "size_z": 72,
  "snr": 3.353802161791225,
  "spacing_tr": 0.875,
  "spacing_x": 1.7999999523162842,
  "spacing_y": 1.7999999523162842,
  "spacing_z": 1.7999999523162842,
  "summary_bg_k": 67.20179852619387,
  "summary_bg_mad": 8.800019616927562,
  "summary_bg_mean": 27.78000831604004,
  "summary_bg_median": 16.709245681762695,
  "summary_bg_n": 452403.0,
  "summary_bg_p05": 9.51094913482666,
  "summary_bg_p95": 76.45121765136714,
  "summary_bg_stdv": 38.55369186401367,
  "summary_fg_k": 1.7573134895992926,
  "summary_fg_mad": 72.95773399092927,
  "summary_fg_mean": 312.0216979980469,
  "summary_fg_median": 297.78466796875,
  "summary_fg_n": 169581.0,
  "summary_fg_p05": 190.12286376953125,
  "summary_fg_p95": 479.144775390625,
  "summary_fg_stdv": 88.78990936279297,
  "tsnr": 16.890730728162453
}