{
  "bids_meta": {
    "AcquisitionMatrixPE": 215,
    "AcquisitionNumber": 1,
    "AcquisitionTime": "15:35:4.082500",
    "BaseResolution": 256,
    "ConversionSoftware": "dcm2niix",
    "ConversionSoftwareVersion": "v1.0.20180404 Clang8.0.0",
    "DeviceSerialNumber": "35002",
    "DwellTime": 9.8e-06,
    "EchoTime": 0.00226,
    "FlipAngle": 9,
    "ImageOrientationPatientDICOM": [
      0,
      1,
      0,
      0,
      0,
      -1
    ],
    "ImageType": [
      "ORIGINAL",
      "PRIMARY",
      "M",
      "ND",
      "NORM"
    ],
    "InPlanePhaseEncodingDirectionDICOM": "ROW",
    "InstitutionAddress": "University_Pkwy_1700_North_685_Provo_UT_US_84601",
    "InstitutionName": "Brigham_Young_University",
    "InstitutionalDepartmentName": "MRI",
    "InversionTime": 0.9,
    "MRAcquisitionType": "3D",
    "MagneticFieldStrength": 3,
    "Manufacturer": "Siemens",
    "ManufacturersModelName": "TrioTim",
    "Modality": "MR",
    "ParallelReductionFactorInPlane": 2,
    "PartialFourier": 0.875,
    "PatientPosition": "HFS",
    "PercentPhaseFOV": 87.5,
    "PhaseEncodingSteps": 226,
    "PhaseOversampling": 0.2,
    "PhaseResolution": 0.96,
    "PixelBandwidth": 199,
    "ProcedureStepDescription": "Research_KIRWAN",
    "ProtocolName": "t1_mpr_sag_iso_mprage_fast",
    "PulseSequenceDetails": "%SiemensSeq%_tfl",
    "ReceiveCoilName": "32Ch_Head",
    "ReconMatrixPE": 256,
    "RepetitionTime": 1.9,
    "SAR": 0.156515,
    "ScanOptions": "IR_PFP",
    "ScanningSequence": "GR_IR",
    "SequenceName": "_tfl3d1_ns",
    "SequenceVariant": "SP_MP_OSP",
    "SeriesDescription": "t1_mpr_sag_iso_mprage_fast",
    "SeriesNumber": 6,
    "ShimSetting": [
      -2830,
      -22913,
      1923,
      -81,
      -87,
      -38,
      -253,
      388
    ],
    "SliceThickness": 1,
    "SoftwareVersions": "syngo_MR_B17",
    "StationName": "MININT-E41B04",
    "TxRefAmp": 367.247,
    "dataset": "ds001747",
    "modality": "T1w",
    "run_id": 1,
    "subject_id": "3889"
  },
  "cjv": 0.30889584328152014,
  "cnr": 4.343472651156056,
  "efc": 0.5989774328020396,
  "fber": -1.0,
  "fwhm_avg": 4.4203421333333335,
  "fwhm_x": 4.11814,
  "fwhm_y": 4.73792512,
  "fwhm_z": 4.40496128,
  "icvs_csf": 0.22303283199141508,
  "icvs_gm": 0.46336311176198824,
  "icvs_wm": 0.31360405624659665,
  "inu_med": 0.48077622056007385,
  "inu_range": 0.17705775797367096,
  "provenance": {
    "md5sum": "c4b474585dea5f85bcaf634758726159",
    "settings": {
      "testing": false
    },
    "software": "mriqc",
    "version": "22.0.1",
    "warnings": {
      "large_rot_frame": true,
      "small_air_mask": false
    },
    "webapi_port": null,
    "webapi_url": "https://mriqc.nimh.nih.gov/api/v1"
  },
  "qi_1": 0.0,
  "qi_2": 0.012914249642633715,
  "rpve_csf": 18.87631102391911,
  "rpve_gm": 9.57638782304671,
  "rpve_wm": 15.41453761121596,
  "size_x": 176,
  "size_y": 224,
  "size_z": 256,
  "snr_csf": 3.254401931059616,
  "snr_gm": 15.393658214332676,
  "snr_total": 15.087248467271465,
  "snr_wm": 26.613685256422105,
  "snrd_csf": 44.866228215463046,
  "snrd_gm": 109.196100520929,
  "snrd_total": 100.85392128626198,
  "snrd_wm": 148.4994351223939,
  "spacing_x": 1.0,
  "spacing_y": 0.9765625,
  "spacing_z": 0.9765625,
  "summary_bg_k": 21.43499776713873,
  "summary_bg_mad": 0.0,
  "summary_bg_mean": 2.033766536286649,
  "summary_bg_median": 0.0,
  "summary_bg_n": 2390552.0,
  "summary_bg_p05": 0.0,
  "summary_bg_p95": 9.38741659745574,
  "summary_bg_stdv": 4.411902384637967,
  "summary_csf_k": 1.6762774108425091,
  "summary_csf_mad": 58.26057770270591,
  "summary_csf_mean": 322.6327548841215,
  "summary_csf_median": 302.14382722973824,
  "summary_csf_n": 56009.0,
  "summary_csf_p05": 213.87591377198697,
  "summary_csf_p95": 514.9980407766998,
  "summary_csf_stdv": 92.84075425805541,
  "summary_gm_k": 0.08995762208097746,
  "summary_gm_mad": 47.12633396396656,
  "summary_gm_mean": 733.4073456193975,
  "summary_gm_median": 735.3621876016259,
  "summary_gm_n": 55184.0,
  "summary_gm_p05": 651.0937502384186,
  "summary_gm_p95": 808.8896738812327,
  "summary_gm_stdv": 47.7700306523719,
  "summary_wm_k": 0.7718171678470034,
  "summary_wm_mad": 34.6326767454974,
  "summary_wm_mean": 1000.2035646817095,
  "summary_wm_median": 1000.0436732470989,
  "summary_wm_n": 171047.0,
  "summary_wm_p05": 938.6543349400163,
  "summary_wm_p95": 1061.5203363597393,
  "summary_wm_stdv": 37.57618459475396,
  "tpm_overlap_csf": 0.16053401281876517,
  "tpm_overlap_gm": 0.4713657050685227,
  "tpm_overlap_wm": 0.4873082608488783,
  "wm2max": 0.43066833110021646
}