{
  "bids_meta": {
    "AcquisitionMatrixPE": 215,
    "AcquisitionNumber": 1,
    "AcquisitionTime": "15:42:8.050000",
    "BaseResolution": 256,
    "ConversionSoftware": "dcm2niix",
    "ConversionSoftwareVersion": "v1.0.20180404 Clang8.0.0",
    "DeviceSerialNumber": "35002",
    "DwellTime": 9.8e-06,
    "EchoTime": 0.00226,
    "FlipAngle": 9,
    "ImageOrientationPatientDICOM": [
      0,
      1,
      0,
      0,
      0,
      -1
    ],
    "ImageType": [
      "ORIGINAL",
      "PRIMARY",
      "M",
      "ND",
      "NORM"
    ],
    "InPlanePhaseEncodingDirectionDICOM": "ROW",
    "InstitutionAddress": "University_Pkwy_1700_North_685_Provo_UT_US_84601",
    "InstitutionName": "Brigham_Young_University",
    "InstitutionalDepartmentName": "MRI",
    "InversionTime": 0.9,
    "MRAcquisitionType": "3D",
    "MagneticFieldStrength": 3,
    "Manufacturer": "Siemens",
    "ManufacturersModelName": "TrioTim",
    "Modality": "MR",
    "PartialFourier": 0.875,
    "PatientPosition": "HFS",
    "PercentPhaseFOV": 87.5,
    "PhaseEncodingSteps": 227,
    "PhaseOversampling": 0.2,
    "PhaseResolution": 0.96,
    "PixelBandwidth": 199,
    "ProcedureStepDescription": "Research_KIRWAN",
    "ProtocolName": "t1_mpr_sag_iso_mprage",
    "PulseSequenceDetails": "%SiemensSeq%_tfl",
    "ReceiveCoilName": "32Ch_Head",
    "ReconMatrixPE": 256,
    "RepetitionTime": 1.9,
    "SAR": 0.105516,
    "ScanOptions": "IR_PFP",
    "ScanningSequence": "GR_IR",
    "SequenceName": "_tfl3d1_ns",
    "SequenceVariant": "SP_MP_OSP",
    "SeriesDescription": "t1_mpr_sag_iso_mprage",
    "SeriesNumber": 6,
    "ShimSetting": [
      -2830,
      -22913,
      1923,
      -81,
      -87,
      -38,
      -253,
      388
    ],
    "SliceThickness": 1,
    "SoftwareVersions": "syngo_MR_B17",
    "StationName": "MININT-E41B04",
    "TxRefAmp": 386.478,
    "dataset": "ds001747",
    "modality": "T1w",
    "run_id": 1,
    "subject_id": "3879"
  },
  "cjv": 0.30459770309943046,
  "cnr": 4.512087787273836,
  "efc": 0.540091596748371,
  "fber": -1.0,
  "fwhm_avg": 4.6360389600000005,
  "fwhm_x": 4.49769,
  "fwhm_y": 4.9655296,
  "fwhm_z": 4.44489728,
  "icvs_csf": 0.18591303263473788,
  "icvs_gm": 0.4753445822737197,
  "icvs_wm": 0.3387423850915424,
  "inu_med": 0.41189679503440857,
  "inu_range": 0.1385624662041664,
  "provenance": {
    "md5sum": "9e7d75e6c891af428d2a04c277d130d3",
    "settings": {
      "testing": false
    },
    "software": "mriqc",
    "version": "22.0.1",
    "warnings": {
      "large_rot_frame": true,
      "small_air_mask": false
    },
    "webapi_port": null,
    "webapi_url": "https://mriqc.nimh.nih.gov/api/v1"
  },
  "qi_1": 0.0,
  "qi_2": 0.029283428180035324,
  "rpve_csf": 23.439608924425137,
  "rpve_gm": 10.216071900825597,
  "rpve_wm": 15.843011712849936,
  "size_x": 176,
  "size_y": 224,
  "size_z": 256,
  "snr_csf": 2.4539634943660977,
  "snr_gm": 15.704658194918553,
  "snr_total": 15.66185026153977,
  "snr_wm": 28.826929095334663,
  "snrd_csf": 41.175946778975394,
  "snrd_gm": 100.13112879964167,
  "snrd_total": 92.4506502103409,
  "snrd_wm": 136.04487505240562,
  "spacing_x": 1.0,
  "spacing_y": 0.9765625,
  "spacing_z": 0.9765625,
  "summary_bg_k": 6.577510988450019,
  "summary_bg_mad": 0.0,
  "summary_bg_mean": 2.684098370741983,
  "summary_bg_median": 0.0,
  "summary_bg_n": 2824513.0,
  "summary_bg_p05": 0.0,
  "summary_bg_p95": 13.057795017957687,
  "summary_bg_stdv": 4.815772736136276,
  "summary_csf_k": 0.1279547498027589,
  "summary_csf_mad": 101.06228425568189,
  "summary_csf_mean": 313.0216858217797,
  "summary_csf_median": 302.67590364813805,
  "summary_csf_n": 28600.0,
  "summary_csf_p05": 86.9365283086896,
  "summary_csf_p95": 528.6703791618347,
  "summary_csf_stdv": 123.33949252300948,
  "summary_gm_k": -0.04440292894846021,
  "summary_gm_mad": 48.25850330920956,
  "summary_gm_mean": 733.7668795385435,
  "summary_gm_median": 736.0433035194874,
  "summary_gm_n": 70909.0,
  "summary_gm_p05": 653.8738166093826,
  "summary_gm_p95": 806.0633637607098,
  "summary_gm_stdv": 46.867502896927405,
  "summary_wm_k": 0.7697465448885197,
  "summary_wm_mad": 32.15363069322916,
  "summary_wm_mean": 1000.3745738031816,
  "summary_wm_median": 1000.0378549695015,
  "summary_wm_n": 182952.0,
  "summary_wm_p05": 944.135352820158,
  "summary_wm_p95": 1057.4164556860924,
  "summary_wm_stdv": 34.691004324386306,
  "tpm_overlap_csf": 0.15724128250755484,
  "tpm_overlap_gm": 0.49375513405393284,
  "tpm_overlap_wm": 0.5113460290791048,
  "wm2max": 0.4465514036066183
}