{
  "bids_meta": {
    "AcquisitionMatrixPE": 215,
    "AcquisitionNumber": 1,
    "AcquisitionTime": "10:55:24.115000",
    "BaseResolution": 256,
    "ConversionSoftware": "dcm2niix",
    "ConversionSoftwareVersion": "v1.0.20180404 Clang8.0.0",
    "DeviceSerialNumber": "35002",
    "DwellTime": 9.8e-06,
    "EchoTime": 0.00226,
    "FlipAngle": 9,
    "ImageOrientationPatientDICOM": [
      0,
      1,
      0,
      0,
      0,
      -1
    ],
    "ImageType": [
      "ORIGINAL",
      "PRIMARY",
      "M",
      "ND",
      "NORM"
    ],
    "InPlanePhaseEncodingDirectionDICOM": "ROW",
    "InstitutionAddress": "University_Pkwy_1700_North_685_Provo_UT_US_84601",
    "InstitutionName": "Brigham_Young_University",
    "InstitutionalDepartmentName": "MRI",
    "InversionTime": 0.9,
    "MRAcquisitionType": "3D",
    "MagneticFieldStrength": 3,
    "Manufacturer": "Siemens",
    "ManufacturersModelName": "TrioTim",
    "Modality": "MR",
    "ParallelReductionFactorInPlane": 2,
    "PartialFourier": 0.875,
    "PatientPosition": "HFS",
    "PercentPhaseFOV": 87.5,
    "PhaseEncodingSteps": 226,
    "PhaseOversampling": 0.2,
    "PhaseResolution": 0.96,
    "PixelBandwidth": 199,
    "ProcedureStepDescription": "Research_KIRWAN",
    "ProtocolName": "t1_mpr_sag_iso_mprage_fast",
    "PulseSequenceDetails": "%SiemensSeq%_tfl",
    "ReceiveCoilName": "32Ch_Head",
    "ReconMatrixPE": 256,
    "RepetitionTime": 1.9,
    "SAR": 0.0998526,
    "ScanOptions": "IR_PFP",
    "ScanningSequence": "GR_IR",
    "SequenceName": "_tfl3d1_ns",
    "SequenceVariant": "SP_MP_OSP",
    "SeriesDescription": "t1_mpr_sag_iso_mprage_fast",
    "SeriesNumber": 6,
    "ShimSetting": [
      -2830,
      -22913,
      1923,
      -81,
      -87,
      -38,
      -253,
      388
    ],
    "SliceThickness": 1,
    "SoftwareVersions": "syngo_MR_B17",
    "StationName": "MININT-E41B04",
    "TxRefAmp": 388.88,
    "dataset": "ds001747",
    "modality": "T1w",
    "run_id": 1,
    "subject_id": "3861"
  },
  "cjv": 0.3233258918117017,
  "cnr": 4.184421805277147,
  "efc": 0.6090079515729003,
  "fber": 35741.10921231326,
  "fwhm_avg": 4.591119226666667,
  "fwhm_x": 4.35095,
  "fwhm_y": 4.86230016,
  "fwhm_z": 4.56010752,
  "icvs_csf": 0.19494212869248953,
  "icvs_gm": 0.4570646750841361,
  "icvs_wm": 0.3479931962233744,
  "inu_med": 0.3871494382619858,
  "inu_range": 0.12420442402362825,
  "provenance": {
    "md5sum": "38629f21b39d96065beafeacc5466c78",
    "settings": {
      "testing": false
    },
    "software": "mriqc",
    "version": "22.0.1",
    "warnings": {
      "large_rot_frame": true,
      "small_air_mask": false
    },
    "webapi_port": null,
    "webapi_url": "https://mriqc.nimh.nih.gov/api/v1"
  },
  "qi_1": 0.0,
  "qi_2": 0.014653149425289592,
  "rpve_csf": 20.99092899199839,
  "rpve_gm": 9.745030248102191,
  "rpve_wm": 14.336424188328202,
  "size_x": 176,
  "size_y": 224,
  "size_z": 256,
  "snr_csf": 2.6843665917556963,
  "snr_gm": 14.89089191861276,
  "snr_total": 15.653455114065858,
  "snr_wm": 29.38510683182912,
  "snrd_csf": 43.47716428395077,
  "snrd_gm": 112.81807717403571,
  "snrd_total": 102.51233343421727,
  "snrd_wm": 151.2417588446653,
  "spacing_x": 1.0,
  "spacing_y": 0.9765625,
  "spacing_z": 0.9765625,
  "summary_bg_k": 145.5035488859667,
  "summary_bg_mad": 0.0,
  "summary_bg_mean": 1.7972472877077927,
  "summary_bg_median": 0.0,
  "summary_bg_n": 1760662.0,
  "summary_bg_p05": 0.0,
  "summary_bg_p95": 8.495934642851353,
  "summary_bg_stdv": 4.3318922773646396,
  "summary_csf_k": 1.0989319066755767,
  "summary_csf_mad": 67.01843925045098,
  "summary_csf_mean": 296.9629084648808,
  "summary_csf_median": 287.47966408729553,
  "summary_csf_n": 38392.0,
  "summary_csf_p05": 91.24186651967467,
  "summary_csf_p95": 493.67681087739754,
  "summary_csf_stdv": 107.0926455950635,
  "summary_gm_k": 0.04024614330077414,
  "summary_gm_mad": 50.08302429597551,
  "summary_gm_mean": 744.4741414332983,
  "summary_gm_median": 745.9755819663405,
  "summary_gm_n": 78189.0,
  "summary_gm_p05": 660.2032274380326,
  "summary_gm_p95": 824.1300505995747,
  "summary_gm_stdv": 50.09577772052739,
  "summary_wm_k": 0.6190566622285871,
  "summary_wm_mad": 32.06277849032367,
  "summary_wm_mean": 1001.7901537559579,
  "summary_wm_median": 1000.0406131520867,
  "summary_wm_n": 217646.0,
  "summary_wm_p05": 949.4308589398861,
  "summary_wm_p95": 1060.4471149668097,
  "summary_wm_stdv": 34.0321483760767,
  "tpm_overlap_csf": 0.15981429633469674,
  "tpm_overlap_gm": 0.478480291554531,
  "tpm_overlap_wm": 0.51053729779391,
  "wm2max": 0.46529831776716396
}