{
  "bids_meta": {
    "AcquisitionMatrixPE": 215,
    "AcquisitionNumber": 1,
    "AcquisitionTime": "15:27:26.547500",
    "BaseResolution": 256,
    "ConversionSoftware": "dcm2niix",
    "ConversionSoftwareVersion": "v1.0.20180404 Clang8.0.0",
    "DeviceSerialNumber": "35002",
    "DwellTime": 9.8e-06,
    "EchoTime": 0.00226,
    "FlipAngle": 9,
    "ImageOrientationPatientDICOM": [
      0,
      1,
      -1e-16,
      0.0558215,
      0,
      -0.998441
    ],
    "ImageType": [
      "ORIGINAL",
      "PRIMARY",
      "M",
      "ND",
      "NORM"
    ],
    "InPlanePhaseEncodingDirectionDICOM": "ROW",
    "InstitutionAddress": "University_Pkwy_1700_North_685_Provo_UT_US_84601",
    "InstitutionName": "Brigham_Young_University",
    "InstitutionalDepartmentName": "MRI",
    "InversionTime": 0.9,
    "MRAcquisitionType": "3D",
    "MagneticFieldStrength": 3,
    "Manufacturer": "Siemens",
    "ManufacturersModelName": "TrioTim",
    "Modality": "MR",
    "ParallelReductionFactorInPlane": 2,
    "PartialFourier": 0.875,
    "PatientPosition": "HFS",
    "PercentPhaseFOV": 87.5,
    "PhaseEncodingSteps": 226,
    "PhaseOversampling": 0.2,
    "PhaseResolution": 0.96,
    "PixelBandwidth": 199,
    "ProcedureStepDescription": "Research_KIRWAN",
    "ProtocolName": "t1_mpr_sag_iso_mprage_fast",
    "PulseSequenceDetails": "%SiemensSeq%_tfl",
    "ReceiveCoilName": "32Ch_Head",
    "ReconMatrixPE": 256,
    "RepetitionTime": 1.9,
    "SAR": 0.125846,
    "ScanOptions": "IR_PFP",
    "ScanningSequence": "GR_IR",
    "SequenceName": "_tfl3d1_ns",
    "SequenceVariant": "SP_MP_OSP",
    "SeriesDescription": "t1_mpr_sag_iso_mprage_fast",
    "SeriesNumber": 6,
    "ShimSetting": [
      -2830,
      -22913,
      1923,
      -81,
      -87,
      -38,
      -253,
      388
    ],
    "SliceThickness": 1,
    "SoftwareVersions": "syngo_MR_B17",
    "StationName": "MININT-E41B04",
    "TxRefAmp": 398.05,
    "dataset": "ds001747",
    "modality": "T1w",
    "run_id": 1,
    "subject_id": "3945"
  },
  "cjv": 0.2779378551169335,
  "cnr": 4.912451932845104,
  "efc": 0.5488006331280447,
  "fber": -1.0,
  "fwhm_avg": 4.534745508557429,
  "fwhm_x": 4.288191725672286,
  "fwhm_y": 4.8114175999999995,
  "fwhm_z": 4.5046272,
  "icvs_csf": 0.17849871455492458,
  "icvs_gm": 0.48755623491177724,
  "icvs_wm": 0.33394505053329815,
  "inu_med": 0.37101735174655914,
  "inu_range": 0.11399507671594616,
  "provenance": {
    "md5sum": "ec4a45abddea702b896535d452ecd76d",
    "settings": {
      "testing": false
    },
    "software": "mriqc",
    "version": "22.0.1",
    "warnings": {
      "large_rot_frame": true,
      "small_air_mask": false
    },
    "webapi_port": null,
    "webapi_url": "https://mriqc.nimh.nih.gov/api/v1"
  },
  "qi_1": 0.00034566624246847163,
  "qi_2": 0.01984181002300189,
  "rpve_csf": 26.83760311125852,
  "rpve_gm": 10.81909069372692,
  "rpve_wm": 16.648699966414274,
  "size_x": 176,
  "size_y": 224,
  "size_z": 256,
  "snr_csf": 3.5080637677947966,
  "snr_gm": 16.28527381287964,
  "snr_total": 16.10175076462727,
  "snr_wm": 28.511914713207375,
  "snrd_csf": 46.48363266732624,
  "snrd_gm": 118.77019744210759,
  "snrd_total": 109.94239017350571,
  "snrd_wm": 164.5733404110833,
  "spacing_x": 0.9999949336051941,
  "spacing_y": 0.9765625,
  "spacing_z": 0.9765625,
  "summary_bg_k": 42.219700738774776,
  "summary_bg_mad": 0.0,
  "summary_bg_mean": 1.7368369618247539,
  "summary_bg_median": 0.0,
  "summary_bg_n": 2446720.0,
  "summary_bg_p05": 0.0,
  "summary_bg_p95": 8.307646214962006,
  "summary_bg_stdv": 3.980967022772373,
  "summary_csf_k": 5.438090696273315,
  "summary_csf_mad": 38.23265706008852,
  "summary_csf_mean": 281.5869315830833,
  "summary_csf_median": 282.4599713087082,
  "summary_csf_n": 52426.0,
  "summary_csf_p05": 119.1451795399189,
  "summary_csf_p95": 423.3422387391329,
  "summary_csf_stdv": 80.51657441259897,
  "summary_gm_k": 0.03566347880851106,
  "summary_gm_mad": 44.418990782639284,
  "summary_gm_mean": 722.4917389600063,
  "summary_gm_median": 721.7126682400703,
  "summary_gm_n": 96965.0,
  "summary_gm_p05": 651.4247184991837,
  "summary_gm_p95": 795.9552079439163,
  "summary_gm_stdv": 44.316660254645896,
  "summary_wm_k": 0.4905769156519195,
  "summary_wm_mad": 32.93804711736489,
  "summary_wm_mean": 1000.9164173433259,
  "summary_wm_median": 1000.0376120209694,
  "summary_wm_n": 173314.0,
  "summary_wm_p05": 944.8537901043892,
  "summary_wm_p95": 1060.3714227676392,
  "summary_wm_stdv": 35.07427463326041,
  "tpm_overlap_csf": 0.14271544552650411,
  "tpm_overlap_gm": 0.4798569857182976,
  "tpm_overlap_wm": 0.47599338104381567,
  "wm2max": 0.46971890670245076
}