{
  "bids_meta": {
    "AcquisitionMatrixPE": 215,
    "AcquisitionNumber": 1,
    "AcquisitionTime": "10:42:49.605000",
    "BaseResolution": 256,
    "ConversionSoftware": "dcm2niix",
    "ConversionSoftwareVersion": "v1.0.20180404 Clang8.0.0",
    "DeviceSerialNumber": "35002",
    "DwellTime": 9.8e-06,
    "EchoTime": 0.00226,
    "FlipAngle": 9,
    "ImageOrientationPatientDICOM": [
      0.0191974,
      0.999816,
      0,
      0,
      0,
      -1
    ],
    "ImageType": [
      "ORIGINAL",
      "PRIMARY",
      "M",
      "ND",
      "NORM"
    ],
    "InPlanePhaseEncodingDirectionDICOM": "ROW",
    "InstitutionAddress": "University_Pkwy_1700_North_685_Provo_UT_US_84601",
    "InstitutionName": "Brigham_Young_University",
    "InstitutionalDepartmentName": "MRI",
    "InversionTime": 0.9,
    "MRAcquisitionType": "3D",
    "MagneticFieldStrength": 3,
    "Manufacturer": "Siemens",
    "ManufacturersModelName": "TrioTim",
    "Modality": "MR",
    "ParallelReductionFactorInPlane": 2,
    "PartialFourier": 0.875,
    "PatientPosition": "HFS",
    "PercentPhaseFOV": 87.5,
    "PhaseEncodingSteps": 226,
    "PhaseOversampling": 0.2,
    "PhaseResolution": 0.96,
    "PixelBandwidth": 199,
    "ProcedureStepDescription": "Research_KIRWAN",
    "ProtocolName": "t1_mpr_sag_iso_mprage_fast",
    "PulseSequenceDetails": "%SiemensSeq%_tfl",
    "ReceiveCoilName": "32Ch_Head",
    "ReconMatrixPE": 256,
    "RepetitionTime": 1.9,
    "SAR": 0.170097,
    "ScanOptions": "IR_PFP",
    "ScanningSequence": "GR_IR",
    "SequenceName": "_tfl3d1_ns",
    "SequenceVariant": "SP_MP_OSP",
    "SeriesDescription": "t1_mpr_sag_iso_mprage_fast",
    "SeriesNumber": 6,
    "ShimSetting": [
      -2830,
      -22913,
      1923,
      -81,
      -87,
      -38,
      -253,
      388
    ],
    "SliceThickness": 1,
    "SoftwareVersions": "syngo_MR_B17",
    "StationName": "MININT-E41B04",
    "TxRefAmp": 375.397,
    "dataset": "ds001747",
    "modality": "T1w",
    "run_id": 1,
    "subject_id": "3962"
  },
  "cjv": 0.36187980365983574,
  "cnr": 3.7729072527564465,
  "efc": 0.5969625473693037,
  "fber": -1.0,
  "fwhm_avg": 4.32674573980723,
  "fwhm_x": 4.184087183622301,
  "fwhm_y": 4.518697235799392,
  "fwhm_z": 4.2774528,
  "icvs_csf": 0.19930521949286348,
  "icvs_gm": 0.43160442688449885,
  "icvs_wm": 0.36909035362263765,
  "inu_med": 0.43190956115722656,
  "inu_range": 0.14207887947559356,
  "provenance": {
    "md5sum": "b5ad3e482340ec29c7110ca7ab249a93",
    "settings": {
      "testing": false
    },
    "software": "mriqc",
    "version": "22.0.1",
    "warnings": {
      "large_rot_frame": true,
      "small_air_mask": false
    },
    "webapi_port": null,
    "webapi_url": "https://mriqc.nimh.nih.gov/api/v1"
  },
  "qi_1": 0.001096973655562813,
  "qi_2": 0.018053940732630117,
  "rpve_csf": 20.935750311566867,
  "rpve_gm": 10.142465977526252,
  "rpve_wm": 13.459308844650902,
  "size_x": 176,
  "size_y": 224,
  "size_z": 256,
  "snr_csf": 2.775812115511494,
  "snr_gm": 14.624310693303206,
  "snr_total": 14.135765008301833,
  "snr_wm": 25.0071722160908,
  "snrd_csf": 35.39345146036957,
  "snrd_gm": 86.22116587339323,
  "snrd_total": 78.7024498366168,
  "snrd_wm": 114.4927321760876,
  "spacing_x": 0.9999935030937195,
  "spacing_y": 0.9765624403953552,
  "spacing_z": 0.9765625,
  "summary_bg_k": 32.41408074308257,
  "summary_bg_mad": 0.0,
  "summary_bg_mean": 2.3549667747921132,
  "summary_bg_median": 0.0,
  "summary_bg_n": 2607540.0,
  "summary_bg_p05": 0.0,
  "summary_bg_p95": 11.042606234550476,
  "summary_bg_stdv": 5.722341860370298,
  "summary_csf_k": 1.2628059997295757,
  "summary_csf_mad": 88.33946370562369,
  "summary_csf_mean": 320.0870881335829,
  "summary_csf_median": 309.1469637081027,
  "summary_csf_n": 46899.0,
  "summary_csf_p05": 128.7383843511343,
  "summary_csf_p95": 517.3507031746208,
  "summary_csf_stdv": 111.37053047750886,
  "summary_gm_k": -0.03444871086651613,
  "summary_gm_mad": 51.98044119203494,
  "summary_gm_mean": 751.294006578094,
  "summary_gm_median": 753.1057451963425,
  "summary_gm_n": 39107.0,
  "summary_gm_p05": 665.4090473502874,
  "summary_gm_p95": 833.5327272713184,
  "summary_gm_stdv": 51.49617866743077,
  "summary_wm_k": 0.7776328430144392,
  "summary_wm_mad": 37.38225954492801,
  "summary_wm_mean": 1001.8069502590286,
  "summary_wm_median": 1000.0460271164775,
  "summary_wm_n": 223326.0,
  "summary_wm_p05": 939.5877579823136,
  "summary_wm_p95": 1069.8905115500093,
  "summary_wm_stdv": 39.99027876842312,
  "tpm_overlap_csf": 0.1766296062835667,
  "tpm_overlap_gm": 0.46981889978691105,
  "tpm_overlap_wm": 0.5051972440956494,
  "wm2max": 0.43311479983261264
}