{
  "aor": 0.00031738760631834745,
  "aqi": 0.022295058566221142,
  "bids_meta": {
    "AcquisitionMatrixPE": 100,
    "AcquisitionNumber": 1,
    "AcquisitionTime": "13:04:8.350000",
    "BandwidthPerPixelPhaseEncode": 13.889,
    "BaseResolution": 100,
    "ConversionSoftware": "dcm2niix",
    "ConversionSoftwareVersion": "v1.0.20180404 Clang8.0.0",
    "DerivedVendorReportedEchoSpacing": 0.000719994,
    "DeviceSerialNumber": "35002",
    "DwellTime": 2.8e-06,
    "EchoTime": 0.0436,
    "EffectiveEchoSpacing": 0.000719994,
    "FlipAngle": 55,
    "ImageComments": "Unaliased_MB8_PE3_(remote)",
    "ImageOrientationPatientDICOM": [
      0.998884,
      -0.00252285,
      -0.047153,
      -2.98762e-08,
      0.998572,
      -0.0534277
    ],
    "ImageType": [
      "ORIGINAL",
      "PRIMARY",
      "M",
      "MB",
      "ND",
      "MOSAIC"
    ],
    "InPlanePhaseEncodingDirectionDICOM": "COL",
    "InstitutionAddress": "University_Pkwy_1700_North_685_Provo_UT_US_84601",
    "InstitutionName": "Brigham_Young_University",
    "InstitutionalDepartmentName": "MRI",
    "MRAcquisitionType": "2D",
    "MagneticFieldStrength": 3,
    "Manufacturer": "Siemens",
    "ManufacturersModelName": "TrioTim",
    "Modality": "MR",
    "MultibandAccelerationFactor": 8,
    "PartialFourier": 1,
    "PatientPosition": "HFS",
    "PercentPhaseFOV": 100,
    "PhaseEncodingDirection": "j-",
    "PhaseEncodingSteps": 100,
    "PhaseResolution": 1,
    "PixelBandwidth": 1786,
    "ProcedureStepDescription": "Research_KIRWAN",
    "ProtocolName": "Resting_State",
    "PulseSequenceDetails": "%CustomerSeq%_cmrr_mbep2d_bold",
    "ReceiveCoilName": "32Ch_Head",
    "ReconMatrixPE": 100,
    "RepetitionTime": 0.875,
    "SAR": 0.119386,
    "ScanOptions": "FS",
    "ScanningSequence": "EP",
    "SequenceName": "epfid2d1_100",
    "SequenceVariant": "SK_SS",
    "SeriesDescription": "Resting_State",
    "SeriesNumber": 3,
    "ShimSetting": [
      -2842,
      -22883,
      2520,
      942,
      83,
      311,
      177,
      470
    ],
    "SliceThickness": 1.8,
    "SliceTiming": [
      0,
      0.4875,
      0.0975,
      0.585,
      0.195,
      0.6825,
      0.2925,
      0.78,
      0.39,
      0,
      0.4875,
      0.0975,
      0.585,
      0.195,
      0.6825,
      0.2925,
      0.78,
      0.39,
      0,
      0.4875,
      0.0975,
      0.585,
      0.195,
      0.6825,
      0.2925,
      0.78,
      0.39,
      0,
      0.4875,
      0.0975,
      0.585,
      0.195,
      0.6825,
      0.2925,
      0.78,
      0.39,
      0,
      0.4875,
      0.0975,
      0.585,
      0.195,
      0.6825,
      0.2925,
      0.78,
      0.39,
      0,
      0.4875,
      0.0975,
      0.585,
      0.195,
      0.6825,
      0.2925,
      0.78,
      0.39,
      0,
      0.4875,
      0.0975,
      0.585,
      0.195,
      0.6825,
      0.2925,
      0.78,
      0.39,
      0,
      0.4875,
      0.0975,
      0.585,
      0.195,
      0.6825,
      0.2925,
      0.78,
      0.39
    ],
    "SoftwareVersions": "syngo_MR_B17",
    "SpacingBetweenSlices": 1.8,
    "StationName": "MININT-E41B04",
    "TaskName": "rest",
    "TotalReadoutTime": 0.0712794,
    "TxRefAmp": 384.427,
    "dataset": "ds001747",
    "modality": "bold",
    "run_id": 1,
    "subject_id": "3913",
    "task_id": "rest"
  },
  "dummy_trs": 0,
  "dvars_nstd": 72.31612551220198,
  "dvars_std": 1.037719052043795,
  "dvars_vstd": 0.9991559727372261,
  "efc": 0.5825756094730112,
  "fber": 361.117919921875,
  "fd_mean": 0.1891045448996816,
  "fd_num": 366,
  "fd_perc": 44.471445929526126,
  "fwhm_avg": 2.80369075561924,
  "fwhm_x": 2.6682334040173794,
  "fwhm_y": 3.05238341419388,
  "fwhm_z": 2.6904554486464614,
  "gcor": 0.00271272,
  "gsr_x": -0.0035927938297390938,
  "gsr_y": 0.10205714404582977,
  "provenance": {
    "md5sum": "a9d123dfb9669b94b756c5316d13c797",
    "settings": {
      "fd_thres": 0.2,
      "testing": false
    },
    "software": "mriqc",
    "version": "22.0.1",
    "webapi_port": null,
    "webapi_url": "https://mriqc.nimh.nih.gov/api/v1"
  },
  "size_t": 823,
  "size_x": 100,
  "size_y": 100,
  "size_z": 72,
  "snr": 2.715438350000234,
  "spacing_tr": 0.875,
  "spacing_x": 1.7999999523162842,
  "spacing_y": 1.7999999523162842,
  "spacing_z": 1.8000000715255737,
  "summary_bg_k": 24.066819095564785,
  "summary_bg_mad": 9.605388253689028,
  "summary_bg_mean": 34.31425476074219,
  "summary_bg_median": 17.86269760131836,
  "summary_bg_n": 448235.0,
  "summary_bg_p05": 10.738760948181152,
  "summary_bg_p95": 115.49611434936521,
  "summary_bg_stdv": 43.973968505859375,
  "summary_fg_k": 2.4109828613408366,
  "summary_fg_mad": 98.56872811251807,
  "summary_fg_mean": 372.86114501953125,
  "summary_fg_median": 348.4532470703125,
  "summary_fg_n": 172506.0,
  "summary_fg_p05": 213.11331176757812,
  "summary_fg_p95": 620.1270141601562,
  "summary_fg_stdv": 128.32264709472656,
  "tsnr": 18.813615164952353
}