{
  "bids_meta": {
    "AcquisitionMatrixPE": 215,
    "AcquisitionNumber": 1,
    "AcquisitionTime": "13:53:49.490000",
    "BaseResolution": 256,
    "ConversionSoftware": "dcm2niix",
    "ConversionSoftwareVersion": "v1.0.20180404 Clang8.0.0",
    "DeviceSerialNumber": "35002",
    "DwellTime": 9.8e-06,
    "EchoTime": 0.00226,
    "FlipAngle": 9,
    "ImageOrientationPatientDICOM": [
      0,
      1,
      0,
      0,
      0,
      -1
    ],
    "ImageType": [
      "ORIGINAL",
      "PRIMARY",
      "M",
      "ND",
      "NORM"
    ],
    "InPlanePhaseEncodingDirectionDICOM": "ROW",
    "InstitutionAddress": "University_Pkwy_1700_North_685_Provo_UT_US_84601",
    "InstitutionName": "Brigham_Young_University",
    "InstitutionalDepartmentName": "MRI",
    "InversionTime": 0.9,
    "MRAcquisitionType": "3D",
    "MagneticFieldStrength": 3,
    "Manufacturer": "Siemens",
    "ManufacturersModelName": "TrioTim",
    "Modality": "MR",
    "ParallelReductionFactorInPlane": 2,
    "PartialFourier": 0.875,
    "PatientPosition": "HFS",
    "PercentPhaseFOV": 87.5,
    "PhaseEncodingSteps": 226,
    "PhaseOversampling": 0.2,
    "PhaseResolution": 0.96,
    "PixelBandwidth": 199,
    "ProcedureStepDescription": "Research_KIRWAN",
    "ProtocolName": "t1_mpr_sag_iso_mprage_fast",
    "PulseSequenceDetails": "%SiemensSeq%_tfl",
    "ReceiveCoilName": "32Ch_Head",
    "ReconMatrixPE": 256,
    "RepetitionTime": 1.9,
    "SAR": 0.150376,
    "ScanOptions": "IR_PFP",
    "ScanningSequence": "GR_IR",
    "SequenceName": "_tfl3d1_ns",
    "SequenceVariant": "SP_MP_OSP",
    "SeriesDescription": "t1_mpr_sag_iso_mprage_fast",
    "SeriesNumber": 6,
    "ShimSetting": [
      -2830,
      -22913,
      1923,
      -81,
      -87,
      -38,
      -253,
      388
    ],
    "SliceThickness": 1,
    "SoftwareVersions": "syngo_MR_B17",
    "StationName": "MININT-E41B04",
    "TxRefAmp": 363.151,
    "dataset": "ds001747",
    "modality": "T1w",
    "run_id": 1,
    "subject_id": "3903"
  },
  "cjv": 0.3066145550177799,
  "cnr": 4.403015946952571,
  "efc": 0.5826853926822462,
  "fber": -1.0,
  "fwhm_avg": 4.354348026666666,
  "fwhm_x": 4.24623,
  "fwhm_y": 4.520325120000001,
  "fwhm_z": 4.29648896,
  "icvs_csf": 0.1921252794358357,
  "icvs_gm": 0.4469499338293854,
  "icvs_wm": 0.3609247867347789,
  "inu_med": 0.3635496199131012,
  "inu_range": 0.11221819221973417,
  "provenance": {
    "md5sum": "3980d815a302d1466b811fb92eb922db",
    "settings": {
      "testing": false
    },
    "software": "mriqc",
    "version": "22.0.1",
    "warnings": {
      "large_rot_frame": true,
      "small_air_mask": false
    },
    "webapi_port": null,
    "webapi_url": "https://mriqc.nimh.nih.gov/api/v1"
  },
  "qi_1": 0.03626607321142597,
  "qi_2": 0.031540689210516636,
  "rpve_csf": 24.300648329677582,
  "rpve_gm": 11.348814246168773,
  "rpve_wm": 16.234858305893333,
  "size_x": 176,
  "size_y": 224,
  "size_z": 256,
  "snr_csf": 3.1062725983740793,
  "snr_gm": 14.012780599574182,
  "snr_total": 16.25469522526775,
  "snr_wm": 31.64503247785498,
  "snrd_csf": 71.2687322889856,
  "snrd_gm": 166.56129274241772,
  "snrd_total": 155.2150756101465,
  "snrd_wm": 227.81520179903623,
  "spacing_x": 1.0,
  "spacing_y": 0.9765625,
  "spacing_z": 0.9765625,
  "summary_bg_k": 19.96490509397626,
  "summary_bg_mad": 0.0,
  "summary_bg_mean": 0.9023637704151993,
  "summary_bg_median": 0.0,
  "summary_bg_n": 1829247.0,
  "summary_bg_p05": 0.0,
  "summary_bg_p95": 7.606360226869583,
  "summary_bg_stdv": 2.875859721803559,
  "summary_csf_k": 1.501464181374966,
  "summary_csf_mad": 70.02062144222299,
  "summary_csf_mean": 321.8877328868837,
  "summary_csf_median": 312.84916639328003,
  "summary_csf_n": 30879.0,
  "summary_csf_p05": 138.80103331506254,
  "summary_csf_p95": 502.7073555588722,
  "summary_csf_stdv": 100.71366588658258,
  "summary_gm_k": 0.008301391420267645,
  "summary_gm_mad": 52.37211176115314,
  "summary_gm_mean": 730.1014448732451,
  "summary_gm_median": 731.1560050845146,
  "summary_gm_n": 40653.0,
  "summary_gm_p05": 642.672978490591,
  "summary_gm_p95": 813.768812429905,
  "summary_gm_stdv": 52.177154076493494,
  "summary_wm_k": 0.46696034051880453,
  "summary_wm_mad": 30.072550792292315,
  "summary_wm_mean": 1001.0015869813107,
  "summary_wm_median": 1000.042987793684,
  "summary_wm_n": 195357.0,
  "summary_wm_p05": 950.9239497184753,
  "summary_wm_p95": 1054.370448803901,
  "summary_wm_stdv": 31.601813932829593,
  "tpm_overlap_csf": 0.16391624163852506,
  "tpm_overlap_gm": 0.4696326382133108,
  "tpm_overlap_wm": 0.5064562011122054,
  "wm2max": 0.459919364401755
}