{
  "aor": 0.00017999999999999998,
  "aqi": 0.02653812478736331,
  "bids_meta": {
    "AcquisitionMatrixPE": 100,
    "AcquisitionNumber": 1,
    "AcquisitionTime": "15:18:52.112500",
    "BandwidthPerPixelPhaseEncode": 13.889,
    "BaseResolution": 100,
    "ConversionSoftware": "dcm2niix",
    "ConversionSoftwareVersion": "v1.0.20180404 Clang8.0.0",
    "DerivedVendorReportedEchoSpacing": 0.000719994,
    "DeviceSerialNumber": "35002",
    "DwellTime": 2.8e-06,
    "EchoTime": 0.0436,
    "EffectiveEchoSpacing": 0.000719994,
    "FlipAngle": 55,
    "ImageComments": "Unaliased_MB8_PE3_(remote)",
    "ImageOrientationPatientDICOM": [
      1,
      7.39537e-05,
      -0.000160811,
      9.6339e-09,
      0.908509,
      0.417864
    ],
    "ImageType": [
      "ORIGINAL",
      "PRIMARY",
      "M",
      "MB",
      "ND",
      "MOSAIC"
    ],
    "InPlanePhaseEncodingDirectionDICOM": "COL",
    "InstitutionAddress": "University_Pkwy_1700_North_685_Provo_UT_US_84601",
    "InstitutionName": "Brigham_Young_University",
    "InstitutionalDepartmentName": "MRI",
    "MRAcquisitionType": "2D",
    "MagneticFieldStrength": 3,
    "Manufacturer": "Siemens",
    "ManufacturersModelName": "TrioTim",
    "Modality": "MR",
    "MultibandAccelerationFactor": 8,
    "PartialFourier": 1,
    "PatientPosition": "HFS",
    "PercentPhaseFOV": 100,
    "PhaseEncodingDirection": "j-",
    "PhaseEncodingSteps": 100,
    "PhaseResolution": 1,
    "PixelBandwidth": 1786,
    "ProcedureStepDescription": "Research_KIRWAN",
    "ProtocolName": "Resting_State",
    "PulseSequenceDetails": "%CustomerSeq%_cmrr_mbep2d_bold",
    "ReceiveCoilName": "32Ch_Head",
    "ReconMatrixPE": 100,
    "RepetitionTime": 0.875,
    "SAR": 0.107389,
    "ScanOptions": "FS",
    "ScanningSequence": "EP",
    "SequenceName": "epfid2d1_100",
    "SequenceVariant": "SK_SS",
    "SeriesDescription": "Resting_State",
    "SeriesNumber": 3,
    "ShimSetting": [
      -2837,
      -22861,
      2336,
      701,
      -136,
      532,
      24,
      496
    ],
    "SliceThickness": 1.8,
    "SliceTiming": [
      0,
      0.4875,
      0.0975,
      0.585,
      0.195,
      0.6825,
      0.2925,
      0.78,
      0.39,
      0,
      0.4875,
      0.0975,
      0.585,
      0.195,
      0.6825,
      0.2925,
      0.78,
      0.39,
      0,
      0.4875,
      0.0975,
      0.585,
      0.195,
      0.6825,
      0.2925,
      0.78,
      0.39,
      0,
      0.4875,
      0.0975,
      0.585,
      0.195,
      0.6825,
      0.2925,
      0.78,
      0.39,
      0,
      0.4875,
      0.0975,
      0.585,
      0.195,
      0.6825,
      0.2925,
      0.78,
      0.39,
      0,
      0.4875,
      0.0975,
      0.585,
      0.195,
      0.6825,
      0.2925,
      0.78,
      0.39,
      0,
      0.4875,
      0.0975,
      0.585,
      0.195,
      0.6825,
      0.2925,
      0.78,
      0.39,
      0,
      0.4875,
      0.0975,
      0.585,
      0.195,
      0.6825,
      0.2925,
      0.78,
      0.39
    ],
    "SoftwareVersions": "syngo_MR_B17",
    "SpacingBetweenSlices": 1.8,
    "StationName": "MININT-E41B04",
    "TaskName": "rest",
    "TotalReadoutTime": 0.0712794,
    "TxRefAmp": 325.294,
    "dataset": "ds001747",
    "modality": "bold",
    "run_id": 1,
    "subject_id": "4015",
    "task_id": "rest"
  },
  "dummy_trs": 0,
  "dvars_nstd": 79.26393224883212,
  "dvars_std": 1.0189310809489056,
  "dvars_vstd": 0.9805642670316305,
  "efc": 0.60852950067007,
  "fber": 153.1946258544922,
  "fd_mean": 0.09408375400064244,
  "fd_num": 17,
  "fd_perc": 2.0656136087484813,
  "fwhm_avg": 3.342424162618076,
  "fwhm_x": 3.146105638898893,
  "fwhm_y": 3.6798112085928176,
  "fwhm_z": 3.201355640362518,
  "gcor": 0.00346244,
  "gsr_x": 0.001427016337402165,
  "gsr_y": 0.08801071345806122,
  "provenance": {
    "md5sum": "ada6a3daef9019288eac7e520b0dcfff",
    "settings": {
      "fd_thres": 0.2,
      "testing": false
    },
    "software": "mriqc",
    "version": "22.0.1",
    "webapi_port": null,
    "webapi_url": "https://mriqc.nimh.nih.gov/api/v1"
  },
  "size_t": 823,
  "size_x": 100,
  "size_y": 100,
  "size_z": 72,
  "snr": 1.822567035575541,
  "spacing_tr": 0.875,
  "spacing_x": 1.7999999523162842,
  "spacing_y": 1.7999999523162842,
  "spacing_z": 1.7999999523162842,
  "summary_bg_k": 30.92354355423577,
  "summary_bg_mad": 17.546229693459704,
  "summary_bg_mean": 47.07516098022461,
  "summary_bg_median": 25.432565689086914,
  "summary_bg_n": 407053.0,
  "summary_bg_p05": 11.1968412399292,
  "summary_bg_p95": 158.77084960937452,
  "summary_bg_stdv": 64.11803436279297,
  "summary_fg_k": 7.667596445116041,
  "summary_fg_mad": 115.09172535883114,
  "summary_fg_mean": 371.4861145019531,
  "summary_fg_median": 325.01458740234375,
  "summary_fg_n": 204853.0,
  "summary_fg_p05": 187.83743286132812,
  "summary_fg_p95": 725.6124267578125,
  "summary_fg_stdv": 178.32748413085938,
  "tsnr": 16.275848577613942
}