{
  "aor": 0.0004283922046285018,
  "aqi": 0.020122098416565162,
  "bids_meta": {
    "AcquisitionMatrixPE": 100,
    "AcquisitionNumber": 1,
    "AcquisitionTime": "16:06:30.757500",
    "BandwidthPerPixelPhaseEncode": 13.889,
    "BaseResolution": 100,
    "ConversionSoftware": "dcm2niix",
    "ConversionSoftwareVersion": "v1.0.20180404 Clang8.0.0",
    "DerivedVendorReportedEchoSpacing": 0.000719994,
    "DeviceSerialNumber": "35002",
    "DwellTime": 2.8e-06,
    "EchoTime": 0.0436,
    "EffectiveEchoSpacing": 0.000719994,
    "FlipAngle": 55,
    "ImageComments": "Unaliased_MB8_PE3_(remote)",
    "ImageOrientationPatientDICOM": [
      1,
      0,
      0,
      0,
      0.867765,
      0.496974
    ],
    "ImageType": [
      "ORIGINAL",
      "PRIMARY",
      "M",
      "MB",
      "ND",
      "MOSAIC"
    ],
    "InPlanePhaseEncodingDirectionDICOM": "COL",
    "InstitutionAddress": "University_Pkwy_1700_North_685_Provo_UT_US_84601",
    "InstitutionName": "Brigham_Young_University",
    "InstitutionalDepartmentName": "MRI",
    "MRAcquisitionType": "2D",
    "MagneticFieldStrength": 3,
    "Manufacturer": "Siemens",
    "ManufacturersModelName": "TrioTim",
    "Modality": "MR",
    "MultibandAccelerationFactor": 8,
    "PartialFourier": 1,
    "PatientPosition": "HFS",
    "PercentPhaseFOV": 100,
    "PhaseEncodingDirection": "j-",
    "PhaseEncodingSteps": 100,
    "PhaseResolution": 1,
    "PixelBandwidth": 1786,
    "ProcedureStepDescription": "Research_KIRWAN",
    "ProtocolName": "Resting_State",
    "PulseSequenceDetails": "%CustomerSeq%_cmrr_mbep2d_bold",
    "ReceiveCoilName": "32Ch_Head",
    "ReconMatrixPE": 100,
    "RepetitionTime": 0.875,
    "SAR": 0.125386,
    "ScanOptions": "FS",
    "ScanningSequence": "EP",
    "SequenceName": "epfid2d1_100",
    "SequenceVariant": "SK_SS",
    "SeriesDescription": "Resting_State",
    "SeriesNumber": 4,
    "ShimSetting": [
      -2807,
      -23040,
      2435,
      849,
      96,
      -33,
      21,
      441
    ],
    "SliceThickness": 1.8,
    "SliceTiming": [
      0,
      0.4875,
      0.0975,
      0.585,
      0.195,
      0.6825,
      0.2925,
      0.78,
      0.39,
      0,
      0.4875,
      0.0975,
      0.585,
      0.195,
      0.6825,
      0.2925,
      0.78,
      0.39,
      0,
      0.4875,
      0.0975,
      0.585,
      0.195,
      0.6825,
      0.2925,
      0.78,
      0.39,
      0,
      0.4875,
      0.0975,
      0.585,
      0.195,
      0.6825,
      0.2925,
      0.78,
      0.39,
      0,
      0.4875,
      0.0975,
      0.585,
      0.195,
      0.6825,
      0.2925,
      0.78,
      0.39,
      0,
      0.4875,
      0.0975,
      0.585,
      0.195,
      0.6825,
      0.2925,
      0.78,
      0.39,
      0,
      0.4875,
      0.0975,
      0.585,
      0.195,
      0.6825,
      0.2925,
      0.78,
      0.39,
      0,
      0.4875,
      0.0975,
      0.585,
      0.195,
      0.6825,
      0.2925,
      0.78,
      0.39
    ],
    "SoftwareVersions": "syngo_MR_B17",
    "SpacingBetweenSlices": 1.8,
    "StationName": "MININT-E41B04",
    "TaskName": "rest",
    "TotalReadoutTime": 0.0712794,
    "TxRefAmp": 392.219,
    "dataset": "ds001747",
    "modality": "bold",
    "run_id": 1,
    "subject_id": "3949",
    "task_id": "rest"
  },
  "dummy_trs": 2,
  "dvars_nstd": 69.17382204019508,
  "dvars_std": 1.0489757006463416,
  "dvars_vstd": 0.9927356964634143,
  "efc": 0.6353905695270334,
  "fber": 230.43104553222656,
  "fd_mean": 0.07165821002171789,
  "fd_num": 1,
  "fd_perc": 0.1218026796589525,
  "fwhm_avg": 3.0146426724533506,
  "fwhm_x": 2.7906889628169,
  "fwhm_y": 3.3506611998733202,
  "fwhm_z": 2.9025778546698318,
  "gcor": 0.00487238,
  "gsr_x": -0.012497998774051666,
  "gsr_y": 0.08551549911499023,
  "provenance": {
    "md5sum": "b7199d975887513ab09a3d5641684724",
    "settings": {
      "fd_thres": 0.2,
      "testing": false
    },
    "software": "mriqc",
    "version": "22.0.1",
    "webapi_port": null,
    "webapi_url": "https://mriqc.nimh.nih.gov/api/v1"
  },
  "size_t": 821,
  "size_x": 100,
  "size_y": 100,
  "size_z": 72,
  "snr": 2.441296543166949,
  "spacing_tr": 0.875,
  "spacing_x": 1.7999999523162842,
  "spacing_y": 1.7999999523162842,
  "spacing_z": 1.7999999523162842,
  "summary_bg_k": 45.14549539995839,
  "summary_bg_mad": 14.598487164215362,
  "summary_bg_mean": 38.80699920654297,
  "summary_bg_median": 23.07186508178711,
  "summary_bg_n": 375277.0,
  "summary_bg_p05": 11.250913619995117,
  "summary_bg_p95": 120.92935791015633,
  "summary_bg_stdv": 44.608158111572266,
  "summary_fg_k": 2.569235988051677,
  "summary_fg_mad": 112.48904992193518,
  "summary_fg_mean": 390.62249755859375,
  "summary_fg_median": 359.390380859375,
  "summary_fg_n": 234088.0,
  "summary_fg_p05": 213.26566543579102,
  "summary_fg_p95": 684.322265625,
  "summary_fg_stdv": 147.2126007080078,
  "tsnr": 19.18241631158162
}