{
  "bids_meta": {
    "AcquisitionMatrixPE": 215,
    "AcquisitionNumber": 1,
    "AcquisitionTime": "10:53:39.597500",
    "BaseResolution": 256,
    "ConversionSoftware": "dcm2niix",
    "ConversionSoftwareVersion": "v1.0.20180404 Clang8.0.0",
    "DeviceSerialNumber": "35002",
    "DwellTime": 9.8e-06,
    "EchoTime": 0.00226,
    "FlipAngle": 9,
    "ImageOrientationPatientDICOM": [
      0,
      1,
      0,
      0.146083,
      0,
      -0.989272
    ],
    "ImageType": [
      "ORIGINAL",
      "PRIMARY",
      "M",
      "ND",
      "NORM"
    ],
    "InPlanePhaseEncodingDirectionDICOM": "ROW",
    "InstitutionAddress": "University_Pkwy_1700_North_685_Provo_UT_US_84601",
    "InstitutionName": "Brigham_Young_University",
    "InstitutionalDepartmentName": "MRI",
    "InversionTime": 0.9,
    "MRAcquisitionType": "3D",
    "MagneticFieldStrength": 3,
    "Manufacturer": "Siemens",
    "ManufacturersModelName": "TrioTim",
    "Modality": "MR",
    "ParallelReductionFactorInPlane": 2,
    "PartialFourier": 0.875,
    "PatientPosition": "HFS",
    "PercentPhaseFOV": 87.5,
    "PhaseEncodingSteps": 226,
    "PhaseOversampling": 0.2,
    "PhaseResolution": 0.96,
    "PixelBandwidth": 199,
    "ProcedureStepDescription": "Research_KIRWAN",
    "ProtocolName": "t1_mpr_sag_iso_mprage_fast",
    "PulseSequenceDetails": "%SiemensSeq%_tfl",
    "ReceiveCoilName": "32Ch_Head",
    "ReconMatrixPE": 256,
    "RepetitionTime": 1.9,
    "SAR": 0.0971292,
    "ScanOptions": "IR_PFP",
    "ScanningSequence": "GR_IR",
    "SequenceName": "_tfl3d1_ns",
    "SequenceVariant": "SP_MP_OSP",
    "SeriesDescription": "t1_mpr_sag_iso_mprage_fast",
    "SeriesNumber": 6,
    "ShimSetting": [
      -2830,
      -22913,
      1923,
      -81,
      -87,
      -38,
      -253,
      388
    ],
    "SliceThickness": 1,
    "SoftwareVersions": "syngo_MR_B17",
    "StationName": "MININT-E41B04",
    "TxRefAmp": 394.948,
    "dataset": "ds001747",
    "modality": "T1w",
    "run_id": 1,
    "subject_id": "3935"
  },
  "cjv": 0.31285186195531284,
  "cnr": 4.3359566205260895,
  "efc": 0.5545280358501383,
  "fber": -1.0,
  "fwhm_avg": 4.444448310098144,
  "fwhm_x": 4.2826489789369155,
  "fwhm_y": 4.6047744,
  "fwhm_z": 4.445921551357516,
  "icvs_csf": 0.163837571987253,
  "icvs_gm": 0.4941049339173152,
  "icvs_wm": 0.3420574940954318,
  "inu_med": 0.37354961037635803,
  "inu_range": 0.11507506072521206,
  "provenance": {
    "md5sum": "1b3c42f3d7312cda786c36255b29fda6",
    "settings": {
      "testing": false
    },
    "software": "mriqc",
    "version": "22.0.1",
    "warnings": {
      "large_rot_frame": true,
      "small_air_mask": false
    },
    "webapi_port": null,
    "webapi_url": "https://mriqc.nimh.nih.gov/api/v1"
  },
  "qi_1": 0.0,
  "qi_2": 0.010749928464766955,
  "rpve_csf": 25.38749068568561,
  "rpve_gm": 9.873881164592953,
  "rpve_wm": 15.482334104251912,
  "size_x": 176,
  "size_y": 224,
  "size_z": 256,
  "snr_csf": 2.6461512065519748,
  "snr_gm": 16.8980182618773,
  "snr_total": 16.15243243179852,
  "snr_wm": 28.91312782696629,
  "snrd_csf": 55.80091271470906,
  "snrd_gm": 142.0620998805383,
  "snrd_total": 128.70630100513895,
  "snrd_wm": 188.25589042016946,
  "spacing_x": 1.000000238418579,
  "spacing_y": 0.9765625,
  "spacing_z": 0.9765624403953552,
  "summary_bg_k": 15.302219758215774,
  "summary_bg_mad": 0.0,
  "summary_bg_mean": 1.6026628545970734,
  "summary_bg_median": 0.0,
  "summary_bg_n": 2313576.0,
  "summary_bg_p05": 0.0,
  "summary_bg_p95": 7.752580422908068,
  "summary_bg_stdv": 3.4801754795577167,
  "summary_csf_k": 1.301096840961896,
  "summary_csf_mad": 73.88117383339151,
  "summary_csf_mean": 303.28040113311664,
  "summary_csf_median": 296.4221926406026,
  "summary_csf_n": 24868.0,
  "summary_csf_p05": 94.12337413448842,
  "summary_csf_p95": 509.6098627407102,
  "summary_csf_stdv": 112.01787408616653,
  "summary_gm_k": 0.11396382961051588,
  "summary_gm_mad": 44.254946056607224,
  "summary_gm_mean": 752.2273951560296,
  "summary_gm_median": 754.6535905785859,
  "summary_gm_n": 73982.0,
  "summary_gm_p05": 675.3886379605159,
  "summary_gm_p95": 821.1102024391294,
  "summary_gm_stdv": 44.65899365326901,
  "summary_wm_k": 0.5665885012572711,
  "summary_wm_mad": 32.51509231103503,
  "summary_wm_mean": 1001.5429242316874,
  "summary_wm_median": 1000.0414169058204,
  "summary_wm_n": 191224.0,
  "summary_wm_p05": 947.6389481648803,
  "summary_wm_p95": 1060.7768731601536,
  "summary_wm_stdv": 34.587707287997155,
  "tpm_overlap_csf": 0.1335983212784751,
  "tpm_overlap_gm": 0.4782782858083038,
  "tpm_overlap_wm": 0.5009924474482572,
  "wm2max": 0.43021223470661674
}