{
  "aor": 0.0002752189781021898,
  "aqi": 0.02379204902676399,
  "bids_meta": {
    "AcquisitionMatrixPE": 100,
    "AcquisitionNumber": 1,
    "AcquisitionTime": "11:16:8.592500",
    "BandwidthPerPixelPhaseEncode": 13.889,
    "BaseResolution": 100,
    "ConversionSoftware": "dcm2niix",
    "ConversionSoftwareVersion": "v1.0.20180404 Clang8.0.0",
    "DerivedVendorReportedEchoSpacing": 0.000719994,
    "DeviceSerialNumber": "35002",
    "DwellTime": 2.8e-06,
    "EchoTime": 0.0436,
    "EffectiveEchoSpacing": 0.000719994,
    "FlipAngle": 55,
    "ImageComments": "Unaliased_MB8_PE3_(remote)",
    "ImageOrientationPatientDICOM": [
      1,
      0,
      0,
      0,
      0.921185,
      0.389124
    ],
    "ImageType": [
      "ORIGINAL",
      "PRIMARY",
      "M",
      "MB",
      "ND",
      "MOSAIC"
    ],
    "InPlanePhaseEncodingDirectionDICOM": "COL",
    "InstitutionAddress": "University_Pkwy_1700_North_685_Provo_UT_US_84601",
    "InstitutionName": "Brigham_Young_University",
    "InstitutionalDepartmentName": "MRI",
    "MRAcquisitionType": "2D",
    "MagneticFieldStrength": 3,
    "Manufacturer": "Siemens",
    "ManufacturersModelName": "TrioTim",
    "Modality": "MR",
    "MultibandAccelerationFactor": 8,
    "PartialFourier": 1,
    "PatientPosition": "HFS",
    "PercentPhaseFOV": 100,
    "PhaseEncodingDirection": "j-",
    "PhaseEncodingSteps": 100,
    "PhaseResolution": 1,
    "PixelBandwidth": 1786,
    "ProcedureStepDescription": "Research_KIRWAN",
    "ProtocolName": "Resting_State",
    "PulseSequenceDetails": "%CustomerSeq%_cmrr_mbep2d_bold",
    "ReceiveCoilName": "32Ch_Head",
    "ReconMatrixPE": 100,
    "RepetitionTime": 0.875,
    "SAR": 0.116409,
    "ScanOptions": "FS",
    "ScanningSequence": "EP",
    "SequenceName": "epfid2d1_100",
    "SequenceVariant": "SK_SS",
    "SeriesDescription": "Resting_State",
    "SeriesNumber": 3,
    "ShimSetting": [
      -2823,
      -22905,
      2300,
      671,
      38,
      238,
      -572,
      356
    ],
    "SliceThickness": 1.8,
    "SliceTiming": [
      0,
      0.4875,
      0.0975,
      0.585,
      0.195,
      0.6825,
      0.2925,
      0.78,
      0.39,
      0,
      0.4875,
      0.0975,
      0.585,
      0.195,
      0.6825,
      0.2925,
      0.78,
      0.39,
      0,
      0.4875,
      0.0975,
      0.585,
      0.195,
      0.6825,
      0.2925,
      0.78,
      0.39,
      0,
      0.4875,
      0.0975,
      0.585,
      0.195,
      0.6825,
      0.2925,
      0.78,
      0.39,
      0,
      0.4875,
      0.0975,
      0.585,
      0.195,
      0.6825,
      0.2925,
      0.78,
      0.39,
      0,
      0.4875,
      0.0975,
      0.585,
      0.195,
      0.6825,
      0.2925,
      0.78,
      0.39,
      0,
      0.4875,
      0.0975,
      0.585,
      0.195,
      0.6825,
      0.2925,
      0.78,
      0.39,
      0,
      0.4875,
      0.0975,
      0.585,
      0.195,
      0.6825,
      0.2925,
      0.78,
      0.39
    ],
    "SoftwareVersions": "syngo_MR_B17",
    "SpacingBetweenSlices": 1.8,
    "StationName": "MININT-E41B04",
    "TaskName": "rest",
    "TotalReadoutTime": 0.0712794,
    "TxRefAmp": 412.52,
    "dataset": "ds001747",
    "modality": "bold",
    "run_id": 1,
    "subject_id": "3927",
    "task_id": "rest"
  },
  "dummy_trs": 1,
  "dvars_nstd": 82.07182091774668,
  "dvars_std": 1.0543275513885502,
  "dvars_vstd": 0.9954966454202209,
  "efc": 0.6244837869644253,
  "fber": 259.0230712890625,
  "fd_mean": 0.09155853025723741,
  "fd_num": 25,
  "fd_perc": 3.0413625304136254,
  "fwhm_avg": 3.009764829208015,
  "fwhm_x": 2.8190945191249455,
  "fwhm_y": 3.250472308330332,
  "fwhm_z": 2.959727660168767,
  "gcor": 0.00933056,
  "gsr_x": -0.01006576418876648,
  "gsr_y": 0.08700038492679596,
  "provenance": {
    "md5sum": "2ecb3afbd57a7cfdf65a89940fab0e4f",
    "settings": {
      "fd_thres": 0.2,
      "testing": false
    },
    "software": "mriqc",
    "version": "22.0.1",
    "webapi_port": null,
    "webapi_url": "https://mriqc.nimh.nih.gov/api/v1"
  },
  "size_t": 822,
  "size_x": 100,
  "size_y": 100,
  "size_z": 72,
  "snr": 2.1944832023563374,
  "spacing_tr": 0.875,
  "spacing_x": 1.7999999523162842,
  "spacing_y": 1.7999999523162842,
  "spacing_z": 1.8000000715255737,
  "summary_bg_k": 54.32034019968258,
  "summary_bg_mad": 11.319720592658307,
  "summary_bg_mean": 33.138790130615234,
  "summary_bg_median": 19.9622859954834,
  "summary_bg_n": 374214.0,
  "summary_bg_p05": 10.767640113830566,
  "summary_bg_p95": 98.51258850097653,
  "summary_bg_stdv": 39.35936737060547,
  "summary_fg_k": 2.7062696643284543,
  "summary_fg_mad": 114.49582043577121,
  "summary_fg_mean": 368.7276916503906,
  "summary_fg_median": 332.5936584472656,
  "summary_fg_n": 236599.0,
  "summary_fg_p05": 191.9427032470703,
  "summary_fg_p95": 670.0806274414061,
  "summary_fg_stdv": 151.5586700439453,
  "tsnr": 16.650552779901773
}