{
  "bids_meta": {
    "AcquisitionMatrixPE": 215,
    "AcquisitionNumber": 1,
    "AcquisitionTime": "17:24:4.915000",
    "BaseResolution": 256,
    "ConversionSoftware": "dcm2niix",
    "ConversionSoftwareVersion": "v1.0.20180404 Clang8.0.0",
    "DeviceSerialNumber": "35002",
    "DwellTime": 9.8e-06,
    "EchoTime": 0.00226,
    "FlipAngle": 9,
    "ImageOrientationPatientDICOM": [
      0.0418757,
      0.999123,
      0,
      0,
      0,
      -1
    ],
    "ImageType": [
      "ORIGINAL",
      "PRIMARY",
      "M",
      "ND",
      "NORM"
    ],
    "InPlanePhaseEncodingDirectionDICOM": "ROW",
    "InstitutionAddress": "University_Pkwy_1700_North_685_Provo_UT_US_84601",
    "InstitutionName": "Brigham_Young_University",
    "InstitutionalDepartmentName": "MRI",
    "InversionTime": 0.9,
    "MRAcquisitionType": "3D",
    "MagneticFieldStrength": 3,
    "Manufacturer": "Siemens",
    "ManufacturersModelName": "TrioTim",
    "Modality": "MR",
    "ParallelReductionFactorInPlane": 2,
    "PartialFourier": 0.875,
    "PatientPosition": "HFS",
    "PercentPhaseFOV": 87.5,
    "PhaseEncodingSteps": 226,
    "PhaseOversampling": 0.2,
    "PhaseResolution": 0.96,
    "PixelBandwidth": 199,
    "ProcedureStepDescription": "Research_KIRWAN",
    "ProtocolName": "t1_mpr_sag_iso_mprage_fast",
    "PulseSequenceDetails": "%SiemensSeq%_tfl",
    "ReceiveCoilName": "32Ch_Head",
    "ReconMatrixPE": 256,
    "RepetitionTime": 1.9,
    "SAR": 0.115819,
    "ScanOptions": "IR_PFP",
    "ScanningSequence": "GR_IR",
    "SequenceName": "_tfl3d1_ns",
    "SequenceVariant": "SP_MP_OSP",
    "SeriesDescription": "t1_mpr_sag_iso_mprage_fast",
    "SeriesNumber": 6,
    "ShimSetting": [
      -2830,
      -22913,
      1923,
      -81,
      -87,
      -38,
      -253,
      388
    ],
    "SliceThickness": 1,
    "SoftwareVersions": "syngo_MR_B17",
    "StationName": "MININT-E41B04",
    "TxRefAmp": 381.716,
    "dataset": "ds001747",
    "modality": "T1w",
    "run_id": 1,
    "subject_id": "3885"
  },
  "cjv": 0.2871747871218011,
  "cnr": 4.695539478954537,
  "efc": 0.5960646334503816,
  "fber": -1.0,
  "fwhm_avg": 4.736702877027646,
  "fwhm_x": 4.60643247108294,
  "fwhm_y": 4.97837056,
  "fwhm_z": 4.6253056,
  "icvs_csf": 0.18242178950952023,
  "icvs_gm": 0.47761916233008295,
  "icvs_wm": 0.33995904816039685,
  "inu_med": 0.41876375675201416,
  "inu_range": 0.14889150261878964,
  "provenance": {
    "md5sum": "1d51f3d7c51f7314717eb4f36a53b5af",
    "settings": {
      "testing": false
    },
    "software": "mriqc",
    "version": "22.0.1",
    "warnings": {
      "large_rot_frame": true,
      "small_air_mask": false
    },
    "webapi_port": null,
    "webapi_url": "https://mriqc.nimh.nih.gov/api/v1"
  },
  "qi_1": 0.0,
  "qi_2": 0.012060926502953642,
  "rpve_csf": 22.468299786174725,
  "rpve_gm": 9.621274373191573,
  "rpve_wm": 14.882395628090263,
  "size_x": 176,
  "size_y": 224,
  "size_z": 256,
  "snr_csf": 2.440116279645907,
  "snr_gm": 15.07645823572857,
  "snr_total": 15.938226881704901,
  "snr_wm": 30.298106129740223,
  "snrd_csf": 47.33076992282682,
  "snrd_gm": 124.5588335564304,
  "snrd_total": 114.53055755581522,
  "snrd_wm": 171.70206918818843,
  "spacing_x": 0.999999463558197,
  "spacing_y": 0.9765625,
  "spacing_z": 0.9765625,
  "summary_bg_k": 22.730960030199995,
  "summary_bg_mad": 0.0,
  "summary_bg_mean": 1.5996988977431708,
  "summary_bg_median": 0.0,
  "summary_bg_n": 2370059.0,
  "summary_bg_p05": 0.0,
  "summary_bg_p95": 7.981851510703564,
  "summary_bg_stdv": 3.8157018276950434,
  "summary_csf_k": 0.6565294715459831,
  "summary_csf_mad": 79.72318826139886,
  "summary_csf_mean": 282.5023009053847,
  "summary_csf_median": 275.6679453328252,
  "summary_csf_n": 34880.0,
  "summary_csf_p05": 70.87043946608901,
  "summary_csf_p95": 484.5004871869458,
  "summary_csf_stdv": 112.97166284323285,
  "summary_gm_k": -0.011266563602837287,
  "summary_gm_mad": 48.20761540181463,
  "summary_gm_mean": 723.7604760540983,
  "summary_gm_median": 725.4662828333676,
  "summary_gm_n": 88102.0,
  "summary_gm_p05": 642.2449783980846,
  "summary_gm_p95": 800.243628565222,
  "summary_gm_stdv": 48.118872104003415,
  "summary_wm_k": 0.9315388022801359,
  "summary_wm_mad": 30.64360048797519,
  "summary_wm_mean": 1000.1931213033067,
  "summary_wm_median": 1000.0419748015702,
  "summary_wm_n": 212848.0,
  "summary_wm_p05": 947.2357255965471,
  "summary_wm_p95": 1053.8144481368363,
  "summary_wm_stdv": 33.00667115375879,
  "tpm_overlap_csf": 0.15428526277218552,
  "tpm_overlap_gm": 0.4860248514589674,
  "tpm_overlap_wm": 0.49771743305814187,
  "wm2max": 0.4692884795138914
}