{
  "aor": 0.00019363746958637473,
  "aqi": 0.01677276094890511,
  "bids_meta": {
    "AcquisitionMatrixPE": 100,
    "AcquisitionNumber": 1,
    "AcquisitionTime": "15:23:12.580000",
    "BandwidthPerPixelPhaseEncode": 13.889,
    "BaseResolution": 100,
    "ConversionSoftware": "dcm2niix",
    "ConversionSoftwareVersion": "v1.0.20180404 Clang8.0.0",
    "DerivedVendorReportedEchoSpacing": 0.000719994,
    "DeviceSerialNumber": "35002",
    "DwellTime": 2.8e-06,
    "EchoTime": 0.0436,
    "EffectiveEchoSpacing": 0.000719994,
    "FlipAngle": 55,
    "ImageComments": "Unaliased_MB8_PE3_(remote)",
    "ImageOrientationPatientDICOM": [
      1,
      -1e-16,
      0,
      1e-16,
      0.805928,
      0.592013
    ],
    "ImageType": [
      "ORIGINAL",
      "PRIMARY",
      "M",
      "MB",
      "ND",
      "MOSAIC"
    ],
    "InPlanePhaseEncodingDirectionDICOM": "COL",
    "InstitutionAddress": "University_Pkwy_1700_North_685_Provo_UT_US_84601",
    "InstitutionName": "Brigham_Young_University",
    "InstitutionalDepartmentName": "MRI",
    "MRAcquisitionType": "2D",
    "MagneticFieldStrength": 3,
    "Manufacturer": "Siemens",
    "ManufacturersModelName": "TrioTim",
    "Modality": "MR",
    "MultibandAccelerationFactor": 8,
    "PartialFourier": 1,
    "PatientPosition": "HFS",
    "PercentPhaseFOV": 100,
    "PhaseEncodingDirection": "j-",
    "PhaseEncodingSteps": 100,
    "PhaseResolution": 1,
    "PixelBandwidth": 1786,
    "ProcedureStepDescription": "Research_KIRWAN",
    "ProtocolName": "Resting_State",
    "PulseSequenceDetails": "%CustomerSeq%_cmrr_mbep2d_bold",
    "ReceiveCoilName": "32Ch_Head",
    "ReconMatrixPE": 100,
    "RepetitionTime": 0.875,
    "SAR": 0.132533,
    "ScanOptions": "FS",
    "ScanningSequence": "EP",
    "SequenceName": "epfid2d1_100",
    "SequenceVariant": "SK_SS",
    "SeriesDescription": "Resting_State",
    "SeriesNumber": 3,
    "ShimSetting": [
      -2818,
      -22917,
      2467,
      1062,
      72,
      248,
      313,
      402
    ],
    "SliceThickness": 1.8,
    "SliceTiming": [
      0,
      0.4875,
      0.0975,
      0.585,
      0.195,
      0.6825,
      0.2925,
      0.78,
      0.39,
      0,
      0.4875,
      0.0975,
      0.585,
      0.195,
      0.6825,
      0.2925,
      0.78,
      0.39,
      0,
      0.4875,
      0.0975,
      0.585,
      0.195,
      0.6825,
      0.2925,
      0.78,
      0.39,
      0,
      0.4875,
      0.0975,
      0.585,
      0.195,
      0.6825,
      0.2925,
      0.78,
      0.39,
      0,
      0.4875,
      0.0975,
      0.585,
      0.195,
      0.6825,
      0.2925,
      0.78,
      0.39,
      0,
      0.4875,
      0.0975,
      0.585,
      0.195,
      0.6825,
      0.2925,
      0.78,
      0.39,
      0,
      0.4875,
      0.0975,
      0.585,
      0.195,
      0.6825,
      0.2925,
      0.78,
      0.39,
      0,
      0.4875,
      0.0975,
      0.585,
      0.195,
      0.6825,
      0.2925,
      0.78,
      0.39
    ],
    "SoftwareVersions": "syngo_MR_B17",
    "SpacingBetweenSlices": 1.8,
    "StationName": "MININT-E41B04",
    "TaskName": "rest",
    "TotalReadoutTime": 0.0712794,
    "TxRefAmp": 379.122,
    "dataset": "ds001747",
    "modality": "bold",
    "run_id": 1,
    "subject_id": "3932",
    "task_id": "rest"
  },
  "dummy_trs": 1,
  "dvars_nstd": 72.64244845327654,
  "dvars_std": 1.0573011252496947,
  "dvars_vstd": 0.9978351681242371,
  "efc": 0.5741949041070296,
  "fber": 295.0645751953125,
  "fd_mean": 0.08684101500522487,
  "fd_num": 6,
  "fd_perc": 0.7299270072992701,
  "fwhm_avg": 3.7167648338703008,
  "fwhm_x": 3.5268334267625128,
  "fwhm_y": 4.02652788444434,
  "fwhm_z": 3.59693319040405,
  "gcor": 0.0165886,
  "gsr_x": -0.021366005763411522,
  "gsr_y": 0.1043701171875,
  "provenance": {
    "md5sum": "a509e6e8ef64fdfb83b1908f9632c6d5",
    "settings": {
      "fd_thres": 0.2,
      "testing": false
    },
    "software": "mriqc",
    "version": "22.0.1",
    "webapi_port": null,
    "webapi_url": "https://mriqc.nimh.nih.gov/api/v1"
  },
  "size_t": 822,
  "size_x": 100,
  "size_y": 100,
  "size_z": 72,
  "snr": 1.788104317212449,
  "spacing_tr": 0.875,
  "spacing_x": 1.7999999523162842,
  "spacing_y": 1.7999999523162842,
  "spacing_z": 1.8000000715255737,
  "summary_bg_k": 25.063904186061425,
  "summary_bg_mad": 13.882711546534637,
  "summary_bg_mean": 42.539222717285156,
  "summary_bg_median": 22.417274475097656,
  "summary_bg_n": 420312.0,
  "summary_bg_p05": 11.941605567932129,
  "summary_bg_p95": 149.7728050231931,
  "summary_bg_stdv": 56.16653823852539,
  "summary_fg_k": 4.416718706046933,
  "summary_fg_mad": 145.0443124912852,
  "summary_fg_mean": 460.15948486328125,
  "summary_fg_median": 393.642333984375,
  "summary_fg_n": 196465.0,
  "summary_fg_p05": 236.5238464355469,
  "summary_fg_p95": 911.6647338867188,
  "summary_fg_stdv": 220.14450073242188,
  "tsnr": 20.019607403315604
}