{
  "aor": 0.0004432685297691372,
  "aqi": 0.024392715431348726,
  "bids_meta": {
    "AcquisitionMatrixPE": 100,
    "AcquisitionNumber": 1,
    "AcquisitionTime": "11:32:7.622500",
    "BandwidthPerPixelPhaseEncode": 13.889,
    "BaseResolution": 100,
    "ConversionSoftware": "dcm2niix",
    "ConversionSoftwareVersion": "v1.0.20180404 Clang8.0.0",
    "DerivedVendorReportedEchoSpacing": 0.000719994,
    "DeviceSerialNumber": "35002",
    "DwellTime": 2.8e-06,
    "EchoTime": 0.0436,
    "EffectiveEchoSpacing": 0.000719994,
    "FlipAngle": 55,
    "ImageComments": "Unaliased_MB8_PE3_(remote)",
    "ImageOrientationPatientDICOM": [
      1,
      0,
      0,
      0,
      0.883766,
      0.46793
    ],
    "ImageType": [
      "ORIGINAL",
      "PRIMARY",
      "M",
      "MB",
      "ND",
      "MOSAIC"
    ],
    "InPlanePhaseEncodingDirectionDICOM": "COL",
    "InstitutionAddress": "University_Pkwy_1700_North_685_Provo_UT_US_84601",
    "InstitutionName": "Brigham_Young_University",
    "InstitutionalDepartmentName": "MRI",
    "MRAcquisitionType": "2D",
    "MagneticFieldStrength": 3,
    "Manufacturer": "Siemens",
    "ManufacturersModelName": "TrioTim",
    "Modality": "MR",
    "MultibandAccelerationFactor": 8,
    "PartialFourier": 1,
    "PatientPosition": "HFS",
    "PercentPhaseFOV": 100,
    "PhaseEncodingDirection": "j-",
    "PhaseEncodingSteps": 100,
    "PhaseResolution": 1,
    "PixelBandwidth": 1786,
    "ProcedureStepDescription": "Research_KIRWAN",
    "ProtocolName": "Resting_State",
    "PulseSequenceDetails": "%CustomerSeq%_cmrr_mbep2d_bold",
    "ReceiveCoilName": "32Ch_Head",
    "ReconMatrixPE": 100,
    "RepetitionTime": 0.875,
    "SAR": 0.183693,
    "ScanOptions": "FS",
    "ScanningSequence": "EP",
    "SequenceName": "epfid2d1_100",
    "SequenceVariant": "SK_SS",
    "SeriesDescription": "Resting_State",
    "SeriesNumber": 3,
    "ShimSetting": [
      -2877,
      -23000,
      2474,
      803,
      -129,
      92,
      23,
      538
    ],
    "SliceThickness": 1.8,
    "SliceTiming": [
      0,
      0.4875,
      0.0975,
      0.5875,
      0.195,
      0.685,
      0.2925,
      0.7825,
      0.39,
      0,
      0.4875,
      0.0975,
      0.5875,
      0.195,
      0.685,
      0.2925,
      0.7825,
      0.39,
      0,
      0.4875,
      0.0975,
      0.5875,
      0.195,
      0.685,
      0.2925,
      0.7825,
      0.39,
      0,
      0.4875,
      0.0975,
      0.5875,
      0.195,
      0.685,
      0.2925,
      0.7825,
      0.39,
      0,
      0.4875,
      0.0975,
      0.5875,
      0.195,
      0.685,
      0.2925,
      0.7825,
      0.39,
      0,
      0.4875,
      0.0975,
      0.5875,
      0.195,
      0.685,
      0.2925,
      0.7825,
      0.39,
      0,
      0.4875,
      0.0975,
      0.5875,
      0.195,
      0.685,
      0.2925,
      0.7825,
      0.39,
      0,
      0.4875,
      0.0975,
      0.5875,
      0.195,
      0.685,
      0.2925,
      0.7825,
      0.39
    ],
    "SoftwareVersions": "syngo_MR_B17",
    "SpacingBetweenSlices": 1.8,
    "StationName": "MININT-E41B04",
    "TaskName": "rest",
    "TotalReadoutTime": 0.0712794,
    "TxRefAmp": 446.697,
    "dataset": "ds001747",
    "modality": "bold",
    "run_id": 1,
    "subject_id": "3893",
    "task_id": "rest"
  },
  "dummy_trs": 0,
  "dvars_nstd": 66.18789996319947,
  "dvars_std": 1.0136889834793192,
  "dvars_vstd": 0.9760664160948909,
  "efc": 0.5921114282237454,
  "fber": 267.4642639160156,
  "fd_mean": 0.10207987485884777,
  "fd_num": 25,
  "fd_perc": 3.0376670716889427,
  "fwhm_avg": 3.504696389139044,
  "fwhm_x": 3.2879223093224184,
  "fwhm_y": 3.928100104059116,
  "fwhm_z": 3.298066754035599,
  "gcor": 0.00344799,
  "gsr_x": -0.014398826286196709,
  "gsr_y": 0.1352328509092331,
  "provenance": {
    "md5sum": "f6b47afbe0d67d8de4971e976170f087",
    "settings": {
      "fd_thres": 0.2,
      "testing": false
    },
    "software": "mriqc",
    "version": "22.0.1",
    "webapi_port": null,
    "webapi_url": "https://mriqc.nimh.nih.gov/api/v1"
  },
  "size_t": 823,
  "size_x": 100,
  "size_y": 100,
  "size_z": 72,
  "snr": 1.9279232990830573,
  "spacing_tr": 0.875,
  "spacing_x": 1.7999999523162842,
  "spacing_y": 1.7999999523162842,
  "spacing_z": 1.7999999523162842,
  "summary_bg_k": 36.42251104876779,
  "summary_bg_mad": 15.570025294773798,
  "summary_bg_mean": 47.99104309082031,
  "summary_bg_median": 24.292831420898438,
  "summary_bg_n": 417480.0,
  "summary_bg_p05": 11.92345142364502,
  "summary_bg_p95": 163.1846923828125,
  "summary_bg_stdv": 67.1154556274414,
  "summary_fg_k": 2.4778292201480063,
  "summary_fg_mad": 151.5028260129638,
  "summary_fg_mean": 461.552490234375,
  "summary_fg_median": 403.4811706542969,
  "summary_fg_n": 201393.0,
  "summary_fg_p05": 234.2765625,
  "summary_fg_p95": 897.01923828125,
  "summary_fg_stdv": 209.2822723388672,
  "tsnr": 17.21859773970209
}