{
  "aor": 0.00032758830694275276,
  "aqi": 0.02018509695493301,
  "bids_meta": {
    "AcquisitionMatrixPE": 100,
    "AcquisitionNumber": 1,
    "AcquisitionTime": "13:43:46.155000",
    "BandwidthPerPixelPhaseEncode": 13.889,
    "BaseResolution": 100,
    "ConversionSoftware": "dcm2niix",
    "ConversionSoftwareVersion": "v1.0.20180404 Clang8.0.0",
    "DerivedVendorReportedEchoSpacing": 0.000719994,
    "DeviceSerialNumber": "35002",
    "DwellTime": 2.8e-06,
    "EchoTime": 0.0436,
    "EffectiveEchoSpacing": 0.000719994,
    "FlipAngle": 55,
    "ImageComments": "Unaliased_MB8_PE3_(remote)",
    "ImageOrientationPatientDICOM": [
      1,
      0.000241486,
      -0.000433826,
      -2.17068e-08,
      0.873775,
      0.48633
    ],
    "ImageType": [
      "ORIGINAL",
      "PRIMARY",
      "M",
      "MB",
      "ND",
      "MOSAIC"
    ],
    "InPlanePhaseEncodingDirectionDICOM": "COL",
    "InstitutionAddress": "University_Pkwy_1700_North_685_Provo_UT_US_84601",
    "InstitutionName": "Brigham_Young_University",
    "InstitutionalDepartmentName": "MRI",
    "MRAcquisitionType": "2D",
    "MagneticFieldStrength": 3,
    "Manufacturer": "Siemens",
    "ManufacturersModelName": "TrioTim",
    "Modality": "MR",
    "MultibandAccelerationFactor": 8,
    "PartialFourier": 1,
    "PatientPosition": "HFS",
    "PercentPhaseFOV": 100,
    "PhaseEncodingDirection": "j-",
    "PhaseEncodingSteps": 100,
    "PhaseResolution": 1,
    "PixelBandwidth": 1786,
    "ProcedureStepDescription": "Research_KIRWAN",
    "ProtocolName": "Resting_State",
    "PulseSequenceDetails": "%CustomerSeq%_cmrr_mbep2d_bold",
    "ReceiveCoilName": "32Ch_Head",
    "ReconMatrixPE": 100,
    "RepetitionTime": 0.875,
    "SAR": 0.133398,
    "ScanOptions": "FS",
    "ScanningSequence": "EP",
    "SequenceName": "epfid2d1_100",
    "SequenceVariant": "SK_SS",
    "SeriesDescription": "Resting_State",
    "SeriesNumber": 3,
    "ShimSetting": [
      -2846,
      -23046,
      2417,
      1130,
      -214,
      -70,
      539,
      377
    ],
    "SliceThickness": 1.8,
    "SliceTiming": [
      0,
      0.49,
      0.0975,
      0.5875,
      0.195,
      0.685,
      0.295,
      0.7825,
      0.3925,
      0,
      0.49,
      0.0975,
      0.5875,
      0.195,
      0.685,
      0.295,
      0.7825,
      0.3925,
      0,
      0.49,
      0.0975,
      0.5875,
      0.195,
      0.685,
      0.295,
      0.7825,
      0.3925,
      0,
      0.49,
      0.0975,
      0.5875,
      0.195,
      0.685,
      0.295,
      0.7825,
      0.3925,
      0,
      0.49,
      0.0975,
      0.5875,
      0.195,
      0.685,
      0.295,
      0.7825,
      0.3925,
      0,
      0.49,
      0.0975,
      0.5875,
      0.195,
      0.685,
      0.295,
      0.7825,
      0.3925,
      0,
      0.49,
      0.0975,
      0.5875,
      0.195,
      0.685,
      0.295,
      0.7825,
      0.3925,
      0,
      0.49,
      0.0975,
      0.5875,
      0.195,
      0.685,
      0.295,
      0.7825,
      0.3925
    ],
    "SoftwareVersions": "syngo_MR_B17",
    "SpacingBetweenSlices": 1.8,
    "StationName": "MININT-E41B04",
    "TaskName": "rest",
    "TotalReadoutTime": 0.0712794,
    "TxRefAmp": 392.367,
    "dataset": "ds001747",
    "modality": "bold",
    "run_id": 1,
    "subject_id": "3955",
    "task_id": "rest"
  },
  "dummy_trs": 2,
  "dvars_nstd": 69.00662117915854,
  "dvars_std": 1.037799043890244,
  "dvars_vstd": 0.9876326900975597,
  "efc": 0.5587599985696124,
  "fber": 305.4991149902344,
  "fd_mean": 0.13306269472736507,
  "fd_num": 80,
  "fd_perc": 9.7442143727162,
  "fwhm_avg": 3.5633315758775317,
  "fwhm_x": 3.356300088911589,
  "fwhm_y": 3.9309445485789127,
  "fwhm_z": 3.4027500901420935,
  "gcor": 0.0143929,
  "gsr_x": -0.033526066690683365,
  "gsr_y": 0.10245861858129501,
  "provenance": {
    "md5sum": "d1e2e504d3204472b6a8b175ff4c6e49",
    "settings": {
      "fd_thres": 0.2,
      "testing": false
    },
    "software": "mriqc",
    "version": "22.0.1",
    "webapi_port": null,
    "webapi_url": "https://mriqc.nimh.nih.gov/api/v1"
  },
  "size_t": 821,
  "size_x": 100,
  "size_y": 100,
  "size_z": 72,
  "snr": 1.8193998999105585,
  "spacing_tr": 0.875,
  "spacing_x": 1.7999999523162842,
  "spacing_y": 1.7999999523162842,
  "spacing_z": 1.7999999523162842,
  "summary_bg_k": 92.72566331286045,
  "summary_bg_mad": 13.232360819233524,
  "summary_bg_mean": 41.02661895751953,
  "summary_bg_median": 21.81790542602539,
  "summary_bg_n": 436170.0,
  "summary_bg_p05": 11.609013557434082,
  "summary_bg_p95": 130.51071853637686,
  "summary_bg_stdv": 68.58199310302734,
  "summary_fg_k": 4.032988929676006,
  "summary_fg_mad": 140.69733527436517,
  "summary_fg_mean": 450.0014953613281,
  "summary_fg_median": 386.1888122558594,
  "summary_fg_n": 182826.0,
  "summary_fg_p05": 231.59562301635742,
  "summary_fg_p95": 896.9741821289062,
  "summary_fg_stdv": 212.2610626220703,
  "tsnr": 19.03201059368439
}