{
  "aor": 0.00037789537712895377,
  "aqi": 0.02269253515815085,
  "bids_meta": {
    "AcquisitionMatrixPE": 100,
    "AcquisitionNumber": 1,
    "AcquisitionTime": "17:02:59.175000",
    "BandwidthPerPixelPhaseEncode": 13.889,
    "BaseResolution": 100,
    "ConversionSoftware": "dcm2niix",
    "ConversionSoftwareVersion": "v1.0.20180404 Clang8.0.0",
    "DerivedVendorReportedEchoSpacing": 0.000719994,
    "DeviceSerialNumber": "35002",
    "DwellTime": 2.8e-06,
    "EchoTime": 0.0436,
    "EffectiveEchoSpacing": 0.000719994,
    "FlipAngle": 55,
    "ImageComments": "Unaliased_MB8_PE3_(remote)",
    "ImageOrientationPatientDICOM": [
      1,
      -1e-16,
      0,
      1e-16,
      0.901077,
      0.433659
    ],
    "ImageType": [
      "ORIGINAL",
      "PRIMARY",
      "M",
      "MB",
      "ND",
      "MOSAIC"
    ],
    "InPlanePhaseEncodingDirectionDICOM": "COL",
    "InstitutionAddress": "University_Pkwy_1700_North_685_Provo_UT_US_84601",
    "InstitutionName": "Brigham_Young_University",
    "InstitutionalDepartmentName": "MRI",
    "MRAcquisitionType": "2D",
    "MagneticFieldStrength": 3,
    "Manufacturer": "Siemens",
    "ManufacturersModelName": "TrioTim",
    "Modality": "MR",
    "MultibandAccelerationFactor": 8,
    "PartialFourier": 1,
    "PatientPosition": "HFS",
    "PercentPhaseFOV": 100,
    "PhaseEncodingDirection": "j-",
    "PhaseEncodingSteps": 100,
    "PhaseResolution": 1,
    "PixelBandwidth": 1786,
    "ProcedureStepDescription": "Research_KIRWAN",
    "ProtocolName": "Resting_State",
    "PulseSequenceDetails": "%CustomerSeq%_cmrr_mbep2d_bold",
    "ReceiveCoilName": "32Ch_Head",
    "ReconMatrixPE": 100,
    "RepetitionTime": 0.875,
    "SAR": 0.134299,
    "ScanOptions": "FS",
    "ScanningSequence": "EP",
    "SequenceName": "epfid2d1_100",
    "SequenceVariant": "SK_SS",
    "SeriesDescription": "Resting_State",
    "SeriesNumber": 3,
    "ShimSetting": [
      -2819,
      -22919,
      2373,
      645,
      6,
      245,
      -304,
      589
    ],
    "SliceThickness": 1.8,
    "SliceTiming": [
      0,
      0.4875,
      0.0975,
      0.585,
      0.195,
      0.6825,
      0.2925,
      0.78,
      0.39,
      0,
      0.4875,
      0.0975,
      0.585,
      0.195,
      0.6825,
      0.2925,
      0.78,
      0.39,
      0,
      0.4875,
      0.0975,
      0.585,
      0.195,
      0.6825,
      0.2925,
      0.78,
      0.39,
      0,
      0.4875,
      0.0975,
      0.585,
      0.195,
      0.6825,
      0.2925,
      0.78,
      0.39,
      0,
      0.4875,
      0.0975,
      0.585,
      0.195,
      0.6825,
      0.2925,
      0.78,
      0.39,
      0,
      0.4875,
      0.0975,
      0.585,
      0.195,
      0.6825,
      0.2925,
      0.78,
      0.39,
      0,
      0.4875,
      0.0975,
      0.585,
      0.195,
      0.6825,
      0.2925,
      0.78,
      0.39,
      0,
      0.4875,
      0.0975,
      0.585,
      0.195,
      0.6825,
      0.2925,
      0.78,
      0.39
    ],
    "SoftwareVersions": "syngo_MR_B17",
    "SpacingBetweenSlices": 1.8,
    "StationName": "MININT-E41B04",
    "TaskName": "rest",
    "TotalReadoutTime": 0.0712794,
    "TxRefAmp": 392.091,
    "dataset": "ds001747",
    "modality": "bold",
    "run_id": 1,
    "subject_id": "3967",
    "task_id": "rest"
  },
  "dummy_trs": 1,
  "dvars_nstd": 90.27435240464064,
  "dvars_std": 1.1060718106211935,
  "dvars_vstd": 0.9858611809622424,
  "efc": 0.6069360731050804,
  "fber": 135.9681854248047,
  "fd_mean": 0.14802090781176486,
  "fd_num": 210,
  "fd_perc": 25.547445255474454,
  "fwhm_avg": 3.3471574960768002,
  "fwhm_x": 3.117272304801737,
  "fwhm_y": 3.714016765054511,
  "fwhm_z": 3.2101834183741524,
  "gcor": 0.00532454,
  "gsr_x": -0.014262000098824501,
  "gsr_y": 0.08115965127944946,
  "provenance": {
    "md5sum": "a148b7530e0f36db116f0ce0b9418af4",
    "settings": {
      "fd_thres": 0.2,
      "testing": false
    },
    "software": "mriqc",
    "version": "22.0.1",
    "webapi_port": null,
    "webapi_url": "https://mriqc.nimh.nih.gov/api/v1"
  },
  "size_t": 822,
  "size_x": 100,
  "size_y": 100,
  "size_z": 72,
  "snr": 1.615476543163806,
  "spacing_tr": 0.875,
  "spacing_x": 1.7999999523162842,
  "spacing_y": 1.7999999523162842,
  "spacing_z": 1.7999999523162842,
  "summary_bg_k": 57.500430611267575,
  "summary_bg_mad": 18.857186307335862,
  "summary_bg_mean": 46.13764190673828,
  "summary_bg_median": 29.06934356689453,
  "summary_bg_n": 380985.0,
  "summary_bg_p05": 13.102190017700195,
  "summary_bg_p95": 132.80000305175778,
  "summary_bg_stdv": 56.99835205078125,
  "summary_fg_k": 6.745944742966936,
  "summary_fg_mad": 131.30680483787006,
  "summary_fg_mean": 410.8371276855469,
  "summary_fg_median": 350.0267639160156,
  "summary_fg_n": 226098.0,
  "summary_fg_p05": 189.24920654296875,
  "summary_fg_p95": 848.5769561767577,
  "summary_fg_stdv": 216.67042541503906,
  "tsnr": 16.26262340869289
}