{
  "bids_meta": {
    "AcquisitionMatrixPE": 215,
    "AcquisitionNumber": 1,
    "AcquisitionTime": "15:30:19.005000",
    "BaseResolution": 256,
    "ConversionSoftware": "dcm2niix",
    "ConversionSoftwareVersion": "v1.0.20180404 Clang8.0.0",
    "DeviceSerialNumber": "35002",
    "DwellTime": 9.8e-06,
    "EchoTime": 0.00226,
    "FlipAngle": 9,
    "ImageOrientationPatientDICOM": [
      0.0174523,
      0.999848,
      4.41393e-08,
      0.0401257,
      -0.00070035,
      -0.999194
    ],
    "ImageType": [
      "ORIGINAL",
      "PRIMARY",
      "M",
      "ND",
      "NORM"
    ],
    "InPlanePhaseEncodingDirectionDICOM": "ROW",
    "InstitutionAddress": "University_Pkwy_1700_North_685_Provo_UT_US_84601",
    "InstitutionName": "Brigham_Young_University",
    "InstitutionalDepartmentName": "MRI",
    "InversionTime": 0.9,
    "MRAcquisitionType": "3D",
    "MagneticFieldStrength": 3,
    "Manufacturer": "Siemens",
    "ManufacturersModelName": "TrioTim",
    "Modality": "MR",
    "ParallelReductionFactorInPlane": 2,
    "PartialFourier": 0.875,
    "PatientPosition": "HFS",
    "PercentPhaseFOV": 87.5,
    "PhaseEncodingSteps": 226,
    "PhaseOversampling": 0.2,
    "PhaseResolution": 0.96,
    "PixelBandwidth": 199,
    "ProcedureStepDescription": "Research_KIRWAN",
    "ProtocolName": "t1_mpr_sag_iso_mprage_fast",
    "PulseSequenceDetails": "%SiemensSeq%_tfl",
    "ReceiveCoilName": "32Ch_Head",
    "ReconMatrixPE": 256,
    "RepetitionTime": 1.9,
    "SAR": 0.12968,
    "ScanOptions": "IR_PFP",
    "ScanningSequence": "GR_IR",
    "SequenceName": "_tfl3d1_ns",
    "SequenceVariant": "SP_MP_OSP",
    "SeriesDescription": "t1_mpr_sag_iso_mprage_fast",
    "SeriesNumber": 6,
    "ShimSetting": [
      -2830,
      -22913,
      1923,
      -81,
      -87,
      -38,
      -253,
      388
    ],
    "SliceThickness": 1,
    "SoftwareVersions": "syngo_MR_B17",
    "StationName": "MININT-E41B04",
    "TxRefAmp": 377.303,
    "dataset": "ds001747",
    "modality": "T1w",
    "run_id": 1,
    "subject_id": "3944"
  },
  "cjv": 0.3288387481917057,
  "cnr": 4.176791788725769,
  "efc": 0.5418968973243475,
  "fber": -1.0,
  "fwhm_avg": 4.515138556817921,
  "fwhm_x": 4.251304950453763,
  "fwhm_y": 4.79147008,
  "fwhm_z": 4.502640639999999,
  "icvs_csf": 0.17812336281898444,
  "icvs_gm": 0.46734091491097746,
  "icvs_wm": 0.3545357222700381,
  "inu_med": 0.3846641778945923,
  "inu_range": 0.13072378188371658,
  "provenance": {
    "md5sum": "de0f1ee6ccfafc16ee4cb462c9b1ae1b",
    "settings": {
      "testing": false
    },
    "software": "mriqc",
    "version": "22.0.1",
    "warnings": {
      "large_rot_frame": true,
      "small_air_mask": false
    },
    "webapi_port": null,
    "webapi_url": "https://mriqc.nimh.nih.gov/api/v1"
  },
  "qi_1": 0.021546820062097398,
  "qi_2": 0.03255765033188391,
  "rpve_csf": 26.731121827424698,
  "rpve_gm": 11.298723386862374,
  "rpve_wm": 16.329327561892185,
  "size_x": 176,
  "size_y": 224,
  "size_z": 256,
  "snr_csf": 2.648272583851259,
  "snr_gm": 15.968820703261928,
  "snr_total": 15.440710688005218,
  "snr_wm": 27.70503877690247,
  "snrd_csf": 65.94078582819037,
  "snrd_gm": 153.5855839726836,
  "snrd_total": 141.2679200743208,
  "snrd_wm": 204.27739042208844,
  "spacing_x": 0.9999964833259583,
  "spacing_y": 0.9765625,
  "spacing_z": 0.9765625,
  "summary_bg_k": 26.442299629627435,
  "summary_bg_mad": 0.0,
  "summary_bg_mean": 0.9583901811082942,
  "summary_bg_median": 0.0,
  "summary_bg_n": 2555895.0,
  "summary_bg_p05": 0.0,
  "summary_bg_p95": 8.429498583078384,
  "summary_bg_stdv": 3.2070920164937413,
  "summary_csf_k": 0.3796510357087346,
  "summary_csf_mad": 88.8197940958026,
  "summary_csf_mean": 323.2459325863738,
  "summary_csf_median": 322.8002104461193,
  "summary_csf_n": 24835.0,
  "summary_csf_p05": 85.64731180667877,
  "summary_csf_p95": 533.7179851531982,
  "summary_csf_stdv": 121.88840131190152,
  "summary_gm_k": -0.010727542682918756,
  "summary_gm_mad": 47.58441941024188,
  "summary_gm_mean": 750.4788726407013,
  "summary_gm_median": 751.8481650650501,
  "summary_gm_n": 57274.0,
  "summary_gm_p05": 672.3764752149582,
  "summary_gm_p95": 825.9105510115623,
  "summary_gm_stdv": 47.08184877264345,
  "summary_wm_k": 0.6051547235278822,
  "summary_wm_mad": 34.017513314344264,
  "summary_wm_mean": 1001.70776343319,
  "summary_wm_median": 999.9999816417694,
  "summary_wm_n": 190760.0,
  "summary_wm_p05": 945.5463223457336,
  "summary_wm_p95": 1063.559302508831,
  "summary_wm_stdv": 36.09442197848521,
  "tpm_overlap_csf": 0.14167560028010323,
  "tpm_overlap_gm": 0.4809566322745889,
  "tpm_overlap_wm": 0.5230875114186244,
  "wm2max": 0.4303166999201509
}