{
  "aor": 0.00022346341463414632,
  "aqi": 0.017421988780487802,
  "bids_meta": {
    "AcquisitionMatrixPE": 100,
    "AcquisitionNumber": 1,
    "AcquisitionTime": "12:52:27.392500",
    "BandwidthPerPixelPhaseEncode": 13.889,
    "BaseResolution": 100,
    "ConversionSoftware": "dcm2niix",
    "ConversionSoftwareVersion": "v1.0.20180404 Clang8.0.0",
    "DerivedVendorReportedEchoSpacing": 0.000719994,
    "DeviceSerialNumber": "35002",
    "DwellTime": 2.8e-06,
    "EchoTime": 0.0436,
    "EffectiveEchoSpacing": 0.000719994,
    "FlipAngle": 55,
    "ImageComments": "Unaliased_MB8_PE3_(remote)",
    "ImageOrientationPatientDICOM": [
      1,
      0,
      0,
      0,
      0.91706,
      0.398749
    ],
    "ImageType": [
      "ORIGINAL",
      "PRIMARY",
      "M",
      "MB",
      "ND",
      "MOSAIC"
    ],
    "InPlanePhaseEncodingDirectionDICOM": "COL",
    "InstitutionAddress": "University_Pkwy_1700_North_685_Provo_UT_US_84601",
    "InstitutionName": "Brigham_Young_University",
    "InstitutionalDepartmentName": "MRI",
    "MRAcquisitionType": "2D",
    "MagneticFieldStrength": 3,
    "Manufacturer": "Siemens",
    "ManufacturersModelName": "TrioTim",
    "Modality": "MR",
    "MultibandAccelerationFactor": 8,
    "PartialFourier": 1,
    "PatientPosition": "HFS",
    "PercentPhaseFOV": 100,
    "PhaseEncodingDirection": "j-",
    "PhaseEncodingSteps": 100,
    "PhaseResolution": 1,
    "PixelBandwidth": 1786,
    "ProcedureStepDescription": "Research_KIRWAN",
    "ProtocolName": "Resting_State",
    "PulseSequenceDetails": "%CustomerSeq%_cmrr_mbep2d_bold",
    "ReceiveCoilName": "32Ch_Head",
    "ReconMatrixPE": 100,
    "RepetitionTime": 0.875,
    "SAR": 0.0957944,
    "ScanOptions": "FS",
    "ScanningSequence": "EP",
    "SequenceName": "epfid2d1_100",
    "SequenceVariant": "SK_SS",
    "SeriesDescription": "Resting_State",
    "SeriesNumber": 3,
    "ShimSetting": [
      -2825,
      -22961,
      2349,
      611,
      6,
      210,
      -348,
      460
    ],
    "SliceThickness": 1.8,
    "SliceTiming": [
      0,
      0.4875,
      0.0975,
      0.585,
      0.195,
      0.6825,
      0.2925,
      0.78,
      0.39,
      0,
      0.4875,
      0.0975,
      0.585,
      0.195,
      0.6825,
      0.2925,
      0.78,
      0.39,
      0,
      0.4875,
      0.0975,
      0.585,
      0.195,
      0.6825,
      0.2925,
      0.78,
      0.39,
      0,
      0.4875,
      0.0975,
      0.585,
      0.195,
      0.6825,
      0.2925,
      0.78,
      0.39,
      0,
      0.4875,
      0.0975,
      0.585,
      0.195,
      0.6825,
      0.2925,
      0.78,
      0.39,
      0,
      0.4875,
      0.0975,
      0.585,
      0.195,
      0.6825,
      0.2925,
      0.78,
      0.39,
      0,
      0.4875,
      0.0975,
      0.585,
      0.195,
      0.6825,
      0.2925,
      0.78,
      0.39,
      0,
      0.4875,
      0.0975,
      0.585,
      0.195,
      0.6825,
      0.2925,
      0.78,
      0.39
    ],
    "SoftwareVersions": "syngo_MR_B17",
    "SpacingBetweenSlices": 1.8,
    "StationName": "MININT-E41B04",
    "TaskName": "rest",
    "TotalReadoutTime": 0.0712794,
    "TxRefAmp": 409.316,
    "dataset": "ds001747",
    "modality": "bold",
    "run_id": 1,
    "subject_id": "3965",
    "task_id": "rest"
  },
  "dummy_trs": 3,
  "dvars_nstd": 69.01292161369959,
  "dvars_std": 1.0202461648717949,
  "dvars_vstd": 0.985346551843712,
  "efc": 0.6242743365302013,
  "fber": 132.6616668701172,
  "fd_mean": 0.07957230028247882,
  "fd_num": 0,
  "fd_perc": 0.0,
  "fwhm_avg": 3.460611129145567,
  "fwhm_x": 3.3578612000640553,
  "fwhm_y": 3.6881723199254224,
  "fwhm_z": 3.3357998674472222,
  "gcor": 0.00336974,
  "gsr_x": -0.02323213592171669,
  "gsr_y": 0.11473460495471954,
  "provenance": {
    "md5sum": "30fd7d210fb833e1eae4dae204058bc5",
    "settings": {
      "fd_thres": 0.2,
      "testing": false
    },
    "software": "mriqc",
    "version": "22.0.1",
    "webapi_port": null,
    "webapi_url": "https://mriqc.nimh.nih.gov/api/v1"
  },
  "size_t": 820,
  "size_x": 100,
  "size_y": 100,
  "size_z": 72,
  "snr": 1.7268103426173802,
  "spacing_tr": 0.875,
  "spacing_x": 1.7999999523162842,
  "spacing_y": 1.7999999523162842,
  "spacing_z": 1.8000000715255737,
  "summary_bg_k": 27.537955139821403,
  "summary_bg_mad": 22.739863415052124,
  "summary_bg_mean": 52.640289306640625,
  "summary_bg_median": 31.545122146606445,
  "summary_bg_n": 376409.0,
  "summary_bg_p05": 13.374390602111816,
  "summary_bg_p95": 170.47755432128903,
  "summary_bg_stdv": 62.55556106567383,
  "summary_fg_k": 4.701566083643842,
  "summary_fg_mad": 138.42352623838502,
  "summary_fg_mean": 432.9940185546875,
  "summary_fg_median": 372.57379150390625,
  "summary_fg_n": 237328.0,
  "summary_fg_p05": 215.79030838012696,
  "summary_fg_p95": 887.4938964843749,
  "summary_fg_stdv": 215.75791931152344,
  "tsnr": 18.747357320971787
}