{
  "bids_meta": {
    "AcquisitionMatrixPE": 215,
    "AcquisitionNumber": 1,
    "AcquisitionTime": "11:40:37.970000",
    "BaseResolution": 256,
    "ConversionSoftware": "dcm2niix",
    "ConversionSoftwareVersion": "v1.0.20180404 Clang8.0.0",
    "DeviceSerialNumber": "35002",
    "DwellTime": 9.8e-06,
    "EchoTime": 0.00226,
    "FlipAngle": 9,
    "ImageOrientationPatientDICOM": [
      0,
      1,
      0,
      0.0226873,
      0,
      -0.999743
    ],
    "ImageType": [
      "ORIGINAL",
      "PRIMARY",
      "M",
      "ND",
      "NORM"
    ],
    "InPlanePhaseEncodingDirectionDICOM": "ROW",
    "InstitutionAddress": "University_Pkwy_1700_North_685_Provo_UT_US_84601",
    "InstitutionName": "Brigham_Young_University",
    "InstitutionalDepartmentName": "MRI",
    "InversionTime": 0.9,
    "MRAcquisitionType": "3D",
    "MagneticFieldStrength": 3,
    "Manufacturer": "Siemens",
    "ManufacturersModelName": "TrioTim",
    "Modality": "MR",
    "ParallelReductionFactorInPlane": 2,
    "PartialFourier": 0.875,
    "PatientPosition": "HFS",
    "PercentPhaseFOV": 87.5,
    "PhaseEncodingSteps": 226,
    "PhaseOversampling": 0.2,
    "PhaseResolution": 0.96,
    "PixelBandwidth": 199,
    "ProcedureStepDescription": "Research_KIRWAN",
    "ProtocolName": "t1_mpr_sag_iso_mprage_fast",
    "PulseSequenceDetails": "%SiemensSeq%_tfl",
    "ReceiveCoilName": "32Ch_Head",
    "ReconMatrixPE": 256,
    "RepetitionTime": 1.9,
    "SAR": 0.119522,
    "ScanOptions": "IR_PFP",
    "ScanningSequence": "GR_IR",
    "SequenceName": "_tfl3d1_ns",
    "SequenceVariant": "SP_MP_OSP",
    "SeriesDescription": "t1_mpr_sag_iso_mprage_fast",
    "SeriesNumber": 6,
    "ShimSetting": [
      -2830,
      -22913,
      1923,
      -81,
      -87,
      -38,
      -253,
      388
    ],
    "SliceThickness": 1,
    "SoftwareVersions": "syngo_MR_B17",
    "StationName": "MININT-E41B04",
    "TxRefAmp": 397.378,
    "dataset": "ds001747",
    "modality": "T1w",
    "run_id": 1,
    "subject_id": "3907"
  },
  "cjv": 0.2715735693109303,
  "cnr": 4.953844885073739,
  "efc": 0.5437683337194621,
  "fber": -1.0,
  "fwhm_avg": 4.549870308076421,
  "fwhm_x": 4.41843524422926,
  "fwhm_y": 4.77093888,
  "fwhm_z": 4.4602368,
  "icvs_csf": 0.19764821184929288,
  "icvs_gm": 0.4784794836119339,
  "icvs_wm": 0.32387230453877325,
  "inu_med": 0.38875481486320496,
  "inu_range": 0.10746979862451556,
  "provenance": {
    "md5sum": "c19c11dc75ed08915790e68dee9a7560",
    "settings": {
      "testing": false
    },
    "software": "mriqc",
    "version": "22.0.1",
    "warnings": {
      "large_rot_frame": true,
      "small_air_mask": false
    },
    "webapi_port": null,
    "webapi_url": "https://mriqc.nimh.nih.gov/api/v1"
  },
  "qi_1": 0.0,
  "qi_2": 0.011040266702171508,
  "rpve_csf": 23.21999958282055,
  "rpve_gm": 10.384525599616296,
  "rpve_wm": 16.75649982091391,
  "size_x": 176,
  "size_y": 224,
  "size_z": 256,
  "snr_csf": 2.4537015839922405,
  "snr_gm": 15.240924847895565,
  "snr_total": 16.54705062346116,
  "snr_wm": 31.946525438495676,
  "snrd_csf": 54.135054142486446,
  "snrd_gm": 141.80072428493793,
  "snrd_total": 131.04796368398127,
  "snrd_wm": 197.2081126245194,
  "spacing_x": 1.0000056028366089,
  "spacing_y": 0.9765625,
  "spacing_z": 0.9765625,
  "summary_bg_k": 25.269361700479923,
  "summary_bg_mad": 0.0,
  "summary_bg_mean": 1.3300165062465508,
  "summary_bg_median": 0.0,
  "summary_bg_n": 2403586.0,
  "summary_bg_p05": 0.0,
  "summary_bg_p95": 7.143925782293081,
  "summary_bg_stdv": 3.322180280564805,
  "summary_csf_k": 0.5764673324456631,
  "summary_csf_mad": 65.24093011193368,
  "summary_csf_mean": 273.6241383479555,
  "summary_csf_median": 274.5175040792674,
  "summary_csf_n": 41940.0,
  "summary_csf_p05": 52.85008968785405,
  "summary_csf_p95": 471.6898556705561,
  "summary_csf_stdv": 111.87759469602965,
  "summary_gm_k": -0.01777748584509231,
  "summary_gm_mad": 48.18900830197226,
  "summary_gm_mean": 717.6482134727088,
  "summary_gm_median": 719.0679223276675,
  "summary_gm_n": 78919.0,
  "summary_gm_p05": 638.1657680496573,
  "summary_gm_p95": 792.377317789942,
  "summary_gm_stdv": 47.1797724715278,
  "summary_wm_k": 1.1426339656427356,
  "summary_wm_mad": 28.11487595983882,
  "summary_wm_mean": 1000.0175415553783,
  "summary_wm_median": 1000.0374012626708,
  "summary_wm_n": 168119.0,
  "summary_wm_p05": 948.9452409557998,
  "summary_wm_p95": 1050.3815065138042,
  "summary_wm_stdv": 31.303386309990852,
  "tpm_overlap_csf": 0.15821398824348118,
  "tpm_overlap_gm": 0.48484054004448196,
  "tpm_overlap_wm": 0.49229096312003895,
  "wm2max": 0.47486013675517275
}