{
  "aor": 0.0002964433617539586,
  "aqi": 0.020762601218026797,
  "bids_meta": {
    "AcquisitionMatrixPE": 100,
    "AcquisitionNumber": 1,
    "AcquisitionTime": "12:49:22.860000",
    "BandwidthPerPixelPhaseEncode": 13.889,
    "BaseResolution": 100,
    "ConversionSoftware": "dcm2niix",
    "ConversionSoftwareVersion": "v1.0.20180404 Clang8.0.0",
    "DerivedVendorReportedEchoSpacing": 0.000719994,
    "DeviceSerialNumber": "35002",
    "DwellTime": 2.8e-06,
    "EchoTime": 0.0436,
    "EffectiveEchoSpacing": 0.000719994,
    "FlipAngle": 55,
    "ImageComments": "Unaliased_MB8_PE3_(remote)",
    "ImageOrientationPatientDICOM": [
      1,
      -1e-16,
      0,
      1e-16,
      0.893371,
      0.449319
    ],
    "ImageType": [
      "ORIGINAL",
      "PRIMARY",
      "M",
      "MB",
      "ND",
      "MOSAIC"
    ],
    "InPlanePhaseEncodingDirectionDICOM": "COL",
    "InstitutionAddress": "University_Pkwy_1700_North_685_Provo_UT_US_84601",
    "InstitutionName": "Brigham_Young_University",
    "InstitutionalDepartmentName": "MRI",
    "MRAcquisitionType": "2D",
    "MagneticFieldStrength": 3,
    "Manufacturer": "Siemens",
    "ManufacturersModelName": "TrioTim",
    "Modality": "MR",
    "MultibandAccelerationFactor": 8,
    "PartialFourier": 1,
    "PatientPosition": "HFS",
    "PercentPhaseFOV": 100,
    "PhaseEncodingDirection": "j-",
    "PhaseEncodingSteps": 100,
    "PhaseResolution": 1,
    "PixelBandwidth": 1786,
    "ProcedureStepDescription": "Research_KIRWAN",
    "ProtocolName": "Resting_State",
    "PulseSequenceDetails": "%CustomerSeq%_cmrr_mbep2d_bold",
    "ReceiveCoilName": "32Ch_Head",
    "ReconMatrixPE": 100,
    "RepetitionTime": 0.875,
    "SAR": 0.126655,
    "ScanOptions": "FS",
    "ScanningSequence": "EP",
    "SequenceName": "epfid2d1_100",
    "SequenceVariant": "SK_SS",
    "SeriesDescription": "Resting_State",
    "SeriesNumber": 3,
    "ShimSetting": [
      -2781,
      -22991,
      2470,
      1221,
      172,
      169,
      81,
      454
    ],
    "SliceThickness": 1.8,
    "SliceTiming": [
      0,
      0.4875,
      0.0975,
      0.585,
      0.195,
      0.6825,
      0.2925,
      0.78,
      0.39,
      0,
      0.4875,
      0.0975,
      0.585,
      0.195,
      0.6825,
      0.2925,
      0.78,
      0.39,
      0,
      0.4875,
      0.0975,
      0.585,
      0.195,
      0.6825,
      0.2925,
      0.78,
      0.39,
      0,
      0.4875,
      0.0975,
      0.585,
      0.195,
      0.6825,
      0.2925,
      0.78,
      0.39,
      0,
      0.4875,
      0.0975,
      0.585,
      0.195,
      0.6825,
      0.2925,
      0.78,
      0.39,
      0,
      0.4875,
      0.0975,
      0.585,
      0.195,
      0.6825,
      0.2925,
      0.78,
      0.39,
      0,
      0.4875,
      0.0975,
      0.585,
      0.195,
      0.6825,
      0.2925,
      0.78,
      0.39,
      0,
      0.4875,
      0.0975,
      0.585,
      0.195,
      0.6825,
      0.2925,
      0.78,
      0.39
    ],
    "SoftwareVersions": "syngo_MR_B17",
    "SpacingBetweenSlices": 1.8,
    "StationName": "MININT-E41B04",
    "TaskName": "rest",
    "TotalReadoutTime": 0.0712794,
    "TxRefAmp": 390.275,
    "dataset": "ds001747",
    "modality": "bold",
    "run_id": 1,
    "subject_id": "3877",
    "task_id": "rest"
  },
  "dummy_trs": 2,
  "dvars_nstd": 70.60343076176834,
  "dvars_std": 1.05494623067073,
  "dvars_vstd": 0.9901969714390243,
  "efc": 0.5835312564124596,
  "fber": 370.61444091796875,
  "fd_mean": 0.13176645602082773,
  "fd_num": 81,
  "fd_perc": 9.866017052375152,
  "fwhm_avg": 3.2742371237746997,
  "fwhm_x": 3.0882500818106884,
  "fwhm_y": 3.636194540770704,
  "fwhm_z": 3.0982667487427062,
  "gcor": 0.00483789,
  "gsr_x": -0.012637286446988583,
  "gsr_y": 0.08466168493032455,
  "provenance": {
    "md5sum": "841931bdb98d9f3ee8eee844433b2955",
    "settings": {
      "fd_thres": 0.2,
      "testing": false
    },
    "software": "mriqc",
    "version": "22.0.1",
    "webapi_port": null,
    "webapi_url": "https://mriqc.nimh.nih.gov/api/v1"
  },
  "size_t": 821,
  "size_x": 100,
  "size_y": 100,
  "size_z": 72,
  "snr": 1.9823598513276117,
  "spacing_tr": 0.875,
  "spacing_x": 1.7999999523162842,
  "spacing_y": 1.7999999523162842,
  "spacing_z": 1.7999999523162842,
  "summary_bg_k": 21.565012328390758,
  "summary_bg_mad": 10.36737924928616,
  "summary_bg_mean": 32.76809310913086,
  "summary_bg_median": 18.954933166503906,
  "summary_bg_n": 402524.0,
  "summary_bg_p05": 10.90134048461914,
  "summary_bg_p95": 103.39269485473622,
  "summary_bg_stdv": 38.69334030151367,
  "summary_fg_k": 8.88545613779522,
  "summary_fg_mad": 114.29221600512926,
  "summary_fg_mean": 423.0740051269531,
  "summary_fg_median": 374.53961181640625,
  "summary_fg_n": 211550.0,
  "summary_fg_p05": 234.42473678588868,
  "summary_fg_p95": 788.8126831054688,
  "summary_fg_stdv": 188.935791015625,
  "tsnr": 19.631196142872795
}