{
  "bids_meta": {
    "AcquisitionMatrixPE": 215,
    "AcquisitionNumber": 1,
    "AcquisitionTime": "12:21:3.767500",
    "BaseResolution": 256,
    "ConversionSoftware": "dcm2niix",
    "ConversionSoftwareVersion": "v1.0.20180404 Clang8.0.0",
    "DeviceSerialNumber": "35002",
    "DwellTime": 9.8e-06,
    "EchoTime": 0.00226,
    "FlipAngle": 9,
    "ImageOrientationPatientDICOM": [
      0,
      1,
      0,
      0,
      0,
      -1
    ],
    "ImageType": [
      "ORIGINAL",
      "PRIMARY",
      "M",
      "ND",
      "NORM"
    ],
    "InPlanePhaseEncodingDirectionDICOM": "ROW",
    "InstitutionAddress": "University_Pkwy_1700_North_685_Provo_UT_US_84601",
    "InstitutionName": "Brigham_Young_University",
    "InstitutionalDepartmentName": "MRI",
    "InversionTime": 0.9,
    "MRAcquisitionType": "3D",
    "MagneticFieldStrength": 3,
    "Manufacturer": "Siemens",
    "ManufacturersModelName": "TrioTim",
    "Modality": "MR",
    "ParallelReductionFactorInPlane": 2,
    "PartialFourier": 0.875,
    "PatientPosition": "HFS",
    "PercentPhaseFOV": 87.5,
    "PhaseEncodingSteps": 226,
    "PhaseOversampling": 0.2,
    "PhaseResolution": 0.96,
    "PixelBandwidth": 199,
    "ProcedureStepDescription": "Research_KIRWAN",
    "ProtocolName": "t1_mpr_sag_iso_mprage_fast",
    "PulseSequenceDetails": "%SiemensSeq%_tfl",
    "ReceiveCoilName": "32Ch_Head",
    "ReconMatrixPE": 256,
    "RepetitionTime": 1.9,
    "SAR": 0.135082,
    "ScanOptions": "IR_PFP",
    "ScanningSequence": "GR_IR",
    "SequenceName": "_tfl3d1_ns",
    "SequenceVariant": "SP_MP_OSP",
    "SeriesDescription": "t1_mpr_sag_iso_mprage_fast",
    "SeriesNumber": 6,
    "ShimSetting": [
      -2830,
      -22913,
      1923,
      -81,
      -87,
      -38,
      -253,
      388
    ],
    "SliceThickness": 1,
    "SoftwareVersions": "syngo_MR_B17",
    "StationName": "MININT-E41B04",
    "TxRefAmp": 434.755,
    "dataset": "ds001747",
    "modality": "T1w",
    "run_id": 1,
    "subject_id": "3906"
  },
  "cjv": 0.35084052498347856,
  "cnr": 3.798187819448167,
  "efc": 0.6235434390367449,
  "fber": -1.0,
  "fwhm_avg": 4.3491140533333335,
  "fwhm_x": 4.12693,
  "fwhm_y": 4.6999859200000005,
  "fwhm_z": 4.22042624,
  "icvs_csf": 0.20779732979898605,
  "icvs_gm": 0.4361023771025809,
  "icvs_wm": 0.35610029309843305,
  "inu_med": 0.4416965842247009,
  "inu_range": 0.14185992479324344,
  "provenance": {
    "md5sum": "ecfc3d412598f84767f5c975a49d697b",
    "settings": {
      "testing": false
    },
    "software": "mriqc",
    "version": "22.0.1",
    "warnings": {
      "large_rot_frame": true,
      "small_air_mask": false
    },
    "webapi_port": null,
    "webapi_url": "https://mriqc.nimh.nih.gov/api/v1"
  },
  "qi_1": 5.133867426674621e-06,
  "qi_2": 0.010821860991388599,
  "rpve_csf": 19.181635114945944,
  "rpve_gm": 9.594714731465825,
  "rpve_wm": 13.469023222479382,
  "size_x": 176,
  "size_y": 224,
  "size_z": 256,
  "snr_csf": 2.950962836060861,
  "snr_gm": 14.066672187199392,
  "snr_total": 14.549448558414495,
  "snr_wm": 26.63071065198323,
  "snrd_csf": 35.21557193474133,
  "snrd_gm": 86.2047854652522,
  "snrd_total": 78.72974806059943,
  "snrd_wm": 114.76888678180478,
  "spacing_x": 1.0,
  "spacing_y": 0.9765625,
  "spacing_z": 0.9765625,
  "summary_bg_k": 8.959977488861448,
  "summary_bg_mad": 0.0,
  "summary_bg_mean": 2.9922628200865824,
  "summary_bg_median": 0.0,
  "summary_bg_n": 2478485.0,
  "summary_bg_p05": 0.0,
  "summary_bg_p95": 15.746921338140965,
  "summary_bg_stdv": 5.708578539297519,
  "summary_csf_k": 1.338187872319332,
  "summary_csf_mad": 75.26607209374889,
  "summary_csf_mean": 314.84348636090715,
  "summary_csf_median": 306.853440284729,
  "summary_csf_n": 41443.0,
  "summary_csf_p05": 134.58212084546685,
  "summary_csf_p95": 506.5291034258903,
  "summary_csf_stdv": 103.98292191228228,
  "summary_gm_k": 0.14027728292014485,
  "summary_gm_mad": 52.546868850635796,
  "summary_gm_mean": 748.7528536535315,
  "summary_gm_median": 751.1516506969929,
  "summary_gm_n": 38897.0,
  "summary_gm_p05": 656.9427559331059,
  "summary_gm_p95": 832.0015154778957,
  "summary_gm_stdv": 53.39869906602936,
  "summary_wm_k": 1.035037449453844,
  "summary_wm_mad": 34.77571293961175,
  "summary_wm_mean": 1001.7170511577787,
  "summary_wm_median": 1000.0470193102956,
  "summary_wm_n": 220883.0,
  "summary_wm_p05": 944.0161827877164,
  "summary_wm_p95": 1065.4319971650839,
  "summary_wm_stdv": 37.552312014061336,
  "tpm_overlap_csf": 0.1630596191957611,
  "tpm_overlap_gm": 0.47229147101984065,
  "tpm_overlap_wm": 0.5179942844111995,
  "wm2max": 0.3570769204947886
}