{
  "bids_meta": {
    "AcquisitionMatrixPE": 215,
    "AcquisitionNumber": 1,
    "AcquisitionTime": "13:25:9.242500",
    "BaseResolution": 256,
    "ConversionSoftware": "dcm2niix",
    "ConversionSoftwareVersion": "v1.0.20180404 Clang8.0.0",
    "DeviceSerialNumber": "35002",
    "DwellTime": 9.8e-06,
    "EchoTime": 0.00226,
    "FlipAngle": 9,
    "ImageOrientationPatientDICOM": [
      0,
      1,
      0,
      0,
      0,
      -1
    ],
    "ImageType": [
      "ORIGINAL",
      "PRIMARY",
      "M",
      "ND",
      "NORM"
    ],
    "InPlanePhaseEncodingDirectionDICOM": "ROW",
    "InstitutionAddress": "University_Pkwy_1700_North_685_Provo_UT_US_84601",
    "InstitutionName": "Brigham_Young_University",
    "InstitutionalDepartmentName": "MRI",
    "InversionTime": 0.9,
    "MRAcquisitionType": "3D",
    "MagneticFieldStrength": 3,
    "Manufacturer": "Siemens",
    "ManufacturersModelName": "TrioTim",
    "Modality": "MR",
    "ParallelReductionFactorInPlane": 2,
    "PartialFourier": 0.875,
    "PatientPosition": "HFS",
    "PercentPhaseFOV": 87.5,
    "PhaseEncodingSteps": 226,
    "PhaseOversampling": 0.2,
    "PhaseResolution": 0.96,
    "PixelBandwidth": 199,
    "ProcedureStepDescription": "Research_KIRWAN",
    "ProtocolName": "t1_mpr_sag_iso_mprage_fast",
    "PulseSequenceDetails": "%SiemensSeq%_tfl",
    "ReceiveCoilName": "32Ch_Head",
    "ReconMatrixPE": 256,
    "RepetitionTime": 1.9,
    "SAR": 0.144673,
    "ScanOptions": "IR_PFP",
    "ScanningSequence": "GR_IR",
    "SequenceName": "_tfl3d1_ns",
    "SequenceVariant": "SP_MP_OSP",
    "SeriesDescription": "t1_mpr_sag_iso_mprage_fast",
    "SeriesNumber": 6,
    "ShimSetting": [
      -2830,
      -22913,
      1923,
      -81,
      -87,
      -38,
      -253,
      388
    ],
    "SliceThickness": 1,
    "SoftwareVersions": "syngo_MR_B17",
    "StationName": "MININT-E41B04",
    "TxRefAmp": 375.997,
    "dataset": "ds001747",
    "modality": "T1w",
    "run_id": 1,
    "subject_id": "3914"
  },
  "cjv": 0.32405204199170884,
  "cnr": 4.239001245355659,
  "efc": 0.6012764172704316,
  "fber": -1.0,
  "fwhm_avg": 4.773351600000001,
  "fwhm_x": 4.57009,
  "fwhm_y": 4.96477184,
  "fwhm_z": 4.785192960000001,
  "icvs_csf": 0.20252907212897645,
  "icvs_gm": 0.4524636580276887,
  "icvs_wm": 0.3450072698433349,
  "inu_med": 0.46962714195251465,
  "inu_range": 0.19420302659273148,
  "provenance": {
    "md5sum": "26a59f331696ebf5238f9fce05b8422b",
    "settings": {
      "testing": false
    },
    "software": "mriqc",
    "version": "22.0.1",
    "warnings": {
      "large_rot_frame": true,
      "small_air_mask": false
    },
    "webapi_port": null,
    "webapi_url": "https://mriqc.nimh.nih.gov/api/v1"
  },
  "qi_1": 6.258304493334905e-05,
  "qi_2": 0.014986822805140252,
  "rpve_csf": 22.487381250476794,
  "rpve_gm": 10.60336376885505,
  "rpve_wm": 15.244310704101776,
  "size_x": 176,
  "size_y": 224,
  "size_z": 256,
  "snr_csf": 2.8598593774353427,
  "snr_gm": 15.232918180397503,
  "snr_total": 14.419322263364315,
  "snr_wm": 25.1651892322601,
  "snrd_csf": 29.851166620096055,
  "snrd_gm": 81.2209684160203,
  "snrd_total": 73.90666892013549,
  "snrd_wm": 110.64787172429008,
  "spacing_x": 1.0,
  "spacing_y": 0.9765625,
  "spacing_z": 0.9765625,
  "summary_bg_k": 14.632802130337112,
  "summary_bg_mad": 0.0,
  "summary_bg_mean": 2.546541031887028,
  "summary_bg_median": 0.0,
  "summary_bg_n": 2027903.0,
  "summary_bg_p05": 0.0,
  "summary_bg_p95": 13.548750206828117,
  "summary_bg_stdv": 5.921215639084926,
  "summary_csf_k": 1.1139407607533496,
  "summary_csf_mad": 70.19222259675321,
  "summary_csf_mean": 277.89034062266273,
  "summary_csf_median": 269.7990748733282,
  "summary_csf_n": 53372.0,
  "summary_csf_p05": 120.53530584946276,
  "summary_csf_p95": 455.03349751234055,
  "summary_csf_stdv": 94.33909564097918,
  "summary_gm_k": -0.042388494772545915,
  "summary_gm_mad": 49.195197046752526,
  "summary_gm_mean": 734.4598326643479,
  "summary_gm_median": 734.0866244137287,
  "summary_gm_n": 57861.0,
  "summary_gm_p05": 656.935439273715,
  "summary_gm_p95": 814.1520690321922,
  "summary_gm_stdv": 48.190390846803844,
  "summary_wm_k": 0.7029050437736744,
  "summary_wm_mad": 36.99114970541638,
  "summary_wm_mean": 1001.539739163332,
  "summary_wm_median": 1000.0511473417282,
  "summary_wm_n": 190592.0,
  "summary_wm_p05": 938.5449341386557,
  "summary_wm_p95": 1069.2264644354582,
  "summary_wm_stdv": 39.73936037473309,
  "tpm_overlap_csf": 0.14138874722861303,
  "tpm_overlap_gm": 0.47050807801359523,
  "tpm_overlap_wm": 0.4930111425869693,
  "wm2max": 0.40163894149903134
}