{
  "aor": 0.0002351035322777101,
  "aqi": 0.02720031047503045,
  "bids_meta": {
    "AcquisitionMatrixPE": 100,
    "AcquisitionNumber": 1,
    "AcquisitionTime": "15:20:50.877500",
    "BandwidthPerPixelPhaseEncode": 13.889,
    "BaseResolution": 100,
    "ConversionSoftware": "dcm2niix",
    "ConversionSoftwareVersion": "v1.0.20180404 Clang8.0.0",
    "DerivedVendorReportedEchoSpacing": 0.000719994,
    "DeviceSerialNumber": "35002",
    "DwellTime": 2.8e-06,
    "EchoTime": 0.0436,
    "EffectiveEchoSpacing": 0.000719994,
    "FlipAngle": 55,
    "ImageComments": "Unaliased_MB8_PE3_(remote)",
    "ImageOrientationPatientDICOM": [
      1,
      -0.00015004,
      0.000336945,
      2.2036e-08,
      0.913547,
      0.406733
    ],
    "ImageType": [
      "ORIGINAL",
      "PRIMARY",
      "M",
      "MB",
      "ND",
      "MOSAIC"
    ],
    "InPlanePhaseEncodingDirectionDICOM": "COL",
    "InstitutionAddress": "University_Pkwy_1700_North_685_Provo_UT_US_84601",
    "InstitutionName": "Brigham_Young_University",
    "InstitutionalDepartmentName": "MRI",
    "MRAcquisitionType": "2D",
    "MagneticFieldStrength": 3,
    "Manufacturer": "Siemens",
    "ManufacturersModelName": "TrioTim",
    "Modality": "MR",
    "MultibandAccelerationFactor": 8,
    "PartialFourier": 1,
    "PatientPosition": "HFS",
    "PercentPhaseFOV": 100,
    "PhaseEncodingDirection": "j-",
    "PhaseEncodingSteps": 100,
    "PhaseResolution": 1,
    "PixelBandwidth": 1786,
    "ProcedureStepDescription": "Research_KIRWAN",
    "ProtocolName": "Resting_State",
    "PulseSequenceDetails": "%CustomerSeq%_cmrr_mbep2d_bold",
    "ReceiveCoilName": "32Ch_Head",
    "ReconMatrixPE": 100,
    "RepetitionTime": 0.875,
    "SAR": 0.165046,
    "ScanOptions": "FS",
    "ScanningSequence": "EP",
    "SequenceName": "epfid2d1_100",
    "SequenceVariant": "SK_SS",
    "SeriesDescription": "Resting_State",
    "SeriesNumber": 3,
    "ShimSetting": [
      -2817,
      -22961,
      2430,
      966,
      77,
      433,
      90,
      443
    ],
    "SliceThickness": 1.8,
    "SliceTiming": [
      0,
      0.4875,
      0.0975,
      0.585,
      0.195,
      0.6825,
      0.2925,
      0.78,
      0.39,
      0,
      0.4875,
      0.0975,
      0.585,
      0.195,
      0.6825,
      0.2925,
      0.78,
      0.39,
      0,
      0.4875,
      0.0975,
      0.585,
      0.195,
      0.6825,
      0.2925,
      0.78,
      0.39,
      0,
      0.4875,
      0.0975,
      0.585,
      0.195,
      0.6825,
      0.2925,
      0.78,
      0.39,
      0,
      0.4875,
      0.0975,
      0.585,
      0.195,
      0.6825,
      0.2925,
      0.78,
      0.39,
      0,
      0.4875,
      0.0975,
      0.585,
      0.195,
      0.6825,
      0.2925,
      0.78,
      0.39,
      0,
      0.4875,
      0.0975,
      0.585,
      0.195,
      0.6825,
      0.2925,
      0.78,
      0.39,
      0,
      0.4875,
      0.0975,
      0.585,
      0.195,
      0.6825,
      0.2925,
      0.78,
      0.39
    ],
    "SoftwareVersions": "syngo_MR_B17",
    "SpacingBetweenSlices": 1.8,
    "StationName": "MININT-E41B04",
    "TaskName": "rest",
    "TotalReadoutTime": 0.0712794,
    "TxRefAmp": 367.247,
    "dataset": "ds001747",
    "modality": "bold",
    "run_id": 1,
    "subject_id": "3889",
    "task_id": "rest"
  },
  "dummy_trs": 2,
  "dvars_nstd": 73.51011830759758,
  "dvars_std": 1.0087205587926842,
  "dvars_vstd": 0.9635496066707319,
  "efc": 0.6008750664980916,
  "fber": 216.3604278564453,
  "fd_mean": 0.12017434582946174,
  "fd_num": 78,
  "fd_perc": 9.500609013398295,
  "fwhm_avg": 3.354938907137455,
  "fwhm_x": 3.1277889717470004,
  "fwhm_y": 3.737733432349455,
  "fwhm_z": 3.19929431731591,
  "gcor": 0.0103057,
  "gsr_x": -0.021995635703206062,
  "gsr_y": 0.11969516426324844,
  "provenance": {
    "md5sum": "330541b7b3aa668452b84e19001fc00a",
    "settings": {
      "fd_thres": 0.2,
      "testing": false
    },
    "software": "mriqc",
    "version": "22.0.1",
    "webapi_port": null,
    "webapi_url": "https://mriqc.nimh.nih.gov/api/v1"
  },
  "size_t": 821,
  "size_x": 100,
  "size_y": 100,
  "size_z": 72,
  "snr": 1.9507674163417608,
  "spacing_tr": 0.875,
  "spacing_x": 1.7999999523162842,
  "spacing_y": 1.7999999523162842,
  "spacing_z": 1.8000000715255737,
  "summary_bg_k": 33.17253356763083,
  "summary_bg_mad": 16.902749201773098,
  "summary_bg_mean": 48.758628845214844,
  "summary_bg_median": 25.956151962280273,
  "summary_bg_n": 409910.0,
  "summary_bg_p05": 12.803897857666016,
  "summary_bg_p95": 165.6126708984375,
  "summary_bg_stdv": 65.47621154785156,
  "summary_fg_k": 3.1955682276859436,
  "summary_fg_mad": 140.97453139532695,
  "summary_fg_mean": 442.33514404296875,
  "summary_fg_median": 391.4348449707031,
  "summary_fg_n": 203402.0,
  "summary_fg_p05": 218.6799156188965,
  "summary_fg_p95": 850.7014190673823,
  "summary_fg_stdv": 200.65635681152344,
  "tsnr": 16.10837373137474
}