{
  "aor": 0.00012678440925700365,
  "aqi": 0.023180033252131547,
  "bids_meta": {
    "AcquisitionMatrixPE": 100,
    "AcquisitionNumber": 1,
    "AcquisitionTime": "15:27:32.720000",
    "BandwidthPerPixelPhaseEncode": 13.889,
    "BaseResolution": 100,
    "ConversionSoftware": "dcm2niix",
    "ConversionSoftwareVersion": "v1.0.20180404 Clang8.0.0",
    "DerivedVendorReportedEchoSpacing": 0.000719994,
    "DeviceSerialNumber": "35002",
    "DwellTime": 2.8e-06,
    "EchoTime": 0.0436,
    "EffectiveEchoSpacing": 0.000719994,
    "FlipAngle": 55,
    "ImageComments": "Unaliased_MB8_PE3_(remote)",
    "ImageOrientationPatientDICOM": [
      1,
      9.40286e-05,
      -0.000176779,
      -2.96758e-08,
      0.882948,
      0.46947
    ],
    "ImageType": [
      "ORIGINAL",
      "PRIMARY",
      "M",
      "MB",
      "ND",
      "MOSAIC"
    ],
    "InPlanePhaseEncodingDirectionDICOM": "COL",
    "InstitutionAddress": "University_Pkwy_1700_North_685_Provo_UT_US_84601",
    "InstitutionName": "Brigham_Young_University",
    "InstitutionalDepartmentName": "MRI",
    "MRAcquisitionType": "2D",
    "MagneticFieldStrength": 3,
    "Manufacturer": "Siemens",
    "ManufacturersModelName": "TrioTim",
    "Modality": "MR",
    "MultibandAccelerationFactor": 8,
    "PartialFourier": 1,
    "PatientPosition": "HFS",
    "PercentPhaseFOV": 100,
    "PhaseEncodingDirection": "j-",
    "PhaseEncodingSteps": 100,
    "PhaseResolution": 1,
    "PixelBandwidth": 1786,
    "ProcedureStepDescription": "Research_KIRWAN",
    "ProtocolName": "Resting_State",
    "PulseSequenceDetails": "%CustomerSeq%_cmrr_mbep2d_bold",
    "ReceiveCoilName": "32Ch_Head",
    "ReconMatrixPE": 100,
    "RepetitionTime": 0.875,
    "SAR": 0.147639,
    "ScanOptions": "FS",
    "ScanningSequence": "EP",
    "SequenceName": "epfid2d1_100",
    "SequenceVariant": "SK_SS",
    "SeriesDescription": "Resting_State",
    "SeriesNumber": 3,
    "ShimSetting": [
      -2876,
      -22789,
      2478,
      983,
      -3,
      503,
      245,
      511
    ],
    "SliceThickness": 1.8,
    "SliceTiming": [
      0,
      0.4875,
      0.0975,
      0.585,
      0.195,
      0.6825,
      0.2925,
      0.78,
      0.39,
      0,
      0.4875,
      0.0975,
      0.585,
      0.195,
      0.6825,
      0.2925,
      0.78,
      0.39,
      0,
      0.4875,
      0.0975,
      0.585,
      0.195,
      0.6825,
      0.2925,
      0.78,
      0.39,
      0,
      0.4875,
      0.0975,
      0.585,
      0.195,
      0.6825,
      0.2925,
      0.78,
      0.39,
      0,
      0.4875,
      0.0975,
      0.585,
      0.195,
      0.6825,
      0.2925,
      0.78,
      0.39,
      0,
      0.4875,
      0.0975,
      0.585,
      0.195,
      0.6825,
      0.2925,
      0.78,
      0.39,
      0,
      0.4875,
      0.0975,
      0.585,
      0.195,
      0.6825,
      0.2925,
      0.78,
      0.39,
      0,
      0.4875,
      0.0975,
      0.585,
      0.195,
      0.6825,
      0.2925,
      0.78,
      0.39
    ],
    "SoftwareVersions": "syngo_MR_B17",
    "SpacingBetweenSlices": 1.8,
    "StationName": "MININT-E41B04",
    "TaskName": "rest",
    "TotalReadoutTime": 0.0712794,
    "TxRefAmp": 383.854,
    "dataset": "ds001747",
    "modality": "bold",
    "run_id": 1,
    "subject_id": "4128",
    "task_id": "rest"
  },
  "dummy_trs": 2,
  "dvars_nstd": 78.45758172002441,
  "dvars_std": 1.0384507760365858,
  "dvars_vstd": 0.9834194403658535,
  "efc": 0.5795135968711518,
  "fber": 310.3807067871094,
  "fd_mean": 0.20118150968357307,
  "fd_num": 428,
  "fd_perc": 52.13154689403167,
  "fwhm_avg": 3.447133424651183,
  "fwhm_x": 3.2765445312432324,
  "fwhm_y": 3.8288556569855916,
  "fwhm_z": 3.2360000857247266,
  "gcor": 0.00193487,
  "gsr_x": -0.012622926384210587,
  "gsr_y": 0.09313042461872101,
  "provenance": {
    "md5sum": "5de5ac81223656811277fe019c4cc13c",
    "settings": {
      "fd_thres": 0.2,
      "testing": false
    },
    "software": "mriqc",
    "version": "22.0.1",
    "webapi_port": null,
    "webapi_url": "https://mriqc.nimh.nih.gov/api/v1"
  },
  "size_t": 821,
  "size_x": 100,
  "size_y": 100,
  "size_z": 72,
  "snr": 2.0333595626597636,
  "spacing_tr": 0.875,
  "spacing_x": 1.7999999523162842,
  "spacing_y": 1.7999999523162842,
  "spacing_z": 1.7999999523162842,
  "summary_bg_k": 38.77224770528688,
  "summary_bg_mad": 11.301004538155476,
  "summary_bg_mean": 33.46111297607422,
  "summary_bg_median": 19.619976043701172,
  "summary_bg_n": 417131.0,
  "summary_bg_p05": 10.829476356506348,
  "summary_bg_p95": 96.57856750488281,
  "summary_bg_stdv": 45.326786041259766,
  "summary_fg_k": 5.343641183621372,
  "summary_fg_mad": 109.35498954377826,
  "summary_fg_mean": 399.4833679199219,
  "summary_fg_median": 349.8404541015625,
  "summary_fg_n": 200347.0,
  "summary_fg_p05": 224.67723083496094,
  "summary_fg_p95": 751.8450927734374,
  "summary_fg_stdv": 172.05003356933594,
  "tsnr": 18.44095094036311
}