{
  "bids_meta": {
    "AcquisitionMatrixPE": 215,
    "AcquisitionNumber": 1,
    "AcquisitionTime": "15:26:10.732500",
    "BaseResolution": 256,
    "ConversionSoftware": "dcm2niix",
    "ConversionSoftwareVersion": "v1.0.20180404 Clang8.0.0",
    "DeviceSerialNumber": "35002",
    "DwellTime": 9.8e-06,
    "EchoTime": 0.00226,
    "FlipAngle": 9,
    "ImageOrientationPatientDICOM": [
      0,
      1,
      1e-16,
      0.170209,
      0,
      -0.985408
    ],
    "ImageType": [
      "ORIGINAL",
      "PRIMARY",
      "M",
      "ND",
      "NORM"
    ],
    "InPlanePhaseEncodingDirectionDICOM": "ROW",
    "InstitutionAddress": "University_Pkwy_1700_North_685_Provo_UT_US_84601",
    "InstitutionName": "Brigham_Young_University",
    "InstitutionalDepartmentName": "MRI",
    "InversionTime": 0.9,
    "MRAcquisitionType": "3D",
    "MagneticFieldStrength": 3,
    "Manufacturer": "Siemens",
    "ManufacturersModelName": "TrioTim",
    "Modality": "MR",
    "ParallelReductionFactorInPlane": 2,
    "PartialFourier": 0.875,
    "PatientPosition": "HFS",
    "PercentPhaseFOV": 87.5,
    "PhaseEncodingSteps": 226,
    "PhaseOversampling": 0.2,
    "PhaseResolution": 0.96,
    "PixelBandwidth": 199,
    "ProcedureStepDescription": "Research_KIRWAN",
    "ProtocolName": "t1_mpr_sag_iso_mprage_fast",
    "PulseSequenceDetails": "%SiemensSeq%_tfl",
    "ReceiveCoilName": "32Ch_Head",
    "ReconMatrixPE": 256,
    "RepetitionTime": 1.9,
    "SAR": 0.134614,
    "ScanOptions": "IR_PFP",
    "ScanningSequence": "GR_IR",
    "SequenceName": "_tfl3d1_ns",
    "SequenceVariant": "SP_MP_OSP",
    "SeriesDescription": "t1_mpr_sag_iso_mprage_fast",
    "SeriesNumber": 6,
    "ShimSetting": [
      -2830,
      -22913,
      1923,
      -81,
      -87,
      -38,
      -253,
      388
    ],
    "SliceThickness": 1,
    "SoftwareVersions": "syngo_MR_B17",
    "StationName": "MININT-E41B04",
    "TxRefAmp": 438.739,
    "dataset": "ds001747",
    "modality": "T1w",
    "run_id": 1,
    "subject_id": "3924"
  },
  "cjv": 0.3467156950182178,
  "cnr": 3.865568599595342,
  "efc": 0.6066882517594271,
  "fber": -1.0,
  "fwhm_avg": 4.469252195875381,
  "fwhm_x": 4.201546027626143,
  "fwhm_y": 4.78111744,
  "fwhm_z": 4.4250931200000005,
  "icvs_csf": 0.22521297564628429,
  "icvs_gm": 0.43478967638374616,
  "icvs_wm": 0.33999734796996955,
  "inu_med": 0.41678157448768616,
  "inu_range": 0.15094754844903946,
  "provenance": {
    "md5sum": "206c2df66a7457b059c8ff0de09ad9c2",
    "settings": {
      "testing": false
    },
    "software": "mriqc",
    "version": "22.0.1",
    "warnings": {
      "large_rot_frame": true,
      "small_air_mask": false
    },
    "webapi_port": null,
    "webapi_url": "https://mriqc.nimh.nih.gov/api/v1"
  },
  "qi_1": 0.03207821518095289,
  "qi_2": 0.0087483817415491,
  "rpve_csf": 18.584250757710823,
  "rpve_gm": 9.942508368578244,
  "rpve_wm": 14.32382059567596,
  "size_x": 176,
  "size_y": 224,
  "size_z": 256,
  "snr_csf": 2.8970709346718144,
  "snr_gm": 16.158837397717615,
  "snr_total": 15.317215716765412,
  "snr_wm": 26.895738817906807,
  "snrd_csf": 39.23432053515079,
  "snrd_gm": 98.33636319799244,
  "snrd_total": 88.63574874376668,
  "snrd_wm": 128.3365624981568,
  "spacing_x": 0.9999961853027344,
  "spacing_y": 0.9765625,
  "spacing_z": 0.9765625,
  "summary_bg_k": 30.606430181959,
  "summary_bg_mad": 0.0,
  "summary_bg_mean": 1.5109335279309188,
  "summary_bg_median": 0.0,
  "summary_bg_n": 2108761.0,
  "summary_bg_p05": 0.0,
  "summary_bg_p95": 9.762369263917208,
  "summary_bg_stdv": 5.105073415472323,
  "summary_csf_k": 7.667679908816147,
  "summary_csf_mad": 68.1323437417324,
  "summary_csf_mean": 314.9389667398427,
  "summary_csf_median": 305.72883255779743,
  "summary_csf_n": 58754.0,
  "summary_csf_p05": 121.0367114128545,
  "summary_csf_p95": 499.135654070042,
  "summary_csf_stdv": 105.52942529554961,
  "summary_gm_k": 0.2847629409194381,
  "summary_gm_mad": 45.680441866218516,
  "summary_gm_mean": 764.2438251142429,
  "summary_gm_median": 766.274555247277,
  "summary_gm_n": 37110.0,
  "summary_gm_p05": 683.6039550416172,
  "summary_gm_p95": 838.9232500305397,
  "summary_gm_stdv": 47.420752616674285,
  "summary_wm_k": 0.6119100946591831,
  "summary_wm_mad": 35.37233597368698,
  "summary_wm_mean": 1001.1091244848551,
  "summary_wm_median": 1000.0475831329823,
  "summary_wm_n": 204986.0,
  "summary_wm_p05": 942.2829298786819,
  "summary_wm_p95": 1062.9077169299126,
  "summary_wm_stdv": 37.18228938024777,
  "tpm_overlap_csf": 0.1596981213655799,
  "tpm_overlap_gm": 0.4600342837155699,
  "tpm_overlap_wm": 0.4979972320616018,
  "wm2max": 0.3696484898974598
}