{
  "aor": 0.00040563946406820943,
  "aqi": 0.012159887746650427,
  "bids_meta": {
    "AcquisitionMatrixPE": 100,
    "AcquisitionNumber": 1,
    "AcquisitionTime": "15:51:33.380000",
    "BandwidthPerPixelPhaseEncode": 13.889,
    "BaseResolution": 100,
    "ConversionSoftware": "dcm2niix",
    "ConversionSoftwareVersion": "v1.0.20180404 Clang8.0.0",
    "DerivedVendorReportedEchoSpacing": 0.000719994,
    "DeviceSerialNumber": "35002",
    "DwellTime": 2.8e-06,
    "EchoTime": 0.0436,
    "EffectiveEchoSpacing": 0.000719994,
    "FlipAngle": 55,
    "ImageComments": "Unaliased_MB8_PE3_(remote)",
    "ImageOrientationPatientDICOM": [
      1,
      0,
      0,
      0,
      0.853551,
      0.52101
    ],
    "ImageType": [
      "ORIGINAL",
      "PRIMARY",
      "M",
      "MB",
      "ND",
      "MOSAIC"
    ],
    "InPlanePhaseEncodingDirectionDICOM": "COL",
    "InstitutionAddress": "University_Pkwy_1700_North_685_Provo_UT_US_84601",
    "InstitutionName": "Brigham_Young_University",
    "InstitutionalDepartmentName": "MRI",
    "MRAcquisitionType": "2D",
    "MagneticFieldStrength": 3,
    "Manufacturer": "Siemens",
    "ManufacturersModelName": "TrioTim",
    "Modality": "MR",
    "MultibandAccelerationFactor": 8,
    "PartialFourier": 1,
    "PatientPosition": "HFS",
    "PercentPhaseFOV": 100,
    "PhaseEncodingDirection": "j-",
    "PhaseEncodingSteps": 100,
    "PhaseResolution": 1,
    "PixelBandwidth": 1786,
    "ProcedureStepDescription": "Research_KIRWAN",
    "ProtocolName": "Resting_State",
    "PulseSequenceDetails": "%CustomerSeq%_cmrr_mbep2d_bold",
    "ReceiveCoilName": "32Ch_Head",
    "ReconMatrixPE": 100,
    "RepetitionTime": 0.875,
    "SAR": 0.116327,
    "ScanOptions": "FS",
    "ScanningSequence": "EP",
    "SequenceName": "epfid2d1_100",
    "SequenceVariant": "SK_SS",
    "SeriesDescription": "Resting_State",
    "SeriesNumber": 3,
    "ShimSetting": [
      -2862,
      -22956,
      2314,
      671,
      -258,
      359,
      186,
      423
    ],
    "SliceThickness": 1.8,
    "SliceTiming": [
      0,
      0.4875,
      0.0975,
      0.585,
      0.195,
      0.6825,
      0.2925,
      0.78,
      0.39,
      0,
      0.4875,
      0.0975,
      0.585,
      0.195,
      0.6825,
      0.2925,
      0.78,
      0.39,
      0,
      0.4875,
      0.0975,
      0.585,
      0.195,
      0.6825,
      0.2925,
      0.78,
      0.39,
      0,
      0.4875,
      0.0975,
      0.585,
      0.195,
      0.6825,
      0.2925,
      0.78,
      0.39,
      0,
      0.4875,
      0.0975,
      0.585,
      0.195,
      0.6825,
      0.2925,
      0.78,
      0.39,
      0,
      0.4875,
      0.0975,
      0.585,
      0.195,
      0.6825,
      0.2925,
      0.78,
      0.39,
      0,
      0.4875,
      0.0975,
      0.585,
      0.195,
      0.6825,
      0.2925,
      0.78,
      0.39,
      0,
      0.4875,
      0.0975,
      0.585,
      0.195,
      0.6825,
      0.2925,
      0.78,
      0.39
    ],
    "SoftwareVersions": "syngo_MR_B17",
    "SpacingBetweenSlices": 1.8,
    "StationName": "MININT-E41B04",
    "TaskName": "rest",
    "TotalReadoutTime": 0.0712794,
    "TxRefAmp": 397.711,
    "dataset": "ds001747",
    "modality": "bold",
    "run_id": 1,
    "subject_id": "3911",
    "task_id": "rest"
  },
  "dummy_trs": 2,
  "dvars_nstd": 60.1704912604024,
  "dvars_std": 1.0465442778414629,
  "dvars_vstd": 0.9981244500121951,
  "efc": 0.5936022425692791,
  "fber": 270.3633117675781,
  "fd_mean": 0.05489644317558437,
  "fd_num": 7,
  "fd_perc": 0.8526187576126675,
  "fwhm_avg": 3.7670686183117574,
  "fwhm_x": 3.6226000959661295,
  "fwhm_y": 4.081500108122829,
  "fwhm_z": 3.597105650846313,
  "gcor": 0.00505708,
  "gsr_x": -0.030199388042092323,
  "gsr_y": 0.1113094687461853,
  "provenance": {
    "md5sum": "d7c54e1352d64447bbd0460fc061f318",
    "settings": {
      "fd_thres": 0.2,
      "testing": false
    },
    "software": "mriqc",
    "version": "22.0.1",
    "webapi_port": null,
    "webapi_url": "https://mriqc.nimh.nih.gov/api/v1"
  },
  "size_t": 821,
  "size_x": 100,
  "size_y": 100,
  "size_z": 72,
  "snr": 1.9101582847851808,
  "spacing_tr": 0.875,
  "spacing_x": 1.7999999523162842,
  "spacing_y": 1.7999999523162842,
  "spacing_z": 1.7999999523162842,
  "summary_bg_k": 43.00751323157806,
  "summary_bg_mad": 17.39574481042045,
  "summary_bg_mean": 47.62172317504883,
  "summary_bg_median": 25.87088966369629,
  "summary_bg_n": 400945.0,
  "summary_bg_p05": 12.175395965576172,
  "summary_bg_p95": 157.38052368164057,
  "summary_bg_stdv": 67.55318450927734,
  "summary_fg_k": 3.1294520524895724,
  "summary_fg_mad": 168.72142648520781,
  "summary_fg_mean": 499.3081359863281,
  "summary_fg_median": 439.5523986816406,
  "summary_fg_n": 212088.0,
  "summary_fg_p05": 250.52826919555665,
  "summary_fg_p95": 970.7950469970699,
  "summary_fg_stdv": 230.11253356933594,
  "tsnr": 22.329797856509686
}