{
  "bids_meta": {
    "AcquisitionMatrixPE": 215,
    "AcquisitionNumber": 1,
    "AcquisitionTime": "13:12:31.107500",
    "BaseResolution": 256,
    "ConversionSoftware": "dcm2niix",
    "ConversionSoftwareVersion": "v1.0.20180404 Clang8.0.0",
    "DeviceSerialNumber": "35002",
    "DwellTime": 9.8e-06,
    "EchoTime": 0.00226,
    "FlipAngle": 9,
    "ImageOrientationPatientDICOM": [
      0,
      1,
      0,
      0,
      0,
      -1
    ],
    "ImageType": [
      "ORIGINAL",
      "PRIMARY",
      "M",
      "ND",
      "NORM"
    ],
    "InPlanePhaseEncodingDirectionDICOM": "ROW",
    "InstitutionAddress": "University_Pkwy_1700_North_685_Provo_UT_US_84601",
    "InstitutionName": "Brigham_Young_University",
    "InstitutionalDepartmentName": "MRI",
    "InversionTime": 0.9,
    "MRAcquisitionType": "3D",
    "MagneticFieldStrength": 3,
    "Manufacturer": "Siemens",
    "ManufacturersModelName": "TrioTim",
    "Modality": "MR",
    "ParallelReductionFactorInPlane": 2,
    "PartialFourier": 0.875,
    "PatientPosition": "HFS",
    "PercentPhaseFOV": 87.5,
    "PhaseEncodingSteps": 226,
    "PhaseOversampling": 0.2,
    "PhaseResolution": 0.96,
    "PixelBandwidth": 199,
    "ProcedureStepDescription": "Research_KIRWAN",
    "ProtocolName": "t1_mpr_sag_iso_mprage_fast",
    "PulseSequenceDetails": "%SiemensSeq%_tfl",
    "ReceiveCoilName": "32Ch_Head",
    "ReconMatrixPE": 256,
    "RepetitionTime": 1.9,
    "SAR": 0.10229,
    "ScanOptions": "IR_PFP",
    "ScanningSequence": "GR_IR",
    "SequenceName": "_tfl3d1_ns",
    "SequenceVariant": "SP_MP_OSP",
    "SeriesDescription": "t1_mpr_sag_iso_mprage_fast",
    "SeriesNumber": 6,
    "ShimSetting": [
      -2830,
      -22913,
      1923,
      -81,
      -87,
      -38,
      -253,
      388
    ],
    "SliceThickness": 1,
    "SoftwareVersions": "syngo_MR_B17",
    "StationName": "MININT-E41B04",
    "TxRefAmp": 415.193,
    "dataset": "ds001747",
    "modality": "T1w",
    "run_id": 1,
    "subject_id": "3954"
  },
  "cjv": 0.3200696064559074,
  "cnr": 4.223353648506714,
  "efc": 0.6115584560039071,
  "fber": 27414.279461498438,
  "fwhm_avg": 4.458243866666667,
  "fwhm_x": 4.29605,
  "fwhm_y": 4.73056256,
  "fwhm_z": 4.348119039999999,
  "icvs_csf": 0.19620702519787997,
  "icvs_gm": 0.4714871392675155,
  "icvs_wm": 0.3323058355346045,
  "inu_med": 0.442758172750473,
  "inu_range": 0.15163118839263917,
  "provenance": {
    "md5sum": "7f8d6abd866116094ac32d25317e0891",
    "settings": {
      "testing": false
    },
    "software": "mriqc",
    "version": "22.0.1",
    "warnings": {
      "large_rot_frame": true,
      "small_air_mask": false
    },
    "webapi_port": null,
    "webapi_url": "https://mriqc.nimh.nih.gov/api/v1"
  },
  "qi_1": 0.0,
  "qi_2": 0.012272577949512514,
  "rpve_csf": 17.234458096935175,
  "rpve_gm": 7.809455621376634,
  "rpve_wm": 12.103060171196862,
  "size_x": 176,
  "size_y": 224,
  "size_z": 256,
  "snr_csf": 3.055356048223914,
  "snr_gm": 15.516064008661793,
  "snr_total": 14.896206295220606,
  "snr_wm": 26.11719882877611,
  "snrd_csf": 59.521559396290364,
  "snrd_gm": 145.69721898857588,
  "snrd_total": 133.93952245352008,
  "snrd_wm": 196.59978897569397,
  "spacing_x": 1.0,
  "spacing_y": 0.9765625,
  "spacing_z": 0.9765625,
  "summary_bg_k": 10.451888831311212,
  "summary_bg_mad": 0.0,
  "summary_bg_mean": 1.6844788146660576,
  "summary_bg_median": 0.0,
  "summary_bg_n": 2127463.0,
  "summary_bg_p05": 0.0,
  "summary_bg_p95": 7.6747636795043945,
  "summary_bg_stdv": 3.3323351693820205,
  "summary_csf_k": 2.1293542557195186,
  "summary_csf_mad": 70.57965792418563,
  "summary_csf_mean": 320.4681542048385,
  "summary_csf_median": 302.7549464702606,
  "summary_csf_n": 40429.0,
  "summary_csf_p05": 187.26423377990724,
  "summary_csf_p95": 507.1136302947998,
  "summary_csf_stdv": 99.08868144636138,
  "summary_gm_k": 0.06023767096892296,
  "summary_gm_mad": 47.87608735237534,
  "summary_gm_mean": 738.6003516072278,
  "summary_gm_median": 741.0853173732758,
  "summary_gm_n": 69457.0,
  "summary_gm_p05": 655.9388825893402,
  "summary_gm_p95": 812.438898563385,
  "summary_gm_stdv": 47.76211171148971,
  "summary_wm_k": 0.8944568531593453,
  "summary_wm_mad": 34.99462887191561,
  "summary_wm_mean": 1001.1849131136158,
  "summary_wm_median": 999.999986410141,
  "summary_wm_n": 217164.0,
  "summary_wm_p05": 941.0635936260223,
  "summary_wm_p95": 1065.199275970459,
  "summary_wm_stdv": 38.288856724493755,
  "tpm_overlap_csf": 0.1613496328565895,
  "tpm_overlap_gm": 0.4640696929461562,
  "tpm_overlap_wm": 0.4709417890410662,
  "wm2max": 0.4954200280957919
}