{
  "aor": 0.00044489646772228984,
  "aqi": 0.023255975395858705,
  "bids_meta": {
    "AcquisitionMatrixPE": 100,
    "AcquisitionNumber": 1,
    "AcquisitionTime": "12:07:7.275000",
    "BandwidthPerPixelPhaseEncode": 13.889,
    "BaseResolution": 100,
    "ConversionSoftware": "dcm2niix",
    "ConversionSoftwareVersion": "v1.0.20180404 Clang8.0.0",
    "DerivedVendorReportedEchoSpacing": 0.000719994,
    "DeviceSerialNumber": "35002",
    "DwellTime": 2.8e-06,
    "EchoTime": 0.0436,
    "EffectiveEchoSpacing": 0.000719994,
    "FlipAngle": 55,
    "ImageComments": "Unaliased_MB8_PE3_(remote)",
    "ImageOrientationPatientDICOM": [
      1,
      0,
      0,
      0,
      0.904083,
      0.427358
    ],
    "ImageType": [
      "ORIGINAL",
      "PRIMARY",
      "M",
      "MB",
      "ND",
      "MOSAIC"
    ],
    "InPlanePhaseEncodingDirectionDICOM": "COL",
    "InstitutionAddress": "University_Pkwy_1700_North_685_Provo_UT_US_84601",
    "InstitutionName": "Brigham_Young_University",
    "InstitutionalDepartmentName": "MRI",
    "MRAcquisitionType": "2D",
    "MagneticFieldStrength": 3,
    "Manufacturer": "Siemens",
    "ManufacturersModelName": "TrioTim",
    "Modality": "MR",
    "MultibandAccelerationFactor": 8,
    "PartialFourier": 1,
    "PatientPosition": "HFS",
    "PercentPhaseFOV": 100,
    "PhaseEncodingDirection": "j-",
    "PhaseEncodingSteps": 100,
    "PhaseResolution": 1,
    "PixelBandwidth": 1786,
    "ProcedureStepDescription": "Research_KIRWAN",
    "ProtocolName": "Resting_State",
    "PulseSequenceDetails": "%CustomerSeq%_cmrr_mbep2d_bold",
    "ReceiveCoilName": "32Ch_Head",
    "ReconMatrixPE": 100,
    "RepetitionTime": 0.875,
    "SAR": 0.145944,
    "ScanOptions": "FS",
    "ScanningSequence": "EP",
    "SequenceName": "epfid2d1_100",
    "SequenceVariant": "SK_SS",
    "SeriesDescription": "Resting_State",
    "SeriesNumber": 3,
    "ShimSetting": [
      -2846,
      -22934,
      2394,
      874,
      -149,
      61,
      -231,
      458
    ],
    "SliceThickness": 1.8,
    "SliceTiming": [
      0,
      0.4875,
      0.0975,
      0.585,
      0.195,
      0.6825,
      0.2925,
      0.78,
      0.39,
      0,
      0.4875,
      0.0975,
      0.585,
      0.195,
      0.6825,
      0.2925,
      0.78,
      0.39,
      0,
      0.4875,
      0.0975,
      0.585,
      0.195,
      0.6825,
      0.2925,
      0.78,
      0.39,
      0,
      0.4875,
      0.0975,
      0.585,
      0.195,
      0.6825,
      0.2925,
      0.78,
      0.39,
      0,
      0.4875,
      0.0975,
      0.585,
      0.195,
      0.6825,
      0.2925,
      0.78,
      0.39,
      0,
      0.4875,
      0.0975,
      0.585,
      0.195,
      0.6825,
      0.2925,
      0.78,
      0.39,
      0,
      0.4875,
      0.0975,
      0.585,
      0.195,
      0.6825,
      0.2925,
      0.78,
      0.39,
      0,
      0.4875,
      0.0975,
      0.585,
      0.195,
      0.6825,
      0.2925,
      0.78,
      0.39
    ],
    "SoftwareVersions": "syngo_MR_B17",
    "SpacingBetweenSlices": 1.8,
    "StationName": "MININT-E41B04",
    "TaskName": "rest",
    "TotalReadoutTime": 0.0712794,
    "TxRefAmp": 434.755,
    "dataset": "ds001747",
    "modality": "bold",
    "run_id": 1,
    "subject_id": "3906",
    "task_id": "rest"
  },
  "dummy_trs": 2,
  "dvars_nstd": 82.71355509870739,
  "dvars_std": 1.035812905853658,
  "dvars_vstd": 0.9905926842073176,
  "efc": 0.6060229221184711,
  "fber": 122.21394348144531,
  "fd_mean": 0.1682089694912899,
  "fd_num": 237,
  "fd_perc": 28.867235079171742,
  "fwhm_avg": 3.494014835102007,
  "fwhm_x": 3.2890223093515583,
  "fwhm_y": 3.919183437156238,
  "fwhm_z": 3.2738387587982247,
  "gcor": 0.00353347,
  "gsr_x": -0.016444209963083267,
  "gsr_y": 0.09402880072593689,
  "provenance": {
    "md5sum": "6d009a7c0d17de365966b065f96de90f",
    "settings": {
      "fd_thres": 0.2,
      "testing": false
    },
    "software": "mriqc",
    "version": "22.0.1",
    "webapi_port": null,
    "webapi_url": "https://mriqc.nimh.nih.gov/api/v1"
  },
  "size_t": 821,
  "size_x": 100,
  "size_y": 100,
  "size_z": 72,
  "snr": 1.6210978325811898,
  "spacing_tr": 0.875,
  "spacing_x": 1.7999999523162842,
  "spacing_y": 1.7999999523162842,
  "spacing_z": 1.8000000715255737,
  "summary_bg_k": 34.18178478633987,
  "summary_bg_mad": 21.061619961414127,
  "summary_bg_mean": 51.03694534301758,
  "summary_bg_median": 31.572473526000977,
  "summary_bg_n": 393824.0,
  "summary_bg_p05": 13.249695777893066,
  "summary_bg_p95": 151.47180633544892,
  "summary_bg_stdv": 62.72172164916992,
  "summary_fg_k": 3.894513178662838,
  "summary_fg_mad": 137.69421516782558,
  "summary_fg_mean": 418.5408935546875,
  "summary_fg_median": 358.19671630859375,
  "summary_fg_n": 215002.0,
  "summary_fg_p05": 179.48026962280275,
  "summary_fg_p95": 883.7326690673826,
  "summary_fg_stdv": 220.95883178710938,
  "tsnr": 15.821626263670623
}