{
  "aor": 0.0015068940316686967,
  "aqi": 0.018802613276492085,
  "bids_meta": {
    "AcquisitionMatrixPE": 100,
    "AcquisitionNumber": 1,
    "AcquisitionTime": "17:10:16.977500",
    "BandwidthPerPixelPhaseEncode": 13.889,
    "BaseResolution": 100,
    "ConversionSoftware": "dcm2niix",
    "ConversionSoftwareVersion": "v1.0.20180404 Clang8.0.0",
    "DerivedVendorReportedEchoSpacing": 0.000719994,
    "DeviceSerialNumber": "35002",
    "DwellTime": 2.8e-06,
    "EchoTime": 0.0436,
    "EffectiveEchoSpacing": 0.000719994,
    "FlipAngle": 55,
    "ImageComments": "Unaliased_MB8_PE3_(remote)",
    "ImageOrientationPatientDICOM": [
      0.999999,
      -0.000804618,
      0.00144578,
      3.24529e-08,
      0.873806,
      0.486275
    ],
    "ImageType": [
      "ORIGINAL",
      "PRIMARY",
      "M",
      "MB",
      "ND",
      "MOSAIC"
    ],
    "InPlanePhaseEncodingDirectionDICOM": "COL",
    "InstitutionAddress": "University_Pkwy_1700_North_685_Provo_UT_US_84601",
    "InstitutionName": "Brigham_Young_University",
    "InstitutionalDepartmentName": "MRI",
    "MRAcquisitionType": "2D",
    "MagneticFieldStrength": 3,
    "Manufacturer": "Siemens",
    "ManufacturersModelName": "TrioTim",
    "Modality": "MR",
    "MultibandAccelerationFactor": 8,
    "PartialFourier": 1,
    "PatientPosition": "HFS",
    "PercentPhaseFOV": 100,
    "PhaseEncodingDirection": "j-",
    "PhaseEncodingSteps": 100,
    "PhaseResolution": 1,
    "PixelBandwidth": 1786,
    "ProcedureStepDescription": "Research_KIRWAN",
    "ProtocolName": "Resting_State",
    "PulseSequenceDetails": "%CustomerSeq%_cmrr_mbep2d_bold",
    "ReceiveCoilName": "32Ch_Head",
    "ReconMatrixPE": 100,
    "RepetitionTime": 0.875,
    "SAR": 0.105004,
    "ScanOptions": "FS",
    "ScanningSequence": "EP",
    "SequenceName": "epfid2d1_100",
    "SequenceVariant": "SK_SS",
    "SeriesDescription": "Resting_State",
    "SeriesNumber": 3,
    "ShimSetting": [
      -2864,
      -23027,
      2407,
      611,
      90,
      360,
      -98,
      552
    ],
    "SliceThickness": 1.8,
    "SliceTiming": [
      0,
      0.49,
      0.0975,
      0.5875,
      0.195,
      0.685,
      0.2925,
      0.7825,
      0.3925,
      0,
      0.49,
      0.0975,
      0.5875,
      0.195,
      0.685,
      0.2925,
      0.7825,
      0.3925,
      0,
      0.49,
      0.0975,
      0.5875,
      0.195,
      0.685,
      0.2925,
      0.7825,
      0.3925,
      0,
      0.49,
      0.0975,
      0.5875,
      0.195,
      0.685,
      0.2925,
      0.7825,
      0.3925,
      0,
      0.49,
      0.0975,
      0.5875,
      0.195,
      0.685,
      0.2925,
      0.7825,
      0.3925,
      0,
      0.49,
      0.0975,
      0.5875,
      0.195,
      0.685,
      0.2925,
      0.7825,
      0.3925,
      0,
      0.49,
      0.0975,
      0.5875,
      0.195,
      0.685,
      0.2925,
      0.7825,
      0.3925,
      0,
      0.49,
      0.0975,
      0.5875,
      0.195,
      0.685,
      0.2925,
      0.7825,
      0.3925
    ],
    "SoftwareVersions": "syngo_MR_B17",
    "SpacingBetweenSlices": 1.8,
    "StationName": "MININT-E41B04",
    "TaskName": "rest",
    "TotalReadoutTime": 0.0712794,
    "TxRefAmp": 375.336,
    "dataset": "ds001747",
    "modality": "bold",
    "run_id": 1,
    "subject_id": "3908",
    "task_id": "rest"
  },
  "dummy_trs": 2,
  "dvars_nstd": 67.68230065607325,
  "dvars_std": 1.0531611494390252,
  "dvars_vstd": 1.0216936579268299,
  "efc": 0.57323059584386,
  "fber": 289.080078125,
  "fd_mean": 0.12990068398337218,
  "fd_num": 76,
  "fd_perc": 9.257003654080389,
  "fwhm_avg": 3.578511131229203,
  "fwhm_x": 3.4534223137066715,
  "fwhm_y": 3.8992167699606357,
  "fwhm_z": 3.3828943100203017,
  "gcor": 0.0136566,
  "gsr_x": -0.02030097506940365,
  "gsr_y": 0.09572695195674896,
  "provenance": {
    "md5sum": "cbd46b6381364ab84c1c739ae6b28ed1",
    "settings": {
      "fd_thres": 0.2,
      "testing": false
    },
    "software": "mriqc",
    "version": "22.0.1",
    "webapi_port": null,
    "webapi_url": "https://mriqc.nimh.nih.gov/api/v1"
  },
  "size_t": 821,
  "size_x": 100,
  "size_y": 100,
  "size_z": 72,
  "snr": 1.9034731685245974,
  "spacing_tr": 0.875,
  "spacing_x": 1.7999999523162842,
  "spacing_y": 1.7999999523162842,
  "spacing_z": 1.8000000715255737,
  "summary_bg_k": 50.356279013940686,
  "summary_bg_mad": 13.43551845126378,
  "summary_bg_mean": 38.284637451171875,
  "summary_bg_median": 22.054811477661133,
  "summary_bg_n": 422679.0,
  "summary_bg_p05": 11.647991180419922,
  "summary_bg_p95": 117.03289031982422,
  "summary_bg_stdv": 51.13873291015625,
  "summary_fg_k": 6.9270218488161746,
  "summary_fg_mad": 129.067653800528,
  "summary_fg_mean": 439.17718505859375,
  "summary_fg_median": 384.22900390625,
  "summary_fg_n": 192915.0,
  "summary_fg_p05": 231.7163284301758,
  "summary_fg_p95": 844.3190307617185,
  "summary_fg_stdv": 201.8562774658203,
  "tsnr": 18.86708786454983
}