{
  "aor": 0.00011484774665042632,
  "aqi": 0.02095605188794154,
  "bids_meta": {
    "AcquisitionMatrixPE": 96,
    "AcquisitionNumber": 1,
    "AcquisitionTime": "17:55:37.467500",
    "BandwidthPerPixelPhaseEncode": 14.318,
    "BaseResolution": 100,
    "ConversionSoftware": "dcm2niix",
    "ConversionSoftwareVersion": "v1.0.20180404 Clang8.0.0",
    "DerivedVendorReportedEchoSpacing": 0.000727522,
    "DeviceSerialNumber": "35002",
    "DwellTime": 2.8e-06,
    "EchoTime": 0.0436,
    "EffectiveEchoSpacing": 0.000727522,
    "FlipAngle": 55,
    "ImageComments": "Unaliased_MB8_PE3_(remote)",
    "ImageOrientationPatientDICOM": [
      1,
      0,
      0,
      0,
      0.812084,
      0.583541
    ],
    "ImageType": [
      "ORIGINAL",
      "PRIMARY",
      "M",
      "MB",
      "ND",
      "MOSAIC"
    ],
    "InPlanePhaseEncodingDirectionDICOM": "COL",
    "InstitutionAddress": "University_Pkwy_1700_North_685_Provo_UT_US_84601",
    "InstitutionName": "Brigham_Young_University",
    "InstitutionalDepartmentName": "MRI",
    "MRAcquisitionType": "2D",
    "MagneticFieldStrength": 3,
    "Manufacturer": "Siemens",
    "ManufacturersModelName": "TrioTim",
    "Modality": "MR",
    "MultibandAccelerationFactor": 8,
    "PartialFourier": 1,
    "PatientPosition": "HFS",
    "PercentPhaseFOV": 96,
    "PhaseEncodingDirection": "j-",
    "PhaseEncodingSteps": 97,
    "PhaseResolution": 1,
    "PixelBandwidth": 1786,
    "ProcedureStepDescription": "Research_KIRWAN",
    "ProtocolName": "Resting_State",
    "PulseSequenceDetails": "%CustomerSeq%_cmrr_mbep2d_bold",
    "ReceiveCoilName": "32Ch_Head",
    "ReconMatrixPE": 96,
    "RepetitionTime": 0.875,
    "SAR": 0.126891,
    "ScanOptions": "FS",
    "ScanningSequence": "EP",
    "SequenceName": "epfid2d1_96",
    "SequenceVariant": "SK_SS_OSP",
    "SeriesDescription": "Resting_State",
    "SeriesNumber": 3,
    "ShimSetting": [
      -2763,
      -22989,
      2375,
      1010,
      114,
      264,
      22,
      359
    ],
    "SliceThickness": 1.8,
    "SliceTiming": [
      0,
      0.4875,
      0.0975,
      0.585,
      0.195,
      0.6825,
      0.2925,
      0.78,
      0.39,
      0,
      0.4875,
      0.0975,
      0.585,
      0.195,
      0.6825,
      0.2925,
      0.78,
      0.39,
      0,
      0.4875,
      0.0975,
      0.585,
      0.195,
      0.6825,
      0.2925,
      0.78,
      0.39,
      0,
      0.4875,
      0.0975,
      0.585,
      0.195,
      0.6825,
      0.2925,
      0.78,
      0.39,
      0,
      0.4875,
      0.0975,
      0.585,
      0.195,
      0.6825,
      0.2925,
      0.78,
      0.39,
      0,
      0.4875,
      0.0975,
      0.585,
      0.195,
      0.6825,
      0.2925,
      0.78,
      0.39,
      0,
      0.4875,
      0.0975,
      0.585,
      0.195,
      0.6825,
      0.2925,
      0.78,
      0.39,
      0,
      0.4875,
      0.0975,
      0.585,
      0.195,
      0.6825,
      0.2925,
      0.78,
      0.39
    ],
    "SoftwareVersions": "syngo_MR_B17",
    "SpacingBetweenSlices": 1.8,
    "StationName": "MININT-E41B04",
    "TaskName": "rest",
    "TotalReadoutTime": 0.0691146,
    "TxRefAmp": 391.128,
    "dataset": "ds001747",
    "modality": "bold",
    "run_id": 1,
    "subject_id": "3957",
    "task_id": "rest"
  },
  "dummy_trs": 2,
  "dvars_nstd": 72.31862684107323,
  "dvars_std": 1.0052807557804873,
  "dvars_vstd": 0.9722556785365835,
  "efc": 0.604316535804931,
  "fber": 236.8560791015625,
  "fd_mean": 0.15633963297797648,
  "fd_num": 173,
  "fd_perc": 21.07186358099878,
  "fwhm_avg": 3.3470277155820525,
  "fwhm_x": 3.2072778627416256,
  "fwhm_y": 3.569994302585616,
  "fwhm_z": 3.263810981418915,
  "gcor": 0.00444768,
  "gsr_x": -0.016278985887765884,
  "gsr_y": 0.08463022112846375,
  "provenance": {
    "md5sum": "7f155434fb531b608af15a927a6a0ac9",
    "settings": {
      "fd_thres": 0.2,
      "testing": false
    },
    "software": "mriqc",
    "version": "22.0.1",
    "webapi_port": null,
    "webapi_url": "https://mriqc.nimh.nih.gov/api/v1"
  },
  "size_t": 821,
  "size_x": 100,
  "size_y": 96,
  "size_z": 72,
  "snr": 2.0812829099530523,
  "spacing_tr": 0.875,
  "spacing_x": 1.7999999523162842,
  "spacing_y": 1.8000000715255737,
  "spacing_z": 1.8000000715255737,
  "summary_bg_k": 58.395038360880335,
  "summary_bg_mad": 14.558757435766696,
  "summary_bg_mean": 39.79777908325195,
  "summary_bg_median": 23.415348052978516,
  "summary_bg_n": 378930.0,
  "summary_bg_p05": 11.567601203918457,
  "summary_bg_p95": 113.88916778564453,
  "summary_bg_stdv": 55.80305480957031,
  "summary_fg_k": 3.4182149258657173,
  "summary_fg_mad": 129.37557156780218,
  "summary_fg_mean": 413.7767028808594,
  "summary_fg_median": 367.9975891113281,
  "summary_fg_n": 208704.0,
  "summary_fg_p05": 214.5677947998047,
  "summary_fg_p95": 765.506600952148,
  "summary_fg_stdv": 176.81243896484375,
  "tsnr": 17.439510882250033
}