{
  "bids_meta": {
    "AcquisitionMatrixPE": 215,
    "AcquisitionNumber": 1,
    "AcquisitionTime": "13:55:6.337500",
    "BaseResolution": 256,
    "ConversionSoftware": "dcm2niix",
    "ConversionSoftwareVersion": "v1.0.20180404 Clang8.0.0",
    "DeviceSerialNumber": "35002",
    "DwellTime": 9.8e-06,
    "EchoTime": 0.00226,
    "FlipAngle": 9,
    "ImageOrientationPatientDICOM": [
      0,
      1,
      0,
      0,
      0,
      -1
    ],
    "ImageType": [
      "ORIGINAL",
      "PRIMARY",
      "M",
      "ND",
      "NORM"
    ],
    "InPlanePhaseEncodingDirectionDICOM": "ROW",
    "InstitutionAddress": "University_Pkwy_1700_North_685_Provo_UT_US_84601",
    "InstitutionName": "Brigham_Young_University",
    "InstitutionalDepartmentName": "MRI",
    "InversionTime": 0.9,
    "MRAcquisitionType": "3D",
    "MagneticFieldStrength": 3,
    "Manufacturer": "Siemens",
    "ManufacturersModelName": "TrioTim",
    "Modality": "MR",
    "ParallelReductionFactorInPlane": 2,
    "PartialFourier": 0.875,
    "PatientPosition": "HFS",
    "PercentPhaseFOV": 87.5,
    "PhaseEncodingSteps": 226,
    "PhaseOversampling": 0.2,
    "PhaseResolution": 0.96,
    "PixelBandwidth": 199,
    "ProcedureStepDescription": "Research_KIRWAN",
    "ProtocolName": "t1_mpr_sag_iso_mprage_fast",
    "PulseSequenceDetails": "%SiemensSeq%_tfl",
    "ReceiveCoilName": "32Ch_Head",
    "ReconMatrixPE": 256,
    "RepetitionTime": 1.9,
    "SAR": 0.123538,
    "ScanOptions": "IR_PFP",
    "ScanningSequence": "GR_IR",
    "SequenceName": "_tfl3d1_ns",
    "SequenceVariant": "SP_MP_OSP",
    "SeriesDescription": "t1_mpr_sag_iso_mprage_fast",
    "SeriesNumber": 6,
    "ShimSetting": [
      -2830,
      -22913,
      1923,
      -81,
      -87,
      -38,
      -253,
      388
    ],
    "SliceThickness": 1,
    "SoftwareVersions": "syngo_MR_B17",
    "StationName": "MININT-E41B04",
    "TxRefAmp": 387.889,
    "dataset": "ds001747",
    "modality": "T1w",
    "run_id": 1,
    "subject_id": "3923"
  },
  "cjv": 0.35464317609193763,
  "cnr": 3.8816958678000297,
  "efc": 0.5851406532109531,
  "fber": -1.0,
  "fwhm_avg": 4.396456373333334,
  "fwhm_x": 4.19954,
  "fwhm_y": 4.6240153600000005,
  "fwhm_z": 4.36581376,
  "icvs_csf": 0.20810061510045075,
  "icvs_gm": 0.4392486790917621,
  "icvs_wm": 0.35265070580778723,
  "inu_med": 0.41100022196769714,
  "inu_range": 0.12968342006206512,
  "provenance": {
    "md5sum": "c0e23974fad636ff6c9c47ec2d57b874",
    "settings": {
      "testing": false
    },
    "software": "mriqc",
    "version": "22.0.1",
    "warnings": {
      "large_rot_frame": true,
      "small_air_mask": false
    },
    "webapi_port": null,
    "webapi_url": "https://mriqc.nimh.nih.gov/api/v1"
  },
  "qi_1": 0.0,
  "qi_2": 0.006818296756871085,
  "rpve_csf": 19.463987809102694,
  "rpve_gm": 9.7268509297696,
  "rpve_wm": 13.988388529181073,
  "size_x": 176,
  "size_y": 224,
  "size_z": 256,
  "snr_csf": 3.1945637825494138,
  "snr_gm": 13.385477169619735,
  "snr_total": 14.446369541327561,
  "snr_wm": 26.759067671813536,
  "snrd_csf": 49.00102121294886,
  "snrd_gm": 122.89046920142519,
  "snrd_total": 112.62156152861674,
  "snrd_wm": 165.9731941714762,
  "spacing_x": 1.0,
  "spacing_y": 0.9765625,
  "spacing_z": 0.9765625,
  "summary_bg_k": 22.520833310929234,
  "summary_bg_mad": 0.0,
  "summary_bg_mean": 1.5042502990040918,
  "summary_bg_median": 0.0,
  "summary_bg_n": 3047273.0,
  "summary_bg_p05": 0.0,
  "summary_bg_p95": 8.770115554332733,
  "summary_bg_stdv": 3.9474055762006373,
  "summary_csf_k": 1.5967679580458753,
  "summary_csf_mad": 68.01828014217573,
  "summary_csf_mean": 309.655527230668,
  "summary_csf_median": 295.2467675060034,
  "summary_csf_n": 40803.0,
  "summary_csf_p05": 184.08968970179558,
  "summary_csf_p95": 487.7756250053644,
  "summary_csf_stdv": 92.42048981537437,
  "summary_gm_k": -0.13582963978256624,
  "summary_gm_mad": 56.97834287834198,
  "summary_gm_mean": 739.6620908216053,
  "summary_gm_median": 740.4542372971773,
  "summary_gm_n": 40456.0,
  "summary_gm_p05": 648.7817086726427,
  "summary_gm_p95": 829.7377368025482,
  "summary_gm_stdv": 55.31704820868282,
  "summary_wm_k": 0.6238483506048,
  "summary_wm_mad": 35.0824673050717,
  "summary_wm_mean": 999.9278543939162,
  "summary_wm_median": 1000.041384011507,
  "summary_wm_n": 219258.0,
  "summary_wm_p05": 939.1469967663288,
  "summary_wm_p95": 1060.5220865607262,
  "summary_wm_stdv": 37.37197109260332,
  "tpm_overlap_csf": 0.1589301086498906,
  "tpm_overlap_gm": 0.4706198962182142,
  "tpm_overlap_wm": 0.5158787637333189,
  "wm2max": 0.45926106520847854
}