{
  "aor": 0.00010661800486618004,
  "aqi": 0.018678685523114354,
  "bids_meta": {
    "AcquisitionMatrixPE": 100,
    "AcquisitionNumber": 1,
    "AcquisitionTime": "16:49:23.122500",
    "BandwidthPerPixelPhaseEncode": 12.658,
    "BaseResolution": 100,
    "ConversionSoftware": "dcm2niix",
    "ConversionSoftwareVersion": "v1.0.20180404 Clang8.0.0",
    "DerivedVendorReportedEchoSpacing": 0.000790014,
    "DeviceSerialNumber": "35002",
    "DwellTime": 2.8e-06,
    "EchoTime": 0.0476,
    "EffectiveEchoSpacing": 0.000790014,
    "FlipAngle": 55,
    "ImageComments": "Unaliased_MB8_PE3_(remote)",
    "ImageOrientationPatientDICOM": [
      0.999999,
      -0.00127436,
      -3.8978e-11,
      -0.000898795,
      -0.705289,
      -0.708919
    ],
    "ImageType": [
      "ORIGINAL",
      "PRIMARY",
      "M",
      "MB",
      "ND",
      "MOSAIC"
    ],
    "InPlanePhaseEncodingDirectionDICOM": "ROW",
    "InstitutionAddress": "University_Pkwy_1700_North_685_Provo_UT_US_84601",
    "InstitutionName": "Brigham_Young_University",
    "InstitutionalDepartmentName": "MRI",
    "MRAcquisitionType": "2D",
    "MagneticFieldStrength": 3,
    "Manufacturer": "Siemens",
    "ManufacturersModelName": "TrioTim",
    "Modality": "MR",
    "MultibandAccelerationFactor": 8,
    "PartialFourier": 1,
    "PatientPosition": "HFS",
    "PercentPhaseFOV": 100,
    "PhaseEncodingDirection": "i",
    "PhaseEncodingSteps": 100,
    "PhaseResolution": 1,
    "PixelBandwidth": 1786,
    "ProcedureStepDescription": "Research_KIRWAN",
    "ProtocolName": "Resting_State",
    "PulseSequenceDetails": "%CustomerSeq%_cmrr_mbep2d_bold",
    "ReceiveCoilName": "32Ch_Head",
    "ReconMatrixPE": 100,
    "RepetitionTime": 0.928,
    "SAR": 0.116679,
    "ScanOptions": "FS",
    "ScanningSequence": "EP",
    "SequenceName": "epfid2d1_100",
    "SequenceVariant": "SK_SS",
    "SeriesDescription": "Resting_State",
    "SeriesNumber": 3,
    "ShimSetting": [
      -2883,
      -23041,
      2524,
      1157,
      -94,
      111,
      -216,
      444
    ],
    "SliceThickness": 1.8,
    "SliceTiming": [
      0,
      0.5175,
      0.1025,
      0.62,
      0.2075,
      0.725,
      0.31,
      0.8275,
      0.4125,
      0,
      0.5175,
      0.1025,
      0.62,
      0.2075,
      0.725,
      0.31,
      0.8275,
      0.4125,
      0,
      0.5175,
      0.1025,
      0.62,
      0.2075,
      0.725,
      0.31,
      0.8275,
      0.4125,
      0,
      0.5175,
      0.1025,
      0.62,
      0.2075,
      0.725,
      0.31,
      0.8275,
      0.4125,
      0,
      0.5175,
      0.1025,
      0.62,
      0.2075,
      0.725,
      0.31,
      0.8275,
      0.4125,
      0,
      0.5175,
      0.1025,
      0.62,
      0.2075,
      0.725,
      0.31,
      0.8275,
      0.4125,
      0,
      0.5175,
      0.1025,
      0.62,
      0.2075,
      0.725,
      0.31,
      0.8275,
      0.4125,
      0,
      0.5175,
      0.1025,
      0.62,
      0.2075,
      0.725,
      0.31,
      0.8275,
      0.4125
    ],
    "SoftwareVersions": "syngo_MR_B17",
    "SpacingBetweenSlices": 1.8,
    "StationName": "MININT-E41B04",
    "TaskName": "rest",
    "TotalReadoutTime": 0.0782114,
    "TxRefAmp": 371.167,
    "dataset": "ds001747",
    "modality": "bold",
    "run_id": 1,
    "subject_id": "3925",
    "task_id": "rest"
  },
  "dummy_trs": 1,
  "dvars_nstd": 75.00004392717425,
  "dvars_std": 1.0259907016443377,
  "dvars_vstd": 0.9879070184287446,
  "efc": 0.5724290607333825,
  "fber": 229.5758056640625,
  "fd_mean": 0.1192218637590625,
  "fd_num": 39,
  "fd_perc": 4.744525547445256,
  "fwhm_avg": 3.2669074939509013,
  "fwhm_x": 3.3561278666848042,
  "fwhm_y": 3.286950087074441,
  "fwhm_z": 3.157644528093458,
  "gcor": 0.00226917,
  "gsr_x": 0.04021468013525009,
  "gsr_y": 0.028954144567251205,
  "provenance": {
    "md5sum": "af91c3023d1cea718fe61d9574a01c74",
    "settings": {
      "fd_thres": 0.2,
      "testing": false
    },
    "software": "mriqc",
    "version": "22.0.1",
    "webapi_port": null,
    "webapi_url": "https://mriqc.nimh.nih.gov/api/v1"
  },
  "size_t": 822,
  "size_x": 100,
  "size_y": 100,
  "size_z": 72,
  "snr": 1.9843522028305904,
  "spacing_tr": 0.9279999732971191,
  "spacing_x": 1.7999999523162842,
  "spacing_y": 1.7999999523162842,
  "spacing_z": 1.7999999523162842,
  "summary_bg_k": 152.35234094964258,
  "summary_bg_mad": 13.134193791351304,
  "summary_bg_mean": 37.650020599365234,
  "summary_bg_median": 23.298053741455078,
  "summary_bg_n": 433853.0,
  "summary_bg_p05": 12.094890594482422,
  "summary_bg_p95": 100.49221191406232,
  "summary_bg_stdv": 58.183502197265625,
  "summary_fg_k": 3.281429337987732,
  "summary_fg_mad": 128.88269048664708,
  "summary_fg_mean": 405.33636474609375,
  "summary_fg_median": 356.25,
  "summary_fg_n": 188082.0,
  "summary_fg_p05": 208.3215316772461,
  "summary_fg_p95": 775.3105560302727,
  "summary_fg_stdv": 179.52914428710938,
  "tsnr": 18.991556672845036
}