{
  "bids_meta": {
    "AcquisitionMatrixPE": 215,
    "AcquisitionNumber": 1,
    "AcquisitionTime": "12:46:10.575000",
    "BaseResolution": 256,
    "ConversionSoftware": "dcm2niix",
    "ConversionSoftwareVersion": "v1.0.20180404 Clang8.0.0",
    "DeviceSerialNumber": "35002",
    "DwellTime": 9.8e-06,
    "EchoTime": 0.00226,
    "FlipAngle": 9,
    "ImageOrientationPatientDICOM": [
      0.0261769,
      0.999657,
      -5.87719e-09,
      0.0819104,
      -0.0021449,
      -0.996637
    ],
    "ImageType": [
      "ORIGINAL",
      "PRIMARY",
      "M",
      "ND",
      "NORM"
    ],
    "InPlanePhaseEncodingDirectionDICOM": "ROW",
    "InstitutionAddress": "University_Pkwy_1700_North_685_Provo_UT_US_84601",
    "InstitutionName": "Brigham_Young_University",
    "InstitutionalDepartmentName": "MRI",
    "InversionTime": 0.9,
    "MRAcquisitionType": "3D",
    "MagneticFieldStrength": 3,
    "Manufacturer": "Siemens",
    "ManufacturersModelName": "TrioTim",
    "Modality": "MR",
    "ParallelReductionFactorInPlane": 2,
    "PartialFourier": 0.875,
    "PatientPosition": "HFS",
    "PercentPhaseFOV": 87.5,
    "PhaseEncodingSteps": 226,
    "PhaseOversampling": 0.2,
    "PhaseResolution": 0.96,
    "PixelBandwidth": 199,
    "ProcedureStepDescription": "Research_KIRWAN",
    "ProtocolName": "t1_mpr_sag_iso_mprage_fast",
    "PulseSequenceDetails": "%SiemensSeq%_tfl",
    "ReceiveCoilName": "32Ch_Head",
    "ReconMatrixPE": 256,
    "RepetitionTime": 1.9,
    "SAR": 0.128653,
    "ScanOptions": "IR_PFP",
    "ScanningSequence": "GR_IR",
    "SequenceName": "_tfl3d1_ns",
    "SequenceVariant": "SP_MP_OSP",
    "SeriesDescription": "t1_mpr_sag_iso_mprage_fast",
    "SeriesNumber": 6,
    "ShimSetting": [
      -2830,
      -22913,
      1923,
      -81,
      -87,
      -38,
      -253,
      388
    ],
    "SliceThickness": 1,
    "SoftwareVersions": "syngo_MR_B17",
    "StationName": "MININT-E41B04",
    "TxRefAmp": 383.464,
    "dataset": "ds001747",
    "modality": "T1w",
    "run_id": 1,
    "subject_id": "3894"
  },
  "cjv": 0.32773312198544885,
  "cnr": 4.128545058375803,
  "efc": 0.6107748983561525,
  "fber": -1.0,
  "fwhm_avg": 4.414815311441934,
  "fwhm_x": 4.187124974325803,
  "fwhm_y": 4.65718272,
  "fwhm_z": 4.40013824,
  "icvs_csf": 0.19014095263143171,
  "icvs_gm": 0.4585808763223756,
  "icvs_wm": 0.3512781710461927,
  "inu_med": 0.3886408507823944,
  "inu_range": 0.12463116645812988,
  "provenance": {
    "md5sum": "04247cdbe4ffaa23916db8ad4da9dae1",
    "settings": {
      "testing": false
    },
    "software": "mriqc",
    "version": "22.0.1",
    "warnings": {
      "large_rot_frame": true,
      "small_air_mask": false
    },
    "webapi_port": null,
    "webapi_url": "https://mriqc.nimh.nih.gov/api/v1"
  },
  "qi_1": 0.0,
  "qi_2": 0.014719989604697026,
  "rpve_csf": 20.070556159645623,
  "rpve_gm": 9.040287751399147,
  "rpve_wm": 13.161663964342493,
  "size_x": 176,
  "size_y": 224,
  "size_z": 256,
  "snr_csf": 2.9407723107890154,
  "snr_gm": 16.21498475685924,
  "snr_total": 15.483923977770765,
  "snr_wm": 27.296014865664038,
  "snrd_csf": 52.58442875449436,
  "snrd_gm": 130.7390432407676,
  "snrd_total": 118.83554336188644,
  "snrd_wm": 173.18315809039737,
  "spacing_x": 0.9999964237213135,
  "spacing_y": 0.9765625,
  "spacing_z": 0.9765625,
  "summary_bg_k": 15.1741893317278,
  "summary_bg_mad": 0.0,
  "summary_bg_mean": 1.7985433580178307,
  "summary_bg_median": 0.0,
  "summary_bg_n": 2276479.0,
  "summary_bg_p05": 0.0,
  "summary_bg_p95": 8.476918756961823,
  "summary_bg_stdv": 3.783084823563847,
  "summary_csf_k": 1.3697756177904337,
  "summary_csf_mad": 61.95154342137585,
  "summary_csf_mean": 315.32881397668206,
  "summary_csf_median": 303.64875829964876,
  "summary_csf_n": 42872.0,
  "summary_csf_p05": 121.80963692069054,
  "summary_csf_p95": 506.47055711261913,
  "summary_csf_stdv": 103.2535622781171,
  "summary_gm_k": 0.233550116376271,
  "summary_gm_mad": 45.9001512449444,
  "summary_gm_mean": 753.3545734168375,
  "summary_gm_median": 754.9525416865945,
  "summary_gm_n": 50957.0,
  "summary_gm_p05": 675.103652612865,
  "summary_gm_p95": 826.729929856956,
  "summary_gm_stdv": 46.55848557548879,
  "summary_wm_k": 0.8362986778925992,
  "summary_wm_mad": 34.4251134337083,
  "summary_wm_mean": 1001.9083210745272,
  "summary_wm_median": 1000.0460622683167,
  "summary_wm_n": 228743.0,
  "summary_wm_p05": 945.4067924544215,
  "summary_wm_p95": 1064.221865683794,
  "summary_wm_stdv": 36.63699192822352,
  "tpm_overlap_csf": 0.1746603266798207,
  "tpm_overlap_gm": 0.4771041659037221,
  "tpm_overlap_wm": 0.5072286702601034,
  "wm2max": 0.41605013991643347
}