{
  "bids_meta": {
    "AcquisitionMatrixPE": 215,
    "AcquisitionNumber": 1,
    "AcquisitionTime": "13:26:30.947500",
    "BaseResolution": 256,
    "ConversionSoftware": "dcm2niix",
    "ConversionSoftwareVersion": "v1.0.20180404 Clang8.0.0",
    "DeviceSerialNumber": "35002",
    "DwellTime": 9.8e-06,
    "EchoTime": 0.00226,
    "FlipAngle": 9,
    "ImageOrientationPatientDICOM": [
      0.0627905,
      0.998027,
      4.82403e-08,
      0.0991238,
      -0.00623629,
      -0.995056
    ],
    "ImageType": [
      "ORIGINAL",
      "PRIMARY",
      "M",
      "ND",
      "NORM"
    ],
    "InPlanePhaseEncodingDirectionDICOM": "ROW",
    "InstitutionAddress": "University_Pkwy_1700_North_685_Provo_UT_US_84601",
    "InstitutionName": "Brigham_Young_University",
    "InstitutionalDepartmentName": "MRI",
    "InversionTime": 0.9,
    "MRAcquisitionType": "3D",
    "MagneticFieldStrength": 3,
    "Manufacturer": "Siemens",
    "ManufacturersModelName": "TrioTim",
    "Modality": "MR",
    "ParallelReductionFactorInPlane": 2,
    "PartialFourier": 0.875,
    "PatientPosition": "HFS",
    "PercentPhaseFOV": 87.5,
    "PhaseEncodingSteps": 226,
    "PhaseOversampling": 0.2,
    "PhaseResolution": 0.96,
    "PixelBandwidth": 199,
    "ProcedureStepDescription": "Research_KIRWAN",
    "ProtocolName": "t1_mpr_sag_iso_mprage_fast",
    "PulseSequenceDetails": "%SiemensSeq%_tfl",
    "ReceiveCoilName": "32Ch_Head",
    "ReconMatrixPE": 256,
    "RepetitionTime": 1.9,
    "SAR": 0.114673,
    "ScanOptions": "IR_PFP",
    "ScanningSequence": "GR_IR",
    "SequenceName": "_tfl3d1_ns",
    "SequenceVariant": "SP_MP_OSP",
    "SeriesDescription": "t1_mpr_sag_iso_mprage_fast",
    "SeriesNumber": 6,
    "ShimSetting": [
      -2830,
      -22913,
      1923,
      -81,
      -87,
      -38,
      -253,
      388
    ],
    "SliceThickness": 1,
    "SoftwareVersions": "syngo_MR_B17",
    "StationName": "MININT-E41B04",
    "TxRefAmp": 400.665,
    "dataset": "ds001747",
    "modality": "T1w",
    "run_id": 1,
    "subject_id": "3930"
  },
  "cjv": 0.33470782165573,
  "cnr": 4.095590007348947,
  "efc": 0.602903320650316,
  "fber": 24190.237269590103,
  "fwhm_avg": 4.6591357632326575,
  "fwhm_x": 4.3593644096979745,
  "fwhm_y": 5.01771264,
  "fwhm_z": 4.60033024,
  "icvs_csf": 0.1924044763798599,
  "icvs_gm": 0.4592882900879865,
  "icvs_wm": 0.3483072335321536,
  "inu_med": 0.3974379003047943,
  "inu_range": 0.12882964462041852,
  "provenance": {
    "md5sum": "3525520e5b9a4c70431602079578a94b",
    "settings": {
      "testing": false
    },
    "software": "mriqc",
    "version": "22.0.1",
    "warnings": {
      "large_rot_frame": true,
      "small_air_mask": false
    },
    "webapi_port": null,
    "webapi_url": "https://mriqc.nimh.nih.gov/api/v1"
  },
  "qi_1": 0.0,
  "qi_2": 0.0098561197432419,
  "rpve_csf": 20.267890327987658,
  "rpve_gm": 9.091827308113245,
  "rpve_wm": 13.099899954500932,
  "size_x": 176,
  "size_y": 224,
  "size_z": 256,
  "snr_csf": 2.7234059907611794,
  "snr_gm": 16.94800069510026,
  "snr_total": 15.771094840845322,
  "snr_wm": 27.641877836674528,
  "snrd_csf": 40.17642786639605,
  "snrd_gm": 103.0369621225664,
  "snrd_total": 92.77013065525522,
  "snrd_wm": 135.0970019768032,
  "spacing_x": 1.0000035762786865,
  "spacing_y": 0.9765625,
  "spacing_z": 0.9765625,
  "summary_bg_k": 27.891673187066456,
  "summary_bg_mad": 0.0,
  "summary_bg_mean": 2.2654318562042075,
  "summary_bg_median": 0.0,
  "summary_bg_n": 2106704.0,
  "summary_bg_p05": 0.0,
  "summary_bg_p95": 9.14135005697608,
  "summary_bg_stdv": 4.849377905377045,
  "summary_csf_k": 1.052839928061987,
  "summary_csf_mad": 74.10314167261365,
  "summary_csf_mean": 310.9801639723848,
  "summary_csf_median": 297.389492649585,
  "summary_csf_n": 48299.0,
  "summary_csf_p05": 120.0518494796008,
  "summary_csf_p95": 514.6034329835325,
  "summary_csf_stdv": 109.19650430842124,
  "summary_gm_k": 0.098088473515626,
  "summary_gm_mad": 45.311475162872036,
  "summary_gm_mean": 760.5478607109771,
  "summary_gm_median": 762.6887584850192,
  "summary_gm_n": 61721.0,
  "summary_gm_p05": 684.3733117282391,
  "summary_gm_p95": 830.4075158722699,
  "summary_gm_stdv": 45.001330461436524,
  "summary_wm_k": 0.7003525912882127,
  "summary_wm_mad": 34.11846195299591,
  "summary_wm_mean": 1001.1299650901258,
  "summary_wm_median": 1000.0000251382589,
  "summary_wm_n": 225980.0,
  "summary_wm_p05": 943.9239822514355,
  "summary_wm_p95": 1061.897425275296,
  "summary_wm_stdv": 36.176913104789136,
  "tpm_overlap_csf": 0.1484045172301594,
  "tpm_overlap_gm": 0.4875397100756001,
  "tpm_overlap_wm": 0.506953293989502,
  "wm2max": 0.41602393337175636
}