{
  "aor": 0.00034315085158150856,
  "aqi": 0.023465586861313868,
  "bids_meta": {
    "AcquisitionMatrixPE": 100,
    "AcquisitionNumber": 1,
    "AcquisitionTime": "10:36:16.522500",
    "BandwidthPerPixelPhaseEncode": 13.889,
    "BaseResolution": 100,
    "ConversionSoftware": "dcm2niix",
    "ConversionSoftwareVersion": "v1.0.20180404 Clang8.0.0",
    "DerivedVendorReportedEchoSpacing": 0.000719994,
    "DeviceSerialNumber": "35002",
    "DwellTime": 2.8e-06,
    "EchoTime": 0.0436,
    "EffectiveEchoSpacing": 0.000719994,
    "FlipAngle": 55,
    "ImageComments": "Unaliased_MB8_PE3_(remote)",
    "ImageOrientationPatientDICOM": [
      0.999999,
      -0.00064952,
      0.00119141,
      1.8297e-08,
      0.878007,
      0.478647
    ],
    "ImageType": [
      "ORIGINAL",
      "PRIMARY",
      "M",
      "MB",
      "ND",
      "MOSAIC"
    ],
    "InPlanePhaseEncodingDirectionDICOM": "COL",
    "InstitutionAddress": "University_Pkwy_1700_North_685_Provo_UT_US_84601",
    "InstitutionName": "Brigham_Young_University",
    "InstitutionalDepartmentName": "MRI",
    "MRAcquisitionType": "2D",
    "MagneticFieldStrength": 3,
    "Manufacturer": "Siemens",
    "ManufacturersModelName": "TrioTim",
    "Modality": "MR",
    "MultibandAccelerationFactor": 8,
    "PartialFourier": 1,
    "PatientPosition": "HFS",
    "PercentPhaseFOV": 100,
    "PhaseEncodingDirection": "j-",
    "PhaseEncodingSteps": 100,
    "PhaseResolution": 1,
    "PixelBandwidth": 1786,
    "ProcedureStepDescription": "Research_KIRWAN",
    "ProtocolName": "Resting_State",
    "PulseSequenceDetails": "%CustomerSeq%_cmrr_mbep2d_bold",
    "ReceiveCoilName": "32Ch_Head",
    "ReconMatrixPE": 100,
    "RepetitionTime": 0.875,
    "SAR": 0.132062,
    "ScanOptions": "FS",
    "ScanningSequence": "EP",
    "SequenceName": "epfid2d1_100",
    "SequenceVariant": "SK_SS",
    "SeriesDescription": "Resting_State",
    "SeriesNumber": 3,
    "ShimSetting": [
      -2788,
      -22882,
      2444,
      1036,
      150,
      278,
      -77,
      329
    ],
    "SliceThickness": 1.8,
    "SliceTiming": [
      0,
      0.49,
      0.1,
      0.5875,
      0.1975,
      0.685,
      0.295,
      0.7825,
      0.3925,
      0,
      0.49,
      0.1,
      0.5875,
      0.1975,
      0.685,
      0.295,
      0.7825,
      0.3925,
      0,
      0.49,
      0.1,
      0.5875,
      0.1975,
      0.685,
      0.295,
      0.7825,
      0.3925,
      0,
      0.49,
      0.1,
      0.5875,
      0.1975,
      0.685,
      0.295,
      0.7825,
      0.3925,
      0,
      0.49,
      0.1,
      0.5875,
      0.1975,
      0.685,
      0.295,
      0.7825,
      0.3925,
      0,
      0.49,
      0.1,
      0.5875,
      0.1975,
      0.685,
      0.295,
      0.7825,
      0.3925,
      0,
      0.49,
      0.1,
      0.5875,
      0.1975,
      0.685,
      0.295,
      0.7825,
      0.3925,
      0,
      0.49,
      0.1,
      0.5875,
      0.1975,
      0.685,
      0.295,
      0.7825,
      0.3925
    ],
    "SoftwareVersions": "syngo_MR_B17",
    "SpacingBetweenSlices": 1.8,
    "StationName": "MININT-E41B04",
    "TaskName": "rest",
    "TotalReadoutTime": 0.0712794,
    "TxRefAmp": 381.061,
    "dataset": "ds001747",
    "modality": "bold",
    "run_id": 1,
    "subject_id": "3926",
    "task_id": "rest"
  },
  "dummy_trs": 1,
  "dvars_nstd": 67.57747997695503,
  "dvars_std": 1.0397892511327649,
  "dvars_vstd": 0.9885124143239952,
  "efc": 0.5879649154921022,
  "fber": 338.6248474121094,
  "fd_mean": 0.16723430768052489,
  "fd_num": 252,
  "fd_perc": 30.656934306569344,
  "fwhm_avg": 3.0777685355226474,
  "fwhm_x": 2.978733412242821,
  "fwhm_y": 3.3315111993660182,
  "fwhm_z": 2.923060994959103,
  "gcor": 0.00667682,
  "gsr_x": 0.004611830692738295,
  "gsr_y": 0.07349422574043274,
  "provenance": {
    "md5sum": "7e4f1da8f37736532fc9b0a25f628e18",
    "settings": {
      "fd_thres": 0.2,
      "testing": false
    },
    "software": "mriqc",
    "version": "22.0.1",
    "webapi_port": null,
    "webapi_url": "https://mriqc.nimh.nih.gov/api/v1"
  },
  "size_t": 822,
  "size_x": 100,
  "size_y": 100,
  "size_z": 72,
  "snr": 2.5391554966291783,
  "spacing_tr": 0.875,
  "spacing_x": 1.7999999523162842,
  "spacing_y": 1.7999999523162842,
  "spacing_z": 1.8000000715255737,
  "summary_bg_k": 29.356370921352905,
  "summary_bg_mad": 12.737391378744672,
  "summary_bg_mean": 36.4251708984375,
  "summary_bg_median": 20.44038963317871,
  "summary_bg_n": 427448.0,
  "summary_bg_p05": 10.586374282836914,
  "summary_bg_p95": 111.5409343719482,
  "summary_bg_stdv": 48.36479187011719,
  "summary_fg_k": 4.0287976327621555,
  "summary_fg_mad": 115.06401253354933,
  "summary_fg_mean": 409.3648986816406,
  "summary_fg_median": 378.6484069824219,
  "summary_fg_n": 191391.0,
  "summary_fg_p05": 236.2913589477539,
  "summary_fg_p95": 697.6319885253906,
  "summary_fg_stdv": 149.1233673095703,
  "tsnr": 18.280381651595235
}