{
  "bids_meta": {
    "AcquisitionMatrixPE": 215,
    "AcquisitionNumber": 1,
    "AcquisitionTime": "12:25:17.437500",
    "BaseResolution": 256,
    "ConversionSoftware": "dcm2niix",
    "ConversionSoftwareVersion": "v1.0.20180404 Clang8.0.0",
    "DeviceSerialNumber": "35002",
    "DwellTime": 9.8e-06,
    "EchoTime": 0.00226,
    "FlipAngle": 9,
    "ImageOrientationPatientDICOM": [
      0,
      1,
      0,
      0,
      0,
      -1
    ],
    "ImageType": [
      "ORIGINAL",
      "PRIMARY",
      "M",
      "ND",
      "NORM"
    ],
    "InPlanePhaseEncodingDirectionDICOM": "ROW",
    "InstitutionAddress": "University_Pkwy_1700_North_685_Provo_UT_US_84601",
    "InstitutionName": "Brigham_Young_University",
    "InstitutionalDepartmentName": "MRI",
    "InversionTime": 0.9,
    "MRAcquisitionType": "3D",
    "MagneticFieldStrength": 3,
    "Manufacturer": "Siemens",
    "ManufacturersModelName": "TrioTim",
    "Modality": "MR",
    "ParallelReductionFactorInPlane": 2,
    "PartialFourier": 0.875,
    "PatientPosition": "HFS",
    "PercentPhaseFOV": 87.5,
    "PhaseEncodingSteps": 226,
    "PhaseOversampling": 0.2,
    "PhaseResolution": 0.96,
    "PixelBandwidth": 199,
    "ProcedureStepDescription": "Research_KIRWAN",
    "ProtocolName": "t1_mpr_sag_iso_mprage_fast",
    "PulseSequenceDetails": "%SiemensSeq%_tfl",
    "ReceiveCoilName": "32Ch_Head",
    "ReconMatrixPE": 256,
    "RepetitionTime": 1.9,
    "SAR": 0.121007,
    "ScanOptions": "IR_PFP",
    "ScanningSequence": "GR_IR",
    "SequenceName": "_tfl3d1_ns",
    "SequenceVariant": "SP_MP_OSP",
    "SeriesDescription": "t1_mpr_sag_iso_mprage_fast",
    "SeriesNumber": 6,
    "ShimSetting": [
      -2830,
      -22913,
      1923,
      -81,
      -87,
      -38,
      -253,
      388
    ],
    "SliceThickness": 1,
    "SoftwareVersions": "syngo_MR_B17",
    "StationName": "MININT-E41B04",
    "TxRefAmp": 388.453,
    "dataset": "ds001747",
    "modality": "T1w",
    "run_id": 1,
    "subject_id": "3936"
  },
  "cjv": 0.3412359613943971,
  "cnr": 4.06021290597637,
  "efc": 0.5602669363655924,
  "fber": -1.0,
  "fwhm_avg": 4.638125866666666,
  "fwhm_x": 4.37464,
  "fwhm_y": 4.89588736,
  "fwhm_z": 4.64385024,
  "icvs_csf": 0.21836498082109268,
  "icvs_gm": 0.4268266363499177,
  "icvs_wm": 0.35480838282898963,
  "inu_med": 0.35170823335647583,
  "inu_range": 0.10776984989643096,
  "provenance": {
    "md5sum": "7237a85f21cda953b248a7e63b196468",
    "settings": {
      "testing": false
    },
    "software": "mriqc",
    "version": "22.0.1",
    "warnings": {
      "large_rot_frame": true,
      "small_air_mask": false
    },
    "webapi_port": null,
    "webapi_url": "https://mriqc.nimh.nih.gov/api/v1"
  },
  "qi_1": 0.026096336116503034,
  "qi_2": 0.010958373855540006,
  "rpve_csf": 20.86400786681417,
  "rpve_gm": 11.006480445689856,
  "rpve_wm": 15.260730638832806,
  "size_x": 176,
  "size_y": 224,
  "size_z": 256,
  "snr_csf": 3.1933162005655356,
  "snr_gm": 14.579816472248947,
  "snr_total": 16.51289198371359,
  "snr_wm": 31.765543278326298,
  "snrd_csf": 52.492914627305474,
  "snrd_gm": 131.54934748454528,
  "snrd_total": 119.52165451405779,
  "snrd_wm": 174.52270143032263,
  "spacing_x": 1.0,
  "spacing_y": 0.9765625,
  "spacing_z": 0.9765625,
  "summary_bg_k": 62.66961836039812,
  "summary_bg_mad": 0.0,
  "summary_bg_mean": 0.9786441281757304,
  "summary_bg_median": 0.0,
  "summary_bg_n": 2665389.0,
  "summary_bg_p05": 0.0,
  "summary_bg_p95": 8.1091860383749,
  "summary_bg_stdv": 3.754041337380403,
  "summary_csf_k": 1.7481197128850479,
  "summary_csf_mad": 69.44257350701164,
  "summary_csf_mean": 313.90768537563366,
  "summary_csf_median": 300.79319578409195,
  "summary_csf_n": 51991.0,
  "summary_csf_p05": 188.41671603918076,
  "summary_csf_p95": 494.81544206291437,
  "summary_csf_stdv": 94.19371090591589,
  "summary_gm_k": -0.11909816602339385,
  "summary_gm_mad": 53.28091496138736,
  "summary_gm_mean": 753.4968319453293,
  "summary_gm_median": 753.799801632762,
  "summary_gm_n": 43786.0,
  "summary_gm_p05": 668.4982545077801,
  "summary_gm_p95": 838.0378489494324,
  "summary_gm_stdv": 51.7010070220337,
  "summary_wm_k": 0.32319346807494886,
  "summary_wm_mad": 30.746569916065702,
  "summary_wm_mean": 1000.8204218981728,
  "summary_wm_median": 1000.0443197488785,
  "summary_wm_n": 213750.0,
  "summary_wm_p05": 950.8131411224604,
  "summary_wm_p95": 1053.3965601325035,
  "summary_wm_stdv": 31.481973146151567,
  "tpm_overlap_csf": 0.15115117143638404,
  "tpm_overlap_gm": 0.4674648639182219,
  "tpm_overlap_wm": 0.5135501261317285,
  "wm2max": 0.43716947872072526
}