{
  "aor": 0.0002737424058323208,
  "aqi": 0.02319750716889429,
  "bids_meta": {
    "AcquisitionMatrixPE": 100,
    "AcquisitionNumber": 1,
    "AcquisitionTime": "18:36:35.952500",
    "BandwidthPerPixelPhaseEncode": 13.889,
    "BaseResolution": 100,
    "ConversionSoftware": "dcm2niix",
    "ConversionSoftwareVersion": "v1.0.20180404 Clang8.0.0",
    "DerivedVendorReportedEchoSpacing": 0.000719994,
    "DeviceSerialNumber": "35002",
    "DwellTime": 2.8e-06,
    "EchoTime": 0.0436,
    "EffectiveEchoSpacing": 0.000719994,
    "FlipAngle": 55,
    "ImageComments": "Unaliased_MB8_PE3_(remote)",
    "ImageOrientationPatientDICOM": [
      1,
      0,
      0,
      0,
      0.907044,
      0.421036
    ],
    "ImageType": [
      "ORIGINAL",
      "PRIMARY",
      "M",
      "MB",
      "ND",
      "MOSAIC"
    ],
    "InPlanePhaseEncodingDirectionDICOM": "COL",
    "InstitutionAddress": "University_Pkwy_1700_North_685_Provo_UT_US_84601",
    "InstitutionName": "Brigham_Young_University",
    "InstitutionalDepartmentName": "MRI",
    "MRAcquisitionType": "2D",
    "MagneticFieldStrength": 3,
    "Manufacturer": "Siemens",
    "ManufacturersModelName": "TrioTim",
    "Modality": "MR",
    "MultibandAccelerationFactor": 8,
    "PartialFourier": 1,
    "PatientPosition": "HFS",
    "PercentPhaseFOV": 100,
    "PhaseEncodingDirection": "j-",
    "PhaseEncodingSteps": 100,
    "PhaseResolution": 1,
    "PixelBandwidth": 1786,
    "ProcedureStepDescription": "Research_KIRWAN",
    "ProtocolName": "Resting_State",
    "PulseSequenceDetails": "%CustomerSeq%_cmrr_mbep2d_bold",
    "ReceiveCoilName": "32Ch_Head",
    "ReconMatrixPE": 100,
    "RepetitionTime": 0.875,
    "SAR": 0.112935,
    "ScanOptions": "FS",
    "ScanningSequence": "EP",
    "SequenceName": "epfid2d1_100",
    "SequenceVariant": "SK_SS",
    "SeriesDescription": "Resting_State",
    "SeriesNumber": 3,
    "ShimSetting": [
      -2819,
      -22953,
      2364,
      926,
      -44,
      196,
      -95,
      356
    ],
    "SliceThickness": 1.8,
    "SliceTiming": [
      0,
      0.4875,
      0.0975,
      0.585,
      0.195,
      0.6825,
      0.2925,
      0.78,
      0.39,
      0,
      0.4875,
      0.0975,
      0.585,
      0.195,
      0.6825,
      0.2925,
      0.78,
      0.39,
      0,
      0.4875,
      0.0975,
      0.585,
      0.195,
      0.6825,
      0.2925,
      0.78,
      0.39,
      0,
      0.4875,
      0.0975,
      0.585,
      0.195,
      0.6825,
      0.2925,
      0.78,
      0.39,
      0,
      0.4875,
      0.0975,
      0.585,
      0.195,
      0.6825,
      0.2925,
      0.78,
      0.39,
      0,
      0.4875,
      0.0975,
      0.585,
      0.195,
      0.6825,
      0.2925,
      0.78,
      0.39,
      0,
      0.4875,
      0.0975,
      0.585,
      0.195,
      0.6825,
      0.2925,
      0.78,
      0.39,
      0,
      0.4875,
      0.0975,
      0.585,
      0.195,
      0.6825,
      0.2925,
      0.78,
      0.39
    ],
    "SoftwareVersions": "syngo_MR_B17",
    "SpacingBetweenSlices": 1.8,
    "StationName": "MININT-E41B04",
    "TaskName": "rest",
    "TotalReadoutTime": 0.0712794,
    "TxRefAmp": 391.189,
    "dataset": "ds001747",
    "modality": "bold",
    "run_id": 1,
    "subject_id": "3940",
    "task_id": "rest"
  },
  "dummy_trs": 0,
  "dvars_nstd": 73.03440551104624,
  "dvars_std": 1.056071406070559,
  "dvars_vstd": 0.9800629016545014,
  "efc": 0.58612449086789,
  "fber": 325.0064392089844,
  "fd_mean": 0.11895404009104078,
  "fd_num": 44,
  "fd_perc": 5.34629404617254,
  "fwhm_avg": 3.529468536833239,
  "fwhm_x": 3.2902556427175638,
  "fwhm_y": 3.8924167697804974,
  "fwhm_z": 3.405733198001655,
  "gcor": 0.0108007,
  "gsr_x": -0.005007517524063587,
  "gsr_y": 0.08703456073999405,
  "provenance": {
    "md5sum": "f7fb80a805009dfcc823e27cbdd9327e",
    "settings": {
      "fd_thres": 0.2,
      "testing": false
    },
    "software": "mriqc",
    "version": "22.0.1",
    "webapi_port": null,
    "webapi_url": "https://mriqc.nimh.nih.gov/api/v1"
  },
  "size_t": 823,
  "size_x": 100,
  "size_y": 100,
  "size_z": 72,
  "snr": 2.072111740222524,
  "spacing_tr": 0.875,
  "spacing_x": 1.7999999523162842,
  "spacing_y": 1.7999999523162842,
  "spacing_z": 1.8000000715255737,
  "summary_bg_k": 34.97927388527886,
  "summary_bg_mad": 12.73903011162741,
  "summary_bg_mean": 34.8028450012207,
  "summary_bg_median": 20.789188385009766,
  "summary_bg_n": 408524.0,
  "summary_bg_p05": 10.910085678100586,
  "summary_bg_p95": 103.505408477783,
  "summary_bg_stdv": 40.806365966796875,
  "summary_fg_k": 6.094579052638656,
  "summary_fg_mad": 125.94915784995794,
  "summary_fg_mean": 426.64215087890625,
  "summary_fg_median": 384.1907958984375,
  "summary_fg_n": 206561.0,
  "summary_fg_p05": 226.39247131347656,
  "summary_fg_p95": 788.3026123046875,
  "summary_fg_stdv": 185.40982055664062,
  "tsnr": 18.049968271749094
}