{
  "bids_meta": {
    "AcquisitionMatrixPE": 215,
    "AcquisitionNumber": 1,
    "AcquisitionTime": "17:24:9.847500",
    "BaseResolution": 256,
    "ConversionSoftware": "dcm2niix",
    "ConversionSoftwareVersion": "v1.0.20180404 Clang8.0.0",
    "DeviceSerialNumber": "35002",
    "EchoTime": 0.00226,
    "FlipAngle": 9,
    "ImageOrientationPatientDICOM": [
      1e-16,
      1,
      0,
      -0.0383878,
      -1e-16,
      -0.999263
    ],
    "ImageType": [
      "ORIGINAL",
      "PRIMARY",
      "M",
      "ND",
      "NORM"
    ],
    "InPlanePhaseEncodingDirectionDICOM": "ROW",
    "InstitutionAddress": "University_Pkwy_1700_North_685_Provo_UT_US_84601",
    "InstitutionName": "Brigham_Young_University",
    "InversionTime": 0.9,
    "MRAcquisitionType": "3D",
    "MagneticFieldStrength": 3,
    "Manufacturer": "Siemens",
    "ManufacturersModelName": "TrioTim",
    "Modality": "MR",
    "ParallelReductionFactorInPlane": 2,
    "PartialFourier": 0.875,
    "PatientPosition": "HFS",
    "PercentPhaseFOV": 87.5,
    "PhaseEncodingSteps": 226,
    "PhaseOversampling": 0.2,
    "PhaseResolution": 0.96,
    "PixelBandwidth": 199,
    "ProcedureStepDescription": "Research_KIRWAN",
    "ProtocolName": "t1_mpr_sag_iso_mprage_fast",
    "PulseSequenceDetails": "%SiemensSeq%_tfl",
    "ReceiveCoilName": "32Ch_Head",
    "ReconMatrixPE": 256,
    "RepetitionTime": 1.9,
    "SAR": 0.0992484,
    "ScanOptions": "IR_PFP",
    "ScanningSequence": "GR_IR",
    "SequenceName": "_tfl3d1_ns",
    "SequenceVariant": "SP_MP_OSP",
    "SeriesDescription": "t1_mpr_sag_iso_mprage_fast",
    "SeriesNumber": 6,
    "ShimSetting": [
      -2830,
      -22913,
      1923,
      -81,
      -87,
      -38,
      -253,
      388
    ],
    "SliceThickness": 1,
    "SoftwareVersions": "syngo_MR_B17",
    "StationName": "MININT-E41B04",
    "TxRefAmp": 375.336,
    "dataset": "ds001747",
    "modality": "T1w",
    "run_id": 1,
    "subject_id": "3908"
  },
  "cjv": 0.3309068480967125,
  "cnr": 4.137519543529386,
  "efc": 0.5409247593502609,
  "fber": -1.0,
  "fwhm_avg": 4.559876005691799,
  "fwhm_x": 4.340082417075396,
  "fwhm_y": 4.80922624,
  "fwhm_z": 4.53031936,
  "icvs_csf": 0.1941589080182195,
  "icvs_gm": 0.468656324756877,
  "icvs_wm": 0.3371847672249035,
  "inu_med": 0.40079212188720703,
  "inu_range": 0.13303865790367125,
  "provenance": {
    "md5sum": "16ca2b15163ae271cb94f78da097a507",
    "settings": {
      "testing": false
    },
    "software": "mriqc",
    "version": "22.0.1",
    "warnings": {
      "large_rot_frame": true,
      "small_air_mask": false
    },
    "webapi_port": null,
    "webapi_url": "https://mriqc.nimh.nih.gov/api/v1"
  },
  "qi_1": 0.0,
  "qi_2": 0.009350100815318299,
  "rpve_csf": 22.31663035584604,
  "rpve_gm": 10.054472738830679,
  "rpve_wm": 15.275403024534848,
  "size_x": 176,
  "size_y": 224,
  "size_z": 256,
  "snr_csf": 2.541817492125921,
  "snr_gm": 16.00379353197416,
  "snr_total": 15.608233739062143,
  "snr_wm": 28.27909019308635,
  "snrd_csf": 51.795099000696375,
  "snrd_gm": 138.11525601549,
  "snrd_total": 124.2406297857168,
  "snrd_wm": 182.81153434096402,
  "spacing_x": 0.9999971389770508,
  "spacing_y": 0.9765625,
  "spacing_z": 0.9765625,
  "summary_bg_k": 19.602308311144224,
  "summary_bg_mad": 0.0,
  "summary_bg_mean": 1.4592721786384601,
  "summary_bg_median": 0.0,
  "summary_bg_n": 2998594.0,
  "summary_bg_p05": 0.0,
  "summary_bg_p95": 7.972057037055492,
  "summary_bg_stdv": 3.5838184441571137,
  "summary_csf_k": 0.759519346430205,
  "summary_csf_mad": 77.06973017127557,
  "summary_csf_mean": 287.53206652251873,
  "summary_csf_median": 283.33676943555474,
  "summary_csf_n": 40821.0,
  "summary_csf_p05": 75.4879833869636,
  "summary_csf_p95": 486.3776654154062,
  "summary_csf_stdv": 111.46878161550087,
  "summary_gm_k": 0.10172885415538646,
  "summary_gm_mad": 47.09478373311938,
  "summary_gm_mean": 753.2232116028397,
  "summary_gm_median": 755.5373231098056,
  "summary_gm_n": 62045.0,
  "summary_gm_p05": 672.4060273058712,
  "summary_gm_p95": 826.8338125906885,
  "summary_gm_stdv": 47.209508979981656,
  "summary_wm_k": 0.689281713238012,
  "summary_wm_mad": 33.81320177474936,
  "summary_wm_mean": 1001.5807698413458,
  "summary_wm_median": 1000.0411342978477,
  "summary_wm_n": 194446.0,
  "summary_wm_p05": 946.8255989216268,
  "summary_wm_p95": 1061.2287267111242,
  "summary_wm_stdv": 35.36318021381243,
  "tpm_overlap_csf": 0.14385564545044707,
  "tpm_overlap_gm": 0.4797177799620732,
  "tpm_overlap_wm": 0.49270515182937197,
  "wm2max": 0.4350997639991418
}