{
  "aor": 0.00023579268292682926,
  "aqi": 0.02609293817073171,
  "bids_meta": {
    "AcquisitionMatrixPE": 100,
    "AcquisitionNumber": 1,
    "AcquisitionTime": "15:11:54.682500",
    "BandwidthPerPixelPhaseEncode": 13.889,
    "BaseResolution": 100,
    "ConversionSoftware": "dcm2niix",
    "ConversionSoftwareVersion": "v1.0.20180404 Clang8.0.0",
    "DerivedVendorReportedEchoSpacing": 0.000719994,
    "DeviceSerialNumber": "35002",
    "DwellTime": 2.8e-06,
    "EchoTime": 0.0436,
    "EffectiveEchoSpacing": 0.000719994,
    "FlipAngle": 55,
    "ImageComments": "Unaliased_MB8_PE3_(remote)",
    "ImageOrientationPatientDICOM": [
      0.991694,
      -0.0635857,
      0.111801,
      5.48558e-08,
      0.869249,
      0.494375
    ],
    "ImageType": [
      "ORIGINAL",
      "PRIMARY",
      "M",
      "MB",
      "ND",
      "MOSAIC"
    ],
    "InPlanePhaseEncodingDirectionDICOM": "COL",
    "InstitutionAddress": "University_Pkwy_1700_North_685_Provo_UT_US_84601",
    "InstitutionName": "Brigham_Young_University",
    "InstitutionalDepartmentName": "MRI",
    "MRAcquisitionType": "2D",
    "MagneticFieldStrength": 3,
    "Manufacturer": "Siemens",
    "ManufacturersModelName": "TrioTim",
    "Modality": "MR",
    "MultibandAccelerationFactor": 8,
    "PartialFourier": 1,
    "PatientPosition": "HFS",
    "PercentPhaseFOV": 100,
    "PhaseEncodingDirection": "j-",
    "PhaseEncodingSteps": 100,
    "PhaseResolution": 1,
    "PixelBandwidth": 1786,
    "ProcedureStepDescription": "Research_KIRWAN",
    "ProtocolName": "Resting_State",
    "PulseSequenceDetails": "%CustomerSeq%_cmrr_mbep2d_bold",
    "ReceiveCoilName": "32Ch_Head",
    "ReconMatrixPE": 100,
    "RepetitionTime": 0.875,
    "SAR": 0.144603,
    "ScanOptions": "FS",
    "ScanningSequence": "EP",
    "SequenceName": "epfid2d1_100",
    "SequenceVariant": "SK_SS",
    "SeriesDescription": "Resting_State",
    "SeriesNumber": 3,
    "ShimSetting": [
      -2784,
      -23050,
      2432,
      501,
      -265,
      -214,
      -59,
      429
    ],
    "SliceThickness": 1.8,
    "SliceTiming": [
      0,
      0.4875,
      0.0975,
      0.585,
      0.195,
      0.6825,
      0.2925,
      0.78,
      0.39,
      0,
      0.4875,
      0.0975,
      0.585,
      0.195,
      0.6825,
      0.2925,
      0.78,
      0.39,
      0,
      0.4875,
      0.0975,
      0.585,
      0.195,
      0.6825,
      0.2925,
      0.78,
      0.39,
      0,
      0.4875,
      0.0975,
      0.585,
      0.195,
      0.6825,
      0.2925,
      0.78,
      0.39,
      0,
      0.4875,
      0.0975,
      0.585,
      0.195,
      0.6825,
      0.2925,
      0.78,
      0.39,
      0,
      0.4875,
      0.0975,
      0.585,
      0.195,
      0.6825,
      0.2925,
      0.78,
      0.39,
      0,
      0.4875,
      0.0975,
      0.585,
      0.195,
      0.6825,
      0.2925,
      0.78,
      0.39,
      0,
      0.4875,
      0.0975,
      0.585,
      0.195,
      0.6825,
      0.2925,
      0.78,
      0.39
    ],
    "SoftwareVersions": "syngo_MR_B17",
    "SpacingBetweenSlices": 1.8,
    "StationName": "MININT-E41B04",
    "TaskName": "rest",
    "TotalReadoutTime": 0.0712794,
    "TxRefAmp": 438.739,
    "dataset": "ds001747",
    "modality": "bold",
    "run_id": 1,
    "subject_id": "3924",
    "task_id": "rest"
  },
  "dummy_trs": 3,
  "dvars_nstd": 79.76210398332115,
  "dvars_std": 1.0155653923443224,
  "dvars_vstd": 0.977882247509157,
  "efc": 0.5964839033712882,
  "fber": 202.93446350097656,
  "fd_mean": 0.15442294063308812,
  "fd_num": 229,
  "fd_perc": 27.926829268292682,
  "fwhm_avg": 3.4632129813706225,
  "fwhm_x": 3.3099223099052195,
  "fwhm_y": 3.757700099545058,
  "fwhm_z": 3.3220165346615897,
  "gcor": 0.00710542,
  "gsr_x": -0.015087137930095196,
  "gsr_y": 0.09113546460866928,
  "provenance": {
    "md5sum": "cd66ab77156aeaa238341641358590ea",
    "settings": {
      "fd_thres": 0.2,
      "testing": false
    },
    "software": "mriqc",
    "version": "22.0.1",
    "webapi_port": null,
    "webapi_url": "https://mriqc.nimh.nih.gov/api/v1"
  },
  "size_t": 820,
  "size_x": 100,
  "size_y": 100,
  "size_z": 72,
  "snr": 1.9678124083569988,
  "spacing_tr": 0.875,
  "spacing_x": 1.7999999523162842,
  "spacing_y": 1.7999999523162842,
  "spacing_z": 1.8000000715255737,
  "summary_bg_k": 28.745118799125734,
  "summary_bg_mad": 15.321428526718956,
  "summary_bg_mean": 38.50312042236328,
  "summary_bg_median": 23.73658561706543,
  "summary_bg_n": 410475.0,
  "summary_bg_p05": 11.649999618530273,
  "summary_bg_p95": 116.66097259521484,
  "summary_bg_stdv": 46.847103118896484,
  "summary_fg_k": 4.87010777439189,
  "summary_fg_mad": 114.20828573427575,
  "summary_fg_mean": 398.6636657714844,
  "summary_fg_median": 349.6640319824219,
  "summary_fg_n": 203752.0,
  "summary_fg_p05": 212.2692108154297,
  "summary_fg_p95": 762.1432495117188,
  "summary_fg_stdv": 177.69131469726562,
  "tsnr": 16.18496230384335
}