{
  "aor": 0.0004898536585365855,
  "aqi": 0.023014801341463414,
  "bids_meta": {
    "AcquisitionMatrixPE": 100,
    "AcquisitionNumber": 1,
    "AcquisitionTime": "15:19:36.902500",
    "BandwidthPerPixelPhaseEncode": 13.889,
    "BaseResolution": 100,
    "ConversionSoftware": "dcm2niix",
    "ConversionSoftwareVersion": "v1.0.20180404 Clang8.0.0",
    "DerivedVendorReportedEchoSpacing": 0.000719994,
    "DeviceSerialNumber": "35002",
    "DwellTime": 2.8e-06,
    "EchoTime": 0.0436,
    "EffectiveEchoSpacing": 0.000719994,
    "FlipAngle": 55,
    "ImageComments": "Unaliased_MB8_PE3_(remote)",
    "ImageOrientationPatientDICOM": [
      1,
      0,
      0,
      0,
      0.872069,
      0.489382
    ],
    "ImageType": [
      "ORIGINAL",
      "PRIMARY",
      "M",
      "MB",
      "ND",
      "MOSAIC"
    ],
    "InPlanePhaseEncodingDirectionDICOM": "COL",
    "InstitutionAddress": "University_Pkwy_1700_North_685_Provo_UT_US_84601",
    "InstitutionName": "Brigham_Young_University",
    "InstitutionalDepartmentName": "MRI",
    "MRAcquisitionType": "2D",
    "MagneticFieldStrength": 3,
    "Manufacturer": "Siemens",
    "ManufacturersModelName": "TrioTim",
    "Modality": "MR",
    "MultibandAccelerationFactor": 8,
    "PartialFourier": 1,
    "PatientPosition": "HFS",
    "PercentPhaseFOV": 100,
    "PhaseEncodingDirection": "j-",
    "PhaseEncodingSteps": 100,
    "PhaseResolution": 1,
    "PixelBandwidth": 1786,
    "ProcedureStepDescription": "Research_KIRWAN",
    "ProtocolName": "Resting_State",
    "PulseSequenceDetails": "%CustomerSeq%_cmrr_mbep2d_bold",
    "ReceiveCoilName": "32Ch_Head",
    "ReconMatrixPE": 100,
    "RepetitionTime": 0.875,
    "SAR": 0.121771,
    "ScanOptions": "FS",
    "ScanningSequence": "EP",
    "SequenceName": "epfid2d1_100",
    "SequenceVariant": "SK_SS",
    "SeriesDescription": "Resting_State",
    "SeriesNumber": 3,
    "ShimSetting": [
      -2852,
      -22974,
      2382,
      979,
      -344,
      511,
      -425,
      327
    ],
    "SliceThickness": 1.8,
    "SliceTiming": [
      0,
      0.4875,
      0.0975,
      0.585,
      0.195,
      0.6825,
      0.2925,
      0.78,
      0.39,
      0,
      0.4875,
      0.0975,
      0.585,
      0.195,
      0.6825,
      0.2925,
      0.78,
      0.39,
      0,
      0.4875,
      0.0975,
      0.585,
      0.195,
      0.6825,
      0.2925,
      0.78,
      0.39,
      0,
      0.4875,
      0.0975,
      0.585,
      0.195,
      0.6825,
      0.2925,
      0.78,
      0.39,
      0,
      0.4875,
      0.0975,
      0.585,
      0.195,
      0.6825,
      0.2925,
      0.78,
      0.39,
      0,
      0.4875,
      0.0975,
      0.585,
      0.195,
      0.6825,
      0.2925,
      0.78,
      0.39,
      0,
      0.4875,
      0.0975,
      0.585,
      0.195,
      0.6825,
      0.2925,
      0.78,
      0.39,
      0,
      0.4875,
      0.0975,
      0.585,
      0.195,
      0.6825,
      0.2925,
      0.78,
      0.39
    ],
    "SoftwareVersions": "syngo_MR_B17",
    "SpacingBetweenSlices": 1.8,
    "StationName": "MININT-E41B04",
    "TaskName": "rest",
    "TotalReadoutTime": 0.0712794,
    "TxRefAmp": 392.606,
    "dataset": "ds001747",
    "modality": "bold",
    "run_id": 1,
    "subject_id": "3943",
    "task_id": "rest"
  },
  "dummy_trs": 3,
  "dvars_nstd": 72.23920560829056,
  "dvars_std": 1.059764881025641,
  "dvars_vstd": 1.0005051721489615,
  "efc": 0.6100276963407454,
  "fber": 347.6529846191406,
  "fd_mean": 0.11454473016983484,
  "fd_num": 20,
  "fd_perc": 2.4390243902439024,
  "fwhm_avg": 2.439594456517625,
  "fwhm_x": 2.312033394581302,
  "fwhm_y": 2.62613340290211,
  "fwhm_z": 2.3806165720694636,
  "gcor": 0.00925847,
  "gsr_x": 0.022176804021000862,
  "gsr_y": 0.048399027436971664,
  "provenance": {
    "md5sum": "9cf000166e3d631026fe8db7b45b914a",
    "settings": {
      "fd_thres": 0.2,
      "testing": false
    },
    "software": "mriqc",
    "version": "22.0.1",
    "webapi_port": null,
    "webapi_url": "https://mriqc.nimh.nih.gov/api/v1"
  },
  "size_t": 820,
  "size_x": 100,
  "size_y": 100,
  "size_z": 72,
  "snr": 3.1243566037650807,
  "spacing_tr": 0.875,
  "spacing_x": 1.7999999523162842,
  "spacing_y": 1.7999999523162842,
  "spacing_z": 1.8000000715255737,
  "summary_bg_k": 27.0962380645782,
  "summary_bg_mad": 9.698385991304393,
  "summary_bg_mean": 29.794172286987305,
  "summary_bg_median": 18.25853729248047,
  "summary_bg_n": 408338.0,
  "summary_bg_p05": 10.115853309631348,
  "summary_bg_p95": 88.58244209289533,
  "summary_bg_stdv": 34.853912353515625,
  "summary_fg_k": 1.2387872224630243,
  "summary_fg_mad": 95.97949056804447,
  "summary_fg_mean": 358.8471374511719,
  "summary_fg_median": 341.998779296875,
  "summary_fg_n": 208388.0,
  "summary_fg_p05": 207.76268005371094,
  "summary_fg_p95": 558.9982299804688,
  "summary_fg_stdv": 109.46188354492188,
  "tsnr": 19.10875105764717
}