{
  "aor": 0.00021919708029197082,
  "aqi": 0.03033643321167883,
  "bids_meta": {
    "AcquisitionMatrixPE": 100,
    "AcquisitionNumber": 1,
    "AcquisitionTime": "15:16:23.205000",
    "BandwidthPerPixelPhaseEncode": 13.889,
    "BaseResolution": 100,
    "ConversionSoftware": "dcm2niix",
    "ConversionSoftwareVersion": "v1.0.20180404 Clang8.0.0",
    "DerivedVendorReportedEchoSpacing": 0.000719994,
    "DeviceSerialNumber": "35002",
    "DwellTime": 2.8e-06,
    "EchoTime": 0.0436,
    "EffectiveEchoSpacing": 0.000719994,
    "FlipAngle": 55,
    "ImageComments": "Unaliased_MB8_PE3_(remote)",
    "ImageOrientationPatientDICOM": [
      0.998407,
      -0.0296849,
      0.0479737,
      2.58517e-09,
      0.85037,
      0.526186
    ],
    "ImageType": [
      "ORIGINAL",
      "PRIMARY",
      "M",
      "MB",
      "ND",
      "MOSAIC"
    ],
    "InPlanePhaseEncodingDirectionDICOM": "COL",
    "InstitutionAddress": "University_Pkwy_1700_North_685_Provo_UT_US_84601",
    "InstitutionName": "Brigham_Young_University",
    "InstitutionalDepartmentName": "MRI",
    "MRAcquisitionType": "2D",
    "MagneticFieldStrength": 3,
    "Manufacturer": "Siemens",
    "ManufacturersModelName": "TrioTim",
    "Modality": "MR",
    "MultibandAccelerationFactor": 8,
    "PartialFourier": 1,
    "PatientPosition": "HFS",
    "PercentPhaseFOV": 100,
    "PhaseEncodingDirection": "j-",
    "PhaseEncodingSteps": 100,
    "PhaseResolution": 1,
    "PixelBandwidth": 1786,
    "ProcedureStepDescription": "Research_KIRWAN",
    "ProtocolName": "Resting_State",
    "PulseSequenceDetails": "%CustomerSeq%_cmrr_mbep2d_bold",
    "ReceiveCoilName": "32Ch_Head",
    "ReconMatrixPE": 100,
    "RepetitionTime": 0.875,
    "SAR": 0.139338,
    "ScanOptions": "FS",
    "ScanningSequence": "EP",
    "SequenceName": "epfid2d1_100",
    "SequenceVariant": "SK_SS",
    "SeriesDescription": "Resting_State",
    "SeriesNumber": 3,
    "ShimSetting": [
      -2783,
      -22934,
      2477,
      946,
      129,
      174,
      42,
      330
    ],
    "SliceThickness": 1.8,
    "SliceTiming": [
      0,
      0.4875,
      0.0975,
      0.585,
      0.195,
      0.6825,
      0.2925,
      0.78,
      0.39,
      0,
      0.4875,
      0.0975,
      0.585,
      0.195,
      0.6825,
      0.2925,
      0.78,
      0.39,
      0,
      0.4875,
      0.0975,
      0.585,
      0.195,
      0.6825,
      0.2925,
      0.78,
      0.39,
      0,
      0.4875,
      0.0975,
      0.585,
      0.195,
      0.6825,
      0.2925,
      0.78,
      0.39,
      0,
      0.4875,
      0.0975,
      0.585,
      0.195,
      0.6825,
      0.2925,
      0.78,
      0.39,
      0,
      0.4875,
      0.0975,
      0.585,
      0.195,
      0.6825,
      0.2925,
      0.78,
      0.39,
      0,
      0.4875,
      0.0975,
      0.585,
      0.195,
      0.6825,
      0.2925,
      0.78,
      0.39,
      0,
      0.4875,
      0.0975,
      0.585,
      0.195,
      0.6825,
      0.2925,
      0.78,
      0.39
    ],
    "SoftwareVersions": "syngo_MR_B17",
    "SpacingBetweenSlices": 1.8,
    "StationName": "MININT-E41B04",
    "TaskName": "rest",
    "TotalReadoutTime": 0.0712794,
    "TxRefAmp": 377.303,
    "dataset": "ds001747",
    "modality": "bold",
    "run_id": 1,
    "subject_id": "3944",
    "task_id": "rest"
  },
  "dummy_trs": 1,
  "dvars_nstd": 71.36233287258214,
  "dvars_std": 1.0364780263093798,
  "dvars_vstd": 0.9950107682704041,
  "efc": 0.5677421752680972,
  "fber": 465.0561828613281,
  "fd_mean": 0.17408522001891977,
  "fd_num": 342,
  "fd_perc": 41.605839416058394,
  "fwhm_avg": 2.430194508822614,
  "fwhm_x": 2.237022281483075,
  "fwhm_y": 2.637788958766433,
  "fwhm_z": 2.415772286218333,
  "gcor": 0.012001,
  "gsr_x": 0.0015568026574328542,
  "gsr_y": 0.06931539624929428,
  "provenance": {
    "md5sum": "6e3a9d6b497f08d6b70e193c7f97631a",
    "settings": {
      "fd_thres": 0.2,
      "testing": false
    },
    "software": "mriqc",
    "version": "22.0.1",
    "webapi_port": null,
    "webapi_url": "https://mriqc.nimh.nih.gov/api/v1"
  },
  "size_t": 822,
  "size_x": 100,
  "size_y": 100,
  "size_z": 72,
  "snr": 3.573117599432164,
  "spacing_tr": 0.875,
  "spacing_x": 1.7999999523162842,
  "spacing_y": 1.7999999523162842,
  "spacing_z": 1.7999999523162842,
  "summary_bg_k": 55.18307922115715,
  "summary_bg_mad": 7.391366810415045,
  "summary_bg_mean": 26.597057342529297,
  "summary_bg_median": 15.454987525939941,
  "summary_bg_n": 460024.0,
  "summary_bg_p05": 9.883211135864258,
  "summary_bg_p95": 75.72852439880369,
  "summary_bg_stdv": 34.67975997924805,
  "summary_fg_k": 1.172536835776504,
  "summary_fg_mad": 81.46645363831416,
  "summary_fg_mean": 349.44915771484375,
  "summary_fg_median": 336.87225341796875,
  "summary_fg_n": 165068.0,
  "summary_fg_p05": 216.46940536499025,
  "summary_fg_p95": 520.2131958007812,
  "summary_fg_stdv": 94.27935791015625,
  "tsnr": 18.66242240270367
}