{
  "aor": 0.0003972262773722627,
  "aqi": 0.0363557703163017,
  "bids_meta": {
    "AcquisitionMatrixPE": 100,
    "AcquisitionNumber": 1,
    "AcquisitionTime": "11:22:2.577500",
    "BandwidthPerPixelPhaseEncode": 13.889,
    "BaseResolution": 100,
    "ConversionSoftware": "dcm2niix",
    "ConversionSoftwareVersion": "v1.0.20180404 Clang8.0.0",
    "DerivedVendorReportedEchoSpacing": 0.000719994,
    "DeviceSerialNumber": "35002",
    "DwellTime": 2.8e-06,
    "EchoTime": 0.0436,
    "EffectiveEchoSpacing": 0.000719994,
    "FlipAngle": 55,
    "ImageComments": "Unaliased_MB8_PE3_(remote)",
    "ImageOrientationPatientDICOM": [
      1,
      -0.000158891,
      0.000438852,
      2.00954e-08,
      0.940283,
      0.340394
    ],
    "ImageType": [
      "ORIGINAL",
      "PRIMARY",
      "M",
      "MB",
      "ND",
      "MOSAIC"
    ],
    "InPlanePhaseEncodingDirectionDICOM": "COL",
    "InstitutionAddress": "University_Pkwy_1700_North_685_Provo_UT_US_84601",
    "InstitutionName": "Brigham_Young_University",
    "InstitutionalDepartmentName": "MRI",
    "MRAcquisitionType": "2D",
    "MagneticFieldStrength": 3,
    "Manufacturer": "Siemens",
    "ManufacturersModelName": "TrioTim",
    "Modality": "MR",
    "MultibandAccelerationFactor": 8,
    "PartialFourier": 1,
    "PatientPosition": "HFS",
    "PercentPhaseFOV": 100,
    "PhaseEncodingDirection": "j-",
    "PhaseEncodingSteps": 100,
    "PhaseResolution": 1,
    "PixelBandwidth": 1786,
    "ProcedureStepDescription": "Research_KIRWAN",
    "ProtocolName": "Resting_State",
    "PulseSequenceDetails": "%CustomerSeq%_cmrr_mbep2d_bold",
    "ReceiveCoilName": "32Ch_Head",
    "ReconMatrixPE": 100,
    "RepetitionTime": 0.875,
    "SAR": 0.124333,
    "ScanOptions": "FS",
    "ScanningSequence": "EP",
    "SequenceName": "epfid2d1_100",
    "SequenceVariant": "SK_SS",
    "SeriesDescription": "Resting_State",
    "SeriesNumber": 3,
    "ShimSetting": [
      -2803,
      -22905,
      2392,
      672,
      -357,
      -398,
      183,
      383
    ],
    "SliceThickness": 1.8,
    "SliceTiming": [
      0,
      0.4875,
      0.0975,
      0.585,
      0.195,
      0.6825,
      0.2925,
      0.78,
      0.39,
      0,
      0.4875,
      0.0975,
      0.585,
      0.195,
      0.6825,
      0.2925,
      0.78,
      0.39,
      0,
      0.4875,
      0.0975,
      0.585,
      0.195,
      0.6825,
      0.2925,
      0.78,
      0.39,
      0,
      0.4875,
      0.0975,
      0.585,
      0.195,
      0.6825,
      0.2925,
      0.78,
      0.39,
      0,
      0.4875,
      0.0975,
      0.585,
      0.195,
      0.6825,
      0.2925,
      0.78,
      0.39,
      0,
      0.4875,
      0.0975,
      0.585,
      0.195,
      0.6825,
      0.2925,
      0.78,
      0.39,
      0,
      0.4875,
      0.0975,
      0.585,
      0.195,
      0.6825,
      0.2925,
      0.78,
      0.39,
      0,
      0.4875,
      0.0975,
      0.585,
      0.195,
      0.6825,
      0.2925,
      0.78,
      0.39
    ],
    "SoftwareVersions": "syngo_MR_B17",
    "SpacingBetweenSlices": 1.8,
    "StationName": "MININT-E41B04",
    "TaskName": "rest",
    "TotalReadoutTime": 0.0712794,
    "TxRefAmp": 395.046,
    "dataset": "ds001747",
    "modality": "bold",
    "run_id": 1,
    "subject_id": "3963",
    "task_id": "rest"
  },
  "dummy_trs": 1,
  "dvars_nstd": 82.3352081075883,
  "dvars_std": 1.028841194762484,
  "dvars_vstd": 0.9906689244579784,
  "efc": 0.571973039906129,
  "fber": 261.9633483886719,
  "fd_mean": 0.22645723893391276,
  "fd_num": 423,
  "fd_perc": 51.45985401459854,
  "fwhm_avg": 2.8578574831147763,
  "fwhm_x": 2.722050072109701,
  "fwhm_y": 3.1191056381836373,
  "fwhm_z": 2.732416739050991,
  "gcor": 0.0060755,
  "gsr_x": -0.02873462811112404,
  "gsr_y": 0.1087820827960968,
  "provenance": {
    "md5sum": "d18fbba93f5c24fe70f08d43eb5b44f3",
    "settings": {
      "fd_thres": 0.2,
      "testing": false
    },
    "software": "mriqc",
    "version": "22.0.1",
    "webapi_port": null,
    "webapi_url": "https://mriqc.nimh.nih.gov/api/v1"
  },
  "size_t": 822,
  "size_x": 100,
  "size_y": 100,
  "size_z": 72,
  "snr": 2.4829343861932847,
  "spacing_tr": 0.875,
  "spacing_x": 1.7999999523162842,
  "spacing_y": 1.7999999523162842,
  "spacing_z": 1.7999999523162842,
  "summary_bg_k": 165.06925933302813,
  "summary_bg_mad": 11.608305836459088,
  "summary_bg_mean": 33.21281051635742,
  "summary_bg_median": 19.08515739440918,
  "summary_bg_n": 453764.0,
  "summary_bg_p05": 10.336982727050781,
  "summary_bg_p95": 91.88406486511225,
  "summary_bg_stdv": 55.7502555847168,
  "summary_fg_k": 5.203565107081754,
  "summary_fg_mad": 87.49520345233663,
  "summary_fg_mean": 342.5249938964844,
  "summary_fg_median": 312.37835693359375,
  "summary_fg_n": 170089.0,
  "summary_fg_p05": 203.52725219726562,
  "summary_fg_p95": 593.2343139648438,
  "summary_fg_stdv": 125.80978393554688,
  "tsnr": 14.963034829415847
}