{
  "bids_meta": {
    "AcquisitionMatrixPE": 215,
    "AcquisitionNumber": 1,
    "AcquisitionTime": "13:01:37.415000",
    "BaseResolution": 256,
    "ConversionSoftware": "dcm2niix",
    "ConversionSoftwareVersion": "v1.0.20180404 Clang8.0.0",
    "DeviceSerialNumber": "35002",
    "EchoTime": 0.00226,
    "FlipAngle": 9,
    "ImageOrientationPatientDICOM": [
      0,
      1,
      0,
      0,
      0,
      -1
    ],
    "ImageType": [
      "ORIGINAL",
      "PRIMARY",
      "M",
      "ND",
      "NORM"
    ],
    "InPlanePhaseEncodingDirectionDICOM": "ROW",
    "InstitutionAddress": "University_Pkwy_1700_North_685_Provo_UT_US_84601",
    "InstitutionName": "Brigham_Young_University",
    "InversionTime": 0.9,
    "MRAcquisitionType": "3D",
    "MagneticFieldStrength": 3,
    "Manufacturer": "Siemens",
    "ManufacturersModelName": "TrioTim",
    "Modality": "MR",
    "ParallelReductionFactorInPlane": 2,
    "PartialFourier": 0.875,
    "PatientPosition": "HFS",
    "PercentPhaseFOV": 87.5,
    "PhaseEncodingSteps": 226,
    "PhaseOversampling": 0.2,
    "PhaseResolution": 0.96,
    "PixelBandwidth": 199,
    "ProcedureStepDescription": "Research_KIRWAN",
    "ProtocolName": "t1_mpr_sag_iso_mprage_fast",
    "PulseSequenceDetails": "%SiemensSeq%_tfl",
    "ReceiveCoilName": "32Ch_Head",
    "ReconMatrixPE": 256,
    "RepetitionTime": 1.9,
    "SAR": 0.111623,
    "ScanOptions": "IR_PFP",
    "ScanningSequence": "GR_IR",
    "SequenceName": "_tfl3d1_ns",
    "SequenceVariant": "SP_MP_OSP",
    "SeriesDescription": "t1_mpr_sag_iso_mprage_fast",
    "SeriesNumber": 6,
    "ShimSetting": [
      -2830,
      -22913,
      1923,
      -81,
      -87,
      -38,
      -253,
      388
    ],
    "SliceThickness": 1,
    "SoftwareVersions": "syngo_MR_B17",
    "StationName": "MININT-E41B04",
    "TxRefAmp": 402.615,
    "dataset": "ds001747",
    "modality": "T1w",
    "run_id": 1,
    "subject_id": "3922"
  },
  "cjv": 0.3007955143922263,
  "cnr": 4.434004769723636,
  "efc": 0.5969352454302198,
  "fber": -1.0,
  "fwhm_avg": 4.592190586666667,
  "fwhm_x": 4.39879,
  "fwhm_y": 4.9129676799999995,
  "fwhm_z": 4.46481408,
  "icvs_csf": 0.19251246916004985,
  "icvs_gm": 0.46428189776481804,
  "icvs_wm": 0.34320563307513213,
  "inu_med": 0.3908484876155853,
  "inu_range": 0.12619760930538176,
  "provenance": {
    "md5sum": "dec4759623bb22ca3b6ebdc606404efe",
    "settings": {
      "testing": false
    },
    "software": "mriqc",
    "version": "22.0.1",
    "warnings": {
      "large_rot_frame": true,
      "small_air_mask": false
    },
    "webapi_port": null,
    "webapi_url": "https://mriqc.nimh.nih.gov/api/v1"
  },
  "qi_1": 0.0,
  "qi_2": 0.032074680628331305,
  "rpve_csf": 18.57876215103817,
  "rpve_gm": 8.563025369997145,
  "rpve_wm": 13.0327828463942,
  "size_x": 176,
  "size_y": 224,
  "size_z": 256,
  "snr_csf": 3.15360671363937,
  "snr_gm": 15.255031221752505,
  "snr_total": 15.53878656247683,
  "snr_wm": 28.207721752038612,
  "snrd_csf": 52.46257397064712,
  "snrd_gm": 130.9964505349644,
  "snrd_total": 120.60977156915953,
  "snrd_wm": 178.37029020186708,
  "spacing_x": 1.0,
  "spacing_y": 0.9765625,
  "spacing_z": 0.9765625,
  "summary_bg_k": 5.872803728786618,
  "summary_bg_mad": 0.0,
  "summary_bg_mean": 1.9160379042368378,
  "summary_bg_median": 0.0,
  "summary_bg_n": 2399844.0,
  "summary_bg_p05": 0.0,
  "summary_bg_p95": 10.211473762989044,
  "summary_bg_stdv": 3.6730274873426585,
  "summary_csf_k": 1.6500871635231649,
  "summary_csf_mad": 61.018538887421045,
  "summary_csf_mean": 313.9758821199679,
  "summary_csf_median": 294.1318422406912,
  "summary_csf_n": 50168.0,
  "summary_csf_p05": 196.58294431529941,
  "summary_csf_p95": 505.95092637836933,
  "summary_csf_stdv": 93.26746720993638,
  "summary_gm_k": 0.0894620669133932,
  "summary_gm_mad": 47.87372372055834,
  "summary_gm_mean": 732.596548862224,
  "summary_gm_median": 734.4326518252492,
  "summary_gm_n": 71043.0,
  "summary_gm_p05": 650.4984772801399,
  "summary_gm_p95": 808.6693761177359,
  "summary_gm_stdv": 48.1432959527066,
  "summary_wm_k": 1.1376047659490478,
  "summary_wm_mad": 32.01811009515974,
  "summary_wm_mean": 999.5842123327466,
  "summary_wm_median": 1000.0344643294811,
  "summary_wm_n": 239782.0,
  "summary_wm_p05": 941.3529884144664,
  "summary_wm_p95": 1055.8525878041983,
  "summary_wm_stdv": 35.45243347969966,
  "tpm_overlap_csf": 0.17923107928268908,
  "tpm_overlap_gm": 0.47666789825248645,
  "tpm_overlap_wm": 0.49538535958019414,
  "wm2max": 0.5083562772916191
}