{
  "aor": 0.0002806934306569343,
  "aqi": 0.01680655778588808,
  "bids_meta": {
    "AcquisitionMatrixPE": 100,
    "AcquisitionNumber": 1,
    "AcquisitionTime": "09:04:25.317500",
    "BandwidthPerPixelPhaseEncode": 13.889,
    "BaseResolution": 100,
    "ConversionSoftware": "dcm2niix",
    "ConversionSoftwareVersion": "v1.0.20180404 Clang8.0.0",
    "DerivedVendorReportedEchoSpacing": 0.000719994,
    "DeviceSerialNumber": "35002",
    "DwellTime": 2.8e-06,
    "EchoTime": 0.0436,
    "EffectiveEchoSpacing": 0.000719994,
    "FlipAngle": 55,
    "ImageComments": "Unaliased_MB8_PE3_(remote)",
    "ImageOrientationPatientDICOM": [
      1,
      0.000436047,
      -0.000867181,
      4.87425e-08,
      0.89339,
      0.449282
    ],
    "ImageType": [
      "ORIGINAL",
      "PRIMARY",
      "M",
      "MB",
      "ND",
      "MOSAIC"
    ],
    "InPlanePhaseEncodingDirectionDICOM": "COL",
    "InstitutionAddress": "University_Pkwy_1700_North_685_Provo_UT_US_84601",
    "InstitutionName": "Brigham_Young_University",
    "InstitutionalDepartmentName": "MRI",
    "MRAcquisitionType": "2D",
    "MagneticFieldStrength": 3,
    "Manufacturer": "Siemens",
    "ManufacturersModelName": "TrioTim",
    "Modality": "MR",
    "MultibandAccelerationFactor": 8,
    "PartialFourier": 1,
    "PatientPosition": "HFS",
    "PercentPhaseFOV": 100,
    "PhaseEncodingDirection": "j-",
    "PhaseEncodingSteps": 100,
    "PhaseResolution": 1,
    "PixelBandwidth": 1786,
    "ProcedureStepDescription": "Research_KIRWAN",
    "ProtocolName": "Resting_State",
    "PulseSequenceDetails": "%CustomerSeq%_cmrr_mbep2d_bold",
    "ReceiveCoilName": "32Ch_Head",
    "ReconMatrixPE": 100,
    "RepetitionTime": 0.875,
    "SAR": 0.12906,
    "ScanOptions": "FS",
    "ScanningSequence": "EP",
    "SequenceName": "epfid2d1_100",
    "SequenceVariant": "SK_SS",
    "SeriesDescription": "Resting_State",
    "SeriesNumber": 3,
    "ShimSetting": [
      -2789,
      -22879,
      2403,
      921,
      124,
      556,
      -281,
      487
    ],
    "SliceThickness": 1.8,
    "SliceTiming": [
      0,
      0.4875,
      0.0975,
      0.585,
      0.195,
      0.6825,
      0.2925,
      0.78,
      0.39,
      0,
      0.4875,
      0.0975,
      0.585,
      0.195,
      0.6825,
      0.2925,
      0.78,
      0.39,
      0,
      0.4875,
      0.0975,
      0.585,
      0.195,
      0.6825,
      0.2925,
      0.78,
      0.39,
      0,
      0.4875,
      0.0975,
      0.585,
      0.195,
      0.6825,
      0.2925,
      0.78,
      0.39,
      0,
      0.4875,
      0.0975,
      0.585,
      0.195,
      0.6825,
      0.2925,
      0.78,
      0.39,
      0,
      0.4875,
      0.0975,
      0.585,
      0.195,
      0.6825,
      0.2925,
      0.78,
      0.39,
      0,
      0.4875,
      0.0975,
      0.585,
      0.195,
      0.6825,
      0.2925,
      0.78,
      0.39,
      0,
      0.4875,
      0.0975,
      0.585,
      0.195,
      0.6825,
      0.2925,
      0.78,
      0.39
    ],
    "SoftwareVersions": "syngo_MR_B17",
    "SpacingBetweenSlices": 1.8,
    "StationName": "MININT-E41B04",
    "TaskName": "rest",
    "TotalReadoutTime": 0.0712794,
    "TxRefAmp": 332.724,
    "dataset": "ds001747",
    "modality": "bold",
    "run_id": 1,
    "subject_id": "4127",
    "task_id": "rest"
  },
  "dummy_trs": 1,
  "dvars_nstd": 74.60568332096223,
  "dvars_std": 1.0606415311693052,
  "dvars_vstd": 0.998572308014617,
  "efc": 0.6129139224710214,
  "fber": 198.66171264648438,
  "fd_mean": 0.11130589734835028,
  "fd_num": 31,
  "fd_perc": 3.7712895377128954,
  "fwhm_avg": 3.309974161758445,
  "fwhm_x": 3.1265167494910755,
  "fwhm_y": 3.67804454187935,
  "fwhm_z": 3.1253611939049084,
  "gcor": 0.00236712,
  "gsr_x": -0.012371399439871311,
  "gsr_y": 0.10442931950092316,
  "provenance": {
    "md5sum": "2dc404a510b4acdbd8f103ba346e41b4",
    "settings": {
      "fd_thres": 0.2,
      "testing": false
    },
    "software": "mriqc",
    "version": "22.0.1",
    "webapi_port": null,
    "webapi_url": "https://mriqc.nimh.nih.gov/api/v1"
  },
  "size_t": 822,
  "size_x": 100,
  "size_y": 100,
  "size_z": 72,
  "snr": 1.8630731303209283,
  "spacing_tr": 0.875,
  "spacing_x": 1.7999999523162842,
  "spacing_y": 1.7999999523162842,
  "spacing_z": 1.7999999523162842,
  "summary_bg_k": 57.4628720264162,
  "summary_bg_mad": 16.090383076627973,
  "summary_bg_mean": 42.60367965698242,
  "summary_bg_median": 24.170316696166992,
  "summary_bg_n": 382650.0,
  "summary_bg_p05": 11.444038391113281,
  "summary_bg_p95": 133.85413284301754,
  "summary_bg_stdv": 57.190773010253906,
  "summary_fg_k": 6.678389925164808,
  "summary_fg_mad": 124.5268677883514,
  "summary_fg_mean": 402.1812744140625,
  "summary_fg_median": 352.748779296875,
  "summary_fg_n": 227922.0,
  "summary_fg_p05": 206.09738159179688,
  "summary_fg_p95": 783.7851104736312,
  "summary_fg_stdv": 189.33663940429688,
  "tsnr": 19.269739134935662
}