{
  "aor": 0.0007614702308626975,
  "aqi": 0.02277742138517618,
  "bids_meta": {
    "AcquisitionMatrixPE": 100,
    "AcquisitionNumber": 1,
    "AcquisitionTime": "15:41:23.257500",
    "BandwidthPerPixelPhaseEncode": 13.889,
    "BaseResolution": 100,
    "ConversionSoftware": "dcm2niix",
    "ConversionSoftwareVersion": "v1.0.20180404 Clang8.0.0",
    "DerivedVendorReportedEchoSpacing": 0.000719994,
    "DeviceSerialNumber": "35002",
    "DwellTime": 2.8e-06,
    "EchoTime": 0.0436,
    "EffectiveEchoSpacing": 0.000719994,
    "FlipAngle": 55,
    "ImageComments": "Unaliased_MB8_PE3_(remote)",
    "ImageOrientationPatientDICOM": [
      1,
      -0.000395506,
      0.000814689,
      -3.49116e-08,
      0.899578,
      0.43676
    ],
    "ImageType": [
      "ORIGINAL",
      "PRIMARY",
      "M",
      "MB",
      "ND",
      "MOSAIC"
    ],
    "InPlanePhaseEncodingDirectionDICOM": "COL",
    "InstitutionAddress": "University_Pkwy_1700_North_685_Provo_UT_US_84601",
    "InstitutionName": "Brigham_Young_University",
    "InstitutionalDepartmentName": "MRI",
    "MRAcquisitionType": "2D",
    "MagneticFieldStrength": 3,
    "Manufacturer": "Siemens",
    "ManufacturersModelName": "TrioTim",
    "Modality": "MR",
    "MultibandAccelerationFactor": 8,
    "PartialFourier": 1,
    "PatientPosition": "HFS",
    "PercentPhaseFOV": 100,
    "PhaseEncodingDirection": "j-",
    "PhaseEncodingSteps": 100,
    "PhaseResolution": 1,
    "PixelBandwidth": 1786,
    "ProcedureStepDescription": "Research_KIRWAN",
    "ProtocolName": "Resting_State",
    "PulseSequenceDetails": "%CustomerSeq%_cmrr_mbep2d_bold",
    "ReceiveCoilName": "32Ch_Head",
    "ReconMatrixPE": 100,
    "RepetitionTime": 0.875,
    "SAR": 0.129661,
    "ScanOptions": "FS",
    "ScanningSequence": "EP",
    "SequenceName": "epfid2d1_100",
    "SequenceVariant": "SK_SS",
    "SeriesDescription": "Resting_State",
    "SeriesNumber": 3,
    "ShimSetting": [
      -2895,
      -22932,
      2402,
      1189,
      -118,
      14,
      19,
      569
    ],
    "SliceThickness": 1.8,
    "SliceTiming": [
      0,
      0.49,
      0.0975,
      0.5875,
      0.195,
      0.685,
      0.2925,
      0.7825,
      0.39,
      0,
      0.49,
      0.0975,
      0.5875,
      0.195,
      0.685,
      0.2925,
      0.7825,
      0.39,
      0,
      0.49,
      0.0975,
      0.5875,
      0.195,
      0.685,
      0.2925,
      0.7825,
      0.39,
      0,
      0.49,
      0.0975,
      0.5875,
      0.195,
      0.685,
      0.2925,
      0.7825,
      0.39,
      0,
      0.49,
      0.0975,
      0.5875,
      0.195,
      0.685,
      0.2925,
      0.7825,
      0.39,
      0,
      0.49,
      0.0975,
      0.5875,
      0.195,
      0.685,
      0.2925,
      0.7825,
      0.39,
      0,
      0.49,
      0.0975,
      0.5875,
      0.195,
      0.685,
      0.2925,
      0.7825,
      0.39,
      0,
      0.49,
      0.0975,
      0.5875,
      0.195,
      0.685,
      0.2925,
      0.7825,
      0.39
    ],
    "SoftwareVersions": "syngo_MR_B17",
    "SpacingBetweenSlices": 1.8,
    "StationName": "MININT-E41B04",
    "TaskName": "rest",
    "TotalReadoutTime": 0.0712794,
    "TxRefAmp": 388.415,
    "dataset": "ds001747",
    "modality": "bold",
    "run_id": 1,
    "subject_id": "3966",
    "task_id": "rest"
  },
  "dummy_trs": 0,
  "dvars_nstd": 68.30830994012175,
  "dvars_std": 1.048396949111921,
  "dvars_vstd": 1.0027873635644782,
  "efc": 0.5857801285833875,
  "fber": 330.40753173828125,
  "fd_mean": 0.11393077367866325,
  "fd_num": 28,
  "fd_perc": 3.402187120291616,
  "fwhm_avg": 3.2201370547134474,
  "fwhm_x": 3.084288970594644,
  "fwhm_y": 3.51267231527626,
  "fwhm_z": 3.063449878269439,
  "gcor": 0.00988807,
  "gsr_x": -0.010444765910506248,
  "gsr_y": 0.07453485578298569,
  "provenance": {
    "md5sum": "3af23ed7069d3031e59911fdbd9bd488",
    "settings": {
      "fd_thres": 0.2,
      "testing": false
    },
    "software": "mriqc",
    "version": "22.0.1",
    "webapi_port": null,
    "webapi_url": "https://mriqc.nimh.nih.gov/api/v1"
  },
  "size_t": 823,
  "size_x": 100,
  "size_y": 100,
  "size_z": 72,
  "snr": 2.265517723217792,
  "spacing_tr": 0.875,
  "spacing_x": 1.7999999523162842,
  "spacing_y": 1.7999999523162842,
  "spacing_z": 1.8000000715255737,
  "summary_bg_k": 31.82262932427166,
  "summary_bg_mad": 12.177875091983353,
  "summary_bg_mean": 34.081214904785156,
  "summary_bg_median": 20.12150764465332,
  "summary_bg_n": 419442.0,
  "summary_bg_p05": 10.373025894165039,
  "summary_bg_p95": 103.34004287719709,
  "summary_bg_stdv": 42.61510467529297,
  "summary_fg_k": 4.540741872905879,
  "summary_fg_mad": 114.48645463196168,
  "summary_fg_mean": 408.6603698730469,
  "summary_fg_median": 368.41314697265625,
  "summary_fg_n": 199599.0,
  "summary_fg_p05": 227.93646392822265,
  "summary_fg_p95": 732.7926025390624,
  "summary_fg_stdv": 162.6172332763672,
  "tsnr": 18.86772236134857
}