{
  "aor": 0.0002390875912408759,
  "aqi": 0.020946296958637468,
  "bids_meta": {
    "AcquisitionMatrixPE": 100,
    "AcquisitionNumber": 1,
    "AcquisitionTime": "13:25:49.062500",
    "BandwidthPerPixelPhaseEncode": 13.889,
    "BaseResolution": 100,
    "ConversionSoftware": "dcm2niix",
    "ConversionSoftwareVersion": "v1.0.20180404 Clang8.0.0",
    "DerivedVendorReportedEchoSpacing": 0.000719994,
    "DeviceSerialNumber": "35002",
    "DwellTime": 2.8e-06,
    "EchoTime": 0.0436,
    "EffectiveEchoSpacing": 0.000719994,
    "FlipAngle": 55,
    "ImageComments": "Unaliased_MB8_PE3_(remote)",
    "ImageOrientationPatientDICOM": [
      1,
      0,
      0,
      0,
      0.906308,
      0.422618
    ],
    "ImageType": [
      "ORIGINAL",
      "PRIMARY",
      "M",
      "MB",
      "ND",
      "MOSAIC"
    ],
    "InPlanePhaseEncodingDirectionDICOM": "COL",
    "InstitutionAddress": "University_Pkwy_1700_North_685_Provo_UT_US_84601",
    "InstitutionName": "Brigham_Young_University",
    "InstitutionalDepartmentName": "MRI",
    "MRAcquisitionType": "2D",
    "MagneticFieldStrength": 3,
    "Manufacturer": "Siemens",
    "ManufacturersModelName": "TrioTim",
    "Modality": "MR",
    "MultibandAccelerationFactor": 8,
    "PartialFourier": 1,
    "PatientPosition": "HFS",
    "PercentPhaseFOV": 100,
    "PhaseEncodingDirection": "j-",
    "PhaseEncodingSteps": 100,
    "PhaseResolution": 1,
    "PixelBandwidth": 1786,
    "ProcedureStepDescription": "Research_KIRWAN",
    "ProtocolName": "Resting_State",
    "PulseSequenceDetails": "%CustomerSeq%_cmrr_mbep2d_bold",
    "ReceiveCoilName": "32Ch_Head",
    "ReconMatrixPE": 100,
    "RepetitionTime": 0.875,
    "SAR": 0.102387,
    "ScanOptions": "FS",
    "ScanningSequence": "EP",
    "SequenceName": "epfid2d1_100",
    "SequenceVariant": "SK_SS",
    "SeriesDescription": "Resting_State",
    "SeriesNumber": 3,
    "ShimSetting": [
      -2834,
      -22853,
      2461,
      916,
      99,
      632,
      375,
      503
    ],
    "SliceThickness": 1.8,
    "SliceTiming": [
      0,
      0.4875,
      0.0975,
      0.585,
      0.195,
      0.6825,
      0.2925,
      0.78,
      0.39,
      0,
      0.4875,
      0.0975,
      0.585,
      0.195,
      0.6825,
      0.2925,
      0.78,
      0.39,
      0,
      0.4875,
      0.0975,
      0.585,
      0.195,
      0.6825,
      0.2925,
      0.78,
      0.39,
      0,
      0.4875,
      0.0975,
      0.585,
      0.195,
      0.6825,
      0.2925,
      0.78,
      0.39,
      0,
      0.4875,
      0.0975,
      0.585,
      0.195,
      0.6825,
      0.2925,
      0.78,
      0.39,
      0,
      0.4875,
      0.0975,
      0.585,
      0.195,
      0.6825,
      0.2925,
      0.78,
      0.39,
      0,
      0.4875,
      0.0975,
      0.585,
      0.195,
      0.6825,
      0.2925,
      0.78,
      0.39,
      0,
      0.4875,
      0.0975,
      0.585,
      0.195,
      0.6825,
      0.2925,
      0.78,
      0.39
    ],
    "SoftwareVersions": "syngo_MR_B17",
    "SpacingBetweenSlices": 1.8,
    "StationName": "MININT-E41B04",
    "TaskName": "rest",
    "TotalReadoutTime": 0.0712794,
    "TxRefAmp": 392.529,
    "dataset": "ds001747",
    "modality": "bold",
    "run_id": 1,
    "subject_id": "3917",
    "task_id": "rest"
  },
  "dummy_trs": 1,
  "dvars_nstd": 71.45585833980506,
  "dvars_std": 1.011645027174177,
  "dvars_vstd": 0.9794033833252115,
  "efc": 0.5388141647049709,
  "fber": 362.9503173828125,
  "fd_mean": 0.11745058489108791,
  "fd_num": 122,
  "fd_perc": 14.841849148418492,
  "fwhm_avg": 3.698035283149665,
  "fwhm_x": 3.5365056492409614,
  "fwhm_y": 4.108805664401735,
  "fwhm_z": 3.4487945358062992,
  "gcor": 0.0060193,
  "gsr_x": -0.01006359700113535,
  "gsr_y": 0.09968390315771103,
  "provenance": {
    "md5sum": "1e2444d6ff36256157950e6862407ac9",
    "settings": {
      "fd_thres": 0.2,
      "testing": false
    },
    "software": "mriqc",
    "version": "22.0.1",
    "webapi_port": null,
    "webapi_url": "https://mriqc.nimh.nih.gov/api/v1"
  },
  "size_t": 822,
  "size_x": 100,
  "size_y": 100,
  "size_z": 72,
  "snr": 1.8031389254600572,
  "spacing_tr": 0.875,
  "spacing_x": 1.7999999523162842,
  "spacing_y": 1.7999999523162842,
  "spacing_z": 1.7999999523162842,
  "summary_bg_k": 84.36317631326459,
  "summary_bg_mad": 12.739195540227305,
  "summary_bg_mean": 36.31873321533203,
  "summary_bg_median": 20.457420349121094,
  "summary_bg_n": 452896.0,
  "summary_bg_p05": 10.715328216552734,
  "summary_bg_p95": 110.92244338989258,
  "summary_bg_stdv": 51.305294036865234,
  "summary_fg_k": 3.255203312656005,
  "summary_fg_mad": 159.70256462549227,
  "summary_fg_mean": 458.79986572265625,
  "summary_fg_median": 393.80047607421875,
  "summary_fg_n": 169179.0,
  "summary_fg_p05": 233.02505645751953,
  "summary_fg_p95": 903.7610473632812,
  "summary_fg_stdv": 218.39654541015625,
  "tsnr": 16.576304143993184
}