{
  "aor": 0.00016223170731707322,
  "aqi": 0.019383325975609756,
  "bids_meta": {
    "AcquisitionMatrixPE": 100,
    "AcquisitionNumber": 1,
    "AcquisitionTime": "17:09:3.847500",
    "BandwidthPerPixelPhaseEncode": 13.889,
    "BaseResolution": 100,
    "ConversionSoftware": "dcm2niix",
    "ConversionSoftwareVersion": "v1.0.20180404 Clang8.0.0",
    "DerivedVendorReportedEchoSpacing": 0.000719994,
    "DeviceSerialNumber": "35002",
    "DwellTime": 2.8e-06,
    "EchoTime": 0.0436,
    "EffectiveEchoSpacing": 0.000719994,
    "FlipAngle": 55,
    "ImageComments": "Unaliased_MB8_PE3_(remote)",
    "ImageOrientationPatientDICOM": [
      1,
      0,
      -1e-16,
      0,
      0.849893,
      0.526956
    ],
    "ImageType": [
      "ORIGINAL",
      "PRIMARY",
      "M",
      "MB",
      "ND",
      "MOSAIC"
    ],
    "InPlanePhaseEncodingDirectionDICOM": "COL",
    "InstitutionAddress": "University_Pkwy_1700_North_685_Provo_UT_US_84601",
    "InstitutionName": "Brigham_Young_University",
    "InstitutionalDepartmentName": "MRI",
    "MRAcquisitionType": "2D",
    "MagneticFieldStrength": 3,
    "Manufacturer": "Siemens",
    "ManufacturersModelName": "TrioTim",
    "Modality": "MR",
    "MultibandAccelerationFactor": 8,
    "PartialFourier": 1,
    "PatientPosition": "HFS",
    "PercentPhaseFOV": 100,
    "PhaseEncodingDirection": "j-",
    "PhaseEncodingSteps": 100,
    "PhaseResolution": 1,
    "PixelBandwidth": 1786,
    "ProcedureStepDescription": "Research_KIRWAN",
    "ProtocolName": "Resting_State",
    "PulseSequenceDetails": "%CustomerSeq%_cmrr_mbep2d_bold",
    "ReceiveCoilName": "32Ch_Head",
    "ReconMatrixPE": 100,
    "RepetitionTime": 0.875,
    "SAR": 0.123316,
    "ScanOptions": "FS",
    "ScanningSequence": "EP",
    "SequenceName": "epfid2d1_100",
    "SequenceVariant": "SK_SS",
    "SeriesDescription": "Resting_State",
    "SeriesNumber": 3,
    "ShimSetting": [
      -2820,
      -23009,
      2388,
      405,
      243,
      169,
      -456,
      451
    ],
    "SliceThickness": 1.8,
    "SliceTiming": [
      0,
      0.4875,
      0.0975,
      0.585,
      0.195,
      0.6825,
      0.2925,
      0.78,
      0.39,
      0,
      0.4875,
      0.0975,
      0.585,
      0.195,
      0.6825,
      0.2925,
      0.78,
      0.39,
      0,
      0.4875,
      0.0975,
      0.585,
      0.195,
      0.6825,
      0.2925,
      0.78,
      0.39,
      0,
      0.4875,
      0.0975,
      0.585,
      0.195,
      0.6825,
      0.2925,
      0.78,
      0.39,
      0,
      0.4875,
      0.0975,
      0.585,
      0.195,
      0.6825,
      0.2925,
      0.78,
      0.39,
      0,
      0.4875,
      0.0975,
      0.585,
      0.195,
      0.6825,
      0.2925,
      0.78,
      0.39,
      0,
      0.4875,
      0.0975,
      0.585,
      0.195,
      0.6825,
      0.2925,
      0.78,
      0.39,
      0,
      0.4875,
      0.0975,
      0.585,
      0.195,
      0.6825,
      0.2925,
      0.78,
      0.39
    ],
    "SoftwareVersions": "syngo_MR_B17",
    "SpacingBetweenSlices": 1.8,
    "StationName": "MININT-E41B04",
    "TaskName": "rest",
    "TotalReadoutTime": 0.0712794,
    "TxRefAmp": 381.716,
    "dataset": "ds001747",
    "modality": "bold",
    "run_id": 1,
    "subject_id": "3885",
    "task_id": "rest"
  },
  "dummy_trs": 3,
  "dvars_nstd": 68.75537027406601,
  "dvars_std": 1.0089203840903538,
  "dvars_vstd": 0.9743067196703279,
  "efc": 0.5965741006045231,
  "fber": 191.1167755126953,
  "fd_mean": 0.08049071019910592,
  "fd_num": 4,
  "fd_perc": 0.4878048780487805,
  "fwhm_avg": 3.085627794566251,
  "fwhm_x": 2.944027855767882,
  "fwhm_y": 3.3705945337347067,
  "fwhm_z": 2.9422609941961637,
  "gcor": 0.00442336,
  "gsr_x": 0.01545417495071888,
  "gsr_y": 0.08265013992786407,
  "provenance": {
    "md5sum": "3111a32cf9ed23cc6dbce3e9dcc2e815",
    "settings": {
      "fd_thres": 0.2,
      "testing": false
    },
    "software": "mriqc",
    "version": "22.0.1",
    "webapi_port": null,
    "webapi_url": "https://mriqc.nimh.nih.gov/api/v1"
  },
  "size_t": 820,
  "size_x": 100,
  "size_y": 100,
  "size_z": 72,
  "snr": 1.9449464851662148,
  "spacing_tr": 0.875,
  "spacing_x": 1.7999999523162842,
  "spacing_y": 1.7999999523162842,
  "spacing_z": 1.8000000715255737,
  "summary_bg_k": 37.486940234679885,
  "summary_bg_mad": 16.29777681195131,
  "summary_bg_mean": 47.5051155090332,
  "summary_bg_median": 26.06219482421875,
  "summary_bg_n": 416846.0,
  "summary_bg_p05": 12.419511795043945,
  "summary_bg_p95": 158.94633865356445,
  "summary_bg_stdv": 63.73245620727539,
  "summary_fg_k": 5.7707845916032205,
  "summary_fg_mad": 130.72571779281796,
  "summary_fg_mean": 415.1146545410156,
  "summary_fg_median": 369.24755859375,
  "summary_fg_n": 196327.0,
  "summary_fg_p05": 205.88487243652344,
  "summary_fg_p95": 783.1163330078125,
  "summary_fg_stdv": 189.8492431640625,
  "tsnr": 17.940253761596978
}