{
  "bids_meta": {
    "AcquisitionMatrixPE": 215,
    "AcquisitionNumber": 1,
    "AcquisitionTime": "10:50:15.597500",
    "BaseResolution": 256,
    "ConversionSoftware": "dcm2niix",
    "ConversionSoftwareVersion": "v1.0.20180404 Clang8.0.0",
    "DeviceSerialNumber": "35002",
    "DwellTime": 9.8e-06,
    "EchoTime": 0.00226,
    "FlipAngle": 9,
    "ImageOrientationPatientDICOM": [
      -0.0645323,
      0.997916,
      0,
      0,
      0,
      -1
    ],
    "ImageType": [
      "ORIGINAL",
      "PRIMARY",
      "M",
      "ND",
      "NORM"
    ],
    "InPlanePhaseEncodingDirectionDICOM": "ROW",
    "InstitutionAddress": "University_Pkwy_1700_North_685_Provo_UT_US_84601",
    "InstitutionName": "Brigham_Young_University",
    "InstitutionalDepartmentName": "MRI",
    "InversionTime": 0.9,
    "MRAcquisitionType": "3D",
    "MagneticFieldStrength": 3,
    "Manufacturer": "Siemens",
    "ManufacturersModelName": "TrioTim",
    "Modality": "MR",
    "ParallelReductionFactorInPlane": 2,
    "PartialFourier": 0.875,
    "PatientPosition": "HFS",
    "PercentPhaseFOV": 87.5,
    "PhaseEncodingSteps": 226,
    "PhaseOversampling": 0.2,
    "PhaseResolution": 0.96,
    "PixelBandwidth": 199,
    "ProcedureStepDescription": "Research_KIRWAN",
    "ProtocolName": "t1_mpr_sag_iso_mprage_fast",
    "PulseSequenceDetails": "%SiemensSeq%_tfl",
    "ReceiveCoilName": "32Ch_Head",
    "ReconMatrixPE": 256,
    "RepetitionTime": 1.9,
    "SAR": 0.128918,
    "ScanOptions": "IR_PFP",
    "ScanningSequence": "GR_IR",
    "SequenceName": "_tfl3d1_ns",
    "SequenceVariant": "SP_MP_OSP",
    "SeriesDescription": "t1_mpr_sag_iso_mprage_fast",
    "SeriesNumber": 6,
    "ShimSetting": [
      -2830,
      -22913,
      1923,
      -81,
      -87,
      -38,
      -253,
      388
    ],
    "SliceThickness": 1,
    "SoftwareVersions": "syngo_MR_B17",
    "StationName": "MININT-E41B04",
    "TxRefAmp": 381.061,
    "dataset": "ds001747",
    "modality": "T1w",
    "run_id": 1,
    "subject_id": "3926"
  },
  "cjv": 0.31376784351473236,
  "cnr": 4.288309450938968,
  "efc": 0.5749833039693117,
  "fber": -1.0,
  "fwhm_avg": 4.503037168601142,
  "fwhm_x": 4.305102837767158,
  "fwhm_y": 4.7835337880362685,
  "fwhm_z": 4.4204748799999996,
  "icvs_csf": 0.19061612795148922,
  "icvs_gm": 0.45864726179977755,
  "icvs_wm": 0.35073661024873326,
  "inu_med": 0.41540493071079254,
  "inu_range": 0.14350054711103444,
  "provenance": {
    "md5sum": "fdcd2e6ece758e5c381456af561041b0",
    "settings": {
      "testing": false
    },
    "software": "mriqc",
    "version": "22.0.1",
    "warnings": {
      "large_rot_frame": true,
      "small_air_mask": false
    },
    "webapi_port": null,
    "webapi_url": "https://mriqc.nimh.nih.gov/api/v1"
  },
  "qi_1": 0.0,
  "qi_2": 0.012912403689913792,
  "rpve_csf": 22.438722171913245,
  "rpve_gm": 10.296744602861464,
  "rpve_wm": 15.165622419370724,
  "size_x": 176,
  "size_y": 224,
  "size_z": 256,
  "snr_csf": 2.786509236526576,
  "snr_gm": 15.718749640473195,
  "snr_total": 15.843276723574718,
  "snr_wm": 29.024571293724385,
  "snrd_csf": 38.57343624385463,
  "snrd_gm": 90.16461239796861,
  "snrd_total": 83.13742212965661,
  "snrd_wm": 120.67421774714659,
  "spacing_x": 0.999994695186615,
  "spacing_y": 0.9765625596046448,
  "spacing_z": 0.9765625,
  "summary_bg_k": 34.43170251686257,
  "summary_bg_mad": 0.0,
  "summary_bg_mean": 2.217184673102239,
  "summary_bg_median": 0.0,
  "summary_bg_n": 2176998.0,
  "summary_bg_p05": 0.0,
  "summary_bg_p95": 10.0598806142807,
  "summary_bg_stdv": 5.429227720865291,
  "summary_csf_k": 0.7899353435369947,
  "summary_csf_mad": 86.43482477306503,
  "summary_csf_mean": 322.6643809861952,
  "summary_csf_median": 319.6646825671196,
  "summary_csf_n": 27569.0,
  "summary_csf_p05": 95.34850654602052,
  "summary_csf_p95": 522.8072051048279,
  "summary_csf_stdv": 114.7166069955034,
  "summary_gm_k": 0.15792644296389202,
  "summary_gm_mad": 46.80406698886595,
  "summary_gm_mean": 745.3715902944842,
  "summary_gm_median": 747.2096086740494,
  "summary_gm_n": 43363.0,
  "summary_gm_p05": 664.622779250145,
  "summary_gm_p95": 821.3126054465771,
  "summary_gm_stdv": 47.53565073328744,
  "summary_wm_k": 0.5583688688096746,
  "summary_wm_mad": 32.52847144294477,
  "summary_wm_mean": 1001.18900836606,
  "summary_wm_median": 1000.0479414463043,
  "summary_wm_n": 202326.0,
  "summary_wm_p05": 946.5868616104126,
  "summary_wm_p95": 1059.3054286837578,
  "summary_wm_stdv": 34.455133202320454,
  "tpm_overlap_csf": 0.15281510983418864,
  "tpm_overlap_gm": 0.47723780495932067,
  "tpm_overlap_wm": 0.5126654765563712,
  "wm2max": 0.37974502675399885
}