{
  "bids_meta": {
    "AcquisitionMatrixPE": 215,
    "AcquisitionNumber": 1,
    "AcquisitionTime": "18:11:44.615000",
    "BaseResolution": 256,
    "ConversionSoftware": "dcm2niix",
    "ConversionSoftwareVersion": "v1.0.20180404 Clang8.0.0",
    "DeviceSerialNumber": "35002",
    "DwellTime": 9.8e-06,
    "EchoTime": 0.00226,
    "FlipAngle": 9,
    "ImageOrientationPatientDICOM": [
      0,
      1,
      0,
      0,
      0,
      -1
    ],
    "ImageType": [
      "ORIGINAL",
      "PRIMARY",
      "M",
      "ND",
      "NORM"
    ],
    "InPlanePhaseEncodingDirectionDICOM": "ROW",
    "InstitutionAddress": "University_Pkwy_1700_North_685_Provo_UT_US_84601",
    "InstitutionName": "Brigham_Young_University",
    "InstitutionalDepartmentName": "MRI",
    "InversionTime": 0.9,
    "MRAcquisitionType": "3D",
    "MagneticFieldStrength": 3,
    "Manufacturer": "Siemens",
    "ManufacturersModelName": "TrioTim",
    "Modality": "MR",
    "ParallelReductionFactorInPlane": 2,
    "PartialFourier": 0.875,
    "PatientPosition": "HFS",
    "PercentPhaseFOV": 87.5,
    "PhaseEncodingSteps": 226,
    "PhaseOversampling": 0.2,
    "PhaseResolution": 0.96,
    "PixelBandwidth": 199,
    "ProcedureStepDescription": "Research_KIRWAN",
    "ProtocolName": "t1_mpr_sag_iso_mprage_fast",
    "PulseSequenceDetails": "%SiemensSeq%_tfl",
    "ReceiveCoilName": "32Ch_Head",
    "ReconMatrixPE": 256,
    "RepetitionTime": 1.9,
    "SAR": 0.121025,
    "ScanOptions": "IR_PFP",
    "ScanningSequence": "GR_IR",
    "SequenceName": "_tfl3d1_ns",
    "SequenceVariant": "SP_MP_OSP",
    "SeriesDescription": "t1_mpr_sag_iso_mprage_fast",
    "SeriesNumber": 6,
    "ShimSetting": [
      -2830,
      -22913,
      1923,
      -81,
      -87,
      -38,
      -253,
      388
    ],
    "SliceThickness": 1,
    "SoftwareVersions": "syngo_MR_B17",
    "StationName": "MININT-E41B04",
    "TxRefAmp": 400.347,
    "dataset": "ds001747",
    "modality": "T1w",
    "run_id": 1,
    "subject_id": "3939"
  },
  "cjv": 0.3468258087547351,
  "cnr": 3.953945270089199,
  "efc": 0.5673753673151367,
  "fber": -1.0,
  "fwhm_avg": 4.430456400000001,
  "fwhm_x": 4.31519,
  "fwhm_y": 4.551895040000001,
  "fwhm_z": 4.42428416,
  "icvs_csf": 0.1844020224238036,
  "icvs_gm": 0.45622845125695305,
  "icvs_wm": 0.35936952631924335,
  "inu_med": 0.394930899143219,
  "inu_range": 0.14115342497825623,
  "provenance": {
    "md5sum": "312f819b47ab45d6ea505fe993915631",
    "settings": {
      "testing": false
    },
    "software": "mriqc",
    "version": "22.0.1",
    "warnings": {
      "large_rot_frame": true,
      "small_air_mask": false
    },
    "webapi_port": null,
    "webapi_url": "https://mriqc.nimh.nih.gov/api/v1"
  },
  "qi_1": 0.0,
  "qi_2": 0.02127883980727106,
  "rpve_csf": 20.127414844174396,
  "rpve_gm": 8.942078346106893,
  "rpve_wm": 12.728213058725668,
  "size_x": 176,
  "size_y": 224,
  "size_z": 256,
  "snr_csf": 3.1284663367949,
  "snr_gm": 16.0519195459914,
  "snr_total": 15.428804063128027,
  "snr_wm": 27.106026306597776,
  "snrd_csf": 52.578281098857545,
  "snrd_gm": 125.78863335408496,
  "snrd_total": 114.4952164338758,
  "snrd_wm": 165.11873484868494,
  "spacing_x": 1.0,
  "spacing_y": 0.9765625,
  "spacing_z": 0.9765625,
  "summary_bg_k": 9.950493543069998,
  "summary_bg_mad": 0.0,
  "summary_bg_mean": 1.8467150890529977,
  "summary_bg_median": 0.0,
  "summary_bg_n": 2839573.0,
  "summary_bg_p05": 0.0,
  "summary_bg_p95": 9.28714893758297,
  "summary_bg_stdv": 3.9678346118010444,
  "summary_csf_k": 1.749772911164703,
  "summary_csf_mad": 70.52036415396596,
  "summary_csf_mean": 332.04638355719817,
  "summary_csf_median": 318.44044014811516,
  "summary_csf_n": 35947.0,
  "summary_csf_p05": 178.71068264171484,
  "summary_csf_p95": 523.8328506834804,
  "summary_csf_stdv": 101.78661891523969,
  "summary_gm_k": 0.09645639268629891,
  "summary_gm_mad": 47.44773841493751,
  "summary_gm_mean": 760.3314400051216,
  "summary_gm_median": 761.8390509113669,
  "summary_gm_n": 51859.0,
  "summary_gm_p05": 679.9699046462774,
  "summary_gm_p95": 835.090392306447,
  "summary_gm_stdv": 47.46047370849637,
  "summary_wm_k": 0.5956866768512121,
  "summary_wm_mad": 35.16714729577722,
  "summary_wm_mean": 1002.4087946609882,
  "summary_wm_median": 1000.0418709591031,
  "summary_wm_n": 238808.0,
  "summary_wm_p05": 946.4943455532193,
  "summary_wm_p95": 1066.9344437122345,
  "summary_wm_stdv": 36.893632649269044,
  "tpm_overlap_csf": 0.1781813318775918,
  "tpm_overlap_gm": 0.486271138964882,
  "tpm_overlap_wm": 0.5292721875845094,
  "wm2max": 0.44988331827762723
}