{
  "bids_meta": {
    "AcquisitionMatrixPE": 215,
    "AcquisitionNumber": 1,
    "AcquisitionTime": "14:10:59.980000",
    "BaseResolution": 256,
    "ConversionSoftware": "dcm2niix",
    "ConversionSoftwareVersion": "v1.0.20180404 Clang8.0.0",
    "DeviceSerialNumber": "35002",
    "DwellTime": 9.8e-06,
    "EchoTime": 0.00226,
    "FlipAngle": 9,
    "ImageOrientationPatientDICOM": [
      1e-16,
      1,
      0,
      0.0366437,
      -1e-16,
      -0.999328
    ],
    "ImageType": [
      "ORIGINAL",
      "PRIMARY",
      "M",
      "ND",
      "NORM"
    ],
    "InPlanePhaseEncodingDirectionDICOM": "ROW",
    "InstitutionAddress": "University_Pkwy_1700_North_685_Provo_UT_US_84601",
    "InstitutionName": "Brigham_Young_University",
    "InstitutionalDepartmentName": "MRI",
    "InversionTime": 0.9,
    "MRAcquisitionType": "3D",
    "MagneticFieldStrength": 3,
    "Manufacturer": "Siemens",
    "ManufacturersModelName": "TrioTim",
    "Modality": "MR",
    "ParallelReductionFactorInPlane": 2,
    "PartialFourier": 0.875,
    "PatientPosition": "HFS",
    "PercentPhaseFOV": 87.5,
    "PhaseEncodingSteps": 226,
    "PhaseOversampling": 0.2,
    "PhaseResolution": 0.96,
    "PixelBandwidth": 199,
    "ProcedureStepDescription": "Research_KIRWAN",
    "ProtocolName": "t1_mpr_sag_iso_mprage_fast",
    "PulseSequenceDetails": "%SiemensSeq%_tfl",
    "ReceiveCoilName": "32Ch_Head",
    "ReconMatrixPE": 256,
    "RepetitionTime": 1.9,
    "SAR": 0.107236,
    "ScanOptions": "IR_PFP",
    "ScanningSequence": "GR_IR",
    "SequenceName": "_tfl3d1_ns",
    "SequenceVariant": "SP_MP_OSP",
    "SeriesDescription": "t1_mpr_sag_iso_mprage_fast",
    "SeriesNumber": 6,
    "ShimSetting": [
      -2830,
      -22913,
      1923,
      -81,
      -87,
      -38,
      -253,
      388
    ],
    "SliceThickness": 1,
    "SoftwareVersions": "syngo_MR_B17",
    "StationName": "MININT-E41B04",
    "TxRefAmp": 386.516,
    "dataset": "ds001747",
    "modality": "T1w",
    "run_id": 1,
    "subject_id": "3931"
  },
  "cjv": 0.3334105461035861,
  "cnr": 4.033927257297506,
  "efc": 0.5347259743491126,
  "fber": -1.0,
  "fwhm_avg": 4.520047127207959,
  "fwhm_x": 4.389320261623874,
  "fwhm_y": 4.68043776,
  "fwhm_z": 4.49038336,
  "icvs_csf": 0.2124983148694602,
  "icvs_gm": 0.4429185588549639,
  "icvs_wm": 0.3445831262755759,
  "inu_med": 0.41051894426345825,
  "inu_range": 0.1307202786207199,
  "provenance": {
    "md5sum": "f06d16a849bd7e8f955c484193be2fae",
    "settings": {
      "testing": false
    },
    "software": "mriqc",
    "version": "22.0.1",
    "warnings": {
      "large_rot_frame": true,
      "small_air_mask": false
    },
    "webapi_port": null,
    "webapi_url": "https://mriqc.nimh.nih.gov/api/v1"
  },
  "qi_1": 0.0,
  "qi_2": 0.025025459275336795,
  "rpve_csf": 21.226894569977414,
  "rpve_gm": 10.83975571346097,
  "rpve_wm": 15.954374852642244,
  "size_x": 176,
  "size_y": 224,
  "size_z": 256,
  "snr_csf": 3.144981443588788,
  "snr_gm": 15.60752423517811,
  "snr_total": 15.803430504627471,
  "snr_wm": 28.65778583511552,
  "snrd_csf": 54.364340527402256,
  "snrd_gm": 132.9104540752062,
  "snrd_total": 120.85409594597984,
  "snrd_wm": 175.28749323533103,
  "spacing_x": 0.9999999403953552,
  "spacing_y": 0.9765625,
  "spacing_z": 0.9765625,
  "summary_bg_k": 11.253619636611754,
  "summary_bg_mad": 0.0,
  "summary_bg_mean": 1.5989048370904324,
  "summary_bg_median": 0.0,
  "summary_bg_n": 2909024.0,
  "summary_bg_p05": 0.0,
  "summary_bg_p95": 8.476994276046753,
  "summary_bg_stdv": 3.7374966966674434,
  "summary_csf_k": 1.4675760726462785,
  "summary_csf_mad": 71.23886732208172,
  "summary_csf_mean": 320.6048162956782,
  "summary_csf_median": 310.1438771188259,
  "summary_csf_n": 33315.0,
  "summary_csf_p05": 157.58650849610567,
  "summary_csf_p95": 505.31851936876774,
  "summary_csf_stdv": 98.61400708671248,
  "summary_gm_k": 0.16675228125964425,
  "summary_gm_mad": 47.069616322223624,
  "summary_gm_mean": 755.5800987996946,
  "summary_gm_median": 758.2426851242781,
  "summary_gm_n": 37791.0,
  "summary_gm_p05": 670.7421720921993,
  "summary_gm_p95": 831.6420442163944,
  "summary_gm_stdv": 48.5812254127522,
  "summary_wm_k": 0.4189820244651066,
  "summary_wm_mad": 33.534835762303096,
  "summary_wm_mean": 1001.6358786785005,
  "summary_wm_median": 1000.0000411123037,
  "summary_wm_n": 197734.0,
  "summary_wm_p05": 947.222600787878,
  "summary_wm_p95": 1061.1729661524296,
  "summary_wm_stdv": 34.89444433051999,
  "tpm_overlap_csf": 0.1642348977444863,
  "tpm_overlap_gm": 0.4859057339896497,
  "tpm_overlap_wm": 0.5251322362882823,
  "wm2max": 0.43827811020809143
}