{
  "aor": 0.0005282439024390244,
  "aqi": 0.014330997317073171,
  "bids_meta": {
    "AcquisitionMatrixPE": 100,
    "AcquisitionNumber": 1,
    "AcquisitionTime": "12:58:26.182500",
    "BandwidthPerPixelPhaseEncode": 13.889,
    "BaseResolution": 100,
    "ConversionSoftware": "dcm2niix",
    "ConversionSoftwareVersion": "v1.0.20180404 Clang8.0.0",
    "DerivedVendorReportedEchoSpacing": 0.000719994,
    "DeviceSerialNumber": "35002",
    "DwellTime": 2.8e-06,
    "EchoTime": 0.0436,
    "EffectiveEchoSpacing": 0.000719994,
    "FlipAngle": 55,
    "ImageComments": "Unaliased_MB8_PE3_(remote)",
    "ImageOrientationPatientDICOM": [
      1,
      0,
      0,
      0,
      0.907777,
      0.419452
    ],
    "ImageType": [
      "ORIGINAL",
      "PRIMARY",
      "M",
      "MB",
      "ND",
      "MOSAIC"
    ],
    "InPlanePhaseEncodingDirectionDICOM": "COL",
    "InstitutionAddress": "University_Pkwy_1700_North_685_Provo_UT_US_84601",
    "InstitutionName": "Brigham_Young_University",
    "InstitutionalDepartmentName": "MRI",
    "MRAcquisitionType": "2D",
    "MagneticFieldStrength": 3,
    "Manufacturer": "Siemens",
    "ManufacturersModelName": "TrioTim",
    "Modality": "MR",
    "MultibandAccelerationFactor": 8,
    "PartialFourier": 1,
    "PatientPosition": "HFS",
    "PercentPhaseFOV": 100,
    "PhaseEncodingDirection": "j-",
    "PhaseEncodingSteps": 100,
    "PhaseResolution": 1,
    "PixelBandwidth": 1786,
    "ProcedureStepDescription": "Research_KIRWAN",
    "ProtocolName": "Resting_State",
    "PulseSequenceDetails": "%CustomerSeq%_cmrr_mbep2d_bold",
    "ReceiveCoilName": "32Ch_Head",
    "ReconMatrixPE": 100,
    "RepetitionTime": 0.875,
    "SAR": 0.109473,
    "ScanOptions": "FS",
    "ScanningSequence": "EP",
    "SequenceName": "epfid2d1_100",
    "SequenceVariant": "SK_SS",
    "SeriesDescription": "Resting_State",
    "SeriesNumber": 3,
    "ShimSetting": [
      -2808,
      -22741,
      2300,
      744,
      95,
      1076,
      106,
      357
    ],
    "SliceThickness": 1.8,
    "SliceTiming": [
      0,
      0.49,
      0.0975,
      0.5875,
      0.195,
      0.685,
      0.2925,
      0.7825,
      0.39,
      0,
      0.49,
      0.0975,
      0.5875,
      0.195,
      0.685,
      0.2925,
      0.7825,
      0.39,
      0,
      0.49,
      0.0975,
      0.5875,
      0.195,
      0.685,
      0.2925,
      0.7825,
      0.39,
      0,
      0.49,
      0.0975,
      0.5875,
      0.195,
      0.685,
      0.2925,
      0.7825,
      0.39,
      0,
      0.49,
      0.0975,
      0.5875,
      0.195,
      0.685,
      0.2925,
      0.7825,
      0.39,
      0,
      0.49,
      0.0975,
      0.5875,
      0.195,
      0.685,
      0.2925,
      0.7825,
      0.39,
      0,
      0.49,
      0.0975,
      0.5875,
      0.195,
      0.685,
      0.2925,
      0.7825,
      0.39,
      0,
      0.49,
      0.0975,
      0.5875,
      0.195,
      0.685,
      0.2925,
      0.7825,
      0.39
    ],
    "SoftwareVersions": "syngo_MR_B17",
    "SpacingBetweenSlices": 1.8,
    "StationName": "MININT-E41B04",
    "TaskName": "rest",
    "TotalReadoutTime": 0.0712794,
    "TxRefAmp": 415.193,
    "dataset": "ds001747",
    "modality": "bold",
    "run_id": 1,
    "subject_id": "3954",
    "task_id": "rest"
  },
  "dummy_trs": 3,
  "dvars_nstd": 69.63569361185588,
  "dvars_std": 1.0717392752747241,
  "dvars_vstd": 1.0022910746031755,
  "efc": 0.6346545276772065,
  "fber": 140.6581268310547,
  "fd_mean": 0.061353977715571335,
  "fd_num": 2,
  "fd_perc": 0.24390243902439024,
  "fwhm_avg": 3.3522463851004987,
  "fwhm_x": 3.194244529063027,
  "fwhm_y": 3.6303112072815154,
  "fwhm_z": 3.2321834189569527,
  "gcor": 0.0038865,
  "gsr_x": -0.0262068472802639,
  "gsr_y": 0.11860938370227814,
  "provenance": {
    "md5sum": "6a3ed7cbcc82d0a2ab18a4ebe9d768ee",
    "settings": {
      "fd_thres": 0.2,
      "testing": false
    },
    "software": "mriqc",
    "version": "22.0.1",
    "webapi_port": null,
    "webapi_url": "https://mriqc.nimh.nih.gov/api/v1"
  },
  "size_t": 820,
  "size_x": 100,
  "size_y": 100,
  "size_z": 72,
  "snr": 1.7536617640324161,
  "spacing_tr": 0.875,
  "spacing_x": 1.7999999523162842,
  "spacing_y": 1.7999999523162842,
  "spacing_z": 1.7999999523162842,
  "summary_bg_k": 29.74090248548744,
  "summary_bg_mad": 24.887825118020395,
  "summary_bg_mean": 64.47740936279297,
  "summary_bg_median": 34.29512023925781,
  "summary_bg_n": 367217.0,
  "summary_bg_p05": 14.375609397888184,
  "summary_bg_p95": 221.44048767089868,
  "summary_bg_stdv": 84.99457550048828,
  "summary_fg_k": 5.041270585386622,
  "summary_fg_mad": 167.5359057537233,
  "summary_fg_mean": 482.3878479003906,
  "summary_fg_median": 418.8365783691406,
  "summary_fg_n": 241762.0,
  "summary_fg_p05": 235.1979217529297,
  "summary_fg_p95": 971.7664794921873,
  "summary_fg_stdv": 238.83494567871094,
  "tsnr": 20.49371001170948
}