{
  "bids_meta": {
    "AcquisitionMatrixPE": 215,
    "AcquisitionNumber": 1,
    "AcquisitionTime": "18:50:41.367500",
    "BaseResolution": 256,
    "ConversionSoftware": "dcm2niix",
    "ConversionSoftwareVersion": "v1.0.20180404 Clang8.0.0",
    "DeviceSerialNumber": "35002",
    "DwellTime": 9.8e-06,
    "EchoTime": 0.00226,
    "FlipAngle": 9,
    "ImageOrientationPatientDICOM": [
      0.0191974,
      0.999816,
      0,
      0,
      0,
      -1
    ],
    "ImageType": [
      "ORIGINAL",
      "PRIMARY",
      "M",
      "ND",
      "NORM"
    ],
    "InPlanePhaseEncodingDirectionDICOM": "ROW",
    "InstitutionAddress": "University_Pkwy_1700_North_685_Provo_UT_US_84601",
    "InstitutionName": "Brigham_Young_University",
    "InstitutionalDepartmentName": "MRI",
    "InversionTime": 0.9,
    "MRAcquisitionType": "3D",
    "MagneticFieldStrength": 3,
    "Manufacturer": "Siemens",
    "ManufacturersModelName": "TrioTim",
    "Modality": "MR",
    "ParallelReductionFactorInPlane": 2,
    "PartialFourier": 0.875,
    "PatientPosition": "HFS",
    "PercentPhaseFOV": 87.5,
    "PhaseEncodingSteps": 226,
    "PhaseOversampling": 0.2,
    "PhaseResolution": 0.96,
    "PixelBandwidth": 199,
    "ProcedureStepDescription": "Research_KIRWAN",
    "ProtocolName": "t1_mpr_sag_iso_mprage_fast",
    "PulseSequenceDetails": "%SiemensSeq%_tfl",
    "ReceiveCoilName": "32Ch_Head",
    "ReconMatrixPE": 256,
    "RepetitionTime": 1.9,
    "SAR": 0.105812,
    "ScanOptions": "IR_PFP",
    "ScanningSequence": "GR_IR",
    "SequenceName": "_tfl3d1_ns",
    "SequenceVariant": "SP_MP_OSP",
    "SeriesDescription": "t1_mpr_sag_iso_mprage_fast",
    "SeriesNumber": 6,
    "ShimSetting": [
      -2830,
      -22913,
      1923,
      -81,
      -87,
      -38,
      -253,
      388
    ],
    "SliceThickness": 1,
    "SoftwareVersions": "syngo_MR_B17",
    "StationName": "MININT-E41B04",
    "TxRefAmp": 391.189,
    "dataset": "ds001747",
    "modality": "T1w",
    "run_id": 1,
    "subject_id": "3940"
  },
  "cjv": 0.34096707357574596,
  "cnr": 3.9193456509635354,
  "efc": 0.5548873459247606,
  "fber": -1.0,
  "fwhm_avg": 4.32619079826561,
  "fwhm_x": 4.142025556088686,
  "fwhm_y": 4.566354198708142,
  "fwhm_z": 4.27019264,
  "icvs_csf": 0.17308514885652734,
  "icvs_gm": 0.45945192891721953,
  "icvs_wm": 0.3674629222262531,
  "inu_med": 0.4319794625043869,
  "inu_range": 0.13889428824186328,
  "provenance": {
    "md5sum": "4b51b96b87b7ceed7d26d0d380f4de04",
    "settings": {
      "testing": false
    },
    "software": "mriqc",
    "version": "22.0.1",
    "warnings": {
      "large_rot_frame": true,
      "small_air_mask": false
    },
    "webapi_port": null,
    "webapi_url": "https://mriqc.nimh.nih.gov/api/v1"
  },
  "qi_1": 1.0473862951090234e-05,
  "qi_2": 0.011176132282624061,
  "rpve_csf": 22.200607390284862,
  "rpve_gm": 9.357794293019756,
  "rpve_wm": 13.140393570558986,
  "size_x": 176,
  "size_y": 224,
  "size_z": 256,
  "snr_csf": 2.7458652260108902,
  "snr_gm": 15.41126207852872,
  "snr_total": 14.38773156539857,
  "snr_wm": 25.0060673916561,
  "snrd_csf": 55.50331968997835,
  "snrd_gm": 134.00405948234038,
  "snrd_total": 122.54733741777261,
  "snrd_wm": 178.1346330809991,
  "spacing_x": 1.000001072883606,
  "spacing_y": 0.9765624403953552,
  "spacing_z": 0.9765625,
  "summary_bg_k": 20.49880786952067,
  "summary_bg_mad": 0.0,
  "summary_bg_mean": 1.627264719318107,
  "summary_bg_median": 0.0,
  "summary_bg_n": 2896669.0,
  "summary_bg_p05": 0.0,
  "summary_bg_p95": 7.596880555152893,
  "summary_bg_stdv": 3.6779085169030203,
  "summary_csf_k": 5.120063934534745,
  "summary_csf_mad": 74.0492331302266,
  "summary_csf_mean": 323.2522074261535,
  "summary_csf_median": 311.5933295786381,
  "summary_csf_n": 27399.0,
  "summary_csf_p05": 126.11225810945034,
  "summary_csf_p95": 530.13699503839,
  "summary_csf_stdv": 113.47521369875416,
  "summary_gm_k": 0.04047072217394154,
  "summary_gm_mad": 49.00669312340239,
  "summary_gm_mean": 750.4797710569954,
  "summary_gm_median": 752.2932196557522,
  "summary_gm_n": 45714.0,
  "summary_gm_p05": 668.121399462223,
  "summary_gm_p95": 827.453846424818,
  "summary_gm_stdv": 48.8139769162926,
  "summary_wm_k": 1.2816276303605427,
  "summary_wm_mad": 35.466946612535715,
  "summary_wm_mean": 1000.6997879037726,
  "summary_wm_median": 1000.0404254198074,
  "summary_wm_n": 225603.0,
  "summary_wm_p05": 937.6490234136581,
  "summary_wm_p95": 1066.18985876441,
  "summary_wm_stdv": 39.991822519796145,
  "tpm_overlap_csf": 0.1586954734947685,
  "tpm_overlap_gm": 0.48173103413208107,
  "tpm_overlap_wm": 0.5166405107874121,
  "wm2max": 0.42943656839438477
}