{
  "bids_meta": {
    "AcquisitionMatrixPE": 215,
    "AcquisitionNumber": 1,
    "AcquisitionTime": "16:21:23.552500",
    "BaseResolution": 256,
    "ConversionSoftware": "dcm2niix",
    "ConversionSoftwareVersion": "v1.0.20180404 Clang8.0.0",
    "DeviceSerialNumber": "35002",
    "DwellTime": 9.8e-06,
    "EchoTime": 0.00226,
    "FlipAngle": 9,
    "ImageOrientationPatientDICOM": [
      0,
      1,
      0,
      0.0593063,
      0,
      -0.99824
    ],
    "ImageType": [
      "ORIGINAL",
      "PRIMARY",
      "M",
      "ND",
      "NORM"
    ],
    "InPlanePhaseEncodingDirectionDICOM": "ROW",
    "InstitutionAddress": "University_Pkwy_1700_North_685_Provo_UT_US_84601",
    "InstitutionName": "Brigham_Young_University",
    "InstitutionalDepartmentName": "MRI",
    "InversionTime": 0.9,
    "MRAcquisitionType": "3D",
    "MagneticFieldStrength": 3,
    "Manufacturer": "Siemens",
    "ManufacturersModelName": "TrioTim",
    "Modality": "MR",
    "ParallelReductionFactorInPlane": 2,
    "PartialFourier": 0.875,
    "PatientPosition": "HFS",
    "PercentPhaseFOV": 87.5,
    "PhaseEncodingSteps": 226,
    "PhaseOversampling": 0.2,
    "PhaseResolution": 0.96,
    "PixelBandwidth": 199,
    "ProcedureStepDescription": "Research_KIRWAN",
    "ProtocolName": "t1_mpr_sag_iso_mprage_fast",
    "PulseSequenceDetails": "%SiemensSeq%_tfl",
    "ReceiveCoilName": "32Ch_Head",
    "ReconMatrixPE": 256,
    "RepetitionTime": 1.9,
    "SAR": 0.115887,
    "ScanOptions": "IR_PFP",
    "ScanningSequence": "GR_IR",
    "SequenceName": "_tfl3d1_ns",
    "SequenceVariant": "SP_MP_OSP",
    "SeriesDescription": "t1_mpr_sag_iso_mprage_fast",
    "SeriesNumber": 6,
    "ShimSetting": [
      -2830,
      -22913,
      1923,
      -81,
      -87,
      -38,
      -253,
      388
    ],
    "SliceThickness": 1,
    "SoftwareVersions": "syngo_MR_B17",
    "StationName": "MININT-E41B04",
    "TxRefAmp": 384.773,
    "dataset": "ds001747",
    "modality": "T1w",
    "run_id": 1,
    "subject_id": "3898"
  },
  "cjv": 0.31715195937991036,
  "cnr": 4.1810074844684975,
  "efc": 0.5470552633342143,
  "fber": -1.0,
  "fwhm_avg": 4.3469341667573405,
  "fwhm_x": 4.240198340272023,
  "fwhm_y": 4.46092288,
  "fwhm_z": 4.33968128,
  "icvs_csf": 0.1816863948300493,
  "icvs_gm": 0.48374829924473695,
  "icvs_wm": 0.3345653059252137,
  "inu_med": 0.3928937315940857,
  "inu_range": 0.1287775963544846,
  "provenance": {
    "md5sum": "4679d2de5f23c13d02f5ec9f463a9de0",
    "settings": {
      "testing": false
    },
    "software": "mriqc",
    "version": "22.0.1",
    "warnings": {
      "large_rot_frame": true,
      "small_air_mask": false
    },
    "webapi_port": null,
    "webapi_url": "https://mriqc.nimh.nih.gov/api/v1"
  },
  "qi_1": 0.0,
  "qi_2": 0.02952370957170684,
  "rpve_csf": 25.407706588618414,
  "rpve_gm": 10.957379115932111,
  "rpve_wm": 17.346007255599712,
  "size_x": 176,
  "size_y": 224,
  "size_z": 256,
  "snr_csf": 2.8250152752759843,
  "snr_gm": 16.968297781326772,
  "snr_total": 15.059502241954547,
  "snr_wm": 25.385193669260882,
  "snrd_csf": 48.4616823695542,
  "snrd_gm": 117.75026165538192,
  "snrd_total": 107.62915589355295,
  "snrd_wm": 156.67552365572277,
  "spacing_x": 0.9999980330467224,
  "spacing_y": 0.9765625,
  "spacing_z": 0.9765625,
  "summary_bg_k": 9.238746433093631,
  "summary_bg_mad": 0.0,
  "summary_bg_mean": 1.9030452157063105,
  "summary_bg_median": 0.0,
  "summary_bg_n": 2523095.0,
  "summary_bg_p05": 0.0,
  "summary_bg_p95": 9.608785510063171,
  "summary_bg_stdv": 4.18166482246982,
  "summary_csf_k": 0.8861650210241314,
  "summary_csf_mad": 84.8400578435793,
  "summary_csf_mean": 326.4049671200489,
  "summary_csf_median": 309.32567996904254,
  "summary_csf_n": 20574.0,
  "summary_csf_p05": 166.8518417822197,
  "summary_csf_p95": 532.8908044425767,
  "summary_csf_stdv": 109.49256281619614,
  "summary_gm_k": 0.10293794597268757,
  "summary_gm_mad": 43.62839556274018,
  "summary_gm_mean": 749.5147225584649,
  "summary_gm_median": 751.5871916152537,
  "summary_gm_n": 59088.0,
  "summary_gm_p05": 673.644498437643,
  "summary_gm_p95": 819.0202756412327,
  "summary_gm_stdv": 44.293236798237416,
  "summary_wm_k": 0.826943170646683,
  "summary_wm_mad": 35.16982907608647,
  "summary_wm_mean": 1000.2617339093833,
  "summary_wm_median": 1000.0429312326014,
  "summary_wm_n": 164463.0,
  "summary_wm_p05": 934.9734368566424,
  "summary_wm_p95": 1065.6743679754436,
  "summary_wm_stdv": 39.39461340848168,
  "tpm_overlap_csf": 0.16179810917275667,
  "tpm_overlap_gm": 0.4902319772684159,
  "tpm_overlap_wm": 0.5167415892445792,
  "wm2max": 0.4149992879521504
}