{
  "bids_meta": {
    "AcquisitionMatrixPE": 215,
    "AcquisitionNumber": 1,
    "AcquisitionTime": "13:03:13.637500",
    "BaseResolution": 256,
    "ConversionSoftware": "dcm2niix",
    "ConversionSoftwareVersion": "v1.0.20180404 Clang8.0.0",
    "DeviceSerialNumber": "35002",
    "DwellTime": 9.8e-06,
    "EchoTime": 0.00226,
    "FlipAngle": 9,
    "ImageOrientationPatientDICOM": [
      0,
      1,
      0,
      0,
      0,
      -1
    ],
    "ImageType": [
      "ORIGINAL",
      "PRIMARY",
      "M",
      "ND",
      "NORM"
    ],
    "InPlanePhaseEncodingDirectionDICOM": "ROW",
    "InstitutionAddress": "University_Pkwy_1700_North_685_Provo_UT_US_84601",
    "InstitutionName": "Brigham_Young_University",
    "InstitutionalDepartmentName": "MRI",
    "InversionTime": 0.9,
    "MRAcquisitionType": "3D",
    "MagneticFieldStrength": 3,
    "Manufacturer": "Siemens",
    "ManufacturersModelName": "TrioTim",
    "Modality": "MR",
    "PartialFourier": 0.875,
    "PatientPosition": "HFS",
    "PercentPhaseFOV": 87.5,
    "PhaseEncodingSteps": 227,
    "PhaseOversampling": 0.2,
    "PhaseResolution": 0.96,
    "PixelBandwidth": 199,
    "ProcedureStepDescription": "Research_KIRWAN",
    "ProtocolName": "t1_mpr_sag_iso_mprage",
    "PulseSequenceDetails": "%SiemensSeq%_tfl",
    "ReceiveCoilName": "32Ch_Head",
    "ReconMatrixPE": 256,
    "RepetitionTime": 1.9,
    "SAR": 0.120122,
    "ScanOptions": "IR_PFP",
    "ScanningSequence": "GR_IR",
    "SequenceName": "_tfl3d1_ns",
    "SequenceVariant": "SP_MP_OSP",
    "SeriesDescription": "t1_mpr_sag_iso_mprage",
    "SeriesNumber": 6,
    "ShimSetting": [
      -2830,
      -22913,
      1923,
      -81,
      -87,
      -38,
      -253,
      388
    ],
    "SliceThickness": 1,
    "SoftwareVersions": "syngo_MR_B17",
    "StationName": "MININT-E41B04",
    "TxRefAmp": 390.275,
    "dataset": "ds001747",
    "modality": "T1w",
    "run_id": 1,
    "subject_id": "3877"
  },
  "cjv": 0.30082912661904637,
  "cnr": 4.471067522411277,
  "efc": 0.5560001428432804,
  "fber": 31729.463105477596,
  "fwhm_avg": 4.791678986666667,
  "fwhm_x": 4.58274,
  "fwhm_y": 5.09390848,
  "fwhm_z": 4.698388479999999,
  "icvs_csf": 0.20082435404060067,
  "icvs_gm": 0.4717808797137787,
  "icvs_wm": 0.32739476624562064,
  "inu_med": 0.40899837017059326,
  "inu_range": 0.1395402789115906,
  "provenance": {
    "md5sum": "d8ead355c7d2a9832744b8b12f766c2a",
    "settings": {
      "testing": false
    },
    "software": "mriqc",
    "version": "22.0.1",
    "warnings": {
      "large_rot_frame": true,
      "small_air_mask": false
    },
    "webapi_port": null,
    "webapi_url": "https://mriqc.nimh.nih.gov/api/v1"
  },
  "qi_1": 6.567905359339383e-05,
  "qi_2": 0.020544950373791265,
  "rpve_csf": 20.72342630866818,
  "rpve_gm": 9.504507376664655,
  "rpve_wm": 14.738075031457106,
  "size_x": 176,
  "size_y": 224,
  "size_z": 256,
  "snr_csf": 3.3059415736176354,
  "snr_gm": 17.349176719697542,
  "snr_total": 16.44443287705808,
  "snr_wm": 28.678180337859065,
  "snrd_csf": 44.24208589842786,
  "snrd_gm": 121.69754980114048,
  "snrd_total": 109.33974121206221,
  "snrd_wm": 162.07958793661825,
  "spacing_x": 1.0,
  "spacing_y": 0.9765625,
  "spacing_z": 0.9765625,
  "summary_bg_k": 19.812820234952028,
  "summary_bg_mad": 0.0,
  "summary_bg_mean": 2.19221939416927,
  "summary_bg_median": 0.0,
  "summary_bg_n": 2587048.0,
  "summary_bg_p05": 0.0,
  "summary_bg_p95": 9.59609217941761,
  "summary_bg_stdv": 4.042066222222024,
  "summary_csf_k": 3.189957266956095,
  "summary_csf_mad": 46.561704722799725,
  "summary_csf_mean": 285.00205824511596,
  "summary_csf_median": 272.9652039036155,
  "summary_csf_n": 62220.0,
  "summary_csf_p05": 172.5966224970296,
  "summary_csf_p95": 451.28458682764267,
  "summary_csf_stdv": 82.567403043174,
  "summary_gm_k": 0.004264011766336839,
  "summary_gm_mad": 43.910274314973634,
  "summary_gm_mean": 748.8897557857317,
  "summary_gm_median": 750.8505944386125,
  "summary_gm_n": 81349.0,
  "summary_gm_p05": 675.826601035893,
  "summary_gm_p95": 816.2784956619143,
  "summary_gm_stdv": 43.27847894800116,
  "summary_wm_k": 1.492206045589624,
  "summary_wm_mad": 31.041136481866484,
  "summary_wm_mean": 1001.6009479303503,
  "summary_wm_median": 1000.000042296946,
  "summary_wm_n": 193308.0,
  "summary_wm_p05": 948.0502887256444,
  "summary_wm_p95": 1059.7575254142284,
  "summary_wm_stdv": 34.86962715090876,
  "tpm_overlap_csf": 0.15374888978754872,
  "tpm_overlap_gm": 0.4756048394586834,
  "tpm_overlap_wm": 0.48720754440338426,
  "wm2max": 0.4399032926548469
}