{
  "aor": 0.00031984146341463416,
  "aqi": 0.03352931256097561,
  "bids_meta": {
    "AcquisitionMatrixPE": 100,
    "AcquisitionNumber": 1,
    "AcquisitionTime": "13:08:18.162500",
    "BandwidthPerPixelPhaseEncode": 13.889,
    "BaseResolution": 100,
    "ConversionSoftware": "dcm2niix",
    "ConversionSoftwareVersion": "v1.0.20180404 Clang8.0.0",
    "DerivedVendorReportedEchoSpacing": 0.000719994,
    "DeviceSerialNumber": "35002",
    "DwellTime": 2.8e-06,
    "EchoTime": 0.0436,
    "EffectiveEchoSpacing": 0.000719994,
    "FlipAngle": 55,
    "ImageComments": "Unaliased_MB8_PE3_(remote)",
    "ImageOrientationPatientDICOM": [
      0.999464,
      -0.0134757,
      0.0298307,
      -8.61597e-09,
      0.911327,
      0.411683
    ],
    "ImageType": [
      "ORIGINAL",
      "PRIMARY",
      "M",
      "MB",
      "ND",
      "MOSAIC"
    ],
    "InPlanePhaseEncodingDirectionDICOM": "COL",
    "InstitutionAddress": "University_Pkwy_1700_North_685_Provo_UT_US_84601",
    "InstitutionName": "Brigham_Young_University",
    "InstitutionalDepartmentName": "MRI",
    "MRAcquisitionType": "2D",
    "MagneticFieldStrength": 3,
    "Manufacturer": "Siemens",
    "ManufacturersModelName": "TrioTim",
    "Modality": "MR",
    "MultibandAccelerationFactor": 8,
    "PartialFourier": 1,
    "PatientPosition": "HFS",
    "PercentPhaseFOV": 100,
    "PhaseEncodingDirection": "j-",
    "PhaseEncodingSteps": 100,
    "PhaseResolution": 1,
    "PixelBandwidth": 1786,
    "ProcedureStepDescription": "Research_KIRWAN",
    "ProtocolName": "Resting_State",
    "PulseSequenceDetails": "%CustomerSeq%_cmrr_mbep2d_bold",
    "ReceiveCoilName": "32Ch_Head",
    "ReconMatrixPE": 100,
    "RepetitionTime": 0.875,
    "SAR": 0.161228,
    "ScanOptions": "FS",
    "ScanningSequence": "EP",
    "SequenceName": "epfid2d1_100",
    "SequenceVariant": "SK_SS",
    "SeriesDescription": "Resting_State",
    "SeriesNumber": 3,
    "ShimSetting": [
      -2807,
      -23040,
      2484,
      549,
      119,
      -153,
      -293,
      446
    ],
    "SliceThickness": 1.8,
    "SliceTiming": [
      0,
      0.4875,
      0.0975,
      0.585,
      0.195,
      0.6825,
      0.2925,
      0.78,
      0.39,
      0,
      0.4875,
      0.0975,
      0.585,
      0.195,
      0.6825,
      0.2925,
      0.78,
      0.39,
      0,
      0.4875,
      0.0975,
      0.585,
      0.195,
      0.6825,
      0.2925,
      0.78,
      0.39,
      0,
      0.4875,
      0.0975,
      0.585,
      0.195,
      0.6825,
      0.2925,
      0.78,
      0.39,
      0,
      0.4875,
      0.0975,
      0.585,
      0.195,
      0.6825,
      0.2925,
      0.78,
      0.39,
      0,
      0.4875,
      0.0975,
      0.585,
      0.195,
      0.6825,
      0.2925,
      0.78,
      0.39,
      0,
      0.4875,
      0.0975,
      0.585,
      0.195,
      0.6825,
      0.2925,
      0.78,
      0.39,
      0,
      0.4875,
      0.0975,
      0.585,
      0.195,
      0.6825,
      0.2925,
      0.78,
      0.39
    ],
    "SoftwareVersions": "syngo_MR_B17",
    "SpacingBetweenSlices": 1.8,
    "StationName": "MININT-E41B04",
    "TaskName": "rest",
    "TotalReadoutTime": 0.0712794,
    "TxRefAmp": 440.154,
    "dataset": "ds001747",
    "modality": "bold",
    "run_id": 1,
    "subject_id": "3941",
    "task_id": "rest"
  },
  "dummy_trs": 3,
  "dvars_nstd": 99.4353787952625,
  "dvars_std": 1.0735852506837609,
  "dvars_vstd": 0.9897078850549449,
  "efc": 0.5962482982994232,
  "fber": 209.20310974121094,
  "fd_mean": 0.3258928981072578,
  "fd_num": 671,
  "fd_perc": 81.82926829268293,
  "fwhm_avg": 3.2856704574109123,
  "fwhm_x": 2.9879778569321593,
  "fwhm_y": 3.671038986138211,
  "fwhm_z": 3.1979945291623677,
  "gcor": 0.00239674,
  "gsr_x": -0.0017335617449134588,
  "gsr_y": 0.07915596663951874,
  "provenance": {
    "md5sum": "1b5c512102f4807c8419b205a1a75b64",
    "settings": {
      "fd_thres": 0.2,
      "testing": false
    },
    "software": "mriqc",
    "version": "22.0.1",
    "webapi_port": null,
    "webapi_url": "https://mriqc.nimh.nih.gov/api/v1"
  },
  "size_t": 820,
  "size_x": 100,
  "size_y": 100,
  "size_z": 72,
  "snr": 1.849136064627205,
  "spacing_tr": 0.875,
  "spacing_x": 1.7999999523162842,
  "spacing_y": 1.7999999523162842,
  "spacing_z": 1.7999999523162842,
  "summary_bg_k": 107.7217071274921,
  "summary_bg_mad": 13.576657325368707,
  "summary_bg_mean": 37.14116287231445,
  "summary_bg_median": 23.157316207885742,
  "summary_bg_n": 395824.0,
  "summary_bg_p05": 11.657317161560059,
  "summary_bg_p95": 96.45329284667963,
  "summary_bg_stdv": 55.235198974609375,
  "summary_fg_k": 5.407281479937895,
  "summary_fg_mad": 116.31016213993608,
  "summary_fg_mean": 392.41522216796875,
  "summary_fg_median": 341.0939025878906,
  "summary_fg_n": 217401.0,
  "summary_fg_p05": 197.4182891845703,
  "summary_fg_p95": 756.221923828125,
  "summary_fg_stdv": 184.46080017089844,
  "tsnr": 14.390770414145663
}