{
  "aor": 0.0002923020706455542,
  "aqi": 0.021170012302070645,
  "bids_meta": {
    "AcquisitionMatrixPE": 100,
    "AcquisitionNumber": 1,
    "AcquisitionTime": "16:53:46.325000",
    "BandwidthPerPixelPhaseEncode": 13.889,
    "BaseResolution": 100,
    "ConversionSoftware": "dcm2niix",
    "ConversionSoftwareVersion": "v1.0.20180404 Clang8.0.0",
    "DerivedVendorReportedEchoSpacing": 0.000719994,
    "DeviceSerialNumber": "35002",
    "DwellTime": 2.8e-06,
    "EchoTime": 0.0436,
    "EffectiveEchoSpacing": 0.000719994,
    "FlipAngle": 55,
    "ImageComments": "Unaliased_MB8_PE3_(remote)",
    "ImageOrientationPatientDICOM": [
      0.999999,
      -0.000624764,
      0.00116532,
      4.77007e-09,
      0.881328,
      0.472504
    ],
    "ImageType": [
      "ORIGINAL",
      "PRIMARY",
      "M",
      "MB",
      "ND",
      "MOSAIC"
    ],
    "InPlanePhaseEncodingDirectionDICOM": "COL",
    "InstitutionAddress": "University_Pkwy_1700_North_685_Provo_UT_US_84601",
    "InstitutionName": "Brigham_Young_University",
    "InstitutionalDepartmentName": "MRI",
    "MRAcquisitionType": "2D",
    "MagneticFieldStrength": 3,
    "Manufacturer": "Siemens",
    "ManufacturersModelName": "TrioTim",
    "Modality": "MR",
    "MultibandAccelerationFactor": 8,
    "PartialFourier": 1,
    "PatientPosition": "HFS",
    "PercentPhaseFOV": 100,
    "PhaseEncodingDirection": "j-",
    "PhaseEncodingSteps": 100,
    "PhaseResolution": 1,
    "PixelBandwidth": 1786,
    "ProcedureStepDescription": "Research_KIRWAN",
    "ProtocolName": "Resting_State",
    "PulseSequenceDetails": "%CustomerSeq%_cmrr_mbep2d_bold",
    "ReceiveCoilName": "32Ch_Head",
    "ReconMatrixPE": 100,
    "RepetitionTime": 0.875,
    "SAR": 0.108927,
    "ScanOptions": "FS",
    "ScanningSequence": "EP",
    "SequenceName": "epfid2d1_100",
    "SequenceVariant": "SK_SS",
    "SeriesDescription": "Resting_State",
    "SeriesNumber": 3,
    "ShimSetting": [
      -2834,
      -22880,
      2397,
      1152,
      107,
      415,
      -247,
      574
    ],
    "SliceThickness": 1.8,
    "SliceTiming": [
      0,
      0.4875,
      0.0975,
      0.585,
      0.195,
      0.6825,
      0.2925,
      0.78,
      0.39,
      0,
      0.4875,
      0.0975,
      0.585,
      0.195,
      0.6825,
      0.2925,
      0.78,
      0.39,
      0,
      0.4875,
      0.0975,
      0.585,
      0.195,
      0.6825,
      0.2925,
      0.78,
      0.39,
      0,
      0.4875,
      0.0975,
      0.585,
      0.195,
      0.6825,
      0.2925,
      0.78,
      0.39,
      0,
      0.4875,
      0.0975,
      0.585,
      0.195,
      0.6825,
      0.2925,
      0.78,
      0.39,
      0,
      0.4875,
      0.0975,
      0.585,
      0.195,
      0.6825,
      0.2925,
      0.78,
      0.39,
      0,
      0.4875,
      0.0975,
      0.585,
      0.195,
      0.6825,
      0.2925,
      0.78,
      0.39,
      0,
      0.4875,
      0.0975,
      0.585,
      0.195,
      0.6825,
      0.2925,
      0.78,
      0.39
    ],
    "SoftwareVersions": "syngo_MR_B17",
    "SpacingBetweenSlices": 1.8,
    "StationName": "MININT-E41B04",
    "TaskName": "rest",
    "TotalReadoutTime": 0.0712794,
    "TxRefAmp": 395.305,
    "dataset": "ds001747",
    "modality": "bold",
    "run_id": 1,
    "subject_id": "3891",
    "task_id": "rest"
  },
  "dummy_trs": 2,
  "dvars_nstd": 72.64021777641464,
  "dvars_std": 1.0326663029634153,
  "dvars_vstd": 0.981541813500001,
  "efc": 0.5476126189406793,
  "fber": 347.1881103515625,
  "fd_mean": 0.15412995318037376,
  "fd_num": 218,
  "fd_perc": 26.552984165651644,
  "fwhm_avg": 3.685363060591744,
  "fwhm_x": 3.5220223155239507,
  "fwhm_y": 4.103055664249411,
  "fwhm_z": 3.4310112020018684,
  "gcor": 0.00314031,
  "gsr_x": -0.024774154648184776,
  "gsr_y": 0.11513710767030716,
  "provenance": {
    "md5sum": "48e8b049f8fcef70601b2596fad4d531",
    "settings": {
      "fd_thres": 0.2,
      "testing": false
    },
    "software": "mriqc",
    "version": "22.0.1",
    "webapi_port": null,
    "webapi_url": "https://mriqc.nimh.nih.gov/api/v1"
  },
  "size_t": 821,
  "size_x": 100,
  "size_y": 100,
  "size_z": 72,
  "snr": 1.6845476450868055,
  "spacing_tr": 0.875,
  "spacing_x": 1.7999999523162842,
  "spacing_y": 1.7999999523162842,
  "spacing_z": 1.7999999523162842,
  "summary_bg_k": 61.89719555324295,
  "summary_bg_mad": 11.582716718502436,
  "summary_bg_mean": 37.709957122802734,
  "summary_bg_median": 19.844093322753906,
  "summary_bg_n": 438754.0,
  "summary_bg_p05": 11.04019546508789,
  "summary_bg_p95": 114.09915390014638,
  "summary_bg_stdv": 56.42647933959961,
  "summary_fg_k": 5.453849180651117,
  "summary_fg_mad": 142.3704433718081,
  "summary_fg_mean": 442.8420104980469,
  "summary_fg_median": 376.86846923828125,
  "summary_fg_n": 178314.0,
  "summary_fg_p05": 220.3860626220703,
  "summary_fg_p95": 899.9037017822274,
  "summary_fg_stdv": 223.72024536132812,
  "tsnr": 17.392750174971297
}