{
  "bids_meta": {
    "AcquisitionMatrixPE": 215,
    "AcquisitionNumber": 1,
    "AcquisitionTime": "14:52:22.542500",
    "BaseResolution": 256,
    "ConversionSoftware": "dcm2niix",
    "ConversionSoftwareVersion": "v1.0.20180404 Clang8.0.0",
    "DeviceSerialNumber": "35002",
    "DwellTime": 9.8e-06,
    "EchoTime": 0.00226,
    "FlipAngle": 9,
    "ImageOrientationPatientDICOM": [
      1e-16,
      1,
      0,
      0.012217,
      -1e-16,
      -0.999925
    ],
    "ImageType": [
      "ORIGINAL",
      "PRIMARY",
      "M",
      "ND",
      "NORM"
    ],
    "InPlanePhaseEncodingDirectionDICOM": "ROW",
    "InstitutionAddress": "University_Pkwy_1700_North_685_Provo_UT_US_84601",
    "InstitutionName": "Brigham_Young_University",
    "InstitutionalDepartmentName": "MRI",
    "InversionTime": 0.9,
    "MRAcquisitionType": "3D",
    "MagneticFieldStrength": 3,
    "Manufacturer": "Siemens",
    "ManufacturersModelName": "TrioTim",
    "Modality": "MR",
    "ParallelReductionFactorInPlane": 2,
    "PartialFourier": 0.875,
    "PatientPosition": "HFS",
    "PercentPhaseFOV": 87.5,
    "PhaseEncodingSteps": 226,
    "PhaseOversampling": 0.2,
    "PhaseResolution": 0.96,
    "PixelBandwidth": 199,
    "ProcedureStepDescription": "Research_KIRWAN",
    "ProtocolName": "t1_mpr_sag_iso_mprage_fast",
    "PulseSequenceDetails": "%SiemensSeq%_tfl",
    "ReceiveCoilName": "32Ch_Head",
    "ReconMatrixPE": 256,
    "RepetitionTime": 1.9,
    "SAR": 0.118143,
    "ScanOptions": "IR_PFP",
    "ScanningSequence": "GR_IR",
    "SequenceName": "_tfl3d1_ns",
    "SequenceVariant": "SP_MP_OSP",
    "SeriesDescription": "t1_mpr_sag_iso_mprage_fast",
    "SeriesNumber": 6,
    "ShimSetting": [
      -2830,
      -22913,
      1923,
      -81,
      -87,
      -38,
      -253,
      388
    ],
    "SliceThickness": 1,
    "SoftwareVersions": "syngo_MR_B17",
    "StationName": "MININT-E41B04",
    "TxRefAmp": 378.214,
    "dataset": "ds001747",
    "modality": "T1w",
    "run_id": 1,
    "subject_id": "3921"
  },
  "cjv": 0.3610558081999628,
  "cnr": 3.7421339441910475,
  "efc": 0.6121450329992124,
  "fber": 27078.22357178165,
  "fwhm_avg": 4.354830948363038,
  "fwhm_x": 4.052617005089113,
  "fwhm_y": 4.66878464,
  "fwhm_z": 4.3430912,
  "icvs_csf": 0.18395297430180507,
  "icvs_gm": 0.463340387995552,
  "icvs_wm": 0.35270663770264293,
  "inu_med": 0.4142725467681885,
  "inu_range": 0.1408501625061035,
  "provenance": {
    "md5sum": "5fd0a0fc66ad5e956e0f0f5db2f4add2",
    "settings": {
      "testing": false
    },
    "software": "mriqc",
    "version": "22.0.1",
    "warnings": {
      "large_rot_frame": true,
      "small_air_mask": false
    },
    "webapi_port": null,
    "webapi_url": "https://mriqc.nimh.nih.gov/api/v1"
  },
  "qi_1": 0.0,
  "qi_2": 0.027196816820984713,
  "rpve_csf": 21.090509160158845,
  "rpve_gm": 9.388727617243013,
  "rpve_wm": 13.977628085082594,
  "size_x": 176,
  "size_y": 224,
  "size_z": 256,
  "snr_csf": 3.076853176396411,
  "snr_gm": 15.215542486408099,
  "snr_total": 15.261153902405084,
  "snr_wm": 27.491066044410744,
  "snrd_csf": 55.30375304903206,
  "snrd_gm": 134.01945060237088,
  "snrd_total": 121.35448607222348,
  "snrd_wm": 174.7402545652675,
  "spacing_x": 0.9999982714653015,
  "spacing_y": 0.9765625,
  "spacing_z": 0.9765625,
  "summary_bg_k": 7.291687529809073,
  "summary_bg_mad": 0.0,
  "summary_bg_mean": 1.9737973005031682,
  "summary_bg_median": 0.0,
  "summary_bg_n": 1848662.0,
  "summary_bg_p05": 0.0,
  "summary_bg_p95": 9.221902191638947,
  "summary_bg_stdv": 3.7493454920564857,
  "summary_csf_k": 1.0585585916335418,
  "summary_csf_mad": 73.26134443975387,
  "summary_csf_mean": 338.3352033877773,
  "summary_csf_median": 316.5033681355417,
  "summary_csf_n": 26213.0,
  "summary_csf_p05": 202.3285340845585,
  "summary_csf_p95": 541.4025078341365,
  "summary_csf_stdv": 102.86396938301715,
  "summary_gm_k": 0.0401527228996823,
  "summary_gm_mad": 49.56249584960021,
  "summary_gm_mean": 765.0345384796965,
  "summary_gm_median": 766.9932901971042,
  "summary_gm_n": 54199.0,
  "summary_gm_p05": 677.5408389382064,
  "summary_gm_p95": 844.4188440144062,
  "summary_gm_stdv": 50.408075501428996,
  "summary_wm_k": 0.6599644414597781,
  "summary_wm_mad": 34.5798103226521,
  "summary_wm_mean": 1002.1324335234931,
  "summary_wm_median": 1000.0384434983134,
  "summary_wm_n": 213393.0,
  "summary_wm_p05": 946.666684564203,
  "summary_wm_p95": 1065.3218260966241,
  "summary_wm_stdv": 36.37676686292582,
  "tpm_overlap_csf": 0.16217597219424396,
  "tpm_overlap_gm": 0.4688174092494538,
  "tpm_overlap_wm": 0.4990081817735138,
  "wm2max": 0.47935315136110807
}