{
  "bids_meta": {
    "AcquisitionMatrixPE": 215,
    "AcquisitionNumber": 1,
    "AcquisitionTime": "17:55:2.917500",
    "BaseResolution": 256,
    "ConversionSoftware": "dcm2niix",
    "ConversionSoftwareVersion": "v1.0.20180404 Clang8.0.0",
    "DeviceSerialNumber": "35002",
    "DwellTime": 9.8e-06,
    "EchoTime": 0.00226,
    "FlipAngle": 9,
    "ImageOrientationPatientDICOM": [
      0.00523601,
      0.999986,
      0,
      0,
      -1e-16,
      -1
    ],
    "ImageType": [
      "ORIGINAL",
      "PRIMARY",
      "M",
      "ND",
      "NORM"
    ],
    "InPlanePhaseEncodingDirectionDICOM": "ROW",
    "InstitutionAddress": "University_Pkwy_1700_North_685_Provo_UT_US_84601",
    "InstitutionName": "Brigham_Young_University",
    "InstitutionalDepartmentName": "MRI",
    "InversionTime": 0.9,
    "MRAcquisitionType": "3D",
    "MagneticFieldStrength": 3,
    "Manufacturer": "Siemens",
    "ManufacturersModelName": "TrioTim",
    "Modality": "MR",
    "ParallelReductionFactorInPlane": 2,
    "PartialFourier": 0.875,
    "PatientPosition": "HFS",
    "PercentPhaseFOV": 87.5,
    "PhaseEncodingSteps": 226,
    "PhaseOversampling": 0.2,
    "PhaseResolution": 0.96,
    "PixelBandwidth": 199,
    "ProcedureStepDescription": "Research_KIRWAN",
    "ProtocolName": "t1_mpr_sag_iso_mprage_fast",
    "PulseSequenceDetails": "%SiemensSeq%_tfl",
    "ReceiveCoilName": "32Ch_Head",
    "ReconMatrixPE": 256,
    "RepetitionTime": 1.9,
    "SAR": 0.117146,
    "ScanOptions": "IR_PFP",
    "ScanningSequence": "GR_IR",
    "SequenceName": "_tfl3d1_ns",
    "SequenceVariant": "SP_MP_OSP",
    "SeriesDescription": "t1_mpr_sag_iso_mprage_fast",
    "SeriesNumber": 6,
    "ShimSetting": [
      -2830,
      -22913,
      1923,
      -81,
      -87,
      -38,
      -253,
      388
    ],
    "SliceThickness": 1,
    "SoftwareVersions": "syngo_MR_B17",
    "StationName": "MININT-E41B04",
    "TxRefAmp": 374.466,
    "dataset": "ds001747",
    "modality": "T1w",
    "run_id": 1,
    "subject_id": "3929"
  },
  "cjv": 0.3291937883107361,
  "cnr": 4.195033041305571,
  "efc": 0.5559368174521679,
  "fber": 23435.616257088845,
  "fwhm_avg": 4.499854511621863,
  "fwhm_x": 4.251256334865592,
  "fwhm_y": 4.697354239999999,
  "fwhm_z": 4.55095296,
  "icvs_csf": 0.18298729284504592,
  "icvs_gm": 0.4739750652874198,
  "icvs_wm": 0.34303764186753427,
  "inu_med": 0.4214245229959488,
  "inu_range": 0.13204408586025235,
  "provenance": {
    "md5sum": "b67743d5a31fa123c5e94307f4df9b1a",
    "settings": {
      "testing": false
    },
    "software": "mriqc",
    "version": "22.0.1",
    "warnings": {
      "large_rot_frame": true,
      "small_air_mask": false
    },
    "webapi_port": null,
    "webapi_url": "https://mriqc.nimh.nih.gov/api/v1"
  },
  "qi_1": 0.00023179799903892153,
  "qi_2": 0.013876985051058138,
  "rpve_csf": 23.403836764633738,
  "rpve_gm": 10.036900905999405,
  "rpve_wm": 15.127878022783795,
  "size_x": 176,
  "size_y": 224,
  "size_z": 256,
  "snr_csf": 2.652672115242868,
  "snr_gm": 15.987964742404875,
  "snr_total": 14.929724892245346,
  "snr_wm": 26.148537819088297,
  "snrd_csf": 36.310823762905414,
  "snrd_gm": 91.12214099479753,
  "snrd_total": 83.19728224824568,
  "snrd_wm": 122.15888198703412,
  "spacing_x": 0.9999985098838806,
  "spacing_y": 0.9765625,
  "spacing_z": 0.9765625,
  "summary_bg_k": 15.197649099635477,
  "summary_bg_mad": 0.0,
  "summary_bg_mean": 2.8480789477283475,
  "summary_bg_median": 0.0,
  "summary_bg_n": 2536325.0,
  "summary_bg_p05": 0.0,
  "summary_bg_p95": 12.943756077438593,
  "summary_bg_stdv": 5.362986329960571,
  "summary_csf_k": 0.6527480348831918,
  "summary_csf_mad": 81.19994618107937,
  "summary_csf_mean": 309.1306405720655,
  "summary_csf_median": 297.24260699003935,
  "summary_csf_n": 32479.0,
  "summary_csf_p05": 107.17177059687674,
  "summary_csf_p95": 514.132737327367,
  "summary_csf_stdv": 112.05230730435375,
  "summary_gm_k": 0.05109376399540455,
  "summary_gm_mad": 47.13222434221235,
  "summary_gm_mean": 743.752273591832,
  "summary_gm_median": 745.9313762933016,
  "summary_gm_n": 66782.0,
  "summary_gm_p05": 664.0104705654085,
  "summary_gm_p95": 816.3420363888144,
  "summary_gm_stdv": 46.65545636777634,
  "summary_wm_k": 0.5272835859876182,
  "summary_wm_mad": 36.505595511740076,
  "summary_wm_mean": 1000.137540280522,
  "summary_wm_median": 1000.0000216439366,
  "summary_wm_n": 198638.0,
  "summary_wm_p05": 937.9732895484194,
  "summary_wm_p95": 1063.0323191545904,
  "summary_wm_stdv": 38.24296071228067,
  "tpm_overlap_csf": 0.14579004354467645,
  "tpm_overlap_gm": 0.4830504917759948,
  "tpm_overlap_wm": 0.5079365647425969,
  "wm2max": 0.3944322490520854
}