{
  "bids_meta": {
    "AcquisitionMatrixPE": 215,
    "AcquisitionNumber": 1,
    "AcquisitionTime": "14:14:23.460000",
    "BaseResolution": 256,
    "ConversionSoftware": "dcm2niix",
    "ConversionSoftwareVersion": "v1.0.20180404 Clang8.0.0",
    "DeviceSerialNumber": "35002",
    "DwellTime": 9.8e-06,
    "EchoTime": 0.00226,
    "FlipAngle": 9,
    "ImageOrientationPatientDICOM": [
      0,
      1,
      -1e-16,
      0.0244322,
      0,
      -0.999701
    ],
    "ImageType": [
      "ORIGINAL",
      "PRIMARY",
      "M",
      "ND",
      "NORM"
    ],
    "InPlanePhaseEncodingDirectionDICOM": "ROW",
    "InstitutionAddress": "University_Pkwy_1700_North_685_Provo_UT_US_84601",
    "InstitutionName": "Brigham_Young_University",
    "InstitutionalDepartmentName": "MRI",
    "InversionTime": 0.9,
    "MRAcquisitionType": "3D",
    "MagneticFieldStrength": 3,
    "Manufacturer": "Siemens",
    "ManufacturersModelName": "TrioTim",
    "Modality": "MR",
    "ParallelReductionFactorInPlane": 2,
    "PartialFourier": 0.875,
    "PatientPosition": "HFS",
    "PercentPhaseFOV": 87.5,
    "PhaseEncodingSteps": 226,
    "PhaseOversampling": 0.2,
    "PhaseResolution": 0.96,
    "PixelBandwidth": 199,
    "ProcedureStepDescription": "Research_KIRWAN",
    "ProtocolName": "t1_mpr_sag_iso_mprage_fast",
    "PulseSequenceDetails": "%SiemensSeq%_tfl",
    "ReceiveCoilName": "32Ch_Head",
    "ReconMatrixPE": 256,
    "RepetitionTime": 1.9,
    "SAR": 0.119459,
    "ScanOptions": "IR_PFP",
    "ScanningSequence": "GR_IR",
    "SequenceName": "_tfl3d1_ns",
    "SequenceVariant": "SP_MP_OSP",
    "SeriesDescription": "t1_mpr_sag_iso_mprage_fast",
    "SeriesNumber": 6,
    "ShimSetting": [
      -2830,
      -22913,
      1923,
      -81,
      -87,
      -38,
      -253,
      388
    ],
    "SliceThickness": 1,
    "SoftwareVersions": "syngo_MR_B17",
    "StationName": "MININT-E41B04",
    "TxRefAmp": 383.732,
    "dataset": "ds001747",
    "modality": "T1w",
    "run_id": 1,
    "subject_id": "3948"
  },
  "cjv": 0.3363139819528294,
  "cnr": 3.9532988877492903,
  "efc": 0.611242340502458,
  "fber": -1.0,
  "fwhm_avg": 4.765485087146044,
  "fwhm_x": 4.491225181438132,
  "fwhm_y": 5.13056768,
  "fwhm_z": 4.6746624,
  "icvs_csf": 0.18138905488433263,
  "icvs_gm": 0.4190251494748255,
  "icvs_wm": 0.3995857956408419,
  "inu_med": 0.40827640891075134,
  "inu_range": 0.13676792979240415,
  "provenance": {
    "md5sum": "035754d406e0a138ea8e666f0e10b4ba",
    "settings": {
      "testing": false
    },
    "software": "mriqc",
    "version": "22.0.1",
    "warnings": {
      "large_rot_frame": true,
      "small_air_mask": false
    },
    "webapi_port": null,
    "webapi_url": "https://mriqc.nimh.nih.gov/api/v1"
  },
  "qi_1": 0.0,
  "qi_2": 0.010383378675194704,
  "rpve_csf": 21.31746972034469,
  "rpve_gm": 9.717104823853347,
  "rpve_wm": 11.967004346043854,
  "size_x": 176,
  "size_y": 224,
  "size_z": 256,
  "snr_csf": 2.9855686967698962,
  "snr_gm": 15.224483731413978,
  "snr_total": 13.54433485126549,
  "snr_wm": 22.422952125612593,
  "snrd_csf": 46.21020691893658,
  "snrd_gm": 108.91681543000266,
  "snrd_total": 100.84702517028266,
  "snrd_wm": 147.41405316190875,
  "spacing_x": 1.000001072883606,
  "spacing_y": 0.9765625,
  "spacing_z": 0.9765625,
  "summary_bg_k": 21.384277847897852,
  "summary_bg_mad": 0.0,
  "summary_bg_mean": 1.9752005410335365,
  "summary_bg_median": 0.0,
  "summary_bg_n": 2231030.0,
  "summary_bg_p05": 0.0,
  "summary_bg_p95": 8.981806691735983,
  "summary_bg_stdv": 4.444361975453591,
  "summary_csf_k": 10.983634054256822,
  "summary_csf_mad": 80.23867354355924,
  "summary_csf_mean": 322.232268635863,
  "summary_csf_median": 313.4841637685895,
  "summary_csf_n": 40227.0,
  "summary_csf_p05": 150.47392742708325,
  "summary_csf_p95": 504.7278494853525,
  "summary_csf_stdv": 104.99851088463596,
  "summary_gm_k": -0.022671877180779454,
  "summary_gm_mad": 49.52584793578445,
  "summary_gm_mean": 740.8560123247504,
  "summary_gm_median": 738.8778168708086,
  "summary_gm_n": 32199.0,
  "summary_gm_p05": 664.6154747344553,
  "summary_gm_p95": 821.9308634288609,
  "summary_gm_stdv": 48.53145474107658,
  "summary_wm_k": 1.343407876694502,
  "summary_wm_mad": 38.30603341486302,
  "summary_wm_mean": 1002.237185177663,
  "summary_wm_median": 1000.0381791032851,
  "summary_wm_n": 257017.0,
  "summary_wm_p05": 935.1016277447343,
  "summary_wm_p95": 1078.122566640377,
  "summary_wm_stdv": 44.59877664762174,
  "tpm_overlap_csf": 0.17618840369117042,
  "tpm_overlap_gm": 0.45415877677090144,
  "tpm_overlap_wm": 0.5095850846304025,
  "wm2max": 0.47568007661492423
}