{
  "bids_meta": {
    "AcquisitionMatrixPE": 215,
    "AcquisitionNumber": 1,
    "AcquisitionTime": "09:52:45.620000",
    "BaseResolution": 256,
    "ConversionSoftware": "dcm2niix",
    "ConversionSoftwareVersion": "v1.0.20180404 Clang8.0.0",
    "DeviceSerialNumber": "35002",
    "EchoTime": 0.00226,
    "FlipAngle": 9,
    "ImageOrientationPatientDICOM": [
      -0.0610753,
      0.998133,
      -9.37259e-10,
      -0.0295556,
      -0.00180849,
      -0.999561
    ],
    "ImageType": [
      "ORIGINAL",
      "PRIMARY",
      "M",
      "ND",
      "NORM"
    ],
    "InPlanePhaseEncodingDirectionDICOM": "ROW",
    "InstitutionAddress": "University_Pkwy_1700_North_685_Provo_UT_US_84601",
    "InstitutionName": "Brigham_Young_University",
    "InversionTime": 0.9,
    "MRAcquisitionType": "3D",
    "MagneticFieldStrength": 3,
    "Manufacturer": "Siemens",
    "ManufacturersModelName": "TrioTim",
    "Modality": "MR",
    "ParallelReductionFactorInPlane": 2,
    "PartialFourier": 0.875,
    "PatientPosition": "HFS",
    "PercentPhaseFOV": 87.5,
    "PhaseEncodingSteps": 226,
    "PhaseOversampling": 0.2,
    "PhaseResolution": 0.96,
    "PixelBandwidth": 199,
    "ProcedureStepDescription": "Research_KIRWAN",
    "ProtocolName": "t1_mpr_sag_iso_mprage_fast",
    "PulseSequenceDetails": "%SiemensSeq%_tfl",
    "ReceiveCoilName": "32Ch_Head",
    "ReconMatrixPE": 256,
    "RepetitionTime": 1.9,
    "SAR": 0.112905,
    "ScanOptions": "IR_PFP",
    "ScanningSequence": "GR_IR",
    "SequenceName": "_tfl3d1_ns",
    "SequenceVariant": "SP_MP_OSP",
    "SeriesDescription": "t1_mpr_sag_iso_mprage_fast",
    "SeriesNumber": 6,
    "ShimSetting": [
      -2837,
      -22915,
      1912,
      -81,
      -83,
      -37,
      -275,
      390
    ],
    "SliceThickness": 1,
    "SoftwareVersions": "syngo_MR_B17",
    "StationName": "MININT-E41B04",
    "TxRefAmp": 339.399,
    "dataset": "ds001747",
    "modality": "T1w",
    "run_id": 1,
    "subject_id": "3815"
  },
  "cjv": 0.33652257387117945,
  "cnr": 4.073369487050003,
  "efc": 0.5983700818546985,
  "fber": -1.0,
  "fwhm_avg": 4.627831510501337,
  "fwhm_x": 4.457256811921493,
  "fwhm_y": 4.845557759999999,
  "fwhm_z": 4.580679959582517,
  "icvs_csf": 0.2072213802330673,
  "icvs_gm": 0.45396027145008977,
  "icvs_wm": 0.33881834831684293,
  "inu_med": 0.43604281544685364,
  "inu_range": 0.15701318383216856,
  "provenance": {
    "md5sum": "fea3647a267d4ece451c357f9ac13f12",
    "settings": {
      "testing": false
    },
    "software": "mriqc",
    "version": "22.0.1",
    "warnings": {
      "large_rot_frame": true,
      "small_air_mask": false
    },
    "webapi_port": null,
    "webapi_url": "https://mriqc.nimh.nih.gov/api/v1"
  },
  "qi_1": 0.022912371421813602,
  "qi_2": 0.006860081300865115,
  "rpve_csf": 19.18457466193536,
  "rpve_gm": 9.351420171675844,
  "rpve_wm": 14.12212978275391,
  "size_x": 176,
  "size_y": 224,
  "size_z": 256,
  "snr_csf": 3.0167877949081894,
  "snr_gm": 15.424160524039317,
  "snr_total": 15.735065120656664,
  "snr_wm": 28.764247043022486,
  "snrd_csf": 57.40293367029875,
  "snrd_gm": 149.36118963482352,
  "snrd_total": 134.85949073774222,
  "snrd_wm": 197.8143489081044,
  "spacing_x": 1.0000007152557373,
  "spacing_y": 0.9765625,
  "spacing_z": 0.9765624403953552,
  "summary_bg_k": 49.72662404077654,
  "summary_bg_mad": 0.0,
  "summary_bg_mean": 0.9019305806902129,
  "summary_bg_median": 0.0,
  "summary_bg_n": 2401236.0,
  "summary_bg_p05": 0.0,
  "summary_bg_p95": 6.219458311796188,
  "summary_bg_stdv": 3.3119883485248054,
  "summary_csf_k": 1.5449195736516765,
  "summary_csf_mad": 66.11748577867382,
  "summary_csf_mean": 306.019689948741,
  "summary_csf_median": 290.1958240866661,
  "summary_csf_n": 44304.0,
  "summary_csf_p05": 165.19154658913612,
  "summary_csf_p95": 493.3141058810055,
  "summary_csf_stdv": 96.19256266741523,
  "summary_gm_k": -0.022210038793349263,
  "summary_gm_mad": 49.49945103889986,
  "summary_gm_mean": 752.107863182142,
  "summary_gm_median": 755.0832464694977,
  "summary_gm_n": 56267.0,
  "summary_gm_p05": 667.508489240706,
  "summary_gm_p95": 827.6663753390312,
  "summary_gm_stdv": 48.954141487288005,
  "summary_wm_k": 0.5856932481953527,
  "summary_wm_mad": 32.932081039186194,
  "summary_wm_mean": 1001.064636687393,
  "summary_wm_median": 1000.0342199802399,
  "summary_wm_n": 204027.0,
  "summary_wm_p05": 946.0411203503609,
  "summary_wm_p95": 1059.2557653337717,
  "summary_wm_stdv": 34.766485204413456,
  "tpm_overlap_csf": 0.1564092228803831,
  "tpm_overlap_gm": 0.46637180971681336,
  "tpm_overlap_wm": 0.4808995208784337,
  "wm2max": 0.5328962942729674
}