{
  "aor": 0.0007782846715328467,
  "aqi": 0.01797514476885645,
  "bids_meta": {
    "AcquisitionMatrixPE": 100,
    "AcquisitionNumber": 1,
    "AcquisitionTime": "13:30:38.760000",
    "BandwidthPerPixelPhaseEncode": 13.889,
    "BaseResolution": 100,
    "ConversionSoftware": "dcm2niix",
    "ConversionSoftwareVersion": "v1.0.20180404 Clang8.0.0",
    "DerivedVendorReportedEchoSpacing": 0.000719994,
    "DeviceSerialNumber": "35002",
    "DwellTime": 2.8e-06,
    "EchoTime": 0.0436,
    "EffectiveEchoSpacing": 0.000719994,
    "FlipAngle": 55,
    "ImageComments": "Unaliased_MB8_PE3_(remote)",
    "ImageOrientationPatientDICOM": [
      1,
      -1e-16,
      0,
      1e-16,
      0.877983,
      0.478692
    ],
    "ImageType": [
      "ORIGINAL",
      "PRIMARY",
      "M",
      "MB",
      "ND",
      "MOSAIC"
    ],
    "InPlanePhaseEncodingDirectionDICOM": "COL",
    "InstitutionAddress": "University_Pkwy_1700_North_685_Provo_UT_US_84601",
    "InstitutionName": "Brigham_Young_University",
    "InstitutionalDepartmentName": "MRI",
    "MRAcquisitionType": "2D",
    "MagneticFieldStrength": 3,
    "Manufacturer": "Siemens",
    "ManufacturersModelName": "TrioTim",
    "Modality": "MR",
    "MultibandAccelerationFactor": 8,
    "PartialFourier": 1,
    "PatientPosition": "HFS",
    "PercentPhaseFOV": 100,
    "PhaseEncodingDirection": "j-",
    "PhaseEncodingSteps": 100,
    "PhaseResolution": 1,
    "PixelBandwidth": 1786,
    "ProcedureStepDescription": "Research_KIRWAN",
    "ProtocolName": "Resting_State",
    "PulseSequenceDetails": "%CustomerSeq%_cmrr_mbep2d_bold",
    "ReceiveCoilName": "32Ch_Head",
    "ReconMatrixPE": 100,
    "RepetitionTime": 0.875,
    "SAR": 0.119652,
    "ScanOptions": "FS",
    "ScanningSequence": "EP",
    "SequenceName": "epfid2d1_100",
    "SequenceVariant": "SK_SS",
    "SeriesDescription": "Resting_State",
    "SeriesNumber": 3,
    "ShimSetting": [
      -2834,
      -23194,
      2480,
      1234,
      -48,
      -853,
      679,
      374
    ],
    "SliceThickness": 1.8,
    "SliceTiming": [
      0,
      0.4875,
      0.0975,
      0.585,
      0.195,
      0.6825,
      0.2925,
      0.78,
      0.39,
      0,
      0.4875,
      0.0975,
      0.585,
      0.195,
      0.6825,
      0.2925,
      0.78,
      0.39,
      0,
      0.4875,
      0.0975,
      0.585,
      0.195,
      0.6825,
      0.2925,
      0.78,
      0.39,
      0,
      0.4875,
      0.0975,
      0.585,
      0.195,
      0.6825,
      0.2925,
      0.78,
      0.39,
      0,
      0.4875,
      0.0975,
      0.585,
      0.195,
      0.6825,
      0.2925,
      0.78,
      0.39,
      0,
      0.4875,
      0.0975,
      0.585,
      0.195,
      0.6825,
      0.2925,
      0.78,
      0.39,
      0,
      0.4875,
      0.0975,
      0.585,
      0.195,
      0.6825,
      0.2925,
      0.78,
      0.39,
      0,
      0.4875,
      0.0975,
      0.585,
      0.195,
      0.6825,
      0.2925,
      0.78,
      0.39
    ],
    "SoftwareVersions": "syngo_MR_B17",
    "SpacingBetweenSlices": 1.8,
    "StationName": "MININT-E41B04",
    "TaskName": "rest",
    "TotalReadoutTime": 0.0712794,
    "TxRefAmp": 328.063,
    "dataset": "ds001747",
    "modality": "bold",
    "run_id": 1,
    "subject_id": "4129",
    "task_id": "rest"
  },
  "dummy_trs": 1,
  "dvars_nstd": 64.83769187034108,
  "dvars_std": 1.0542491132034106,
  "dvars_vstd": 0.9897786775395861,
  "efc": 0.5892587807228714,
  "fber": 337.0363464355469,
  "fd_mean": 0.10530217436949987,
  "fd_num": 43,
  "fd_perc": 5.231143552311435,
  "fwhm_avg": 3.5908963914225644,
  "fwhm_x": 3.3548778666516905,
  "fwhm_y": 4.022116773216374,
  "fwhm_z": 3.3956945343996296,
  "gcor": 0.00531111,
  "gsr_x": -0.016764430329203606,
  "gsr_y": 0.08861497789621353,
  "provenance": {
    "md5sum": "a71680ae23a9ba03a37d5ce53e95a773",
    "settings": {
      "fd_thres": 0.2,
      "testing": false
    },
    "software": "mriqc",
    "version": "22.0.1",
    "webapi_port": null,
    "webapi_url": "https://mriqc.nimh.nih.gov/api/v1"
  },
  "size_t": 822,
  "size_x": 100,
  "size_y": 100,
  "size_z": 72,
  "snr": 2.13064592990976,
  "spacing_tr": 0.875,
  "spacing_x": 1.7999999523162842,
  "spacing_y": 1.7999999523162842,
  "spacing_z": 1.7999999523162842,
  "summary_bg_k": 23.036392643448718,
  "summary_bg_mad": 12.67606968321036,
  "summary_bg_mean": 35.64154052734375,
  "summary_bg_median": 20.461071014404297,
  "summary_bg_n": 407071.0,
  "summary_bg_p05": 10.810218811035156,
  "summary_bg_p95": 114.54379653930664,
  "summary_bg_stdv": 42.24822998046875,
  "summary_fg_k": 1.873863013775929,
  "summary_fg_mad": 144.53747319527386,
  "summary_fg_mean": 432.9378356933594,
  "summary_fg_median": 391.1836853027344,
  "summary_fg_n": 206237.0,
  "summary_fg_p05": 216.07980346679688,
  "summary_fg_p95": 813.6000122070308,
  "summary_fg_stdv": 183.5981903076172,
  "tsnr": 19.507571663707495
}