{
  "aor": 0.000308272506082725,
  "aqi": 0.017950232846715326,
  "bids_meta": {
    "AcquisitionMatrixPE": 100,
    "AcquisitionNumber": 1,
    "AcquisitionTime": "11:56:51.487500",
    "BandwidthPerPixelPhaseEncode": 13.889,
    "BaseResolution": 100,
    "ConversionSoftware": "dcm2niix",
    "ConversionSoftwareVersion": "v1.0.20180404 Clang8.0.0",
    "DerivedVendorReportedEchoSpacing": 0.000719994,
    "DeviceSerialNumber": "35002",
    "DwellTime": 2.8e-06,
    "EchoTime": 0.0436,
    "EffectiveEchoSpacing": 0.000719994,
    "FlipAngle": 55,
    "ImageComments": "Unaliased_MB8_PE3_(remote)",
    "ImageOrientationPatientDICOM": [
      0.999997,
      0.00108756,
      -0.00228062,
      7.94328e-09,
      0.902621,
      0.430436
    ],
    "ImageType": [
      "ORIGINAL",
      "PRIMARY",
      "M",
      "MB",
      "ND",
      "MOSAIC"
    ],
    "InPlanePhaseEncodingDirectionDICOM": "COL",
    "InstitutionAddress": "University_Pkwy_1700_North_685_Provo_UT_US_84601",
    "InstitutionName": "Brigham_Young_University",
    "InstitutionalDepartmentName": "MRI",
    "MRAcquisitionType": "2D",
    "MagneticFieldStrength": 3,
    "Manufacturer": "Siemens",
    "ManufacturersModelName": "TrioTim",
    "Modality": "MR",
    "MultibandAccelerationFactor": 8,
    "PartialFourier": 1,
    "PatientPosition": "HFS",
    "PercentPhaseFOV": 100,
    "PhaseEncodingDirection": "j-",
    "PhaseEncodingSteps": 100,
    "PhaseResolution": 1,
    "PixelBandwidth": 1786,
    "ProcedureStepDescription": "Research_KIRWAN",
    "ProtocolName": "Resting_State",
    "PulseSequenceDetails": "%CustomerSeq%_cmrr_mbep2d_bold",
    "ReceiveCoilName": "32Ch_Head",
    "ReconMatrixPE": 100,
    "RepetitionTime": 0.875,
    "SAR": 0.108737,
    "ScanOptions": "FS",
    "ScanningSequence": "EP",
    "SequenceName": "epfid2d1_100",
    "SequenceVariant": "SK_SS",
    "SeriesDescription": "Resting_State",
    "SeriesNumber": 3,
    "ShimSetting": [
      -2827,
      -23002,
      2422,
      858,
      99,
      140,
      -121,
      489
    ],
    "SliceThickness": 1.8,
    "SliceTiming": [
      0,
      0.4875,
      0.0975,
      0.585,
      0.195,
      0.6825,
      0.2925,
      0.78,
      0.39,
      0,
      0.4875,
      0.0975,
      0.585,
      0.195,
      0.6825,
      0.2925,
      0.78,
      0.39,
      0,
      0.4875,
      0.0975,
      0.585,
      0.195,
      0.6825,
      0.2925,
      0.78,
      0.39,
      0,
      0.4875,
      0.0975,
      0.585,
      0.195,
      0.6825,
      0.2925,
      0.78,
      0.39,
      0,
      0.4875,
      0.0975,
      0.585,
      0.195,
      0.6825,
      0.2925,
      0.78,
      0.39,
      0,
      0.4875,
      0.0975,
      0.585,
      0.195,
      0.6825,
      0.2925,
      0.78,
      0.39,
      0,
      0.4875,
      0.0975,
      0.585,
      0.195,
      0.6825,
      0.2925,
      0.78,
      0.39,
      0,
      0.4875,
      0.0975,
      0.585,
      0.195,
      0.6825,
      0.2925,
      0.78,
      0.39
    ],
    "SoftwareVersions": "syngo_MR_B17",
    "SpacingBetweenSlices": 1.8,
    "StationName": "MININT-E41B04",
    "TaskName": "rest",
    "TotalReadoutTime": 0.0712794,
    "TxRefAmp": 398.763,
    "dataset": "ds001747",
    "modality": "bold",
    "run_id": 1,
    "subject_id": "3901",
    "task_id": "rest"
  },
  "dummy_trs": 1,
  "dvars_nstd": 67.88622635209502,
  "dvars_std": 1.0289724217661378,
  "dvars_vstd": 0.9874264789890385,
  "efc": 0.6022102330163592,
  "fber": 262.0457458496094,
  "fd_mean": 0.11087872967843224,
  "fd_num": 37,
  "fd_perc": 4.5012165450121655,
  "fwhm_avg": 3.379659278382101,
  "fwhm_x": 3.213305640679085,
  "fwhm_y": 3.736316765645259,
  "fwhm_z": 3.1893554288219574,
  "gcor": 0.0038678,
  "gsr_x": -0.008650540374219418,
  "gsr_y": 0.10456158220767975,
  "provenance": {
    "md5sum": "839e9bc99d2f561d7cdcdbd5d5400aa7",
    "settings": {
      "fd_thres": 0.2,
      "testing": false
    },
    "software": "mriqc",
    "version": "22.0.1",
    "webapi_port": null,
    "webapi_url": "https://mriqc.nimh.nih.gov/api/v1"
  },
  "size_t": 822,
  "size_x": 100,
  "size_y": 100,
  "size_z": 72,
  "snr": 2.0295794563710605,
  "spacing_tr": 0.875,
  "spacing_x": 1.7999999523162842,
  "spacing_y": 1.7999999523162842,
  "spacing_z": 1.8000000715255737,
  "summary_bg_k": 25.017190812611748,
  "summary_bg_mad": 15.13625029705011,
  "summary_bg_mean": 46.167423248291016,
  "summary_bg_median": 23.872262954711914,
  "summary_bg_n": 404089.0,
  "summary_bg_p05": 11.785887718200684,
  "summary_bg_p95": 163.1778533935545,
  "summary_bg_stdv": 62.661617279052734,
  "summary_fg_k": 3.0040241580681313,
  "summary_fg_mad": 139.4692159714475,
  "summary_fg_mean": 444.1969299316406,
  "summary_fg_median": 394.1897888183594,
  "summary_fg_n": 211641.0,
  "summary_fg_p05": 229.6654510498047,
  "summary_fg_p95": 845.6337890625,
  "summary_fg_stdv": 194.22193908691406,
  "tsnr": 18.885525880381465
}