{
  "bids_meta": {
    "AcquisitionMatrixPE": 215,
    "AcquisitionNumber": 1,
    "AcquisitionTime": "14:22:49.487500",
    "BaseResolution": 256,
    "ConversionSoftware": "dcm2niix",
    "ConversionSoftwareVersion": "v1.0.20180404 Clang8.0.0",
    "DeviceSerialNumber": "35002",
    "DwellTime": 9.8e-06,
    "EchoTime": 0.00226,
    "FlipAngle": 9,
    "ImageOrientationPatientDICOM": [
      -0.0314108,
      0.999507,
      0,
      0,
      0,
      -1
    ],
    "ImageType": [
      "ORIGINAL",
      "PRIMARY",
      "M",
      "ND",
      "NORM"
    ],
    "InPlanePhaseEncodingDirectionDICOM": "ROW",
    "InstitutionAddress": "University_Pkwy_1700_North_685_Provo_UT_US_84601",
    "InstitutionName": "Brigham_Young_University",
    "InstitutionalDepartmentName": "MRI",
    "InversionTime": 0.9,
    "MRAcquisitionType": "3D",
    "MagneticFieldStrength": 3,
    "Manufacturer": "Siemens",
    "ManufacturersModelName": "TrioTim",
    "Modality": "MR",
    "ParallelReductionFactorInPlane": 2,
    "PartialFourier": 0.875,
    "PatientPosition": "HFS",
    "PercentPhaseFOV": 87.5,
    "PhaseEncodingSteps": 226,
    "PhaseOversampling": 0.2,
    "PhaseResolution": 0.96,
    "PixelBandwidth": 199,
    "ProcedureStepDescription": "Research_KIRWAN",
    "ProtocolName": "t1_mpr_sag_iso_mprage_fast",
    "PulseSequenceDetails": "%SiemensSeq%_tfl",
    "ReceiveCoilName": "32Ch_Head",
    "ReconMatrixPE": 256,
    "RepetitionTime": 1.9,
    "SAR": 0.10988,
    "ScanOptions": "IR_PFP",
    "ScanningSequence": "GR_IR",
    "SequenceName": "_tfl3d1_ns",
    "SequenceVariant": "SP_MP_OSP",
    "SeriesDescription": "t1_mpr_sag_iso_mprage_fast",
    "SeriesNumber": 6,
    "ShimSetting": [
      -2830,
      -22913,
      1923,
      -81,
      -87,
      -38,
      -253,
      388
    ],
    "SliceThickness": 1,
    "SoftwareVersions": "syngo_MR_B17",
    "StationName": "MININT-E41B04",
    "TxRefAmp": 393.059,
    "dataset": "ds001747",
    "modality": "T1w",
    "run_id": 1,
    "subject_id": "3920"
  },
  "cjv": 0.31852782038206295,
  "cnr": 4.25601452550686,
  "efc": 0.581716524793668,
  "fber": -1.0,
  "fwhm_avg": 4.504859663136386,
  "fwhm_x": 4.322079789409161,
  "fwhm_y": 4.808294399999999,
  "fwhm_z": 4.3842048,
  "icvs_csf": 0.17530726678838593,
  "icvs_gm": 0.4797093683725165,
  "icvs_wm": 0.3449833648390976,
  "inu_med": 0.435135155916214,
  "inu_range": 0.15667185187339783,
  "provenance": {
    "md5sum": "85604248611bbe3de044bb55b0d9d494",
    "settings": {
      "testing": false
    },
    "software": "mriqc",
    "version": "22.0.1",
    "warnings": {
      "large_rot_frame": true,
      "small_air_mask": false
    },
    "webapi_port": null,
    "webapi_url": "https://mriqc.nimh.nih.gov/api/v1"
  },
  "qi_1": 0.0,
  "qi_2": 0.013141759470659861,
  "rpve_csf": 23.490257950239886,
  "rpve_gm": 9.783210124785617,
  "rpve_wm": 14.923934850738142,
  "size_x": 176,
  "size_y": 224,
  "size_z": 256,
  "snr_csf": 2.5328691666736938,
  "snr_gm": 15.757495826073557,
  "snr_total": 15.377599807429007,
  "snr_wm": 27.842434429539768,
  "snrd_csf": 41.45771231138653,
  "snrd_gm": 107.15443033343497,
  "snrd_total": 97.39874440813922,
  "snrd_wm": 143.58409057959614,
  "spacing_x": 0.9999977350234985,
  "spacing_y": 0.9765625,
  "spacing_z": 0.9765625,
  "summary_bg_k": 9.188923520647222,
  "summary_bg_mad": 0.0,
  "summary_bg_mean": 2.168352636866082,
  "summary_bg_median": 0.0,
  "summary_bg_n": 1885267.0,
  "summary_bg_p05": 0.0,
  "summary_bg_p95": 12.719388768076897,
  "summary_bg_stdv": 4.562925114133598,
  "summary_csf_k": 0.5481231061232466,
  "summary_csf_mad": 81.06402358245428,
  "summary_csf_mean": 295.8074415793327,
  "summary_csf_median": 288.74664372205734,
  "summary_csf_n": 30554.0,
  "summary_csf_p05": 84.65826939791441,
  "summary_csf_p95": 501.76956272143866,
  "summary_csf_stdv": 113.99796021716837,
  "summary_gm_k": 0.08396127702593636,
  "summary_gm_mad": 47.205711617879345,
  "summary_gm_mean": 744.0550078742641,
  "summary_gm_median": 746.3142656385899,
  "summary_gm_n": 67668.0,
  "summary_gm_p05": 663.1426780447364,
  "summary_gm_p95": 817.8814758174121,
  "summary_gm_stdv": 47.362141759514,
  "summary_wm_k": 0.7478334386310435,
  "summary_wm_mad": 33.61340554891798,
  "summary_wm_mean": 1001.5295194162536,
  "summary_wm_median": 1000.0412935316563,
  "summary_wm_n": 197112.0,
  "summary_wm_p05": 945.6122208163142,
  "summary_wm_p95": 1062.3580391518772,
  "summary_wm_stdv": 35.9177915755013,
  "tpm_overlap_csf": 0.15770731151375064,
  "tpm_overlap_gm": 0.4805965264119808,
  "tpm_overlap_wm": 0.49571646265759917,
  "wm2max": 0.45095200062323393
}