{
  "aor": 0.00020964763061968406,
  "aqi": 0.02371820461725395,
  "bids_meta": {
    "AcquisitionMatrixPE": 100,
    "AcquisitionNumber": 1,
    "AcquisitionTime": "12:14:44.467500",
    "BandwidthPerPixelPhaseEncode": 13.889,
    "BaseResolution": 100,
    "ConversionSoftware": "dcm2niix",
    "ConversionSoftwareVersion": "v1.0.20180404 Clang8.0.0",
    "DerivedVendorReportedEchoSpacing": 0.000719994,
    "DeviceSerialNumber": "35002",
    "DwellTime": 2.8e-06,
    "EchoTime": 0.0436,
    "EffectiveEchoSpacing": 0.000719994,
    "FlipAngle": 55,
    "ImageComments": "Unaliased_MB8_PE3_(remote)",
    "ImageOrientationPatientDICOM": [
      1,
      0,
      0,
      0,
      0.993961,
      0.109734
    ],
    "ImageType": [
      "ORIGINAL",
      "PRIMARY",
      "M",
      "MB",
      "ND",
      "MOSAIC"
    ],
    "InPlanePhaseEncodingDirectionDICOM": "COL",
    "InstitutionAddress": "University_Pkwy_1700_North_685_Provo_UT_US_84601",
    "InstitutionName": "Brigham_Young_University",
    "InstitutionalDepartmentName": "MRI",
    "MRAcquisitionType": "2D",
    "MagneticFieldStrength": 3,
    "Manufacturer": "Siemens",
    "ManufacturersModelName": "TrioTim",
    "Modality": "MR",
    "MultibandAccelerationFactor": 8,
    "PartialFourier": 1,
    "PatientPosition": "HFS",
    "PercentPhaseFOV": 100,
    "PhaseEncodingDirection": "j-",
    "PhaseEncodingSteps": 100,
    "PhaseResolution": 1,
    "PixelBandwidth": 1786,
    "ProcedureStepDescription": "Research_KIRWAN",
    "ProtocolName": "Resting_State",
    "PulseSequenceDetails": "%CustomerSeq%_cmrr_mbep2d_bold",
    "ReceiveCoilName": "32Ch_Head",
    "ReconMatrixPE": 100,
    "RepetitionTime": 0.875,
    "SAR": 0.123651,
    "ScanOptions": "FS",
    "ScanningSequence": "EP",
    "SequenceName": "epfid2d1_100",
    "SequenceVariant": "SK_SS",
    "SeriesDescription": "Resting_State",
    "SeriesNumber": 3,
    "ShimSetting": [
      -2814,
      -23008,
      2486,
      889,
      208,
      -5,
      568,
      421
    ],
    "SliceThickness": 1.8,
    "SliceTiming": [
      0,
      0.4875,
      0.0975,
      0.585,
      0.195,
      0.6825,
      0.2925,
      0.78,
      0.39,
      0,
      0.4875,
      0.0975,
      0.585,
      0.195,
      0.6825,
      0.2925,
      0.78,
      0.39,
      0,
      0.4875,
      0.0975,
      0.585,
      0.195,
      0.6825,
      0.2925,
      0.78,
      0.39,
      0,
      0.4875,
      0.0975,
      0.585,
      0.195,
      0.6825,
      0.2925,
      0.78,
      0.39,
      0,
      0.4875,
      0.0975,
      0.585,
      0.195,
      0.6825,
      0.2925,
      0.78,
      0.39,
      0,
      0.4875,
      0.0975,
      0.585,
      0.195,
      0.6825,
      0.2925,
      0.78,
      0.39,
      0,
      0.4875,
      0.0975,
      0.585,
      0.195,
      0.6825,
      0.2925,
      0.78,
      0.39,
      0,
      0.4875,
      0.0975,
      0.585,
      0.195,
      0.6825,
      0.2925,
      0.78,
      0.39
    ],
    "SoftwareVersions": "syngo_MR_B17",
    "SpacingBetweenSlices": 1.8,
    "StationName": "MININT-E41B04",
    "TaskName": "rest",
    "TotalReadoutTime": 0.0712794,
    "TxRefAmp": 393.39,
    "dataset": "ds001747",
    "modality": "bold",
    "run_id": 1,
    "subject_id": "3881",
    "task_id": "rest"
  },
  "dummy_trs": 0,
  "dvars_nstd": 69.88402562931866,
  "dvars_std": 1.0042696483454991,
  "dvars_vstd": 0.9731536713746958,
  "efc": 0.6144488541009282,
  "fber": 273.3113098144531,
  "fd_mean": 0.11372988177858012,
  "fd_num": 78,
  "fd_perc": 9.477521263669502,
  "fwhm_avg": 3.191218603056941,
  "fwhm_x": 3.036266747100267,
  "fwhm_y": 3.475000092056065,
  "fwhm_z": 3.0623889700144917,
  "gcor": 0.00287367,
  "gsr_x": -0.010679957456886768,
  "gsr_y": 0.1366390436887741,
  "provenance": {
    "md5sum": "92d8f138bac7642854c68c6cb45ac6c9",
    "settings": {
      "fd_thres": 0.2,
      "testing": false
    },
    "software": "mriqc",
    "version": "22.0.1",
    "webapi_port": null,
    "webapi_url": "https://mriqc.nimh.nih.gov/api/v1"
  },
  "size_t": 823,
  "size_x": 100,
  "size_y": 100,
  "size_z": 72,
  "snr": 2.3397974867178184,
  "spacing_tr": 0.875,
  "spacing_x": 1.7999999523162842,
  "spacing_y": 1.7999999523162842,
  "spacing_z": 1.7999999523162842,
  "summary_bg_k": 23.475951462995102,
  "summary_bg_mad": 13.932497071585564,
  "summary_bg_mean": 49.180938720703125,
  "summary_bg_median": 22.26488494873047,
  "summary_bg_n": 418269.0,
  "summary_bg_p05": 11.60753345489502,
  "summary_bg_p95": 188.0867675781249,
  "summary_bg_stdv": 68.66313171386719,
  "summary_fg_k": 1.8054849321253759,
  "summary_fg_mad": 127.08857348925929,
  "summary_fg_mean": 414.46038818359375,
  "summary_fg_median": 375.5759582519531,
  "summary_fg_n": 200130.0,
  "summary_fg_p05": 227.27394104003906,
  "summary_fg_p95": 739.2846069335938,
  "summary_fg_stdv": 160.5160369873047,
  "tsnr": 16.907539051026106
}