{
  "bids_meta": {
    "AcquisitionMatrixPE": 215,
    "AcquisitionNumber": 1,
    "AcquisitionTime": "11:36:13.820000",
    "BaseResolution": 256,
    "ConversionSoftware": "dcm2niix",
    "ConversionSoftwareVersion": "v1.0.20180404 Clang8.0.0",
    "DeviceSerialNumber": "35002",
    "DwellTime": 9.8e-06,
    "EchoTime": 0.00226,
    "FlipAngle": 9,
    "ImageOrientationPatientDICOM": [
      1e-16,
      1,
      0,
      0.050593,
      -1e-16,
      -0.998719
    ],
    "ImageType": [
      "ORIGINAL",
      "PRIMARY",
      "M",
      "ND",
      "NORM"
    ],
    "InPlanePhaseEncodingDirectionDICOM": "ROW",
    "InstitutionAddress": "University_Pkwy_1700_North_685_Provo_UT_US_84601",
    "InstitutionName": "Brigham_Young_University",
    "InstitutionalDepartmentName": "MRI",
    "InversionTime": 0.9,
    "MRAcquisitionType": "3D",
    "MagneticFieldStrength": 3,
    "Manufacturer": "Siemens",
    "ManufacturersModelName": "TrioTim",
    "Modality": "MR",
    "ParallelReductionFactorInPlane": 2,
    "PartialFourier": 0.875,
    "PatientPosition": "HFS",
    "PercentPhaseFOV": 87.5,
    "PhaseEncodingSteps": 226,
    "PhaseOversampling": 0.2,
    "PhaseResolution": 0.96,
    "PixelBandwidth": 199,
    "ProcedureStepDescription": "Research_KIRWAN",
    "ProtocolName": "t1_mpr_sag_iso_mprage_fast",
    "PulseSequenceDetails": "%SiemensSeq%_tfl",
    "ReceiveCoilName": "32Ch_Head",
    "ReconMatrixPE": 256,
    "RepetitionTime": 1.9,
    "SAR": 0.115744,
    "ScanOptions": "IR_PFP",
    "ScanningSequence": "GR_IR",
    "SequenceName": "_tfl3d1_ns",
    "SequenceVariant": "SP_MP_OSP",
    "SeriesDescription": "t1_mpr_sag_iso_mprage_fast",
    "SeriesNumber": 6,
    "ShimSetting": [
      -2830,
      -22913,
      1923,
      -81,
      -87,
      -38,
      -253,
      388
    ],
    "SliceThickness": 1,
    "SoftwareVersions": "syngo_MR_B17",
    "StationName": "MININT-E41B04",
    "TxRefAmp": 395.046,
    "dataset": "ds001747",
    "modality": "T1w",
    "run_id": 1,
    "subject_id": "3963"
  },
  "cjv": 0.33630036444437017,
  "cnr": 4.134406630194801,
  "efc": 0.5497491921250884,
  "fber": -1.0,
  "fwhm_avg": 4.619489865707682,
  "fwhm_x": 4.3106935971230484,
  "fwhm_y": 4.97629184,
  "fwhm_z": 4.57148416,
  "icvs_csf": 0.20507746556956946,
  "icvs_gm": 0.44208267569891063,
  "icvs_wm": 0.3528398587315199,
  "inu_med": 0.3665916919708252,
  "inu_range": 0.10041156858205796,
  "provenance": {
    "md5sum": "93c598fd3f48927cbb18438ffb6a23b2",
    "settings": {
      "testing": false
    },
    "software": "mriqc",
    "version": "22.0.1",
    "warnings": {
      "large_rot_frame": true,
      "small_air_mask": false
    },
    "webapi_port": null,
    "webapi_url": "https://mriqc.nimh.nih.gov/api/v1"
  },
  "qi_1": 0.0,
  "qi_2": 0.00436088547713419,
  "rpve_csf": 25.931909039661974,
  "rpve_gm": 12.605956676415106,
  "rpve_wm": 17.71726081552478,
  "size_x": 176,
  "size_y": 224,
  "size_z": 256,
  "snr_csf": 3.0677165814242895,
  "snr_gm": 14.554060574147247,
  "snr_total": 15.01721763664898,
  "snr_wm": 27.4298757543754,
  "snrd_csf": 38.71285281878171,
  "snrd_gm": 99.96182693653601,
  "snrd_total": 91.22509518385351,
  "snrd_wm": 135.00060579624284,
  "spacing_x": 0.9999991655349731,
  "spacing_y": 0.9765625,
  "spacing_z": 0.9765625,
  "summary_bg_k": 40.862143524708344,
  "summary_bg_mad": 0.0,
  "summary_bg_mean": 1.6257375015663946,
  "summary_bg_median": 0.0,
  "summary_bg_n": 3023348.0,
  "summary_bg_p05": 0.0,
  "summary_bg_p95": 8.525115419179201,
  "summary_bg_stdv": 4.8530348751616055,
  "summary_csf_k": 1.7481928352017855,
  "summary_csf_mad": 63.256114862449905,
  "summary_csf_mean": 299.2853017169129,
  "summary_csf_median": 286.77207501605153,
  "summary_csf_n": 37466.0,
  "summary_csf_p05": 154.82290009502321,
  "summary_csf_p95": 477.16631937772036,
  "summary_csf_stdv": 93.47938125359795,
  "summary_gm_k": -0.08643693944240294,
  "summary_gm_mad": 52.337610983753116,
  "summary_gm_mean": 739.9555796384831,
  "summary_gm_median": 740.484320987016,
  "summary_gm_n": 38917.0,
  "summary_gm_p05": 657.0262427143753,
  "summary_gm_p95": 822.3014146015047,
  "summary_gm_stdv": 50.87754056799282,
  "summary_wm_k": 0.33392455732683723,
  "summary_wm_mad": 34.95108035082833,
  "summary_wm_mean": 1001.0376614916509,
  "summary_wm_median": 1000.040065087378,
  "summary_wm_n": 169969.0,
  "summary_wm_p05": 942.6456260681152,
  "summary_wm_p95": 1062.2614004425707,
  "summary_wm_stdv": 36.45795308032966,
  "tpm_overlap_csf": 0.13633535760491608,
  "tpm_overlap_gm": 0.4669963379756521,
  "tpm_overlap_wm": 0.506377515114487,
  "wm2max": 0.44159912151006503
}