{
  "bids_meta": {
    "AcquisitionMatrixPE": 215,
    "AcquisitionNumber": 1,
    "AcquisitionTime": "15:55:36.212500",
    "BaseResolution": 256,
    "ConversionSoftware": "dcm2niix",
    "ConversionSoftwareVersion": "v1.0.20180404 Clang8.0.0",
    "DeviceSerialNumber": "35002",
    "DwellTime": 9.8e-06,
    "EchoTime": 0.00226,
    "FlipAngle": 9,
    "ImageOrientationPatientDICOM": [
      -0.0331552,
      0.99945,
      9.10486e-09,
      -0.0505651,
      -0.00167741,
      -0.998719
    ],
    "ImageType": [
      "ORIGINAL",
      "PRIMARY",
      "M",
      "ND",
      "NORM"
    ],
    "InPlanePhaseEncodingDirectionDICOM": "ROW",
    "InstitutionAddress": "University_Pkwy_1700_North_685_Provo_UT_US_84601",
    "InstitutionName": "Brigham_Young_University",
    "InstitutionalDepartmentName": "MRI",
    "InversionTime": 0.9,
    "MRAcquisitionType": "3D",
    "MagneticFieldStrength": 3,
    "Manufacturer": "Siemens",
    "ManufacturersModelName": "TrioTim",
    "Modality": "MR",
    "ParallelReductionFactorInPlane": 2,
    "PartialFourier": 0.875,
    "PatientPosition": "HFS",
    "PercentPhaseFOV": 87.5,
    "PhaseEncodingSteps": 226,
    "PhaseOversampling": 0.2,
    "PhaseResolution": 0.96,
    "PixelBandwidth": 199,
    "ProcedureStepDescription": "Research_KIRWAN",
    "ProtocolName": "t1_mpr_sag_iso_mprage_fast",
    "PulseSequenceDetails": "%SiemensSeq%_tfl",
    "ReceiveCoilName": "32Ch_Head",
    "ReconMatrixPE": 256,
    "RepetitionTime": 1.9,
    "SAR": 0.121224,
    "ScanOptions": "IR_PFP",
    "ScanningSequence": "GR_IR",
    "SequenceName": "_tfl3d1_ns",
    "SequenceVariant": "SP_MP_OSP",
    "SeriesDescription": "t1_mpr_sag_iso_mprage_fast",
    "SeriesNumber": 6,
    "ShimSetting": [
      -2830,
      -22913,
      1923,
      -81,
      -87,
      -38,
      -253,
      388
    ],
    "SliceThickness": 1,
    "SoftwareVersions": "syngo_MR_B17",
    "StationName": "MININT-E41B04",
    "TxRefAmp": 388.415,
    "dataset": "ds001747",
    "modality": "T1w",
    "run_id": 1,
    "subject_id": "3966"
  },
  "cjv": 0.3291653493117867,
  "cnr": 4.160559443252058,
  "efc": 0.5558189894970763,
  "fber": -1.0,
  "fwhm_avg": 4.479990292974764,
  "fwhm_x": 4.293162558924293,
  "fwhm_y": 4.76721152,
  "fwhm_z": 4.3795968,
  "icvs_csf": 0.18614162981620752,
  "icvs_gm": 0.4658069653099668,
  "icvs_wm": 0.3480514048738257,
  "inu_med": 0.3823101967573166,
  "inu_range": 0.12049308717250823,
  "provenance": {
    "md5sum": "8284db54d10f4e979c94a338e90ae811",
    "settings": {
      "testing": false
    },
    "software": "mriqc",
    "version": "22.0.1",
    "warnings": {
      "large_rot_frame": true,
      "small_air_mask": false
    },
    "webapi_port": null,
    "webapi_url": "https://mriqc.nimh.nih.gov/api/v1"
  },
  "qi_1": 0.0,
  "qi_2": 0.01332733263558164,
  "rpve_csf": 22.48328999779954,
  "rpve_gm": 9.873979723322558,
  "rpve_wm": 14.670010500812493,
  "size_x": 176,
  "size_y": 224,
  "size_z": 256,
  "snr_csf": 2.3194017655153973,
  "snr_gm": 16.017166522859398,
  "snr_total": 15.744435418913552,
  "snr_wm": 28.89673796836586,
  "snrd_csf": 50.26662494896335,
  "snrd_gm": 128.26988942937552,
  "snrd_total": 116.07045747235588,
  "snrd_wm": 169.6748580387288,
  "spacing_x": 0.9999994039535522,
  "spacing_y": 0.9765625,
  "spacing_z": 0.9765625,
  "summary_bg_k": 10.635884026455589,
  "summary_bg_mad": 0.0,
  "summary_bg_mean": 1.943003191751072,
  "summary_bg_median": 0.0,
  "summary_bg_n": 2518070.0,
  "summary_bg_p05": 0.0,
  "summary_bg_p95": 8.49489912390709,
  "summary_bg_stdv": 3.86128531797206,
  "summary_csf_k": 0.17138466205531966,
  "summary_csf_mad": 94.06747542651273,
  "summary_csf_mean": 300.84361721678465,
  "summary_csf_median": 296.26468762755394,
  "summary_csf_n": 36341.0,
  "summary_csf_p05": 66.00821137428284,
  "summary_csf_p95": 526.3992275297642,
  "summary_csf_stdv": 127.73147620537614,
  "summary_gm_k": -0.05202083532186297,
  "summary_gm_mad": 48.57039410235058,
  "summary_gm_mean": 752.9937048546577,
  "summary_gm_median": 756.0053765773773,
  "summary_gm_n": 52060.0,
  "summary_gm_p05": 672.6822033524513,
  "summary_gm_p95": 825.0619967281818,
  "summary_gm_stdv": 47.199241798420616,
  "summary_wm_k": 0.7493272798433073,
  "summary_wm_mad": 31.75756537461384,
  "summary_wm_mean": 1001.3143672725532,
  "summary_wm_median": 1000.0406605005264,
  "summary_wm_n": 198880.0,
  "summary_wm_p05": 946.7138296365738,
  "summary_wm_p95": 1060.1959270238876,
  "summary_wm_stdv": 34.60730229865645,
  "tpm_overlap_csf": 0.145316294654054,
  "tpm_overlap_gm": 0.4763046030002789,
  "tpm_overlap_wm": 0.5055491786358935,
  "wm2max": 0.4237393221273078
}