{
  "bids_meta": {
    "AcquisitionMatrixPE": 215,
    "AcquisitionNumber": 1,
    "AcquisitionTime": "18:09:48.760000",
    "BaseResolution": 256,
    "ConversionSoftware": "dcm2niix",
    "ConversionSoftwareVersion": "v1.0.20180404 Clang8.0.0",
    "DeviceSerialNumber": "35002",
    "DwellTime": 9.8e-06,
    "EchoTime": 0.00226,
    "FlipAngle": 9,
    "ImageOrientationPatientDICOM": [
      0,
      1,
      0,
      0,
      0,
      -1
    ],
    "ImageType": [
      "ORIGINAL",
      "PRIMARY",
      "M",
      "ND",
      "NORM"
    ],
    "InPlanePhaseEncodingDirectionDICOM": "ROW",
    "InstitutionAddress": "University_Pkwy_1700_North_685_Provo_UT_US_84601",
    "InstitutionName": "Brigham_Young_University",
    "InstitutionalDepartmentName": "MRI",
    "InversionTime": 0.9,
    "MRAcquisitionType": "3D",
    "MagneticFieldStrength": 3,
    "Manufacturer": "Siemens",
    "ManufacturersModelName": "TrioTim",
    "Modality": "MR",
    "ParallelReductionFactorInPlane": 2,
    "PartialFourier": 0.875,
    "PatientPosition": "HFS",
    "PercentPhaseFOV": 87.5,
    "PhaseEncodingSteps": 226,
    "PhaseOversampling": 0.2,
    "PhaseResolution": 0.96,
    "PixelBandwidth": 199,
    "ProcedureStepDescription": "Research_KIRWAN",
    "ProtocolName": "t1_mpr_sag_iso_mprage_fast",
    "PulseSequenceDetails": "%SiemensSeq%_tfl",
    "ReceiveCoilName": "32Ch_Head",
    "ReconMatrixPE": 256,
    "RepetitionTime": 1.9,
    "SAR": 0.11874,
    "ScanOptions": "IR_PFP",
    "ScanningSequence": "GR_IR",
    "SequenceName": "_tfl3d1_ns",
    "SequenceVariant": "SP_MP_OSP",
    "SeriesDescription": "t1_mpr_sag_iso_mprage_fast",
    "SeriesNumber": 6,
    "ShimSetting": [
      -2830,
      -22913,
      1923,
      -81,
      -87,
      -38,
      -253,
      388
    ],
    "SliceThickness": 1,
    "SoftwareVersions": "syngo_MR_B17",
    "StationName": "MININT-E41B04",
    "TxRefAmp": 391.128,
    "dataset": "ds001747",
    "modality": "T1w",
    "run_id": 1,
    "subject_id": "3957"
  },
  "cjv": 0.29837514546000155,
  "cnr": 4.485347669278215,
  "efc": 0.5475859997597418,
  "fber": -1.0,
  "fwhm_avg": 4.600645386666667,
  "fwhm_x": 4.46066,
  "fwhm_y": 4.70873088,
  "fwhm_z": 4.63254528,
  "icvs_csf": 0.20623774434194325,
  "icvs_gm": 0.4673424249116937,
  "icvs_wm": 0.32641983074636305,
  "inu_med": 0.43135230243206024,
  "inu_range": 0.13590612709522248,
  "provenance": {
    "md5sum": "87d6d4ff82d2d83166ca19c9084c421a",
    "settings": {
      "testing": false
    },
    "software": "mriqc",
    "version": "22.0.1",
    "warnings": {
      "large_rot_frame": true,
      "small_air_mask": false
    },
    "webapi_port": null,
    "webapi_url": "https://mriqc.nimh.nih.gov/api/v1"
  },
  "qi_1": 0.0,
  "qi_2": 0.021616105922602238,
  "rpve_csf": 20.174321873362622,
  "rpve_gm": 9.568887496082732,
  "rpve_wm": 15.012006379795913,
  "size_x": 176,
  "size_y": 224,
  "size_z": 256,
  "snr_csf": 2.6762550686135214,
  "snr_gm": 16.209089586641902,
  "snr_total": 15.620534289806551,
  "snr_wm": 27.976258214164233,
  "snrd_csf": 47.197947139992884,
  "snrd_gm": 122.44075795364935,
  "snrd_total": 111.74093746136396,
  "snrd_wm": 165.5841072904496,
  "spacing_x": 1.0,
  "spacing_y": 0.9765625,
  "spacing_z": 0.9765625,
  "summary_bg_k": 12.44642915242457,
  "summary_bg_mad": 0.0,
  "summary_bg_mean": 1.9137021100589595,
  "summary_bg_median": 0.0,
  "summary_bg_n": 2798567.0,
  "summary_bg_p05": 0.0,
  "summary_bg_p95": 9.004604119807482,
  "summary_bg_stdv": 3.9566785780849063,
  "summary_csf_k": 0.9304700537874115,
  "summary_csf_mad": 70.13409800001197,
  "summary_csf_mean": 298.0955700460074,
  "summary_csf_median": 285.05072589218616,
  "summary_csf_n": 50366.0,
  "summary_csf_p05": 105.61056053638458,
  "summary_csf_p95": 497.2802811367437,
  "summary_csf_stdv": 106.50998831461935,
  "summary_gm_k": 0.2442579192989074,
  "summary_gm_mad": 44.76258967959421,
  "summary_gm_mean": 736.9863722250656,
  "summary_gm_median": 739.4776478298008,
  "summary_gm_n": 63971.0,
  "summary_gm_p05": 658.680679641664,
  "summary_gm_p95": 807.2770200259984,
  "summary_gm_stdv": 45.62081442430489,
  "summary_wm_k": 0.8779914618980107,
  "summary_wm_mad": 32.982960816543105,
  "summary_wm_mean": 1001.1578977147067,
  "summary_wm_median": 1000.0407398939133,
  "summary_wm_n": 195115.0,
  "summary_wm_p05": 944.7092810943723,
  "summary_wm_p95": 1061.1172176115215,
  "summary_wm_stdv": 35.74595893201413,
  "tpm_overlap_csf": 0.1490260575914518,
  "tpm_overlap_gm": 0.4796661586571208,
  "tpm_overlap_wm": 0.49661296046556497,
  "wm2max": 0.4373095768374165
}