{
  "aor": 0.0002499269183922046,
  "aqi": 0.02685592143727162,
  "bids_meta": {
    "AcquisitionMatrixPE": 100,
    "AcquisitionNumber": 1,
    "AcquisitionTime": "12:44:0.232500",
    "BandwidthPerPixelPhaseEncode": 13.889,
    "BaseResolution": 100,
    "ConversionSoftware": "dcm2niix",
    "ConversionSoftwareVersion": "v1.0.20180404 Clang8.0.0",
    "DerivedVendorReportedEchoSpacing": 0.000719994,
    "DeviceSerialNumber": "35002",
    "DwellTime": 2.8e-06,
    "EchoTime": 0.0436,
    "EffectiveEchoSpacing": 0.000719994,
    "FlipAngle": 55,
    "ImageComments": "Unaliased_MB8_PE3_(remote)",
    "ImageOrientationPatientDICOM": [
      1,
      -1e-16,
      0,
      1e-16,
      0.937889,
      0.346936
    ],
    "ImageType": [
      "ORIGINAL",
      "PRIMARY",
      "M",
      "MB",
      "ND",
      "MOSAIC"
    ],
    "InPlanePhaseEncodingDirectionDICOM": "COL",
    "InstitutionAddress": "University_Pkwy_1700_North_685_Provo_UT_US_84601",
    "InstitutionName": "Brigham_Young_University",
    "InstitutionalDepartmentName": "MRI",
    "MRAcquisitionType": "2D",
    "MagneticFieldStrength": 3,
    "Manufacturer": "Siemens",
    "ManufacturersModelName": "TrioTim",
    "Modality": "MR",
    "MultibandAccelerationFactor": 8,
    "PartialFourier": 1,
    "PatientPosition": "HFS",
    "PercentPhaseFOV": 100,
    "PhaseEncodingDirection": "j-",
    "PhaseEncodingSteps": 100,
    "PhaseResolution": 1,
    "PixelBandwidth": 1786,
    "ProcedureStepDescription": "Research_KIRWAN",
    "ProtocolName": "Resting_State",
    "PulseSequenceDetails": "%CustomerSeq%_cmrr_mbep2d_bold",
    "ReceiveCoilName": "32Ch_Head",
    "ReconMatrixPE": 100,
    "RepetitionTime": 0.875,
    "SAR": 0.11251,
    "ScanOptions": "FS",
    "ScanningSequence": "EP",
    "SequenceName": "epfid2d1_100",
    "SequenceVariant": "SK_SS",
    "SeriesDescription": "Resting_State",
    "SeriesNumber": 3,
    "ShimSetting": [
      -2797,
      -23023,
      2373,
      811,
      191,
      81,
      631,
      461
    ],
    "SliceThickness": 1.8,
    "SliceTiming": [
      0,
      0.4875,
      0.0975,
      0.585,
      0.195,
      0.6825,
      0.2925,
      0.78,
      0.39,
      0,
      0.4875,
      0.0975,
      0.585,
      0.195,
      0.6825,
      0.2925,
      0.78,
      0.39,
      0,
      0.4875,
      0.0975,
      0.585,
      0.195,
      0.6825,
      0.2925,
      0.78,
      0.39,
      0,
      0.4875,
      0.0975,
      0.585,
      0.195,
      0.6825,
      0.2925,
      0.78,
      0.39,
      0,
      0.4875,
      0.0975,
      0.585,
      0.195,
      0.6825,
      0.2925,
      0.78,
      0.39,
      0,
      0.4875,
      0.0975,
      0.585,
      0.195,
      0.6825,
      0.2925,
      0.78,
      0.39,
      0,
      0.4875,
      0.0975,
      0.585,
      0.195,
      0.6825,
      0.2925,
      0.78,
      0.39,
      0,
      0.4875,
      0.0975,
      0.585,
      0.195,
      0.6825,
      0.2925,
      0.78,
      0.39
    ],
    "SoftwareVersions": "syngo_MR_B17",
    "SpacingBetweenSlices": 1.8,
    "StationName": "MININT-E41B04",
    "TaskName": "rest",
    "TotalReadoutTime": 0.0712794,
    "TxRefAmp": 405.48,
    "dataset": "ds001747",
    "modality": "bold",
    "run_id": 1,
    "subject_id": "3918",
    "task_id": "rest"
  },
  "dummy_trs": 2,
  "dvars_nstd": 78.28502425214636,
  "dvars_std": 1.0075745224878037,
  "dvars_vstd": 0.9742913949634141,
  "efc": 0.5835864243512356,
  "fber": 219.54258728027344,
  "fd_mean": 0.12671240294404246,
  "fd_num": 40,
  "fd_perc": 4.8721071863581,
  "fwhm_avg": 3.6837538012898534,
  "fwhm_x": 3.6092723178352863,
  "fwhm_y": 4.001672328230336,
  "fwhm_z": 3.440316757803937,
  "gcor": 0.00365144,
  "gsr_x": 0.014331047423183918,
  "gsr_y": 0.10031051188707352,
  "provenance": {
    "md5sum": "bbe8aeec7f59c3ee0b15b48970debd05",
    "settings": {
      "fd_thres": 0.2,
      "testing": false
    },
    "software": "mriqc",
    "version": "22.0.1",
    "webapi_port": null,
    "webapi_url": "https://mriqc.nimh.nih.gov/api/v1"
  },
  "size_t": 821,
  "size_x": 100,
  "size_y": 100,
  "size_z": 72,
  "snr": 1.6836738282784318,
  "spacing_tr": 0.875,
  "spacing_x": 1.7999999523162842,
  "spacing_y": 1.7999999523162842,
  "spacing_z": 1.7999999523162842,
  "summary_bg_k": 65.53174009121308,
  "summary_bg_mad": 15.889667283845762,
  "summary_bg_mean": 46.129676818847656,
  "summary_bg_median": 24.387332916259766,
  "summary_bg_n": 411125.0,
  "summary_bg_p05": 11.45554256439209,
  "summary_bg_p95": 154.68380737304682,
  "summary_bg_stdv": 69.64459991455078,
  "summary_fg_k": 4.5007413444677224,
  "summary_fg_mad": 142.17272084694028,
  "summary_fg_mean": 431.9570617675781,
  "summary_fg_median": 366.0170593261719,
  "summary_fg_n": 204559.0,
  "summary_fg_p05": 216.25238342285158,
  "summary_fg_p95": 886.4895935058563,
  "summary_fg_stdv": 217.39137268066406,
  "tsnr": 14.989034751313739
}