{
  "bids_meta": {
    "AcquisitionMatrixPE": 215,
    "AcquisitionNumber": 1,
    "AcquisitionTime": "16:37:37.530000",
    "BaseResolution": 256,
    "ConversionSoftware": "dcm2niix",
    "ConversionSoftwareVersion": "v1.0.20180404 Clang8.0.0",
    "DeviceSerialNumber": "35002",
    "DwellTime": 9.8e-06,
    "EchoTime": 0.00226,
    "FlipAngle": 9,
    "ImageOrientationPatientDICOM": [
      0.0348995,
      0.999391,
      4.14135e-08,
      0.0366214,
      -0.00127881,
      -0.999328
    ],
    "ImageType": [
      "ORIGINAL",
      "PRIMARY",
      "M",
      "ND",
      "NORM"
    ],
    "InPlanePhaseEncodingDirectionDICOM": "ROW",
    "InstitutionAddress": "University_Pkwy_1700_North_685_Provo_UT_US_84601",
    "InstitutionName": "Brigham_Young_University",
    "InstitutionalDepartmentName": "MRI",
    "InversionTime": 0.9,
    "MRAcquisitionType": "3D",
    "MagneticFieldStrength": 3,
    "Manufacturer": "Siemens",
    "ManufacturersModelName": "TrioTim",
    "Modality": "MR",
    "ParallelReductionFactorInPlane": 2,
    "PartialFourier": 0.875,
    "PatientPosition": "HFS",
    "PercentPhaseFOV": 87.5,
    "PhaseEncodingSteps": 226,
    "PhaseOversampling": 0.2,
    "PhaseResolution": 0.96,
    "PixelBandwidth": 199,
    "ProcedureStepDescription": "Research_KIRWAN",
    "ProtocolName": "t1_mpr_sag_iso_mprage_fast",
    "PulseSequenceDetails": "%SiemensSeq%_tfl",
    "ReceiveCoilName": "32Ch_Head",
    "ReconMatrixPE": 256,
    "RepetitionTime": 1.9,
    "SAR": 0.111698,
    "ScanOptions": "IR_PFP",
    "ScanningSequence": "GR_IR",
    "SequenceName": "_tfl3d1_ns",
    "SequenceVariant": "SP_MP_OSP",
    "SeriesDescription": "t1_mpr_sag_iso_mprage_fast",
    "SeriesNumber": 6,
    "ShimSetting": [
      -2830,
      -22913,
      1923,
      -81,
      -87,
      -38,
      -253,
      388
    ],
    "SliceThickness": 1,
    "SoftwareVersions": "syngo_MR_B17",
    "StationName": "MININT-E41B04",
    "TxRefAmp": 375.189,
    "dataset": "ds001747",
    "modality": "T1w",
    "run_id": 1,
    "subject_id": "2975"
  },
  "cjv": 0.3440354354355403,
  "cnr": 4.017915094698706,
  "efc": 0.5583073658318396,
  "fber": -1.0,
  "fwhm_avg": 4.544097239355278,
  "fwhm_x": 4.368215207318315,
  "fwhm_y": 4.739112670747518,
  "fwhm_z": 4.524963840000001,
  "icvs_csf": 0.18066350314544796,
  "icvs_gm": 0.4337124087411296,
  "icvs_wm": 0.3856240881134224,
  "inu_med": 0.3304503560066223,
  "inu_range": 0.10782674551010135,
  "provenance": {
    "md5sum": "81dac60ca2a03c6c418dbcaa78e735cf",
    "settings": {
      "testing": false
    },
    "software": "mriqc",
    "version": "22.0.1",
    "warnings": {
      "large_rot_frame": true,
      "small_air_mask": false
    },
    "webapi_port": null,
    "webapi_url": "https://mriqc.nimh.nih.gov/api/v1"
  },
  "qi_1": 0.03164338233153436,
  "qi_2": 0.030680373764228965,
  "rpve_csf": 23.090772200148965,
  "rpve_gm": 10.493395725825376,
  "rpve_wm": 13.637996715256339,
  "size_x": 176,
  "size_y": 224,
  "size_z": 256,
  "snr_csf": 2.8504522726824217,
  "snr_gm": 15.721166578456527,
  "snr_total": 15.698733005654818,
  "snr_wm": 28.524580165825505,
  "snrd_csf": 59.637768876259955,
  "snrd_gm": 150.08091160063313,
  "snrd_total": 135.75290026108857,
  "snrd_wm": 197.54002030637264,
  "spacing_x": 0.9999988079071045,
  "spacing_y": 0.9765625596046448,
  "spacing_z": 0.9765625,
  "summary_bg_k": 44.21465913853079,
  "summary_bg_mad": 0.0,
  "summary_bg_mean": 0.9078798392987895,
  "summary_bg_median": 0.0,
  "summary_bg_n": 2270213.0,
  "summary_bg_p05": 0.0,
  "summary_bg_p95": 7.99055689573288,
  "summary_bg_stdv": 3.316624984571878,
  "summary_csf_k": 1.1125146045372825,
  "summary_csf_mad": 76.19657542592253,
  "summary_csf_mean": 315.3531508831307,
  "summary_csf_median": 301.9159281626344,
  "summary_csf_n": 29109.0,
  "summary_csf_p05": 142.6223604105413,
  "summary_csf_p95": 516.6439843788743,
  "summary_csf_stdv": 105.91678557697144,
  "summary_gm_k": -0.031166934780795685,
  "summary_gm_mad": 48.73349877064303,
  "summary_gm_mean": 758.2894340888589,
  "summary_gm_median": 759.783918466419,
  "summary_gm_n": 45558.0,
  "summary_gm_p05": 677.3744903454557,
  "summary_gm_p95": 835.8304116502404,
  "summary_gm_stdv": 48.32819345718711,
  "summary_wm_k": 0.3823688876356033,
  "summary_wm_mad": 33.92497704475703,
  "summary_wm_mean": 1001.3514625855498,
  "summary_wm_median": 1000.0454360358417,
  "summary_wm_n": 246663.0,
  "summary_wm_p05": 946.0637760981917,
  "summary_wm_p95": 1060.6102252341807,
  "summary_wm_stdv": 35.059005358566175,
  "tpm_overlap_csf": 0.13473200419568027,
  "tpm_overlap_gm": 0.448217084901597,
  "tpm_overlap_wm": 0.498911690105976,
  "wm2max": 0.40534025247506533
}