{
  "aor": 0.0018169708029197077,
  "aqi": 0.03393751192214112,
  "bids_meta": {
    "AcquisitionMatrixPE": 100,
    "AcquisitionNumber": 1,
    "AcquisitionTime": "14:00:11.680000",
    "BandwidthPerPixelPhaseEncode": 13.889,
    "BaseResolution": 100,
    "ConversionSoftware": "dcm2niix",
    "ConversionSoftwareVersion": "v1.0.20180404 Clang8.0.0",
    "DerivedVendorReportedEchoSpacing": 0.000719994,
    "DeviceSerialNumber": "35002",
    "DwellTime": 2.8e-06,
    "EchoTime": 0.0436,
    "EffectiveEchoSpacing": 0.000719994,
    "FlipAngle": 55,
    "ImageComments": "Unaliased_MB8_PE3_(remote)",
    "ImageOrientationPatientDICOM": [
      0.99999,
      -0.00238419,
      0.00369947,
      4.51121e-09,
      0.840563,
      0.541713
    ],
    "ImageType": [
      "ORIGINAL",
      "PRIMARY",
      "M",
      "MB",
      "ND",
      "MOSAIC"
    ],
    "InPlanePhaseEncodingDirectionDICOM": "COL",
    "InstitutionAddress": "University_Pkwy_1700_North_685_Provo_UT_US_84601",
    "InstitutionName": "Brigham_Young_University",
    "InstitutionalDepartmentName": "MRI",
    "MRAcquisitionType": "2D",
    "MagneticFieldStrength": 3,
    "Manufacturer": "Siemens",
    "ManufacturersModelName": "TrioTim",
    "Modality": "MR",
    "MultibandAccelerationFactor": 8,
    "PartialFourier": 1,
    "PatientPosition": "HFS",
    "PercentPhaseFOV": 100,
    "PhaseEncodingDirection": "j-",
    "PhaseEncodingSteps": 100,
    "PhaseResolution": 1,
    "PixelBandwidth": 1786,
    "ProcedureStepDescription": "Research_KIRWAN",
    "ProtocolName": "Resting_State",
    "PulseSequenceDetails": "%CustomerSeq%_cmrr_mbep2d_bold",
    "ReceiveCoilName": "32Ch_Head",
    "ReconMatrixPE": 100,
    "RepetitionTime": 0.875,
    "SAR": 0.125055,
    "ScanOptions": "FS",
    "ScanningSequence": "EP",
    "SequenceName": "epfid2d1_100",
    "SequenceVariant": "SK_SS",
    "SeriesDescription": "Resting_State",
    "SeriesNumber": 3,
    "ShimSetting": [
      -2798,
      -22956,
      2569,
      1304,
      5,
      133,
      -238,
      316
    ],
    "SliceThickness": 1.8,
    "SliceTiming": [
      0,
      0.4875,
      0.0975,
      0.585,
      0.195,
      0.6825,
      0.2925,
      0.78,
      0.39,
      0,
      0.4875,
      0.0975,
      0.585,
      0.195,
      0.6825,
      0.2925,
      0.78,
      0.39,
      0,
      0.4875,
      0.0975,
      0.585,
      0.195,
      0.6825,
      0.2925,
      0.78,
      0.39,
      0,
      0.4875,
      0.0975,
      0.585,
      0.195,
      0.6825,
      0.2925,
      0.78,
      0.39,
      0,
      0.4875,
      0.0975,
      0.585,
      0.195,
      0.6825,
      0.2925,
      0.78,
      0.39,
      0,
      0.4875,
      0.0975,
      0.585,
      0.195,
      0.6825,
      0.2925,
      0.78,
      0.39,
      0,
      0.4875,
      0.0975,
      0.585,
      0.195,
      0.6825,
      0.2925,
      0.78,
      0.39,
      0,
      0.4875,
      0.0975,
      0.585,
      0.195,
      0.6825,
      0.2925,
      0.78,
      0.39
    ],
    "SoftwareVersions": "syngo_MR_B17",
    "SpacingBetweenSlices": 1.8,
    "StationName": "MININT-E41B04",
    "TaskName": "rest",
    "TotalReadoutTime": 0.0712794,
    "TxRefAmp": 383.732,
    "dataset": "ds001747",
    "modality": "bold",
    "run_id": 1,
    "subject_id": "3948",
    "task_id": "rest"
  },
  "dummy_trs": 1,
  "dvars_nstd": 66.62584692321549,
  "dvars_std": 1.0283763805237505,
  "dvars_vstd": 0.9900568256760061,
  "efc": 0.612506200256834,
  "fber": 204.44198608398438,
  "fd_mean": 0.14510066461147209,
  "fd_num": 170,
  "fd_perc": 20.68126520681265,
  "fwhm_avg": 3.15950193555007,
  "fwhm_x": 3.0146000798596297,
  "fwhm_y": 3.470616758606613,
  "fwhm_z": 2.993288968183967,
  "gcor": 0.0143796,
  "gsr_x": -0.008713147602975368,
  "gsr_y": 0.0890488252043724,
  "provenance": {
    "md5sum": "e230d9f15ec91796f4b1101ab35ae5c5",
    "settings": {
      "fd_thres": 0.2,
      "testing": false
    },
    "software": "mriqc",
    "version": "22.0.1",
    "webapi_port": null,
    "webapi_url": "https://mriqc.nimh.nih.gov/api/v1"
  },
  "size_t": 822,
  "size_x": 100,
  "size_y": 100,
  "size_z": 72,
  "snr": 2.2848483185348227,
  "spacing_tr": 0.875,
  "spacing_x": 1.7999999523162842,
  "spacing_y": 1.7999999523162842,
  "spacing_z": 1.7999999523162842,
  "summary_bg_k": 16.802159468958713,
  "summary_bg_mad": 19.427140149006895,
  "summary_bg_mean": 49.91476058959961,
  "summary_bg_median": 27.22992706298828,
  "summary_bg_n": 416583.0,
  "summary_bg_p05": 11.367396354675293,
  "summary_bg_p95": 176.45949249267522,
  "summary_bg_stdv": 63.18233108520508,
  "summary_fg_k": 3.045825442947306,
  "summary_fg_mad": 129.11715229988852,
  "summary_fg_mean": 434.5887756347656,
  "summary_fg_median": 393.0419616699219,
  "summary_fg_n": 199624.0,
  "summary_fg_p05": 241.07354507446288,
  "summary_fg_p95": 791.4248840332024,
  "summary_fg_stdv": 172.02059936523438,
  "tsnr": 15.871966875623912
}