{
  "aor": 0.0003688456865127581,
  "aqi": 0.050428754313487235,
  "bids_meta": {
    "AcquisitionMatrixPE": 100,
    "AcquisitionNumber": 1,
    "AcquisitionTime": "09:51:21.430000",
    "BandwidthPerPixelPhaseEncode": 13.889,
    "BaseResolution": 100,
    "ConversionSoftware": "dcm2niix",
    "ConversionSoftwareVersion": "v1.0.20180404 Clang8.0.0",
    "DerivedVendorReportedEchoSpacing": 0.000719994,
    "DeviceSerialNumber": "35002",
    "DwellTime": 2.8e-06,
    "EchoTime": 0.0436,
    "EffectiveEchoSpacing": 0.000719994,
    "FlipAngle": 55,
    "ImageComments": "Unaliased_MB8_PE3_(remote)",
    "ImageOrientationPatientDICOM": [
      1,
      -1e-16,
      0,
      1e-16,
      0.893371,
      0.449319
    ],
    "ImageType": [
      "ORIGINAL",
      "PRIMARY",
      "M",
      "MB",
      "ND",
      "MOSAIC"
    ],
    "InPlanePhaseEncodingDirectionDICOM": "COL",
    "InstitutionAddress": "University_Pkwy_1700_North_685_Provo_UT_US_84601",
    "InstitutionName": "Brigham_Young_University",
    "InstitutionalDepartmentName": "MRI",
    "MRAcquisitionType": "2D",
    "MagneticFieldStrength": 3,
    "Manufacturer": "Siemens",
    "ManufacturersModelName": "TrioTim",
    "Modality": "MR",
    "MultibandAccelerationFactor": 8,
    "PartialFourier": 1,
    "PatientPosition": "HFS",
    "PercentPhaseFOV": 100,
    "PhaseEncodingDirection": "j-",
    "PhaseEncodingSteps": 100,
    "PhaseResolution": 1,
    "PixelBandwidth": 1786,
    "ProcedureStepDescription": "Research_KIRWAN",
    "ProtocolName": "Resting_State",
    "PulseSequenceDetails": "%CustomerSeq%_cmrr_mbep2d_bold",
    "ReceiveCoilName": "32Ch_Head",
    "ReconMatrixPE": 100,
    "RepetitionTime": 0.875,
    "SAR": 0.118565,
    "ScanOptions": "FS",
    "ScanningSequence": "EP",
    "SequenceName": "epfid2d1_100",
    "SequenceVariant": "SK_SS",
    "SeriesDescription": "Resting_State",
    "SeriesNumber": 3,
    "ShimSetting": [
      -2834,
      -22921,
      2393,
      696,
      -6,
      558,
      -285,
      446
    ],
    "SliceThickness": 1.8,
    "SliceTiming": [
      0,
      0.4875,
      0.0975,
      0.585,
      0.195,
      0.6825,
      0.2925,
      0.78,
      0.39,
      0,
      0.4875,
      0.0975,
      0.585,
      0.195,
      0.6825,
      0.2925,
      0.78,
      0.39,
      0,
      0.4875,
      0.0975,
      0.585,
      0.195,
      0.6825,
      0.2925,
      0.78,
      0.39,
      0,
      0.4875,
      0.0975,
      0.585,
      0.195,
      0.6825,
      0.2925,
      0.78,
      0.39,
      0,
      0.4875,
      0.0975,
      0.585,
      0.195,
      0.6825,
      0.2925,
      0.78,
      0.39,
      0,
      0.4875,
      0.0975,
      0.585,
      0.195,
      0.6825,
      0.2925,
      0.78,
      0.39,
      0,
      0.4875,
      0.0975,
      0.585,
      0.195,
      0.6825,
      0.2925,
      0.78,
      0.39,
      0,
      0.4875,
      0.0975,
      0.585,
      0.195,
      0.6825,
      0.2925,
      0.78,
      0.39
    ],
    "SoftwareVersions": "syngo_MR_B17",
    "SpacingBetweenSlices": 1.8,
    "StationName": "MININT-E41B04",
    "TaskName": "rest",
    "TotalReadoutTime": 0.0712794,
    "TxRefAmp": 378.25,
    "dataset": "ds001747",
    "modality": "bold",
    "run_id": 1,
    "subject_id": "3916",
    "task_id": "rest"
  },
  "dummy_trs": 0,
  "dvars_nstd": 73.55995356433087,
  "dvars_std": 0.9899275928223845,
  "dvars_vstd": 0.9607979703041367,
  "efc": 0.6276630474361663,
  "fber": 176.1004180908203,
  "fd_mean": 0.14728879556449867,
  "fd_num": 171,
  "fd_perc": 20.77764277035237,
  "fwhm_avg": 2.922837052141887,
  "fwhm_x": 2.7199445164983675,
  "fwhm_y": 3.2253889743325175,
  "fwhm_z": 2.8231776655947765,
  "gcor": 0.0044283,
  "gsr_x": -0.01314843725413084,
  "gsr_y": 0.10167881846427917,
  "provenance": {
    "md5sum": "0aefbe107e749723a04f47b939d37af4",
    "settings": {
      "fd_thres": 0.2,
      "testing": false
    },
    "software": "mriqc",
    "version": "22.0.1",
    "webapi_port": null,
    "webapi_url": "https://mriqc.nimh.nih.gov/api/v1"
  },
  "size_t": 823,
  "size_x": 100,
  "size_y": 100,
  "size_z": 72,
  "snr": 2.6251761027870417,
  "spacing_tr": 0.875,
  "spacing_x": 1.7999999523162842,
  "spacing_y": 1.7999999523162842,
  "spacing_z": 1.8000000715255737,
  "summary_bg_k": 50.649432686972,
  "summary_bg_mad": 17.690346282362768,
  "summary_bg_mean": 44.59474182128906,
  "summary_bg_median": 25.68286895751953,
  "summary_bg_n": 411853.0,
  "summary_bg_p05": 11.543135643005371,
  "summary_bg_p95": 136.76574096679676,
  "summary_bg_stdv": 59.727901458740234,
  "summary_fg_k": 2.7518566259944404,
  "summary_fg_mad": 99.79734511515511,
  "summary_fg_mean": 369.00604248046875,
  "summary_fg_median": 346.3402404785156,
  "summary_fg_n": 202165.0,
  "summary_fg_p05": 199.013134765625,
  "summary_fg_p95": 616.9382934570312,
  "summary_fg_stdv": 131.92996215820312,
  "tsnr": 13.487567660631612
}