{
  "bids_meta": {
    "AcquisitionMatrixPE": 215,
    "AcquisitionNumber": 1,
    "AcquisitionTime": "10:50:25.140000",
    "BaseResolution": 256,
    "ConversionSoftware": "dcm2niix",
    "ConversionSoftwareVersion": "v1.0.20180404 Clang8.0.0",
    "DeviceSerialNumber": "35002",
    "DwellTime": 9.8e-06,
    "EchoTime": 0.00226,
    "FlipAngle": 9,
    "ImageOrientationPatientDICOM": [
      1e-16,
      1,
      0,
      -0.0366437,
      -1e-16,
      -0.999328
    ],
    "ImageType": [
      "ORIGINAL",
      "PRIMARY",
      "M",
      "ND",
      "NORM"
    ],
    "InPlanePhaseEncodingDirectionDICOM": "ROW",
    "InstitutionAddress": "University_Pkwy_1700_North_685_Provo_UT_US_84601",
    "InstitutionName": "Brigham_Young_University",
    "InstitutionalDepartmentName": "MRI",
    "InversionTime": 0.9,
    "MRAcquisitionType": "3D",
    "MagneticFieldStrength": 3,
    "Manufacturer": "Siemens",
    "ManufacturersModelName": "TrioTim",
    "Modality": "MR",
    "ParallelReductionFactorInPlane": 2,
    "PartialFourier": 0.875,
    "PatientPosition": "HFS",
    "PercentPhaseFOV": 87.5,
    "PhaseEncodingSteps": 226,
    "PhaseOversampling": 0.2,
    "PhaseResolution": 0.96,
    "PixelBandwidth": 199,
    "ProcedureStepDescription": "Research_KIRWAN",
    "ProtocolName": "t1_mpr_sag_iso_mprage_fast",
    "PulseSequenceDetails": "%SiemensSeq%_tfl",
    "ReceiveCoilName": "32Ch_Head",
    "ReconMatrixPE": 256,
    "RepetitionTime": 1.9,
    "SAR": 0.109107,
    "ScanOptions": "IR_PFP",
    "ScanningSequence": "GR_IR",
    "SequenceName": "_tfl3d1_ns",
    "SequenceVariant": "SP_MP_OSP",
    "SeriesDescription": "t1_mpr_sag_iso_mprage_fast",
    "SeriesNumber": 6,
    "ShimSetting": [
      -2830,
      -22913,
      1923,
      -81,
      -87,
      -38,
      -253,
      388
    ],
    "SliceThickness": 1,
    "SoftwareVersions": "syngo_MR_B17",
    "StationName": "MININT-E41B04",
    "TxRefAmp": 411.041,
    "dataset": "ds001747",
    "modality": "T1w",
    "run_id": 1,
    "subject_id": "3802"
  },
  "cjv": 0.29914331784091985,
  "cnr": 4.385399275862416,
  "efc": 0.5910806847964927,
  "fber": 29636.442267573693,
  "fwhm_avg": 4.5125813614116055,
  "fwhm_x": 4.097580244234814,
  "fwhm_y": 4.90640384,
  "fwhm_z": 4.53376,
  "icvs_csf": 0.1786840915805728,
  "icvs_gm": 0.4737081883056032,
  "icvs_wm": 0.347607720113824,
  "inu_med": 0.41058555245399475,
  "inu_range": 0.12860573232173916,
  "provenance": {
    "md5sum": "e7dd2dd066d44fe871d397391d390201",
    "settings": {
      "testing": false
    },
    "software": "mriqc",
    "version": "22.0.1",
    "warnings": {
      "large_rot_frame": true,
      "small_air_mask": false
    },
    "webapi_port": null,
    "webapi_url": "https://mriqc.nimh.nih.gov/api/v1"
  },
  "qi_1": 0.0,
  "qi_2": 0.011804252763792584,
  "rpve_csf": 24.4095446525185,
  "rpve_gm": 10.280173476384714,
  "rpve_wm": 15.356148860605558,
  "size_x": 176,
  "size_y": 224,
  "size_z": 256,
  "snr_csf": 2.6955235765123042,
  "snr_gm": 16.279651554471336,
  "snr_total": 14.974089980767365,
  "snr_wm": 25.947094811318458,
  "snrd_csf": 50.62525111458969,
  "snrd_gm": 128.63371862261857,
  "snrd_total": 117.81754501546631,
  "snrd_wm": 174.1936653091907,
  "spacing_x": 0.9999999403953552,
  "spacing_y": 0.9765625,
  "spacing_z": 0.9765625,
  "summary_bg_k": 8.044365408684275,
  "summary_bg_mad": 0.0,
  "summary_bg_mean": 1.8633958997062166,
  "summary_bg_median": 0.0,
  "summary_bg_n": 1619871.0,
  "summary_bg_p05": 0.0,
  "summary_bg_p95": 8.616219609975815,
  "summary_bg_stdv": 3.7611158860705345,
  "summary_csf_k": 1.0179542751979538,
  "summary_csf_mad": 66.71089294638178,
  "summary_csf_mean": 301.6884676420072,
  "summary_csf_median": 290.6378522142768,
  "summary_csf_n": 33338.0,
  "summary_csf_p05": 106.93885343242437,
  "summary_csf_p95": 505.37119755428273,
  "summary_csf_stdv": 107.82079435569457,
  "summary_gm_k": 0.11421786670242406,
  "summary_gm_mad": 45.83416846936691,
  "summary_gm_mean": 736.076764526653,
  "summary_gm_median": 738.4818224050105,
  "summary_gm_n": 52638.0,
  "summary_gm_p05": 658.2632222399116,
  "summary_gm_p95": 805.4569739103317,
  "summary_gm_stdv": 45.36183131311245,
  "summary_wm_k": 1.8142454841528632,
  "summary_wm_mad": 32.40919267253299,
  "summary_wm_mean": 1002.2215269380039,
  "summary_wm_median": 1000.0399334356189,
  "summary_wm_n": 175581.0,
  "summary_wm_p05": 945.1913132332265,
  "summary_wm_p95": 1067.7331032417715,
  "summary_wm_stdv": 38.54138942726975,
  "tpm_overlap_csf": 0.16488691591980664,
  "tpm_overlap_gm": 0.48254160351315334,
  "tpm_overlap_wm": 0.49360473947200817,
  "wm2max": 0.4467075528509335
}