{
  "aor": 0.0006940316686967113,
  "aqi": 0.017138169062119367,
  "bids_meta": {
    "AcquisitionMatrixPE": 100,
    "AcquisitionNumber": 1,
    "AcquisitionTime": "12:04:6.705000",
    "BandwidthPerPixelPhaseEncode": 13.889,
    "BaseResolution": 100,
    "ConversionSoftware": "dcm2niix",
    "ConversionSoftwareVersion": "v1.0.20180404 Clang8.0.0",
    "DerivedVendorReportedEchoSpacing": 0.000719994,
    "DeviceSerialNumber": "35002",
    "DwellTime": 2.8e-06,
    "EchoTime": 0.0436,
    "EffectiveEchoSpacing": 0.000719994,
    "FlipAngle": 55,
    "ImageComments": "Unaliased_MB8_PE3_(remote)",
    "ImageOrientationPatientDICOM": [
      1,
      0,
      0,
      0,
      0.848972,
      0.528438
    ],
    "ImageType": [
      "ORIGINAL",
      "PRIMARY",
      "M",
      "MB",
      "ND",
      "MOSAIC"
    ],
    "InPlanePhaseEncodingDirectionDICOM": "COL",
    "InstitutionAddress": "University_Pkwy_1700_North_685_Provo_UT_US_84601",
    "InstitutionName": "Brigham_Young_University",
    "InstitutionalDepartmentName": "MRI",
    "MRAcquisitionType": "2D",
    "MagneticFieldStrength": 3,
    "Manufacturer": "Siemens",
    "ManufacturersModelName": "TrioTim",
    "Modality": "MR",
    "MultibandAccelerationFactor": 8,
    "PartialFourier": 1,
    "PatientPosition": "HFS",
    "PercentPhaseFOV": 100,
    "PhaseEncodingDirection": "j-",
    "PhaseEncodingSteps": 100,
    "PhaseResolution": 1,
    "PixelBandwidth": 1786,
    "ProcedureStepDescription": "Research_KIRWAN",
    "ProtocolName": "Resting_State",
    "PulseSequenceDetails": "%CustomerSeq%_cmrr_mbep2d_bold",
    "ReceiveCoilName": "32Ch_Head",
    "ReconMatrixPE": 100,
    "RepetitionTime": 0.875,
    "SAR": 0.114402,
    "ScanOptions": "FS",
    "ScanningSequence": "EP",
    "SequenceName": "epfid2d1_100",
    "SequenceVariant": "SK_SS",
    "SeriesDescription": "Resting_State",
    "SeriesNumber": 3,
    "ShimSetting": [
      -2819,
      -22906,
      2448,
      913,
      2,
      339,
      -169,
      383
    ],
    "SliceThickness": 1.8,
    "SliceTiming": [
      0,
      0.4875,
      0.0975,
      0.585,
      0.195,
      0.6825,
      0.2925,
      0.78,
      0.39,
      0,
      0.4875,
      0.0975,
      0.585,
      0.195,
      0.6825,
      0.2925,
      0.78,
      0.39,
      0,
      0.4875,
      0.0975,
      0.585,
      0.195,
      0.6825,
      0.2925,
      0.78,
      0.39,
      0,
      0.4875,
      0.0975,
      0.585,
      0.195,
      0.6825,
      0.2925,
      0.78,
      0.39,
      0,
      0.4875,
      0.0975,
      0.585,
      0.195,
      0.6825,
      0.2925,
      0.78,
      0.39,
      0,
      0.4875,
      0.0975,
      0.585,
      0.195,
      0.6825,
      0.2925,
      0.78,
      0.39,
      0,
      0.4875,
      0.0975,
      0.585,
      0.195,
      0.6825,
      0.2925,
      0.78,
      0.39,
      0,
      0.4875,
      0.0975,
      0.585,
      0.195,
      0.6825,
      0.2925,
      0.78,
      0.39
    ],
    "SoftwareVersions": "syngo_MR_B17",
    "SpacingBetweenSlices": 1.8,
    "StationName": "MININT-E41B04",
    "TaskName": "rest",
    "TotalReadoutTime": 0.0712794,
    "TxRefAmp": 320.005,
    "dataset": "ds001747",
    "modality": "bold",
    "run_id": 1,
    "subject_id": "4105",
    "task_id": "rest"
  },
  "dummy_trs": 2,
  "dvars_nstd": 64.78990619013419,
  "dvars_std": 1.0595477944390232,
  "dvars_vstd": 1.00104542247561,
  "efc": 0.5599781732177145,
  "fber": 396.9080505371094,
  "fd_mean": 0.09017109599794418,
  "fd_num": 19,
  "fd_perc": 2.3142509135200973,
  "fwhm_avg": 3.8676556580134402,
  "fwhm_x": 3.681905653092746,
  "fwhm_y": 4.263061224043667,
  "fwhm_z": 3.6580000969039093,
  "gcor": 0.00464421,
  "gsr_x": -0.01920105144381523,
  "gsr_y": 0.08816252648830414,
  "provenance": {
    "md5sum": "a5c1ffae21846da8beb6be616857fe21",
    "settings": {
      "fd_thres": 0.2,
      "testing": false
    },
    "software": "mriqc",
    "version": "22.0.1",
    "webapi_port": null,
    "webapi_url": "https://mriqc.nimh.nih.gov/api/v1"
  },
  "size_t": 821,
  "size_x": 100,
  "size_y": 100,
  "size_z": 72,
  "snr": 1.6203770587485051,
  "spacing_tr": 0.875,
  "spacing_x": 1.7999999523162842,
  "spacing_y": 1.7999999523162842,
  "spacing_z": 1.7999999523162842,
  "summary_bg_k": 22.505647306394653,
  "summary_bg_mad": 11.375045854926283,
  "summary_bg_mean": 34.67759704589844,
  "summary_bg_median": 19.20462989807129,
  "summary_bg_n": 409876.0,
  "summary_bg_p05": 10.578563690185547,
  "summary_bg_p95": 112.15103912353516,
  "summary_bg_stdv": 43.06873321533203,
  "summary_fg_k": 5.985683229529856,
  "summary_fg_mad": 147.03045108948285,
  "summary_fg_mean": 460.0638732910156,
  "summary_fg_median": 388.2424011230469,
  "summary_fg_n": 206940.0,
  "summary_fg_p05": 228.89982681274415,
  "summary_fg_p95": 954.8121917724608,
  "summary_fg_stdv": 239.59945678710938,
  "tsnr": 19.72720097831916
}