{
  "bids_meta": {
    "AcquisitionMatrixPE": 215,
    "AcquisitionNumber": 1,
    "AcquisitionTime": "17:30:12.655000",
    "BaseResolution": 256,
    "ConversionSoftware": "dcm2niix",
    "ConversionSoftwareVersion": "v1.0.20180404 Clang8.0.0",
    "DeviceSerialNumber": "35002",
    "DwellTime": 9.8e-06,
    "EchoTime": 0.00226,
    "FlipAngle": 9,
    "ImageOrientationPatientDICOM": [
      0,
      1,
      0,
      0,
      0,
      -1
    ],
    "ImageType": [
      "ORIGINAL",
      "PRIMARY",
      "M",
      "ND",
      "NORM"
    ],
    "InPlanePhaseEncodingDirectionDICOM": "ROW",
    "InstitutionAddress": "University_Pkwy_1700_North_685_Provo_UT_US_84601",
    "InstitutionName": "Brigham_Young_University",
    "InstitutionalDepartmentName": "MRI",
    "InversionTime": 0.9,
    "MRAcquisitionType": "3D",
    "MagneticFieldStrength": 3,
    "Manufacturer": "Siemens",
    "ManufacturersModelName": "TrioTim",
    "Modality": "MR",
    "ParallelReductionFactorInPlane": 2,
    "PartialFourier": 0.875,
    "PatientPosition": "HFS",
    "PercentPhaseFOV": 87.5,
    "PhaseEncodingSteps": 226,
    "PhaseOversampling": 0.2,
    "PhaseResolution": 0.96,
    "PixelBandwidth": 199,
    "ProcedureStepDescription": "Research_KIRWAN",
    "ProtocolName": "t1_mpr_sag_iso_mprage_fast",
    "PulseSequenceDetails": "%SiemensSeq%_tfl",
    "ReceiveCoilName": "32Ch_Head",
    "ReconMatrixPE": 256,
    "RepetitionTime": 1.9,
    "SAR": 0.106391,
    "ScanOptions": "IR_PFP",
    "ScanningSequence": "GR_IR",
    "SequenceName": "_tfl3d1_ns",
    "SequenceVariant": "SP_MP_OSP",
    "SeriesDescription": "t1_mpr_sag_iso_mprage_fast",
    "SeriesNumber": 6,
    "ShimSetting": [
      -2830,
      -22913,
      1923,
      -81,
      -87,
      -38,
      -253,
      388
    ],
    "SliceThickness": 1,
    "SoftwareVersions": "syngo_MR_B17",
    "StationName": "MININT-E41B04",
    "TxRefAmp": 391.032,
    "dataset": "ds001747",
    "modality": "T1w",
    "run_id": 1,
    "subject_id": "3937"
  },
  "cjv": 0.3252945480274143,
  "cnr": 4.243239000698503,
  "efc": 0.5175524315873113,
  "fber": -1.0,
  "fwhm_avg": 4.461840453333333,
  "fwhm_x": 4.31709,
  "fwhm_y": 4.6240255999999995,
  "fwhm_z": 4.4444057599999995,
  "icvs_csf": 0.19364381348766602,
  "icvs_gm": 0.46647225945503523,
  "icvs_wm": 0.33988392705729875,
  "inu_med": 0.3890504539012909,
  "inu_range": 0.12358053028583527,
  "provenance": {
    "md5sum": "9764e9161018e23655e8d183eed51d6b",
    "settings": {
      "testing": false
    },
    "software": "mriqc",
    "version": "22.0.1",
    "warnings": {
      "large_rot_frame": true,
      "small_air_mask": false
    },
    "webapi_port": null,
    "webapi_url": "https://mriqc.nimh.nih.gov/api/v1"
  },
  "qi_1": 0.0,
  "qi_2": 0.023426847147108805,
  "rpve_csf": 24.83960102172529,
  "rpve_gm": 11.19097093744482,
  "rpve_wm": 16.734169178434662,
  "size_x": 176,
  "size_y": 224,
  "size_z": 256,
  "snr_csf": 2.466802216916783,
  "snr_gm": 15.985972480887044,
  "snr_total": 15.309379769918161,
  "snr_wm": 27.475364611950656,
  "snrd_csf": 48.54408731986849,
  "snrd_gm": 118.13621474697565,
  "snrd_total": 108.21428133286605,
  "snrd_wm": 157.96254193175403,
  "spacing_x": 1.0,
  "spacing_y": 0.9765625,
  "spacing_z": 0.9765625,
  "summary_bg_k": 17.09774411366644,
  "summary_bg_mad": 0.0,
  "summary_bg_mean": 1.7907916101271066,
  "summary_bg_median": 0.0,
  "summary_bg_n": 3196990.0,
  "summary_bg_p05": 0.0,
  "summary_bg_p95": 8.846120443195105,
  "summary_bg_stdv": 4.147595036201266,
  "summary_csf_k": 0.2643923149620191,
  "summary_csf_mad": 96.34930906409134,
  "summary_csf_mean": 316.2280495270074,
  "summary_csf_median": 307.3271697387099,
  "summary_csf_n": 35763.0,
  "summary_csf_p05": 85.74264058843255,
  "summary_csf_p95": 536.4157981332393,
  "summary_csf_stdv": 124.5835077013757,
  "summary_gm_k": 0.12297328212648706,
  "summary_gm_mad": 46.57523041079581,
  "summary_gm_mean": 747.1750662070584,
  "summary_gm_median": 747.9071196168661,
  "summary_gm_n": 56959.0,
  "summary_gm_p05": 669.8886524885893,
  "summary_gm_p95": 822.6028976030648,
  "summary_gm_stdv": 46.784801811154146,
  "summary_wm_k": 0.2852127600631884,
  "summary_wm_mad": 35.44323852689681,
  "summary_wm_mean": 1001.3453097835802,
  "summary_wm_median": 1000.0431281514466,
  "summary_wm_n": 175896.0,
  "summary_wm_p05": 943.5897765913978,
  "summary_wm_p95": 1062.9584628157318,
  "summary_wm_stdv": 36.397707530368194,
  "tpm_overlap_csf": 0.14980821198353172,
  "tpm_overlap_gm": 0.48065786958682566,
  "tpm_overlap_wm": 0.502721169457927,
  "wm2max": 0.4203319125782171
}