{
  "bids_meta": {
    "AcquisitionMatrixPE": 215,
    "AcquisitionNumber": 1,
    "AcquisitionTime": "12:29:7.042500",
    "BaseResolution": 256,
    "ConversionSoftware": "dcm2niix",
    "ConversionSoftwareVersion": "v1.0.20180404 Clang8.0.0",
    "DeviceSerialNumber": "35002",
    "DwellTime": 9.8e-06,
    "EchoTime": 0.00226,
    "FlipAngle": 9,
    "ImageOrientationPatientDICOM": [
      0,
      1,
      0,
      0,
      0,
      -1
    ],
    "ImageType": [
      "ORIGINAL",
      "PRIMARY",
      "M",
      "ND",
      "NORM"
    ],
    "InPlanePhaseEncodingDirectionDICOM": "ROW",
    "InstitutionAddress": "University_Pkwy_1700_North_685_Provo_UT_US_84601",
    "InstitutionName": "Brigham_Young_University",
    "InstitutionalDepartmentName": "MRI",
    "InversionTime": 0.9,
    "MRAcquisitionType": "3D",
    "MagneticFieldStrength": 3,
    "Manufacturer": "Siemens",
    "ManufacturersModelName": "TrioTim",
    "Modality": "MR",
    "ParallelReductionFactorInPlane": 2,
    "PartialFourier": 0.875,
    "PatientPosition": "HFS",
    "PercentPhaseFOV": 87.5,
    "PhaseEncodingSteps": 226,
    "PhaseOversampling": 0.2,
    "PhaseResolution": 0.96,
    "PixelBandwidth": 199,
    "ProcedureStepDescription": "Research_KIRWAN",
    "ProtocolName": "t1_mpr_sag_iso_mprage_fast",
    "PulseSequenceDetails": "%SiemensSeq%_tfl",
    "ReceiveCoilName": "32Ch_Head",
    "ReconMatrixPE": 256,
    "RepetitionTime": 1.9,
    "SAR": 0.116739,
    "ScanOptions": "IR_PFP",
    "ScanningSequence": "GR_IR",
    "SequenceName": "_tfl3d1_ns",
    "SequenceVariant": "SP_MP_OSP",
    "SeriesDescription": "t1_mpr_sag_iso_mprage_fast",
    "SeriesNumber": 6,
    "ShimSetting": [
      -2830,
      -22913,
      1923,
      -81,
      -87,
      -38,
      -253,
      388
    ],
    "SliceThickness": 1,
    "SoftwareVersions": "syngo_MR_B17",
    "StationName": "MININT-E41B04",
    "TxRefAmp": 393.39,
    "dataset": "ds001747",
    "modality": "T1w",
    "run_id": 1,
    "subject_id": "3881"
  },
  "cjv": 0.30800086538732385,
  "cnr": 4.406244450513221,
  "efc": 0.6249045173592385,
  "fber": -1.0,
  "fwhm_avg": 4.398264026666666,
  "fwhm_x": 4.16217,
  "fwhm_y": 4.57086976,
  "fwhm_z": 4.4617523199999995,
  "icvs_csf": 0.16772418622018867,
  "icvs_gm": 0.49159694675747234,
  "icvs_wm": 0.34067886702233896,
  "inu_med": 0.4188646674156189,
  "inu_range": 0.14270056784152985,
  "provenance": {
    "md5sum": "f8e0a4e29405a2ad050f465d4a19130b",
    "settings": {
      "testing": false
    },
    "software": "mriqc",
    "version": "22.0.1",
    "warnings": {
      "large_rot_frame": true,
      "small_air_mask": false
    },
    "webapi_port": null,
    "webapi_url": "https://mriqc.nimh.nih.gov/api/v1"
  },
  "qi_1": 2.5905209495847018e-05,
  "qi_2": 0.008785644194509279,
  "rpve_csf": 22.7597341621629,
  "rpve_gm": 8.95786442488143,
  "rpve_wm": 13.947284779669578,
  "size_x": 176,
  "size_y": 224,
  "size_z": 256,
  "snr_csf": 2.7876754526941365,
  "snr_gm": 16.961099913808535,
  "snr_total": 15.693794991865227,
  "snr_wm": 27.33260960909301,
  "snrd_csf": 46.27753073691734,
  "snrd_gm": 115.36928018814375,
  "snrd_total": 105.36195466106064,
  "snrd_wm": 154.4390530581208,
  "spacing_x": 1.0,
  "spacing_y": 0.9765625,
  "spacing_z": 0.9765625,
  "summary_bg_k": 23.007502395636042,
  "summary_bg_mad": 0.0,
  "summary_bg_mean": 1.716044401501239,
  "summary_bg_median": 0.0,
  "summary_bg_n": 2154983.0,
  "summary_bg_p05": 0.0,
  "summary_bg_p95": 10.416286122053862,
  "summary_bg_stdv": 4.242193549732326,
  "summary_csf_k": 1.064653927526697,
  "summary_csf_mad": 71.68900137576274,
  "summary_csf_mean": 313.16878463762873,
  "summary_csf_median": 299.66010496392846,
  "summary_csf_n": 28091.0,
  "summary_csf_p05": 134.57110702246428,
  "summary_csf_p95": 522.8427407685667,
  "summary_csf_stdv": 107.49270360299901,
  "summary_gm_k": 0.1529550983207506,
  "summary_gm_mad": 43.9454120300405,
  "summary_gm_mean": 745.1323713948374,
  "summary_gm_median": 747.0487309992313,
  "summary_gm_n": 74971.0,
  "summary_gm_p05": 670.077858813107,
  "summary_gm_p95": 813.8226072974503,
  "summary_gm_stdv": 44.044534406821285,
  "summary_wm_k": 0.6535573694462675,
  "summary_wm_mad": 33.97505960892157,
  "summary_wm_mean": 1001.187222887579,
  "summary_wm_median": 1000.0365644618869,
  "summary_wm_n": 204659.0,
  "summary_wm_p05": 943.350038934499,
  "summary_wm_p95": 1063.2652486413717,
  "summary_wm_stdv": 36.587582948853225,
  "tpm_overlap_csf": 0.1411980162856504,
  "tpm_overlap_gm": 0.4810346278226138,
  "tpm_overlap_wm": 0.4922743350094165,
  "wm2max": 0.516247314462573
}