{
  "bids_meta": {
    "AcquisitionMatrixPE": 215,
    "AcquisitionNumber": 1,
    "AcquisitionTime": "16:21:57.040000",
    "BaseResolution": 256,
    "ConversionSoftware": "dcm2niix",
    "ConversionSoftwareVersion": "v1.0.20180404 Clang8.0.0",
    "DeviceSerialNumber": "35002",
    "DwellTime": 9.8e-06,
    "EchoTime": 0.00226,
    "FlipAngle": 9,
    "ImageOrientationPatientDICOM": [
      0.0401318,
      0.999194,
      0,
      0,
      0,
      -1
    ],
    "ImageType": [
      "ORIGINAL",
      "PRIMARY",
      "M",
      "ND",
      "NORM"
    ],
    "InPlanePhaseEncodingDirectionDICOM": "ROW",
    "InstitutionAddress": "University_Pkwy_1700_North_685_Provo_UT_US_84601",
    "InstitutionName": "Brigham_Young_University",
    "InstitutionalDepartmentName": "MRI",
    "InversionTime": 0.9,
    "MRAcquisitionType": "3D",
    "MagneticFieldStrength": 3,
    "Manufacturer": "Siemens",
    "ManufacturersModelName": "TrioTim",
    "Modality": "MR",
    "ParallelReductionFactorInPlane": 2,
    "PartialFourier": 0.875,
    "PatientPosition": "HFS",
    "PercentPhaseFOV": 87.5,
    "PhaseEncodingSteps": 226,
    "PhaseOversampling": 0.2,
    "PhaseResolution": 0.96,
    "PixelBandwidth": 199,
    "ProcedureStepDescription": "Research_KIRWAN",
    "ProtocolName": "t1_mpr_sag_iso_mprage_fast",
    "PulseSequenceDetails": "%SiemensSeq%_tfl",
    "ReceiveCoilName": "32Ch_Head",
    "ReconMatrixPE": 256,
    "RepetitionTime": 1.9,
    "SAR": 0.09834,
    "ScanOptions": "IR_PFP",
    "ScanningSequence": "GR_IR",
    "SequenceName": "_tfl3d1_ns",
    "SequenceVariant": "SP_MP_OSP",
    "SeriesDescription": "t1_mpr_sag_iso_mprage_fast",
    "SeriesNumber": 6,
    "ShimSetting": [
      -2830,
      -22913,
      1923,
      -81,
      -87,
      -38,
      -253,
      388
    ],
    "SliceThickness": 1,
    "SoftwareVersions": "syngo_MR_B17",
    "StationName": "MININT-E41B04",
    "TxRefAmp": 374.592,
    "dataset": "ds001747",
    "modality": "T1w",
    "run_id": 1,
    "subject_id": "3890"
  },
  "cjv": 0.32159296514807517,
  "cnr": 4.20082268677876,
  "efc": 0.5637385502961376,
  "fber": -1.0,
  "fwhm_avg": 4.445902776830179,
  "fwhm_x": 4.156473130490537,
  "fwhm_y": 4.76171264,
  "fwhm_z": 4.419522560000001,
  "icvs_csf": 0.18482914077694415,
  "icvs_gm": 0.4602343265936686,
  "icvs_wm": 0.35493653262938724,
  "inu_med": 0.384917289018631,
  "inu_range": 0.12022677063941956,
  "provenance": {
    "md5sum": "c939da2f6c7da4a0abe1e4d42c2ef288",
    "settings": {
      "testing": false
    },
    "software": "mriqc",
    "version": "22.0.1",
    "warnings": {
      "large_rot_frame": true,
      "small_air_mask": false
    },
    "webapi_port": null,
    "webapi_url": "https://mriqc.nimh.nih.gov/api/v1"
  },
  "qi_1": 0.0,
  "qi_2": 0.007366254304008929,
  "rpve_csf": 24.32625177524489,
  "rpve_gm": 10.803193217238071,
  "rpve_wm": 15.657916211999462,
  "size_x": 176,
  "size_y": 224,
  "size_z": 256,
  "snr_csf": 2.5611891945323078,
  "snr_gm": 14.55351014316442,
  "snr_total": 15.881087790595254,
  "snr_wm": 30.52856403408903,
  "snrd_csf": 46.79864190051561,
  "snrd_gm": 118.33007120864909,
  "snrd_total": 108.03758639204084,
  "snrd_wm": 158.98404606695783,
  "spacing_x": 0.9999968409538269,
  "spacing_y": 0.9765625,
  "spacing_z": 0.9765625,
  "summary_bg_k": 26.235931069393008,
  "summary_bg_mad": 0.0,
  "summary_bg_mean": 1.7036672692106438,
  "summary_bg_median": 0.0,
  "summary_bg_n": 2220720.0,
  "summary_bg_p05": 0.0,
  "summary_bg_p95": 8.42992588877678,
  "summary_bg_stdv": 4.120941709642917,
  "summary_csf_k": 4.157859031228918,
  "summary_csf_mad": 83.67562859028365,
  "summary_csf_mean": 300.8294672914537,
  "summary_csf_median": 294.37301203608513,
  "summary_csf_n": 29525.0,
  "summary_csf_p05": 89.18861590325832,
  "summary_csf_p95": 504.23601703718305,
  "summary_csf_stdv": 114.93412024145434,
  "summary_gm_k": -0.06156671550263093,
  "summary_gm_mad": 51.68016791946571,
  "summary_gm_mean": 744.0130533356721,
  "summary_gm_median": 744.3203063495457,
  "summary_gm_n": 60008.0,
  "summary_gm_p05": 659.9367482028902,
  "summary_gm_p95": 827.7196706486864,
  "summary_gm_stdv": 51.143270397279004,
  "summary_wm_k": 0.7402284028839388,
  "summary_wm_mad": 30.55816458599605,
  "summary_wm_mean": 1001.2691034292448,
  "summary_wm_median": 1000.0421081855893,
  "summary_wm_n": 205498.0,
  "summary_wm_p05": 949.8418995179236,
  "summary_wm_p95": 1056.6553829731417,
  "summary_wm_stdv": 32.75750781627984,
  "tpm_overlap_csf": 0.14570636914008447,
  "tpm_overlap_gm": 0.4797292848457057,
  "tpm_overlap_wm": 0.5209461061885917,
  "wm2max": 0.40733428331072846
}