{
  "aor": 0.00038838199513382,
  "aqi": 0.029384179927007297,
  "bids_meta": {
    "AcquisitionMatrixPE": 100,
    "AcquisitionNumber": 1,
    "AcquisitionTime": "10:28:56.072500",
    "BandwidthPerPixelPhaseEncode": 13.889,
    "BaseResolution": 100,
    "ConversionSoftware": "dcm2niix",
    "ConversionSoftwareVersion": "v1.0.20180404 Clang8.0.0",
    "DerivedVendorReportedEchoSpacing": 0.000719994,
    "DeviceSerialNumber": "35002",
    "DwellTime": 2.8e-06,
    "EchoTime": 0.0436,
    "EffectiveEchoSpacing": 0.000719994,
    "FlipAngle": 55,
    "ImageComments": "Unaliased_MB8_PE3_(remote)",
    "ImageOrientationPatientDICOM": [
      1,
      0,
      0,
      0,
      0.888617,
      0.45865
    ],
    "ImageType": [
      "ORIGINAL",
      "PRIMARY",
      "M",
      "MB",
      "ND",
      "MOSAIC"
    ],
    "InPlanePhaseEncodingDirectionDICOM": "COL",
    "InstitutionAddress": "University_Pkwy_1700_North_685_Provo_UT_US_84601",
    "InstitutionName": "Brigham_Young_University",
    "InstitutionalDepartmentName": "MRI",
    "MRAcquisitionType": "2D",
    "MagneticFieldStrength": 3,
    "Manufacturer": "Siemens",
    "ManufacturersModelName": "TrioTim",
    "Modality": "MR",
    "MultibandAccelerationFactor": 8,
    "PartialFourier": 1,
    "PatientPosition": "HFS",
    "PercentPhaseFOV": 100,
    "PhaseEncodingDirection": "j-",
    "PhaseEncodingSteps": 100,
    "PhaseResolution": 1,
    "PixelBandwidth": 1786,
    "ProcedureStepDescription": "Research_KIRWAN",
    "ProtocolName": "Resting_State",
    "PulseSequenceDetails": "%CustomerSeq%_cmrr_mbep2d_bold",
    "ReceiveCoilName": "32Ch_Head",
    "ReconMatrixPE": 100,
    "RepetitionTime": 0.875,
    "SAR": 0.185504,
    "ScanOptions": "FS",
    "ScanningSequence": "EP",
    "SequenceName": "epfid2d1_100",
    "SequenceVariant": "SK_SS",
    "SeriesDescription": "Resting_State",
    "SeriesNumber": 3,
    "ShimSetting": [
      -2820,
      -23431,
      2716,
      1716,
      -73,
      -620,
      1282,
      323
    ],
    "SliceThickness": 1.8,
    "SliceTiming": [
      0,
      0.4875,
      0.0975,
      0.5875,
      0.195,
      0.685,
      0.2925,
      0.7825,
      0.39,
      0,
      0.4875,
      0.0975,
      0.5875,
      0.195,
      0.685,
      0.2925,
      0.7825,
      0.39,
      0,
      0.4875,
      0.0975,
      0.5875,
      0.195,
      0.685,
      0.2925,
      0.7825,
      0.39,
      0,
      0.4875,
      0.0975,
      0.5875,
      0.195,
      0.685,
      0.2925,
      0.7825,
      0.39,
      0,
      0.4875,
      0.0975,
      0.5875,
      0.195,
      0.685,
      0.2925,
      0.7825,
      0.39,
      0,
      0.4875,
      0.0975,
      0.5875,
      0.195,
      0.685,
      0.2925,
      0.7825,
      0.39,
      0,
      0.4875,
      0.0975,
      0.5875,
      0.195,
      0.685,
      0.2925,
      0.7825,
      0.39,
      0,
      0.4875,
      0.0975,
      0.5875,
      0.195,
      0.685,
      0.2925,
      0.7825,
      0.39
    ],
    "SoftwareVersions": "syngo_MR_B17",
    "SpacingBetweenSlices": 1.8,
    "StationName": "MININT-E41B04",
    "TaskName": "rest",
    "TotalReadoutTime": 0.0712794,
    "TxRefAmp": 375.397,
    "dataset": "ds001747",
    "modality": "bold",
    "run_id": 1,
    "subject_id": "3962",
    "task_id": "rest"
  },
  "dummy_trs": 1,
  "dvars_nstd": 74.33387708028017,
  "dvars_std": 1.0160420059683302,
  "dvars_vstd": 0.9863153983678438,
  "efc": 0.5940495167395727,
  "fber": 228.2478485107422,
  "fd_mean": 0.17507727460903974,
  "fd_num": 308,
  "fd_perc": 37.469586374695865,
  "fwhm_avg": 2.4716149917020136,
  "fwhm_x": 2.3680611738433086,
  "fwhm_y": 2.7305891420645714,
  "fwhm_z": 2.31619465919816,
  "gcor": 0.00305642,
  "gsr_x": 0.039517246186733246,
  "gsr_y": -0.018128883093595505,
  "provenance": {
    "md5sum": "d59f4eaea65ce05ac6af995ef40b5739",
    "settings": {
      "fd_thres": 0.2,
      "testing": false
    },
    "software": "mriqc",
    "version": "22.0.1",
    "webapi_port": null,
    "webapi_url": "https://mriqc.nimh.nih.gov/api/v1"
  },
  "size_t": 822,
  "size_x": 100,
  "size_y": 100,
  "size_z": 72,
  "snr": 2.815209720520061,
  "spacing_tr": 0.875,
  "spacing_x": 1.7999999523162842,
  "spacing_y": 1.7999998331069946,
  "spacing_z": 1.7999998331069946,
  "summary_bg_k": 19.80113921435171,
  "summary_bg_mad": 10.372804459010972,
  "summary_bg_mean": 36.01845169067383,
  "summary_bg_median": 21.02798080444336,
  "summary_bg_n": 455774.0,
  "summary_bg_p05": 11.530413627624512,
  "summary_bg_p95": 114.9546810150145,
  "summary_bg_stdv": 41.224788665771484,
  "summary_fg_k": 3.222137152666133,
  "summary_fg_mad": 92.49667842291242,
  "summary_fg_mean": 341.0127868652344,
  "summary_fg_median": 321.4622802734375,
  "summary_fg_n": 165471.0,
  "summary_fg_p05": 186.92335510253906,
  "summary_fg_p95": 549.3302612304688,
  "summary_fg_stdv": 114.18733978271484,
  "tsnr": 16.04689965583384
}