{
  "bids_meta": {
    "AcquisitionMatrixPE": 215,
    "AcquisitionNumber": 1,
    "AcquisitionTime": "11:30:7.015000",
    "BaseResolution": 256,
    "ConversionSoftware": "dcm2niix",
    "ConversionSoftwareVersion": "v1.0.20180404 Clang8.0.0",
    "DeviceSerialNumber": "35002",
    "DwellTime": 9.8e-06,
    "EchoTime": 0.00226,
    "FlipAngle": 9,
    "ImageOrientationPatientDICOM": [
      0,
      1,
      0,
      0.0436194,
      0,
      -0.999048
    ],
    "ImageType": [
      "ORIGINAL",
      "PRIMARY",
      "M",
      "ND",
      "NORM"
    ],
    "InPlanePhaseEncodingDirectionDICOM": "ROW",
    "InstitutionAddress": "University_Pkwy_1700_North_685_Provo_UT_US_84601",
    "InstitutionName": "Brigham_Young_University",
    "InstitutionalDepartmentName": "MRI",
    "InversionTime": 0.9,
    "MRAcquisitionType": "3D",
    "MagneticFieldStrength": 3,
    "Manufacturer": "Siemens",
    "ManufacturersModelName": "TrioTim",
    "Modality": "MR",
    "ParallelReductionFactorInPlane": 2,
    "PartialFourier": 0.875,
    "PatientPosition": "HFS",
    "PercentPhaseFOV": 87.5,
    "PhaseEncodingSteps": 226,
    "PhaseOversampling": 0.2,
    "PhaseResolution": 0.96,
    "PixelBandwidth": 199,
    "ProcedureStepDescription": "Research_KIRWAN",
    "ProtocolName": "t1_mpr_sag_iso_mprage_fast",
    "PulseSequenceDetails": "%SiemensSeq%_tfl",
    "ReceiveCoilName": "32Ch_Head",
    "ReconMatrixPE": 256,
    "RepetitionTime": 1.9,
    "SAR": 0.108891,
    "ScanOptions": "IR_PFP",
    "ScanningSequence": "GR_IR",
    "SequenceName": "_tfl3d1_ns",
    "SequenceVariant": "SP_MP_OSP",
    "SeriesDescription": "t1_mpr_sag_iso_mprage_fast",
    "SeriesNumber": 6,
    "ShimSetting": [
      -2830,
      -22913,
      1923,
      -81,
      -87,
      -38,
      -253,
      388
    ],
    "SliceThickness": 1,
    "SoftwareVersions": "syngo_MR_B17",
    "StationName": "MININT-E41B04",
    "TxRefAmp": 412.52,
    "dataset": "ds001747",
    "modality": "T1w",
    "run_id": 1,
    "subject_id": "3927"
  },
  "cjv": 0.31192105730753245,
  "cnr": 4.348535735059857,
  "efc": 0.5751711590134936,
  "fber": -1.0,
  "fwhm_avg": 4.798603300655835,
  "fwhm_x": 4.530819181967508,
  "fwhm_y": 5.19942144,
  "fwhm_z": 4.66556928,
  "icvs_csf": 0.19342811588192063,
  "icvs_gm": 0.4453980043262639,
  "icvs_wm": 0.3611738797918154,
  "inu_med": 0.3555467873811722,
  "inu_range": 0.11712252497673037,
  "provenance": {
    "md5sum": "ce18340433b439b492fefebeb82384ff",
    "settings": {
      "testing": false
    },
    "software": "mriqc",
    "version": "22.0.1",
    "warnings": {
      "large_rot_frame": true,
      "small_air_mask": false
    },
    "webapi_port": null,
    "webapi_url": "https://mriqc.nimh.nih.gov/api/v1"
  },
  "qi_1": 0.0,
  "qi_2": 0.034132354450239495,
  "rpve_csf": 18.220500613326966,
  "rpve_gm": 8.579573480216615,
  "rpve_wm": 12.069978151830886,
  "size_x": 176,
  "size_y": 224,
  "size_z": 256,
  "snr_csf": 3.25064755607766,
  "snr_gm": 16.02420191744222,
  "snr_total": 16.17820184636017,
  "snr_wm": 29.25975606556063,
  "snrd_csf": 55.82490514568829,
  "snrd_gm": 140.52346986248057,
  "snrd_total": 128.07355064692456,
  "snrd_wm": 187.87227693260482,
  "spacing_x": 0.9999979734420776,
  "spacing_y": 0.9765625,
  "spacing_z": 0.9765625,
  "summary_bg_k": 10.826646401208908,
  "summary_bg_mad": 0.0,
  "summary_bg_mean": 1.5870050199090562,
  "summary_bg_median": 0.0,
  "summary_bg_n": 3034375.0,
  "summary_bg_p05": 0.0,
  "summary_bg_p95": 9.003621630370617,
  "summary_bg_stdv": 3.4872531209272712,
  "summary_csf_k": 2.941669106745045,
  "summary_csf_mad": 59.01051551925999,
  "summary_csf_mean": 314.32232173478786,
  "summary_csf_median": 297.1527374982834,
  "summary_csf_n": 46841.0,
  "summary_csf_p05": 199.4086237102747,
  "summary_csf_p95": 493.20576790720224,
  "summary_csf_stdv": 91.41242180988642,
  "summary_gm_k": 0.23314414743194467,
  "summary_gm_mad": 45.809498691913014,
  "summary_gm_mean": 746.2548796222629,
  "summary_gm_median": 747.9982929378748,
  "summary_gm_n": 61630.0,
  "summary_gm_p05": 667.5786754567176,
  "summary_gm_p95": 819.5804072689264,
  "summary_gm_stdv": 46.67890658815135,
  "summary_wm_k": 0.6976005055217143,
  "summary_wm_mad": 32.80551196646674,
  "summary_wm_mean": 1000.8482996807754,
  "summary_wm_median": 1000.033251196146,
  "summary_wm_n": 274362.0,
  "summary_wm_p05": 946.9750085994601,
  "summary_wm_p95": 1057.3109031915665,
  "summary_wm_stdv": 34.17770901723743,
  "tpm_overlap_csf": 0.18809191996939464,
  "tpm_overlap_gm": 0.476101358402568,
  "tpm_overlap_wm": 0.5063315249367757,
  "wm2max": 0.5237722246147142
}