{
  "aor": 0.0002541778319123021,
  "aqi": 0.02646846784409257,
  "bids_meta": {
    "AcquisitionMatrixPE": 100,
    "AcquisitionNumber": 1,
    "AcquisitionTime": "13:55:55.122500",
    "BandwidthPerPixelPhaseEncode": 13.889,
    "BaseResolution": 100,
    "ConversionSoftware": "dcm2niix",
    "ConversionSoftwareVersion": "v1.0.20180404 Clang8.0.0",
    "DerivedVendorReportedEchoSpacing": 0.000719994,
    "DeviceSerialNumber": "35002",
    "DwellTime": 2.8e-06,
    "EchoTime": 0.0436,
    "EffectiveEchoSpacing": 0.000719994,
    "FlipAngle": 55,
    "ImageComments": "Unaliased_MB8_PE3_(remote)",
    "ImageOrientationPatientDICOM": [
      1,
      0,
      0,
      0,
      0.888617,
      0.45865
    ],
    "ImageType": [
      "ORIGINAL",
      "PRIMARY",
      "M",
      "MB",
      "ND",
      "MOSAIC"
    ],
    "InPlanePhaseEncodingDirectionDICOM": "COL",
    "InstitutionAddress": "University_Pkwy_1700_North_685_Provo_UT_US_84601",
    "InstitutionName": "Brigham_Young_University",
    "InstitutionalDepartmentName": "MRI",
    "MRAcquisitionType": "2D",
    "MagneticFieldStrength": 3,
    "Manufacturer": "Siemens",
    "ManufacturersModelName": "TrioTim",
    "Modality": "MR",
    "MultibandAccelerationFactor": 8,
    "PartialFourier": 1,
    "PatientPosition": "HFS",
    "PercentPhaseFOV": 100,
    "PhaseEncodingDirection": "j-",
    "PhaseEncodingSteps": 100,
    "PhaseResolution": 1,
    "PixelBandwidth": 1786,
    "ProcedureStepDescription": "Research_KIRWAN",
    "ProtocolName": "Resting_State",
    "PulseSequenceDetails": "%CustomerSeq%_cmrr_mbep2d_bold",
    "ReceiveCoilName": "32Ch_Head",
    "ReconMatrixPE": 100,
    "RepetitionTime": 0.875,
    "SAR": 0.112562,
    "ScanOptions": "FS",
    "ScanningSequence": "EP",
    "SequenceName": "epfid2d1_100",
    "SequenceVariant": "SK_SS",
    "SeriesDescription": "Resting_State",
    "SeriesNumber": 3,
    "ShimSetting": [
      -2826,
      -22879,
      2312,
      543,
      93,
      30,
      -311,
      495
    ],
    "SliceThickness": 1.8,
    "SliceTiming": [
      0,
      0.4875,
      0.0975,
      0.585,
      0.195,
      0.6825,
      0.2925,
      0.78,
      0.39,
      0,
      0.4875,
      0.0975,
      0.585,
      0.195,
      0.6825,
      0.2925,
      0.78,
      0.39,
      0,
      0.4875,
      0.0975,
      0.585,
      0.195,
      0.6825,
      0.2925,
      0.78,
      0.39,
      0,
      0.4875,
      0.0975,
      0.585,
      0.195,
      0.6825,
      0.2925,
      0.78,
      0.39,
      0,
      0.4875,
      0.0975,
      0.585,
      0.195,
      0.6825,
      0.2925,
      0.78,
      0.39,
      0,
      0.4875,
      0.0975,
      0.585,
      0.195,
      0.6825,
      0.2925,
      0.78,
      0.39,
      0,
      0.4875,
      0.0975,
      0.585,
      0.195,
      0.6825,
      0.2925,
      0.78,
      0.39,
      0,
      0.4875,
      0.0975,
      0.585,
      0.195,
      0.6825,
      0.2925,
      0.78,
      0.39
    ],
    "SoftwareVersions": "syngo_MR_B17",
    "SpacingBetweenSlices": 1.8,
    "StationName": "MININT-E41B04",
    "TaskName": "rest",
    "TotalReadoutTime": 0.0712794,
    "TxRefAmp": 390.694,
    "dataset": "ds001747",
    "modality": "bold",
    "run_id": 1,
    "subject_id": "3876",
    "task_id": "rest"
  },
  "dummy_trs": 2,
  "dvars_nstd": 79.98226453270735,
  "dvars_std": 1.0473587060853664,
  "dvars_vstd": 0.973851540695122,
  "efc": 0.5873435615149977,
  "fber": 269.7327575683594,
  "fd_mean": 0.09626533658839989,
  "fd_num": 32,
  "fd_perc": 3.89768574908648,
  "fwhm_avg": 3.329461209594996,
  "fwhm_x": 3.1410778609879246,
  "fwhm_y": 3.6565614501414054,
  "fwhm_z": 3.1907443176556565,
  "gcor": 0.00188993,
  "gsr_x": -0.026608457788825035,
  "gsr_y": 0.11832011491060257,
  "provenance": {
    "md5sum": "6459d7afd69723fc96104df49599f788",
    "settings": {
      "fd_thres": 0.2,
      "testing": false
    },
    "software": "mriqc",
    "version": "22.0.1",
    "webapi_port": null,
    "webapi_url": "https://mriqc.nimh.nih.gov/api/v1"
  },
  "size_t": 821,
  "size_x": 100,
  "size_y": 100,
  "size_z": 72,
  "snr": 1.944940204429631,
  "spacing_tr": 0.875,
  "spacing_x": 1.7999999523162842,
  "spacing_y": 1.7999998331069946,
  "spacing_z": 1.8000000715255737,
  "summary_bg_k": 77.90555157784821,
  "summary_bg_mad": 12.70776127840764,
  "summary_bg_mean": 40.00767517089844,
  "summary_bg_median": 21.354446411132812,
  "summary_bg_n": 414293.0,
  "summary_bg_p05": 11.389769554138184,
  "summary_bg_p95": 117.43337707519522,
  "summary_bg_stdv": 63.837120056152344,
  "summary_fg_k": 4.512045162756596,
  "summary_fg_mad": 122.97472334542431,
  "summary_fg_mean": 405.8466796875,
  "summary_fg_median": 358.0225524902344,
  "summary_fg_n": 200200.0,
  "summary_fg_p05": 208.71615600585938,
  "summary_fg_p95": 780.4561157226561,
  "summary_fg_stdv": 184.0784912109375,
  "tsnr": 16.040270768105984
}