{
  "aor": 0.00019979318734793185,
  "aqi": 0.018373109124087593,
  "bids_meta": {
    "AcquisitionMatrixPE": 100,
    "AcquisitionNumber": 1,
    "AcquisitionTime": "10:36:23.055000",
    "BandwidthPerPixelPhaseEncode": 13.889,
    "BaseResolution": 100,
    "ConversionSoftware": "dcm2niix",
    "ConversionSoftwareVersion": "v1.0.20180404 Clang8.0.0",
    "DerivedVendorReportedEchoSpacing": 0.000719994,
    "DeviceSerialNumber": "35002",
    "DwellTime": 2.8e-06,
    "EchoTime": 0.0436,
    "EffectiveEchoSpacing": 0.000719994,
    "FlipAngle": 55,
    "ImageComments": "Unaliased_MB8_PE3_(remote)",
    "ImageOrientationPatientDICOM": [
      1,
      0,
      0,
      0,
      0.853551,
      0.52101
    ],
    "ImageType": [
      "ORIGINAL",
      "PRIMARY",
      "M",
      "MB",
      "ND",
      "MOSAIC"
    ],
    "InPlanePhaseEncodingDirectionDICOM": "COL",
    "InstitutionAddress": "University_Pkwy_1700_North_685_Provo_UT_US_84601",
    "InstitutionName": "Brigham_Young_University",
    "InstitutionalDepartmentName": "MRI",
    "MRAcquisitionType": "2D",
    "MagneticFieldStrength": 3,
    "Manufacturer": "Siemens",
    "ManufacturersModelName": "TrioTim",
    "Modality": "MR",
    "MultibandAccelerationFactor": 8,
    "PartialFourier": 1,
    "PatientPosition": "HFS",
    "PercentPhaseFOV": 100,
    "PhaseEncodingDirection": "j-",
    "PhaseEncodingSteps": 100,
    "PhaseResolution": 1,
    "PixelBandwidth": 1786,
    "ProcedureStepDescription": "Research_KIRWAN",
    "ProtocolName": "Resting_State",
    "PulseSequenceDetails": "%CustomerSeq%_cmrr_mbep2d_bold",
    "ReceiveCoilName": "32Ch_Head",
    "ReconMatrixPE": 100,
    "RepetitionTime": 0.875,
    "SAR": 0.116772,
    "ScanOptions": "FS",
    "ScanningSequence": "EP",
    "SequenceName": "epfid2d1_100",
    "SequenceVariant": "SK_SS",
    "SeriesDescription": "Resting_State",
    "SeriesNumber": 3,
    "ShimSetting": [
      -2841,
      -22970,
      2434,
      819,
      118,
      244,
      224,
      476
    ],
    "SliceThickness": 1.8,
    "SliceTiming": [
      0,
      0.4875,
      0.0975,
      0.585,
      0.195,
      0.6825,
      0.2925,
      0.78,
      0.39,
      0,
      0.4875,
      0.0975,
      0.585,
      0.195,
      0.6825,
      0.2925,
      0.78,
      0.39,
      0,
      0.4875,
      0.0975,
      0.585,
      0.195,
      0.6825,
      0.2925,
      0.78,
      0.39,
      0,
      0.4875,
      0.0975,
      0.585,
      0.195,
      0.6825,
      0.2925,
      0.78,
      0.39,
      0,
      0.4875,
      0.0975,
      0.585,
      0.195,
      0.6825,
      0.2925,
      0.78,
      0.39,
      0,
      0.4875,
      0.0975,
      0.585,
      0.195,
      0.6825,
      0.2925,
      0.78,
      0.39,
      0,
      0.4875,
      0.0975,
      0.585,
      0.195,
      0.6825,
      0.2925,
      0.78,
      0.39,
      0,
      0.4875,
      0.0975,
      0.585,
      0.195,
      0.6825,
      0.2925,
      0.78,
      0.39
    ],
    "SoftwareVersions": "syngo_MR_B17",
    "SpacingBetweenSlices": 1.8,
    "StationName": "MININT-E41B04",
    "TaskName": "rest",
    "TotalReadoutTime": 0.0712794,
    "TxRefAmp": 411.041,
    "dataset": "ds001747",
    "modality": "bold",
    "run_id": 1,
    "subject_id": "3802",
    "task_id": "rest"
  },
  "dummy_trs": 1,
  "dvars_nstd": 56.767942653934206,
  "dvars_std": 0.9931780415103534,
  "dvars_vstd": 0.9666682938611448,
  "efc": 0.5675671994622807,
  "fber": 433.6678161621094,
  "fd_mean": 0.07739957062194647,
  "fd_num": 2,
  "fd_perc": 0.24330900243309003,
  "fwhm_avg": 3.3046056430977093,
  "fwhm_x": 3.142988972149663,
  "fwhm_y": 3.576294539183896,
  "fwhm_z": 3.194533417959569,
  "gcor": 0.00253062,
  "gsr_x": -0.03427079692482948,
  "gsr_y": 0.09819435328245163,
  "provenance": {
    "md5sum": "fe28e091eebf33e83e82d7d686d952a6",
    "settings": {
      "fd_thres": 0.2,
      "testing": false
    },
    "software": "mriqc",
    "version": "22.0.1",
    "webapi_port": null,
    "webapi_url": "https://mriqc.nimh.nih.gov/api/v1"
  },
  "size_t": 822,
  "size_x": 100,
  "size_y": 100,
  "size_z": 72,
  "snr": 2.3223776530474005,
  "spacing_tr": 0.875,
  "spacing_x": 1.7999999523162842,
  "spacing_y": 1.7999999523162842,
  "spacing_z": 1.7999999523162842,
  "summary_bg_k": 37.701381699769755,
  "summary_bg_mad": 10.89225591836486,
  "summary_bg_mean": 35.12937545776367,
  "summary_bg_median": 19.1411190032959,
  "summary_bg_n": 436711.0,
  "summary_bg_p05": 11.01094913482666,
  "summary_bg_p95": 111.13990020751953,
  "summary_bg_stdv": 45.64848327636719,
  "summary_fg_k": 2.2286254835928174,
  "summary_fg_mad": 137.53574305264257,
  "summary_fg_mean": 445.8284606933594,
  "summary_fg_median": 406.01336669921875,
  "summary_fg_n": 182279.0,
  "summary_fg_p05": 238.33648834228515,
  "summary_fg_p95": 798.6544738769533,
  "summary_fg_stdv": 174.82611083984375,
  "tsnr": 19.55302919750102
}