{
  "bids_meta": {
    "AcquisitionMatrixPE": 215,
    "AcquisitionNumber": 1,
    "AcquisitionTime": "14:09:51.265000",
    "BaseResolution": 256,
    "ConversionSoftware": "dcm2niix",
    "ConversionSoftwareVersion": "v1.0.20180404 Clang8.0.0",
    "DeviceSerialNumber": "35002",
    "DwellTime": 9.8e-06,
    "EchoTime": 0.00226,
    "FlipAngle": 9,
    "ImageOrientationPatientDICOM": [
      0,
      1,
      0,
      0,
      0,
      -1
    ],
    "ImageType": [
      "ORIGINAL",
      "PRIMARY",
      "M",
      "ND",
      "NORM"
    ],
    "InPlanePhaseEncodingDirectionDICOM": "ROW",
    "InstitutionAddress": "University_Pkwy_1700_North_685_Provo_UT_US_84601",
    "InstitutionName": "Brigham_Young_University",
    "InstitutionalDepartmentName": "MRI",
    "InversionTime": 0.9,
    "MRAcquisitionType": "3D",
    "MagneticFieldStrength": 3,
    "Manufacturer": "Siemens",
    "ManufacturersModelName": "TrioTim",
    "Modality": "MR",
    "PartialFourier": 0.875,
    "PatientPosition": "HFS",
    "PercentPhaseFOV": 87.5,
    "PhaseEncodingSteps": 227,
    "PhaseOversampling": 0.2,
    "PhaseResolution": 0.96,
    "PixelBandwidth": 199,
    "ProcedureStepDescription": "Research_KIRWAN",
    "ProtocolName": "t1_mpr_sag_iso_mprage",
    "PulseSequenceDetails": "%SiemensSeq%_tfl",
    "ReceiveCoilName": "32Ch_Head",
    "ReconMatrixPE": 256,
    "RepetitionTime": 1.9,
    "SAR": 0.108374,
    "ScanOptions": "IR_PFP",
    "ScanningSequence": "GR_IR",
    "SequenceName": "_tfl3d1_ns",
    "SequenceVariant": "SP_MP_OSP",
    "SeriesDescription": "t1_mpr_sag_iso_mprage",
    "SeriesNumber": 6,
    "ShimSetting": [
      -2830,
      -22913,
      1923,
      -81,
      -87,
      -38,
      -253,
      388
    ],
    "SliceThickness": 1,
    "SoftwareVersions": "syngo_MR_B17",
    "StationName": "MININT-E41B04",
    "TxRefAmp": 390.694,
    "dataset": "ds001747",
    "modality": "T1w",
    "run_id": 1,
    "subject_id": "3876"
  },
  "cjv": 0.3195263401951729,
  "cnr": 4.182830642118289,
  "efc": 0.5949573253781678,
  "fber": 24989.286399999997,
  "fwhm_avg": 4.476657893333334,
  "fwhm_x": 4.30299,
  "fwhm_y": 4.7184384,
  "fwhm_z": 4.40854528,
  "icvs_csf": 0.1940323161283434,
  "icvs_gm": 0.47285330337911274,
  "icvs_wm": 0.3331143804925438,
  "inu_med": 0.38125933706760406,
  "inu_range": 0.12085138112306593,
  "provenance": {
    "md5sum": "5652f75aad31964cb941a9836906eb44",
    "settings": {
      "testing": false
    },
    "software": "mriqc",
    "version": "22.0.1",
    "warnings": {
      "large_rot_frame": true,
      "small_air_mask": false
    },
    "webapi_port": null,
    "webapi_url": "https://mriqc.nimh.nih.gov/api/v1"
  },
  "qi_1": 0.0006228078801586521,
  "qi_2": 0.013482620284304827,
  "rpve_csf": 18.691835734514534,
  "rpve_gm": 8.600250763760727,
  "rpve_wm": 13.647100818197455,
  "size_x": 176,
  "size_y": 224,
  "size_z": 256,
  "snr_csf": 3.1295159245725612,
  "snr_gm": 16.27750025303909,
  "snr_total": 15.862355980218616,
  "snr_wm": 28.180051763044197,
  "snrd_csf": 33.970562341791045,
  "snrd_gm": 84.54174714268723,
  "snrd_total": 76.84995906439946,
  "snrd_wm": 112.0375677087201,
  "spacing_x": 1.0,
  "spacing_y": 0.9765625,
  "spacing_z": 0.9765625,
  "summary_bg_k": 30.944937835206993,
  "summary_bg_mad": 0.0,
  "summary_bg_mean": 3.2494571028503088,
  "summary_bg_median": 0.0,
  "summary_bg_n": 2667121.0,
  "summary_bg_p05": 0.0,
  "summary_bg_p95": 14.512656953185797,
  "summary_bg_stdv": 5.847470803632943,
  "summary_csf_k": 2.0080924900956116,
  "summary_csf_mad": 62.018139550882154,
  "summary_csf_mean": 317.8442663842357,
  "summary_csf_median": 303.20689168944955,
  "summary_csf_n": 34947.0,
  "summary_csf_p05": 180.35038397833705,
  "summary_csf_p95": 511.14988226369,
  "summary_csf_stdv": 96.88480930279557,
  "summary_gm_k": 0.0785430486859604,
  "summary_gm_mad": 46.279729691474614,
  "summary_gm_mean": 752.0843764707637,
  "summary_gm_median": 754.583928026259,
  "summary_gm_n": 64030.0,
  "summary_gm_p05": 672.5187502168119,
  "summary_gm_p95": 823.5468861311674,
  "summary_gm_stdv": 46.357120187266176,
  "summary_wm_k": 1.2326083946244468,
  "summary_wm_mad": 32.13717258004896,
  "summary_wm_mean": 1002.3395615762489,
  "summary_wm_median": 1000.000009290874,
  "summary_wm_n": 221994.0,
  "summary_wm_p05": 948.8902174122632,
  "summary_wm_p95": 1063.4696854799986,
  "summary_wm_stdv": 35.486015617849404,
  "tpm_overlap_csf": 0.16598124614875406,
  "tpm_overlap_gm": 0.47446185974166794,
  "tpm_overlap_wm": 0.49738353286728376,
  "wm2max": 0.46542401575483267
}