{
  "aor": 0.0003176277372262774,
  "aqi": 0.01622039513381995,
  "bids_meta": {
    "AcquisitionMatrixPE": 100,
    "AcquisitionNumber": 1,
    "AcquisitionTime": "13:12:26.910000",
    "BandwidthPerPixelPhaseEncode": 13.889,
    "BaseResolution": 100,
    "ConversionSoftware": "dcm2niix",
    "ConversionSoftwareVersion": "v1.0.20180404 Clang8.0.0",
    "DerivedVendorReportedEchoSpacing": 0.000719994,
    "DeviceSerialNumber": "35002",
    "DwellTime": 2.8e-06,
    "EchoTime": 0.0436,
    "EffectiveEchoSpacing": 0.000719994,
    "FlipAngle": 55,
    "ImageComments": "Unaliased_MB8_PE3_(remote)",
    "ImageOrientationPatientDICOM": [
      0.991173,
      -0.0621408,
      0.11711,
      1.99922e-08,
      0.883347,
      0.46872
    ],
    "ImageType": [
      "ORIGINAL",
      "PRIMARY",
      "M",
      "MB",
      "ND",
      "MOSAIC"
    ],
    "InPlanePhaseEncodingDirectionDICOM": "COL",
    "InstitutionAddress": "University_Pkwy_1700_North_685_Provo_UT_US_84601",
    "InstitutionName": "Brigham_Young_University",
    "InstitutionalDepartmentName": "MRI",
    "MRAcquisitionType": "2D",
    "MagneticFieldStrength": 3,
    "Manufacturer": "Siemens",
    "ManufacturersModelName": "TrioTim",
    "Modality": "MR",
    "MultibandAccelerationFactor": 8,
    "PartialFourier": 1,
    "PatientPosition": "HFS",
    "PercentPhaseFOV": 100,
    "PhaseEncodingDirection": "j-",
    "PhaseEncodingSteps": 100,
    "PhaseResolution": 1,
    "PixelBandwidth": 1786,
    "ProcedureStepDescription": "Research_KIRWAN",
    "ProtocolName": "Resting_State",
    "PulseSequenceDetails": "%CustomerSeq%_cmrr_mbep2d_bold",
    "ReceiveCoilName": "32Ch_Head",
    "ReconMatrixPE": 100,
    "RepetitionTime": 0.875,
    "SAR": 0.122374,
    "ScanOptions": "FS",
    "ScanningSequence": "EP",
    "SequenceName": "epfid2d1_100",
    "SequenceVariant": "SK_SS",
    "SeriesDescription": "Resting_State",
    "SeriesNumber": 3,
    "ShimSetting": [
      -2811,
      -22908,
      2386,
      1008,
      10,
      436,
      -451,
      418
    ],
    "SliceThickness": 1.8,
    "SliceTiming": [
      0,
      0.4875,
      0.0975,
      0.585,
      0.195,
      0.6825,
      0.2925,
      0.78,
      0.39,
      0,
      0.4875,
      0.0975,
      0.585,
      0.195,
      0.6825,
      0.2925,
      0.78,
      0.39,
      0,
      0.4875,
      0.0975,
      0.585,
      0.195,
      0.6825,
      0.2925,
      0.78,
      0.39,
      0,
      0.4875,
      0.0975,
      0.585,
      0.195,
      0.6825,
      0.2925,
      0.78,
      0.39,
      0,
      0.4875,
      0.0975,
      0.585,
      0.195,
      0.6825,
      0.2925,
      0.78,
      0.39,
      0,
      0.4875,
      0.0975,
      0.585,
      0.195,
      0.6825,
      0.2925,
      0.78,
      0.39,
      0,
      0.4875,
      0.0975,
      0.585,
      0.195,
      0.6825,
      0.2925,
      0.78,
      0.39,
      0,
      0.4875,
      0.0975,
      0.585,
      0.195,
      0.6825,
      0.2925,
      0.78,
      0.39
    ],
    "SoftwareVersions": "syngo_MR_B17",
    "SpacingBetweenSlices": 1.8,
    "StationName": "MININT-E41B04",
    "TaskName": "rest",
    "TotalReadoutTime": 0.0712794,
    "TxRefAmp": 400.665,
    "dataset": "ds001747",
    "modality": "bold",
    "run_id": 1,
    "subject_id": "3930",
    "task_id": "rest"
  },
  "dummy_trs": 1,
  "dvars_nstd": 71.14915592685755,
  "dvars_std": 1.054173929878196,
  "dvars_vstd": 0.9966381998172956,
  "efc": 0.6077621415216647,
  "fber": 180.15451049804688,
  "fd_mean": 0.09018837631639533,
  "fd_num": 1,
  "fd_perc": 0.12165450121654502,
  "fwhm_avg": 3.567135279681999,
  "fwhm_x": 3.299972309641634,
  "fwhm_y": 4.001633439340417,
  "fwhm_z": 3.3998000900639456,
  "gcor": 0.00633113,
  "gsr_x": -0.019272565841674805,
  "gsr_y": 0.09693188220262527,
  "provenance": {
    "md5sum": "09cc890712befab559041029244a5476",
    "settings": {
      "fd_thres": 0.2,
      "testing": false
    },
    "software": "mriqc",
    "version": "22.0.1",
    "webapi_port": null,
    "webapi_url": "https://mriqc.nimh.nih.gov/api/v1"
  },
  "size_t": 822,
  "size_x": 100,
  "size_y": 100,
  "size_z": 72,
  "snr": 1.8220033398690882,
  "spacing_tr": 0.875,
  "spacing_x": 1.7999999523162842,
  "spacing_y": 1.7999999523162842,
  "spacing_z": 1.7999999523162842,
  "summary_bg_k": 20.419948708913992,
  "summary_bg_mad": 18.8806333370118,
  "summary_bg_mean": 46.05976867675781,
  "summary_bg_median": 28.306570053100586,
  "summary_bg_n": 384927.0,
  "summary_bg_p05": 12.990267753601074,
  "summary_bg_p95": 144.50206451416017,
  "summary_bg_stdv": 53.15404510498047,
  "summary_fg_k": 2.701848881424925,
  "summary_fg_mad": 150.1035658747343,
  "summary_fg_mean": 457.4026794433594,
  "summary_fg_median": 396.66180419921875,
  "summary_fg_n": 221435.0,
  "summary_fg_p05": 220.38491821289062,
  "summary_fg_p95": 920.788800048828,
  "summary_fg_stdv": 217.70591735839844,
  "tsnr": 19.45238371938467
}