{
  "aor": 0.00029251824817518247,
  "aqi": 0.028745251703163013,
  "bids_meta": {
    "AcquisitionMatrixPE": 100,
    "AcquisitionNumber": 1,
    "AcquisitionTime": "17:57:50.492500",
    "BandwidthPerPixelPhaseEncode": 13.889,
    "BaseResolution": 100,
    "ConversionSoftware": "dcm2niix",
    "ConversionSoftwareVersion": "v1.0.20180404 Clang8.0.0",
    "DerivedVendorReportedEchoSpacing": 0.000719994,
    "DeviceSerialNumber": "35002",
    "DwellTime": 2.8e-06,
    "EchoTime": 0.0436,
    "EffectiveEchoSpacing": 0.000719994,
    "FlipAngle": 55,
    "ImageComments": "Unaliased_MB8_PE3_(remote)",
    "ImageOrientationPatientDICOM": [
      1,
      -1e-16,
      0,
      1e-16,
      0.901077,
      0.433659
    ],
    "ImageType": [
      "ORIGINAL",
      "PRIMARY",
      "M",
      "MB",
      "ND",
      "MOSAIC"
    ],
    "InPlanePhaseEncodingDirectionDICOM": "COL",
    "InstitutionAddress": "University_Pkwy_1700_North_685_Provo_UT_US_84601",
    "InstitutionName": "Brigham_Young_University",
    "InstitutionalDepartmentName": "MRI",
    "MRAcquisitionType": "2D",
    "MagneticFieldStrength": 3,
    "Manufacturer": "Siemens",
    "ManufacturersModelName": "TrioTim",
    "Modality": "MR",
    "MultibandAccelerationFactor": 8,
    "PartialFourier": 1,
    "PatientPosition": "HFS",
    "PercentPhaseFOV": 100,
    "PhaseEncodingDirection": "j-",
    "PhaseEncodingSteps": 100,
    "PhaseResolution": 1,
    "PixelBandwidth": 1786,
    "ProcedureStepDescription": "Research_KIRWAN",
    "ProtocolName": "Resting_State",
    "PulseSequenceDetails": "%CustomerSeq%_cmrr_mbep2d_bold",
    "ReceiveCoilName": "32Ch_Head",
    "ReconMatrixPE": 100,
    "RepetitionTime": 0.875,
    "SAR": 0.126924,
    "ScanOptions": "FS",
    "ScanningSequence": "EP",
    "SequenceName": "epfid2d1_100",
    "SequenceVariant": "SK_SS",
    "SeriesDescription": "Resting_State",
    "SeriesNumber": 3,
    "ShimSetting": [
      -2825,
      -22928,
      2367,
      638,
      -132,
      318,
      -230,
      367
    ],
    "SliceThickness": 1.8,
    "SliceTiming": [
      0,
      0.4875,
      0.0975,
      0.585,
      0.195,
      0.6825,
      0.2925,
      0.78,
      0.39,
      0,
      0.4875,
      0.0975,
      0.585,
      0.195,
      0.6825,
      0.2925,
      0.78,
      0.39,
      0,
      0.4875,
      0.0975,
      0.585,
      0.195,
      0.6825,
      0.2925,
      0.78,
      0.39,
      0,
      0.4875,
      0.0975,
      0.585,
      0.195,
      0.6825,
      0.2925,
      0.78,
      0.39,
      0,
      0.4875,
      0.0975,
      0.585,
      0.195,
      0.6825,
      0.2925,
      0.78,
      0.39,
      0,
      0.4875,
      0.0975,
      0.585,
      0.195,
      0.6825,
      0.2925,
      0.78,
      0.39,
      0,
      0.4875,
      0.0975,
      0.585,
      0.195,
      0.6825,
      0.2925,
      0.78,
      0.39,
      0,
      0.4875,
      0.0975,
      0.585,
      0.195,
      0.6825,
      0.2925,
      0.78,
      0.39
    ],
    "SoftwareVersions": "syngo_MR_B17",
    "SpacingBetweenSlices": 1.8,
    "StationName": "MININT-E41B04",
    "TaskName": "rest",
    "TotalReadoutTime": 0.0712794,
    "TxRefAmp": 400.347,
    "dataset": "ds001747",
    "modality": "bold",
    "run_id": 1,
    "subject_id": "3939",
    "task_id": "rest"
  },
  "dummy_trs": 1,
  "dvars_nstd": 71.88262902272842,
  "dvars_std": 1.0126149623751532,
  "dvars_vstd": 0.9793760701339831,
  "efc": 0.6346327677013552,
  "fber": 227.80307006835938,
  "fd_mean": 0.11909469545861869,
  "fd_num": 61,
  "fd_perc": 7.420924574209246,
  "fwhm_avg": 2.652624144344616,
  "fwhm_x": 2.441461175787745,
  "fwhm_y": 2.9233889663322494,
  "fwhm_z": 2.5930222909138543,
  "gcor": 0.00247755,
  "gsr_x": -0.006214150693267584,
  "gsr_y": 0.0799599289894104,
  "provenance": {
    "md5sum": "75ead20662f38570a27364c816fa1b65",
    "settings": {
      "fd_thres": 0.2,
      "testing": false
    },
    "software": "mriqc",
    "version": "22.0.1",
    "webapi_port": null,
    "webapi_url": "https://mriqc.nimh.nih.gov/api/v1"
  },
  "size_t": 822,
  "size_x": 100,
  "size_y": 100,
  "size_z": 72,
  "snr": 2.767135259390077,
  "spacing_tr": 0.875,
  "spacing_x": 1.7999999523162842,
  "spacing_y": 1.7999999523162842,
  "spacing_z": 1.7999999523162842,
  "summary_bg_k": 35.70363999277261,
  "summary_bg_mad": 13.328990916448326,
  "summary_bg_mean": 35.98534393310547,
  "summary_bg_median": 21.58150863647461,
  "summary_bg_n": 389020.0,
  "summary_bg_p05": 10.773722648620605,
  "summary_bg_p95": 106.91989059448238,
  "summary_bg_stdv": 44.86850357055664,
  "summary_fg_k": 1.5260147306721867,
  "summary_fg_mad": 100.38408783883617,
  "summary_fg_mean": 356.03057861328125,
  "summary_fg_median": 333.5109558105469,
  "summary_fg_n": 222347.0,
  "summary_fg_p05": 199.43223571777344,
  "summary_fg_p95": 583.659729003906,
  "summary_fg_stdv": 120.52544403076172,
  "tsnr": 16.245008634403348
}