{
  "bids_meta": {
    "AcquisitionMatrixPE": 215,
    "AcquisitionNumber": 1,
    "AcquisitionTime": "13:44:43.335000",
    "BaseResolution": 256,
    "ConversionSoftware": "dcm2niix",
    "ConversionSoftwareVersion": "v1.0.20180404 Clang8.0.0",
    "DeviceSerialNumber": "35002",
    "DwellTime": 9.8e-06,
    "EchoTime": 0.00226,
    "FlipAngle": 9,
    "ImageOrientationPatientDICOM": [
      0,
      1,
      0,
      -0.0104717,
      0,
      -0.999945
    ],
    "ImageType": [
      "ORIGINAL",
      "PRIMARY",
      "M",
      "ND",
      "NORM"
    ],
    "InPlanePhaseEncodingDirectionDICOM": "ROW",
    "InstitutionAddress": "University_Pkwy_1700_North_685_Provo_UT_US_84601",
    "InstitutionName": "Brigham_Young_University",
    "InstitutionalDepartmentName": "MRI",
    "InversionTime": 0.9,
    "MRAcquisitionType": "3D",
    "MagneticFieldStrength": 3,
    "Manufacturer": "Siemens",
    "ManufacturersModelName": "TrioTim",
    "Modality": "MR",
    "ParallelReductionFactorInPlane": 2,
    "PartialFourier": 0.875,
    "PatientPosition": "HFS",
    "PercentPhaseFOV": 87.5,
    "PhaseEncodingSteps": 226,
    "PhaseOversampling": 0.2,
    "PhaseResolution": 0.96,
    "PixelBandwidth": 199,
    "ProcedureStepDescription": "Research_KIRWAN",
    "ProtocolName": "t1_mpr_sag_iso_mprage_fast",
    "PulseSequenceDetails": "%SiemensSeq%_tfl",
    "ReceiveCoilName": "32Ch_Head",
    "ReconMatrixPE": 256,
    "RepetitionTime": 1.9,
    "SAR": 0.109945,
    "ScanOptions": "IR_PFP",
    "ScanningSequence": "GR_IR",
    "SequenceName": "_tfl3d1_ns",
    "SequenceVariant": "SP_MP_OSP",
    "SeriesDescription": "t1_mpr_sag_iso_mprage_fast",
    "SeriesNumber": 6,
    "ShimSetting": [
      -2837,
      -22915,
      1912,
      -81,
      -83,
      -37,
      -275,
      390
    ],
    "SliceThickness": 1,
    "SoftwareVersions": "syngo_MR_B17",
    "StationName": "MININT-E41B04",
    "TxRefAmp": 328.063,
    "dataset": "ds001747",
    "modality": "T1w",
    "run_id": 1,
    "subject_id": "4129"
  },
  "cjv": 0.31467983329019905,
  "cnr": 4.295571566324569,
  "efc": 0.5880520414458109,
  "fber": 20843.528871014078,
  "fwhm_avg": 4.416580208634524,
  "fwhm_x": 4.14823406590357,
  "fwhm_y": 4.6912,
  "fwhm_z": 4.41030656,
  "icvs_csf": 0.1635085058388741,
  "icvs_gm": 0.4771314637549636,
  "icvs_wm": 0.35936003040616227,
  "inu_med": 0.4152442365884781,
  "inu_range": 0.12395907789468763,
  "provenance": {
    "md5sum": "3839d1278d9122326c046b229ebd15f7",
    "settings": {
      "testing": false
    },
    "software": "mriqc",
    "version": "22.0.1",
    "warnings": {
      "large_rot_frame": true,
      "small_air_mask": false
    },
    "webapi_port": null,
    "webapi_url": "https://mriqc.nimh.nih.gov/api/v1"
  },
  "qi_1": 0.00013190191085724772,
  "qi_2": 0.014790590850717898,
  "rpve_csf": 22.844291368236533,
  "rpve_gm": 8.937746620164802,
  "rpve_wm": 13.075107276479526,
  "size_x": 176,
  "size_y": 224,
  "size_z": 256,
  "snr_csf": 2.3086018065737073,
  "snr_gm": 15.812357953064016,
  "snr_total": 14.738398729961668,
  "snr_wm": 26.094236430247282,
  "snrd_csf": 32.094311935696496,
  "snrd_gm": 80.72828790380869,
  "snrd_total": 74.0164708814995,
  "snrd_wm": 109.22681280499332,
  "spacing_x": 1.0000014305114746,
  "spacing_y": 0.9765625,
  "spacing_z": 0.9765625,
  "summary_bg_k": 10.993698678265734,
  "summary_bg_mad": 0.0,
  "summary_bg_mean": 3.1061993787399116,
  "summary_bg_median": 0.0,
  "summary_bg_n": 2053982.0,
  "summary_bg_p05": 0.0,
  "summary_bg_p95": 15.190648786723614,
  "summary_bg_stdv": 5.997944687203762,
  "summary_csf_k": -0.06461587625371257,
  "summary_csf_mad": 106.05314349537866,
  "summary_csf_mean": 294.8196111258554,
  "summary_csf_median": 293.8318001627922,
  "summary_csf_n": 23712.0,
  "summary_csf_p05": 67.76692888140678,
  "summary_csf_p95": 514.3960806082935,
  "summary_csf_stdv": 127.27426766054437,
  "summary_gm_k": 0.08463698255235963,
  "summary_gm_mad": 46.8606913119115,
  "summary_gm_mean": 737.8089675586522,
  "summary_gm_median": 739.0885402485728,
  "summary_gm_n": 72200.0,
  "summary_gm_p05": 659.0640273317695,
  "summary_gm_p95": 811.7147256582975,
  "summary_gm_stdv": 46.74087344107611,
  "summary_wm_k": 1.0022874516610853,
  "summary_wm_mad": 35.24287449081433,
  "summary_wm_mean": 1002.128994195736,
  "summary_wm_median": 999.9999718591571,
  "summary_wm_n": 229715.0,
  "summary_wm_p05": 944.0528561547399,
  "summary_wm_p95": 1067.6355694830418,
  "summary_wm_stdv": 38.32255440467877,
  "tpm_overlap_csf": 0.14213607836244163,
  "tpm_overlap_gm": 0.4799198829019469,
  "tpm_overlap_wm": 0.5032559309892753,
  "wm2max": 0.4311649124438135
}