{
  "aor": 0.0007174603174603174,
  "aqi": 0.026486436141636146,
  "bids_meta": {
    "AcquisitionMatrixPE": 100,
    "AcquisitionNumber": 1,
    "AcquisitionTime": "16:19:24.440000",
    "BandwidthPerPixelPhaseEncode": 13.889,
    "BaseResolution": 100,
    "ConversionSoftware": "dcm2niix",
    "ConversionSoftwareVersion": "v1.0.20180404 Clang8.0.0",
    "DerivedVendorReportedEchoSpacing": 0.000719994,
    "DeviceSerialNumber": "35002",
    "DwellTime": 2.8e-06,
    "EchoTime": 0.0436,
    "EffectiveEchoSpacing": 0.000719994,
    "FlipAngle": 55,
    "ImageComments": "Unaliased_MB8_PE3_(remote)",
    "ImageOrientationPatientDICOM": [
      1,
      0,
      0,
      0,
      0.913545,
      0.406737
    ],
    "ImageType": [
      "ORIGINAL",
      "PRIMARY",
      "M",
      "MB",
      "ND",
      "MOSAIC"
    ],
    "InPlanePhaseEncodingDirectionDICOM": "COL",
    "InstitutionAddress": "University_Pkwy_1700_North_685_Provo_UT_US_84601",
    "InstitutionName": "Brigham_Young_University",
    "InstitutionalDepartmentName": "MRI",
    "MRAcquisitionType": "2D",
    "MagneticFieldStrength": 3,
    "Manufacturer": "Siemens",
    "ManufacturersModelName": "TrioTim",
    "Modality": "MR",
    "MultibandAccelerationFactor": 8,
    "PartialFourier": 1,
    "PatientPosition": "HFS",
    "PercentPhaseFOV": 100,
    "PhaseEncodingDirection": "j-",
    "PhaseEncodingSteps": 100,
    "PhaseResolution": 1,
    "PixelBandwidth": 1786,
    "ProcedureStepDescription": "Research_KIRWAN",
    "ProtocolName": "Resting_State",
    "PulseSequenceDetails": "%CustomerSeq%_cmrr_mbep2d_bold",
    "ReceiveCoilName": "32Ch_Head",
    "ReconMatrixPE": 100,
    "RepetitionTime": 0.875,
    "SAR": 0.137323,
    "ScanOptions": "FS",
    "ScanningSequence": "EP",
    "SequenceName": "epfid2d1_100",
    "SequenceVariant": "SK_SS",
    "SeriesDescription": "Resting_State",
    "SeriesNumber": 3,
    "ShimSetting": [
      -2822,
      -23014,
      2314,
      444,
      -5,
      -93,
      -141,
      471
    ],
    "SliceThickness": 1.8,
    "SliceTiming": [
      0,
      0.4875,
      0.0975,
      0.585,
      0.195,
      0.6825,
      0.2925,
      0.78,
      0.39,
      0,
      0.4875,
      0.0975,
      0.585,
      0.195,
      0.6825,
      0.2925,
      0.78,
      0.39,
      0,
      0.4875,
      0.0975,
      0.585,
      0.195,
      0.6825,
      0.2925,
      0.78,
      0.39,
      0,
      0.4875,
      0.0975,
      0.585,
      0.195,
      0.6825,
      0.2925,
      0.78,
      0.39,
      0,
      0.4875,
      0.0975,
      0.585,
      0.195,
      0.6825,
      0.2925,
      0.78,
      0.39,
      0,
      0.4875,
      0.0975,
      0.585,
      0.195,
      0.6825,
      0.2925,
      0.78,
      0.39,
      0,
      0.4875,
      0.0975,
      0.585,
      0.195,
      0.6825,
      0.2925,
      0.78,
      0.39,
      0,
      0.4875,
      0.0975,
      0.585,
      0.195,
      0.6825,
      0.2925,
      0.78,
      0.39
    ],
    "SoftwareVersions": "syngo_MR_B17",
    "SpacingBetweenSlices": 1.8,
    "StationName": "MININT-E41B04",
    "TaskName": "rest",
    "TotalReadoutTime": 0.0712794,
    "TxRefAmp": 377.514,
    "dataset": "ds001747",
    "modality": "bold",
    "run_id": 1,
    "subject_id": "3969",
    "task_id": "rest"
  },
  "dummy_trs": 4,
  "dvars_nstd": 79.36298232309281,
  "dvars_std": 1.0220680133251836,
  "dvars_vstd": 0.9851848344743294,
  "efc": 0.6125978054885063,
  "fber": 152.85330200195312,
  "fd_mean": 0.14529802677384324,
  "fd_num": 80,
  "fd_perc": 9.768009768009769,
  "fwhm_avg": 3.649918615208342,
  "fwhm_x": 3.4639667584304483,
  "fwhm_y": 4.04190566262949,
  "fwhm_z": 3.443883424565088,
  "gcor": 0.00292869,
  "gsr_x": -0.006128397304564714,
  "gsr_y": 0.09374473243951797,
  "provenance": {
    "md5sum": "24620cc56f24263ad92778adbe595ed3",
    "settings": {
      "fd_thres": 0.2,
      "testing": false
    },
    "software": "mriqc",
    "version": "22.0.1",
    "webapi_port": null,
    "webapi_url": "https://mriqc.nimh.nih.gov/api/v1"
  },
  "size_t": 819,
  "size_x": 100,
  "size_y": 100,
  "size_z": 72,
  "snr": 1.7652245310423513,
  "spacing_tr": 0.875,
  "spacing_x": 1.7999999523162842,
  "spacing_y": 1.7999999523162842,
  "spacing_z": 1.7999999523162842,
  "summary_bg_k": 38.7056520332888,
  "summary_bg_mad": 19.621399984634166,
  "summary_bg_mean": 50.77403259277344,
  "summary_bg_median": 29.04762077331543,
  "summary_bg_n": 393004.0,
  "summary_bg_p05": 12.860806465148926,
  "summary_bg_p95": 162.6950660705565,
  "summary_bg_stdv": 66.9242172241211,
  "summary_fg_k": 3.997967061949682,
  "summary_fg_mad": 141.34142657934373,
  "summary_fg_mean": 427.1962890625,
  "summary_fg_median": 366.4261474609375,
  "summary_fg_n": 219135.0,
  "summary_fg_p05": 213.1457977294922,
  "summary_fg_p95": 856.6483764648432,
  "summary_fg_stdv": 207.5800018310547,
  "tsnr": 15.110986203537323
}