{
  "bids_meta": {
    "AcquisitionMatrixPE": 215,
    "AcquisitionNumber": 1,
    "AcquisitionTime": "16:22:5.467500",
    "BaseResolution": 256,
    "ConversionSoftware": "dcm2niix",
    "ConversionSoftwareVersion": "v1.0.20180404 Clang8.0.0",
    "DeviceSerialNumber": "35002",
    "DwellTime": 9.8e-06,
    "EchoTime": 0.00226,
    "FlipAngle": 9,
    "ImageOrientationPatientDICOM": [
      0,
      1,
      0,
      0,
      0,
      -1
    ],
    "ImageType": [
      "ORIGINAL",
      "PRIMARY",
      "M",
      "ND",
      "NORM"
    ],
    "InPlanePhaseEncodingDirectionDICOM": "ROW",
    "InstitutionAddress": "University_Pkwy_1700_North_685_Provo_UT_US_84601",
    "InstitutionName": "Brigham_Young_University",
    "InstitutionalDepartmentName": "MRI",
    "InversionTime": 0.9,
    "MRAcquisitionType": "3D",
    "MagneticFieldStrength": 3,
    "Manufacturer": "Siemens",
    "ManufacturersModelName": "TrioTim",
    "Modality": "MR",
    "ParallelReductionFactorInPlane": 2,
    "PartialFourier": 0.875,
    "PatientPosition": "HFS",
    "PercentPhaseFOV": 87.5,
    "PhaseEncodingSteps": 226,
    "PhaseOversampling": 0.2,
    "PhaseResolution": 0.96,
    "PixelBandwidth": 199,
    "ProcedureStepDescription": "Research_KIRWAN",
    "ProtocolName": "t1_mpr_sag_iso_mprage_fast",
    "PulseSequenceDetails": "%SiemensSeq%_tfl",
    "ReceiveCoilName": "32Ch_Head",
    "ReconMatrixPE": 256,
    "RepetitionTime": 1.9,
    "SAR": 0.112141,
    "ScanOptions": "IR_PFP",
    "ScanningSequence": "GR_IR",
    "SequenceName": "_tfl3d1_ns",
    "SequenceVariant": "SP_MP_OSP",
    "SeriesDescription": "t1_mpr_sag_iso_mprage_fast",
    "SeriesNumber": 6,
    "ShimSetting": [
      -2837,
      -22915,
      1912,
      -81,
      -83,
      -37,
      -275,
      390
    ],
    "SliceThickness": 1,
    "SoftwareVersions": "syngo_MR_B17",
    "StationName": "MININT-E41B04",
    "TxRefAmp": 342.674,
    "dataset": "ds001747",
    "modality": "T1w",
    "run_id": 1,
    "subject_id": "3788"
  },
  "cjv": 0.3085183807294894,
  "cnr": 4.449179857962787,
  "efc": 0.5194299062371364,
  "fber": 33360.34602194787,
  "fwhm_avg": 4.453345893333333,
  "fwhm_x": 4.17699,
  "fwhm_y": 4.765153280000001,
  "fwhm_z": 4.4178944,
  "icvs_csf": 0.1702470888018743,
  "icvs_gm": 0.4972399434957555,
  "icvs_wm": 0.33251296770237015,
  "inu_med": 0.3888555318117142,
  "inu_range": 0.13497933000326157,
  "provenance": {
    "md5sum": "21148cdd3458c9412c2462bbb5f74289",
    "settings": {
      "testing": false
    },
    "software": "mriqc",
    "version": "22.0.1",
    "warnings": {
      "large_rot_frame": true,
      "small_air_mask": false
    },
    "webapi_port": null,
    "webapi_url": "https://mriqc.nimh.nih.gov/api/v1"
  },
  "qi_1": 0.0,
  "qi_2": 0.019103647539182575,
  "rpve_csf": 26.007314459485055,
  "rpve_gm": 10.30218814141119,
  "rpve_wm": 16.430121925203892,
  "size_x": 176,
  "size_y": 224,
  "size_z": 256,
  "snr_csf": 2.7970943474435805,
  "snr_gm": 17.41025409360145,
  "snr_total": 16.349523033798974,
  "snr_wm": 28.84122066035189,
  "snrd_csf": 45.81356864980462,
  "snrd_gm": 112.00738659814745,
  "snrd_total": 102.21198930479784,
  "snrd_wm": 148.81501266644145,
  "spacing_x": 1.0,
  "spacing_y": 0.9765625,
  "spacing_z": 0.9765625,
  "summary_bg_k": 9.23325147671554,
  "summary_bg_mad": 0.0,
  "summary_bg_mean": 2.890000946444482,
  "summary_bg_median": 0.0,
  "summary_bg_n": 3233862.0,
  "summary_bg_p05": 0.0,
  "summary_bg_p95": 11.663343459367752,
  "summary_bg_stdv": 4.4023543091021695,
  "summary_csf_k": 0.574732811920819,
  "summary_csf_mad": 89.4447760225499,
  "summary_csf_mean": 327.66853144143,
  "summary_csf_median": 307.85583179444075,
  "summary_csf_n": 22952.0,
  "summary_csf_p05": 173.1442148387432,
  "summary_csf_p95": 534.4200408615172,
  "summary_csf_stdv": 110.06032938733868,
  "summary_gm_k": 0.006923453219842557,
  "summary_gm_mad": 43.5091520409036,
  "summary_gm_mean": 751.5973092849154,
  "summary_gm_median": 752.6618900150061,
  "summary_gm_n": 75444.0,
  "summary_gm_p05": 679.6719341725111,
  "summary_gm_p95": 821.174626916647,
  "summary_gm_stdv": 43.23066726862955,
  "summary_wm_k": 0.4911362275507991,
  "summary_wm_mad": 32.79920692314271,
  "summary_wm_mean": 1001.3801314994822,
  "summary_wm_median": 1000.0000187307596,
  "summary_wm_n": 177547.0,
  "summary_wm_p05": 947.0634889006615,
  "summary_wm_p95": 1060.3860388994217,
  "summary_wm_stdv": 34.67249927967572,
  "tpm_overlap_csf": 0.1369814155762519,
  "tpm_overlap_gm": 0.4807094331279243,
  "tpm_overlap_wm": 0.4910825384920326,
  "wm2max": 0.4662841057530294
}