{
  "bids_meta": {
    "AcquisitionMatrixPE": 215,
    "AcquisitionNumber": 1,
    "AcquisitionTime": "14:56:36.645000",
    "BaseResolution": 256,
    "ConversionSoftware": "dcm2niix",
    "ConversionSoftwareVersion": "v1.0.20180404 Clang8.0.0",
    "DeviceSerialNumber": "35002",
    "DwellTime": 9.8e-06,
    "EchoTime": 0.00226,
    "FlipAngle": 9,
    "ImageOrientationPatientDICOM": [
      0,
      1,
      0,
      0,
      0,
      -1
    ],
    "ImageType": [
      "ORIGINAL",
      "PRIMARY",
      "M",
      "ND",
      "NORM"
    ],
    "InPlanePhaseEncodingDirectionDICOM": "ROW",
    "InstitutionAddress": "University_Pkwy_1700_North_685_Provo_UT_US_84601",
    "InstitutionName": "Brigham_Young_University",
    "InstitutionalDepartmentName": "MRI",
    "InversionTime": 0.9,
    "MRAcquisitionType": "3D",
    "MagneticFieldStrength": 3,
    "Manufacturer": "Siemens",
    "ManufacturersModelName": "TrioTim",
    "Modality": "MR",
    "ParallelReductionFactorInPlane": 2,
    "PartialFourier": 0.875,
    "PatientPosition": "HFS",
    "PercentPhaseFOV": 87.5,
    "PhaseEncodingSteps": 226,
    "PhaseOversampling": 0.2,
    "PhaseResolution": 0.96,
    "PixelBandwidth": 199,
    "ProcedureStepDescription": "Research_KIRWAN",
    "ProtocolName": "t1_mpr_sag_iso_mprage_fast",
    "PulseSequenceDetails": "%SiemensSeq%_tfl",
    "ReceiveCoilName": "32Ch_Head",
    "ReconMatrixPE": 256,
    "RepetitionTime": 1.9,
    "SAR": 0.134286,
    "ScanOptions": "IR_PFP",
    "ScanningSequence": "GR_IR",
    "SequenceName": "_tfl3d1_ns",
    "SequenceVariant": "SP_MP_OSP",
    "SeriesDescription": "t1_mpr_sag_iso_mprage_fast",
    "SeriesNumber": 6,
    "ShimSetting": [
      -2830,
      -22913,
      1923,
      -81,
      -87,
      -38,
      -253,
      388
    ],
    "SliceThickness": 1,
    "SoftwareVersions": "syngo_MR_B17",
    "StationName": "MININT-E41B04",
    "TxRefAmp": 378.194,
    "dataset": "ds001747",
    "modality": "T1w",
    "run_id": 1,
    "subject_id": "3919"
  },
  "cjv": 0.3417192354568195,
  "cnr": 3.9799899707017046,
  "efc": 0.6227910782715431,
  "fber": -1.0,
  "fwhm_avg": 4.50419536,
  "fwhm_x": 4.32278,
  "fwhm_y": 4.757145599999999,
  "fwhm_z": 4.432660479999999,
  "icvs_csf": 0.1646204262616763,
  "icvs_gm": 0.47792945946301946,
  "icvs_wm": 0.35745011427530426,
  "inu_med": 0.4887823164463043,
  "inu_range": 0.17707672715187073,
  "provenance": {
    "md5sum": "6592aa77cab9553be008eda70602a8fb",
    "settings": {
      "testing": false
    },
    "software": "mriqc",
    "version": "22.0.1",
    "warnings": {
      "large_rot_frame": true,
      "small_air_mask": false
    },
    "webapi_port": null,
    "webapi_url": "https://mriqc.nimh.nih.gov/api/v1"
  },
  "qi_1": 0.0,
  "qi_2": 0.007730061398117374,
  "rpve_csf": 22.987532145481264,
  "rpve_gm": 9.03046503873045,
  "rpve_wm": 13.11226032322575,
  "size_x": 176,
  "size_y": 224,
  "size_z": 256,
  "snr_csf": 2.757541838192077,
  "snr_gm": 16.14135725315003,
  "snr_total": 14.538526393943167,
  "snr_wm": 24.7166800904874,
  "snrd_csf": 39.25891643358956,
  "snrd_gm": 97.6301459118246,
  "snrd_total": 88.82805731034516,
  "snrd_wm": 129.59510958562126,
  "spacing_x": 1.0,
  "spacing_y": 0.9765625,
  "spacing_z": 0.9765625,
  "summary_bg_k": 16.505288593006952,
  "summary_bg_mad": 0.0,
  "summary_bg_mean": 2.1250562205301184,
  "summary_bg_median": 0.0,
  "summary_bg_n": 2034052.0,
  "summary_bg_p05": 0.0,
  "summary_bg_p95": 12.63380865007639,
  "summary_bg_stdv": 5.055446781350989,
  "summary_csf_k": 2.280796382274451,
  "summary_csf_mad": 66.17508091221153,
  "summary_csf_mean": 305.22499349164934,
  "summary_csf_median": 302.94662718102336,
  "summary_csf_n": 37003.0,
  "summary_csf_p05": 90.0745165821165,
  "summary_csf_p95": 501.67568073123704,
  "summary_csf_stdv": 109.85963274107652,
  "summary_gm_k": 0.11843500071484137,
  "summary_gm_mad": 46.37863721559232,
  "summary_gm_mean": 751.8884119274294,
  "summary_gm_median": 753.3759487532079,
  "summary_gm_n": 69970.0,
  "summary_gm_p05": 672.9205266013741,
  "summary_gm_p95": 826.0014356039464,
  "summary_gm_stdv": 46.673309645193044,
  "summary_wm_k": 0.5688150079366161,
  "summary_wm_mad": 37.910470081911015,
  "summary_wm_mean": 1002.5160346960116,
  "summary_wm_median": 1000.0378236249089,
  "summary_wm_n": 225006.0,
  "summary_wm_p05": 940.5757062658668,
  "summary_wm_p95": 1072.890265122056,
  "summary_wm_stdv": 40.45994841193515,
  "tpm_overlap_csf": 0.15643164359152473,
  "tpm_overlap_gm": 0.4804391787909247,
  "tpm_overlap_wm": 0.4952759953345787,
  "wm2max": 0.4802194209321757
}