{
  "bids_meta": {
    "AcquisitionMatrixPE": 215,
    "AcquisitionNumber": 1,
    "AcquisitionTime": "11:42:9.900000",
    "BaseResolution": 256,
    "ConversionSoftware": "dcm2niix",
    "ConversionSoftwareVersion": "v1.0.20180404 Clang8.0.0",
    "DeviceSerialNumber": "35002",
    "DwellTime": 9.8e-06,
    "EchoTime": 0.00226,
    "FlipAngle": 9,
    "ImageOrientationPatientDICOM": [
      0,
      1,
      0,
      0,
      0,
      -1
    ],
    "ImageType": [
      "ORIGINAL",
      "PRIMARY",
      "M",
      "ND",
      "NORM"
    ],
    "InPlanePhaseEncodingDirectionDICOM": "ROW",
    "InstitutionAddress": "University_Pkwy_1700_North_685_Provo_UT_US_84601",
    "InstitutionName": "Brigham_Young_University",
    "InstitutionalDepartmentName": "MRI",
    "InversionTime": 0.9,
    "MRAcquisitionType": "3D",
    "MagneticFieldStrength": 3,
    "Manufacturer": "Siemens",
    "ManufacturersModelName": "TrioTim",
    "Modality": "MR",
    "ParallelReductionFactorInPlane": 2,
    "PartialFourier": 0.875,
    "PatientPosition": "HFS",
    "PercentPhaseFOV": 87.5,
    "PhaseEncodingSteps": 226,
    "PhaseOversampling": 0.2,
    "PhaseResolution": 0.96,
    "PixelBandwidth": 199,
    "ProcedureStepDescription": "Research_KIRWAN",
    "ProtocolName": "t1_mpr_sag_iso_mprage_fast",
    "PulseSequenceDetails": "%SiemensSeq%_tfl",
    "ReceiveCoilName": "32Ch_Head",
    "ReconMatrixPE": 256,
    "RepetitionTime": 1.9,
    "SAR": 0.112324,
    "ScanOptions": "IR_PFP",
    "ScanningSequence": "GR_IR",
    "SequenceName": "_tfl3d1_ns",
    "SequenceVariant": "SP_MP_OSP",
    "SeriesDescription": "t1_mpr_sag_iso_mprage_fast",
    "SeriesNumber": 6,
    "ShimSetting": [
      -2830,
      -22913,
      1923,
      -81,
      -87,
      -38,
      -253,
      388
    ],
    "SliceThickness": 1,
    "SoftwareVersions": "syngo_MR_B17",
    "StationName": "MININT-E41B04",
    "TxRefAmp": 389.842,
    "dataset": "ds001747",
    "modality": "T1w",
    "run_id": 1,
    "subject_id": "3880"
  },
  "cjv": 0.36206315918421084,
  "cnr": 3.6657241414179067,
  "efc": 0.5568292641195817,
  "fber": -1.0,
  "fwhm_avg": 4.293282453333333,
  "fwhm_x": 4.10812,
  "fwhm_y": 4.52497408,
  "fwhm_z": 4.24675328,
  "icvs_csf": 0.205649863936763,
  "icvs_gm": 0.4530405086342561,
  "icvs_wm": 0.3413096274289809,
  "inu_med": 0.4422913044691086,
  "inu_range": 0.15952869206666948,
  "provenance": {
    "md5sum": "5bad9611a8d86acfff8d3544a9b8c67d",
    "settings": {
      "testing": false
    },
    "software": "mriqc",
    "version": "22.0.1",
    "warnings": {
      "large_rot_frame": true,
      "small_air_mask": false
    },
    "webapi_port": null,
    "webapi_url": "https://mriqc.nimh.nih.gov/api/v1"
  },
  "qi_1": 0.001479822814232206,
  "qi_2": 0.005291742865488862,
  "rpve_csf": 20.816118831655157,
  "rpve_gm": 10.157661440644985,
  "rpve_wm": 15.0460305927975,
  "size_x": 176,
  "size_y": 224,
  "size_z": 256,
  "snr_csf": 3.4483411164127067,
  "snr_gm": 15.93701161953926,
  "snr_total": 14.237166504985288,
  "snr_wm": 23.326146779003892,
  "snrd_csf": 31.905092812466165,
  "snrd_gm": 74.62571716326948,
  "snrd_total": 68.10674457012782,
  "snrd_wm": 97.78942373464778,
  "spacing_x": 1.0,
  "spacing_y": 0.9765625,
  "spacing_z": 0.9765625,
  "summary_bg_k": 45.60135520824235,
  "summary_bg_mad": 0.0,
  "summary_bg_mean": 2.323467601695679,
  "summary_bg_median": 0.0,
  "summary_bg_n": 2495746.0,
  "summary_bg_p05": 0.0,
  "summary_bg_p95": 14.091471321880817,
  "summary_bg_stdv": 6.699792110342482,
  "summary_csf_k": 1.8324745837865173,
  "summary_csf_mad": 71.76601285722164,
  "summary_csf_mean": 335.2325336711959,
  "summary_csf_median": 326.2793658003211,
  "summary_csf_n": 38360.0,
  "summary_csf_p05": 191.98517191484572,
  "summary_csf_p95": 507.9382086429743,
  "summary_csf_stdv": 94.61799221671043,
  "summary_gm_k": 0.11235379227539966,
  "summary_gm_mad": 46.98877859190916,
  "summary_gm_mean": 760.7560968273544,
  "summary_gm_median": 763.1644205376506,
  "summary_gm_n": 33526.0,
  "summary_gm_p05": 677.5401908475906,
  "summary_gm_p95": 835.6984150260687,
  "summary_gm_stdv": 47.885579617506956,
  "summary_wm_k": 1.2787038864281604,
  "summary_wm_mad": 38.77857078801864,
  "summary_wm_mean": 1003.4935751068681,
  "summary_wm_median": 1000.0494700223207,
  "summary_wm_n": 182893.0,
  "summary_wm_p05": 940.0247465670109,
  "summary_wm_p95": 1078.9814869284628,
  "summary_wm_stdv": 42.8723503079635,
  "tpm_overlap_csf": 0.16159806074391747,
  "tpm_overlap_gm": 0.47662846471649367,
  "tpm_overlap_wm": 0.5057561752388969,
  "wm2max": 0.3777595158940645
}