{
  "aor": 0.001282822384428224,
  "aqi": 0.02013217177615572,
  "bids_meta": {
    "AcquisitionMatrixPE": 100,
    "AcquisitionNumber": 1,
    "AcquisitionTime": "14:39:1.935000",
    "BandwidthPerPixelPhaseEncode": 13.889,
    "BaseResolution": 100,
    "ConversionSoftware": "dcm2niix",
    "ConversionSoftwareVersion": "v1.0.20180404 Clang8.0.0",
    "DerivedVendorReportedEchoSpacing": 0.000719994,
    "DeviceSerialNumber": "35002",
    "DwellTime": 2.8e-06,
    "EchoTime": 0.0436,
    "EffectiveEchoSpacing": 0.000719994,
    "FlipAngle": 55,
    "ImageComments": "Unaliased_MB8_PE3_(remote)",
    "ImageOrientationPatientDICOM": [
      1,
      0,
      0,
      0,
      0.832921,
      0.553392
    ],
    "ImageType": [
      "ORIGINAL",
      "PRIMARY",
      "M",
      "MB",
      "ND",
      "MOSAIC"
    ],
    "InPlanePhaseEncodingDirectionDICOM": "COL",
    "InstitutionAddress": "University_Pkwy_1700_North_685_Provo_UT_US_84601",
    "InstitutionName": "Brigham_Young_University",
    "InstitutionalDepartmentName": "MRI",
    "MRAcquisitionType": "2D",
    "MagneticFieldStrength": 3,
    "Manufacturer": "Siemens",
    "ManufacturersModelName": "TrioTim",
    "Modality": "MR",
    "MultibandAccelerationFactor": 8,
    "PartialFourier": 1,
    "PatientPosition": "HFS",
    "PercentPhaseFOV": 100,
    "PhaseEncodingDirection": "j-",
    "PhaseEncodingSteps": 100,
    "PhaseResolution": 1,
    "PixelBandwidth": 1786,
    "ProcedureStepDescription": "Research_KIRWAN",
    "ProtocolName": "Resting_State",
    "PulseSequenceDetails": "%CustomerSeq%_cmrr_mbep2d_bold",
    "ReceiveCoilName": "32Ch_Head",
    "ReconMatrixPE": 100,
    "RepetitionTime": 0.875,
    "SAR": 0.145611,
    "ScanOptions": "FS",
    "ScanningSequence": "EP",
    "SequenceName": "epfid2d1_100",
    "SequenceVariant": "SK_SS",
    "SeriesDescription": "Resting_State",
    "SeriesNumber": 3,
    "ShimSetting": [
      -2841,
      -22980,
      2471,
      974,
      -12,
      234,
      145,
      386
    ],
    "SliceThickness": 1.8,
    "SliceTiming": [
      0,
      0.4875,
      0.0975,
      0.585,
      0.195,
      0.685,
      0.2925,
      0.7825,
      0.39,
      0,
      0.4875,
      0.0975,
      0.585,
      0.195,
      0.685,
      0.2925,
      0.7825,
      0.39,
      0,
      0.4875,
      0.0975,
      0.585,
      0.195,
      0.685,
      0.2925,
      0.7825,
      0.39,
      0,
      0.4875,
      0.0975,
      0.585,
      0.195,
      0.685,
      0.2925,
      0.7825,
      0.39,
      0,
      0.4875,
      0.0975,
      0.585,
      0.195,
      0.685,
      0.2925,
      0.7825,
      0.39,
      0,
      0.4875,
      0.0975,
      0.585,
      0.195,
      0.685,
      0.2925,
      0.7825,
      0.39,
      0,
      0.4875,
      0.0975,
      0.585,
      0.195,
      0.685,
      0.2925,
      0.7825,
      0.39,
      0,
      0.4875,
      0.0975,
      0.585,
      0.195,
      0.685,
      0.2925,
      0.7825,
      0.39
    ],
    "SoftwareVersions": "syngo_MR_B17",
    "SpacingBetweenSlices": 1.8,
    "StationName": "MININT-E41B04",
    "TaskName": "rest",
    "TotalReadoutTime": 0.0712794,
    "TxRefAmp": 378.107,
    "dataset": "ds001747",
    "modality": "bold",
    "run_id": 1,
    "subject_id": "3942",
    "task_id": "rest"
  },
  "dummy_trs": 1,
  "dvars_nstd": 71.5160615576735,
  "dvars_std": 1.0590307337149818,
  "dvars_vstd": 1.0031181365651654,
  "efc": 0.5828081425482856,
  "fber": 232.7795867919922,
  "fd_mean": 0.11660869504097737,
  "fd_num": 51,
  "fd_perc": 6.204379562043796,
  "fwhm_avg": 3.642042522719912,
  "fwhm_x": 3.390550089818904,
  "fwhm_y": 4.092205392945923,
  "fwhm_z": 3.443372085394909,
  "gcor": 0.00424406,
  "gsr_x": -0.014962144196033478,
  "gsr_y": 0.07562939077615738,
  "provenance": {
    "md5sum": "073a57fcf010c6072396b2dfbeaff464",
    "settings": {
      "fd_thres": 0.2,
      "testing": false
    },
    "software": "mriqc",
    "version": "22.0.1",
    "webapi_port": null,
    "webapi_url": "https://mriqc.nimh.nih.gov/api/v1"
  },
  "size_t": 822,
  "size_x": 100,
  "size_y": 100,
  "size_z": 72,
  "snr": 1.7599672106407538,
  "spacing_tr": 0.875,
  "spacing_x": 1.7999999523162842,
  "spacing_y": 1.8000000715255737,
  "spacing_z": 1.8000000715255737,
  "summary_bg_k": 22.71185763027209,
  "summary_bg_mad": 17.500838630703466,
  "summary_bg_mean": 41.124176025390625,
  "summary_bg_median": 25.6411190032959,
  "summary_bg_n": 404118.0,
  "summary_bg_p05": 11.3929443359375,
  "summary_bg_p95": 125.36775856018058,
  "summary_bg_stdv": 46.34315872192383,
  "summary_fg_k": 4.113809435426912,
  "summary_fg_mad": 153.15894445180535,
  "summary_fg_mean": 461.17254638671875,
  "summary_fg_median": 397.90570068359375,
  "summary_fg_n": 209242.0,
  "summary_fg_p05": 221.70315551757812,
  "summary_fg_p95": 932.6788330078125,
  "summary_fg_stdv": 226.08645629882812,
  "tsnr": 17.295185918104835
}