{
  "bids_meta": {
    "AcquisitionMatrixPE": 215,
    "AcquisitionNumber": 1,
    "AcquisitionTime": "13:20:20.030000",
    "BaseResolution": 256,
    "ConversionSoftware": "dcm2niix",
    "ConversionSoftwareVersion": "v1.0.20180404 Clang8.0.0",
    "DeviceSerialNumber": "35002",
    "DwellTime": 9.8e-06,
    "EchoTime": 0.00226,
    "FlipAngle": 9,
    "ImageOrientationPatientDICOM": [
      0.0593063,
      0.99824,
      0,
      0,
      0,
      -1
    ],
    "ImageType": [
      "ORIGINAL",
      "PRIMARY",
      "M",
      "ND",
      "NORM"
    ],
    "InPlanePhaseEncodingDirectionDICOM": "ROW",
    "InstitutionAddress": "University_Pkwy_1700_North_685_Provo_UT_US_84601",
    "InstitutionName": "Brigham_Young_University",
    "InstitutionalDepartmentName": "MRI",
    "InversionTime": 0.9,
    "MRAcquisitionType": "3D",
    "MagneticFieldStrength": 3,
    "Manufacturer": "Siemens",
    "ManufacturersModelName": "TrioTim",
    "Modality": "MR",
    "ParallelReductionFactorInPlane": 2,
    "PartialFourier": 0.875,
    "PatientPosition": "HFS",
    "PercentPhaseFOV": 87.5,
    "PhaseEncodingSteps": 226,
    "PhaseOversampling": 0.2,
    "PhaseResolution": 0.96,
    "PixelBandwidth": 199,
    "ProcedureStepDescription": "Research_KIRWAN",
    "ProtocolName": "t1_mpr_sag_iso_mprage_fast",
    "PulseSequenceDetails": "%SiemensSeq%_tfl",
    "ReceiveCoilName": "32Ch_Head",
    "ReconMatrixPE": 256,
    "RepetitionTime": 1.9,
    "SAR": 0.100915,
    "ScanOptions": "IR_PFP",
    "ScanningSequence": "GR_IR",
    "SequenceName": "_tfl3d1_ns",
    "SequenceVariant": "SP_MP_OSP",
    "SeriesDescription": "t1_mpr_sag_iso_mprage_fast",
    "SeriesNumber": 6,
    "ShimSetting": [
      -2837,
      -22915,
      1912,
      -81,
      -83,
      -37,
      -275,
      390
    ],
    "SliceThickness": 1,
    "SoftwareVersions": "syngo_MR_B17",
    "StationName": "MININT-E41B04",
    "TxRefAmp": 336.072,
    "dataset": "ds001747",
    "modality": "T1w",
    "run_id": 1,
    "subject_id": "3789"
  },
  "cjv": 0.33887398714496214,
  "cnr": 3.988448631858082,
  "efc": 0.5864834353539993,
  "fber": -1.0,
  "fwhm_avg": 4.2980100112759345,
  "fwhm_x": 4.003057873827805,
  "fwhm_y": 4.658391040000001,
  "fwhm_z": 4.23258112,
  "icvs_csf": 0.18800366566870313,
  "icvs_gm": 0.43651190729604206,
  "icvs_wm": 0.3754844270352548,
  "inu_med": 0.3995014429092407,
  "inu_range": 0.11632296442985535,
  "provenance": {
    "md5sum": "aa985fef03884b918e2bfe35cddc90a8",
    "settings": {
      "testing": false
    },
    "software": "mriqc",
    "version": "22.0.1",
    "warnings": {
      "large_rot_frame": true,
      "small_air_mask": false
    },
    "webapi_port": null,
    "webapi_url": "https://mriqc.nimh.nih.gov/api/v1"
  },
  "qi_1": 0.0,
  "qi_2": 0.01754205642664662,
  "rpve_csf": 19.978203044185015,
  "rpve_gm": 9.159838681921384,
  "rpve_wm": 12.184877322694387,
  "size_x": 176,
  "size_y": 224,
  "size_z": 256,
  "snr_csf": 2.8780942789771773,
  "snr_gm": 15.068536761429872,
  "snr_total": 15.023222149888795,
  "snr_wm": 27.123035409259337,
  "snrd_csf": 50.345193140259596,
  "snrd_gm": 129.14636501197026,
  "snrd_total": 117.07234424974625,
  "snrd_wm": 171.72547459700888,
  "spacing_x": 0.9999980330467224,
  "spacing_y": 0.9765625,
  "spacing_z": 0.9765625,
  "summary_bg_k": 31.737448850982254,
  "summary_bg_mad": 0.0,
  "summary_bg_mean": 1.535860379095223,
  "summary_bg_median": 0.0,
  "summary_bg_n": 2483523.0,
  "summary_bg_p05": 0.0,
  "summary_bg_p95": 7.51851000636816,
  "summary_bg_stdv": 3.815167214594563,
  "summary_csf_k": 28.443726371520288,
  "summary_csf_mad": 49.85010873643421,
  "summary_csf_mean": 297.4821769211306,
  "summary_csf_median": 293.1837252229452,
  "summary_csf_n": 50093.0,
  "summary_csf_p05": 113.06770428866149,
  "summary_csf_p95": 463.3386745244262,
  "summary_csf_stdv": 101.86629428914064,
  "summary_gm_k": 0.024024414958485618,
  "summary_gm_mad": 50.13302649316766,
  "summary_gm_mean": 751.3922397787833,
  "summary_gm_median": 752.0799907892942,
  "summary_gm_n": 45570.0,
  "summary_gm_p05": 668.6894102618098,
  "summary_gm_p95": 831.6922338008881,
  "summary_gm_stdv": 49.910070946572546,
  "summary_wm_k": 0.8690388258425692,
  "summary_wm_mad": 33.89354725666753,
  "summary_wm_mean": 1001.828831297887,
  "summary_wm_median": 1000.0381608977914,
  "summary_wm_n": 240520.0,
  "summary_wm_p05": 945.1186893284321,
  "summary_wm_p95": 1064.689713947475,
  "summary_wm_stdv": 36.87036007945121,
  "tpm_overlap_csf": 0.16322491882255574,
  "tpm_overlap_gm": 0.45929782796805635,
  "tpm_overlap_wm": 0.5063709223583474,
  "wm2max": 0.4595405121010172
}