{
  "bids_meta": {
    "AcquisitionMatrixPE": 215,
    "AcquisitionNumber": 1,
    "AcquisitionTime": "13:39:38.487500",
    "BaseResolution": 256,
    "ConversionSoftware": "dcm2niix",
    "ConversionSoftwareVersion": "v1.0.20180404 Clang8.0.0",
    "DeviceSerialNumber": "35002",
    "DwellTime": 9.8e-06,
    "EchoTime": 0.00226,
    "FlipAngle": 9,
    "ImageOrientationPatientDICOM": [
      0,
      1,
      0,
      0,
      0,
      -1
    ],
    "ImageType": [
      "ORIGINAL",
      "PRIMARY",
      "M",
      "ND",
      "NORM"
    ],
    "InPlanePhaseEncodingDirectionDICOM": "ROW",
    "InstitutionAddress": "University_Pkwy_1700_North_685_Provo_UT_US_84601",
    "InstitutionName": "Brigham_Young_University",
    "InstitutionalDepartmentName": "MRI",
    "InversionTime": 0.9,
    "MRAcquisitionType": "3D",
    "MagneticFieldStrength": 3,
    "Manufacturer": "Siemens",
    "ManufacturersModelName": "TrioTim",
    "Modality": "MR",
    "ParallelReductionFactorInPlane": 2,
    "PartialFourier": 0.875,
    "PatientPosition": "HFS",
    "PercentPhaseFOV": 87.5,
    "PhaseEncodingSteps": 226,
    "PhaseOversampling": 0.2,
    "PhaseResolution": 0.96,
    "PixelBandwidth": 199,
    "ProcedureStepDescription": "Research_KIRWAN",
    "ProtocolName": "t1_mpr_sag_iso_mprage_fast",
    "PulseSequenceDetails": "%SiemensSeq%_tfl",
    "ReceiveCoilName": "32Ch_Head",
    "ReconMatrixPE": 256,
    "RepetitionTime": 1.9,
    "SAR": 0.0958434,
    "ScanOptions": "IR_PFP",
    "ScanningSequence": "GR_IR",
    "SequenceName": "_tfl3d1_ns",
    "SequenceVariant": "SP_MP_OSP",
    "SeriesDescription": "t1_mpr_sag_iso_mprage_fast",
    "SeriesNumber": 6,
    "ShimSetting": [
      -2830,
      -22913,
      1923,
      -81,
      -87,
      -38,
      -253,
      388
    ],
    "SliceThickness": 1,
    "SoftwareVersions": "syngo_MR_B17",
    "StationName": "MININT-E41B04",
    "TxRefAmp": 392.529,
    "dataset": "ds001747",
    "modality": "T1w",
    "run_id": 1,
    "subject_id": "3917"
  },
  "cjv": 0.30666613468392695,
  "cnr": 4.461446507877434,
  "efc": 0.5653608066226387,
  "fber": -1.0,
  "fwhm_avg": 4.550809893333334,
  "fwhm_x": 4.35751,
  "fwhm_y": 4.75121664,
  "fwhm_z": 4.5437030400000005,
  "icvs_csf": 0.1802402937390993,
  "icvs_gm": 0.48120708712634924,
  "icvs_wm": 0.3385526191345515,
  "inu_med": 0.41011616587638855,
  "inu_range": 0.1208026111125946,
  "provenance": {
    "md5sum": "32d63c25a87de37de75fe8618345f410",
    "settings": {
      "testing": false
    },
    "software": "mriqc",
    "version": "22.0.1",
    "warnings": {
      "large_rot_frame": true,
      "small_air_mask": false
    },
    "webapi_port": null,
    "webapi_url": "https://mriqc.nimh.nih.gov/api/v1"
  },
  "qi_1": 2.8760874692155924e-06,
  "qi_2": 0.006861532149082565,
  "rpve_csf": 25.2137814965384,
  "rpve_gm": 10.509978692243024,
  "rpve_wm": 16.2078003675905,
  "size_x": 176,
  "size_y": 224,
  "size_z": 256,
  "snr_csf": 2.233084938472058,
  "snr_gm": 15.278749147713455,
  "snr_total": 15.262763106988794,
  "snr_wm": 28.276455234780876,
  "snrd_csf": 35.09201892836463,
  "snrd_gm": 88.72831593294762,
  "snrd_total": 81.62284511043546,
  "snrd_wm": 121.04820046999414,
  "spacing_x": 1.0,
  "spacing_y": 0.9765625,
  "spacing_z": 0.9765625,
  "summary_bg_k": 21.248213289523427,
  "summary_bg_mad": 0.0,
  "summary_bg_mean": 2.5785408572538793,
  "summary_bg_median": 0.0,
  "summary_bg_n": 2156135.0,
  "summary_bg_p05": 0.0,
  "summary_bg_p95": 13.104588985443115,
  "summary_bg_stdv": 5.412418326087251,
  "summary_csf_k": 2.6567537322784878,
  "summary_csf_mad": 98.92187010002893,
  "summary_csf_mean": 289.5391269221969,
  "summary_csf_median": 289.9131941795349,
  "summary_csf_n": 28098.0,
  "summary_csf_p05": 50.58702063560487,
  "summary_csf_p95": 503.9334555864333,
  "summary_csf_stdv": 129.82400721714095,
  "summary_gm_k": 0.021384304574815438,
  "summary_gm_mad": 48.60287669722611,
  "summary_gm_mean": 730.4077889684229,
  "summary_gm_median": 733.030195236206,
  "summary_gm_n": 67483.0,
  "summary_gm_p05": 648.367109298706,
  "summary_gm_p95": 804.5886921882629,
  "summary_gm_stdv": 47.97675234458739,
  "summary_wm_k": 0.7056869274439026,
  "summary_wm_mad": 33.28040611171977,
  "summary_wm_mean": 999.8297365755601,
  "summary_wm_median": 1000.0413632392883,
  "summary_wm_n": 178878.0,
  "summary_wm_p05": 941.6701340675354,
  "summary_wm_p95": 1056.4696407318115,
  "summary_wm_stdv": 35.36647573450039,
  "tpm_overlap_csf": 0.14581857047157987,
  "tpm_overlap_gm": 0.4923514745005238,
  "tpm_overlap_wm": 0.5206144974304115,
  "wm2max": 0.42806837485843713
}