{
  "aor": 0.0006113122721749696,
  "aqi": 0.021613675455650058,
  "bids_meta": {
    "AcquisitionMatrixPE": 100,
    "AcquisitionNumber": 1,
    "AcquisitionTime": "14:30:9.735000",
    "BandwidthPerPixelPhaseEncode": 13.889,
    "BaseResolution": 100,
    "ConversionSoftware": "dcm2niix",
    "ConversionSoftwareVersion": "v1.0.20180404 Clang8.0.0",
    "DerivedVendorReportedEchoSpacing": 0.000719994,
    "DeviceSerialNumber": "35002",
    "DwellTime": 2.8e-06,
    "EchoTime": 0.0436,
    "EffectiveEchoSpacing": 0.000719994,
    "FlipAngle": 55,
    "ImageComments": "Unaliased_MB8_PE3_(remote)",
    "ImageOrientationPatientDICOM": [
      1,
      0,
      0,
      0,
      0.876307,
      0.481754
    ],
    "ImageType": [
      "ORIGINAL",
      "PRIMARY",
      "M",
      "MB",
      "ND",
      "MOSAIC"
    ],
    "InPlanePhaseEncodingDirectionDICOM": "COL",
    "InstitutionAddress": "University_Pkwy_1700_North_685_Provo_UT_US_84601",
    "InstitutionName": "Brigham_Young_University",
    "InstitutionalDepartmentName": "MRI",
    "MRAcquisitionType": "2D",
    "MagneticFieldStrength": 3,
    "Manufacturer": "Siemens",
    "ManufacturersModelName": "TrioTim",
    "Modality": "MR",
    "MultibandAccelerationFactor": 8,
    "PartialFourier": 1,
    "PatientPosition": "HFS",
    "PercentPhaseFOV": 100,
    "PhaseEncodingDirection": "j-",
    "PhaseEncodingSteps": 100,
    "PhaseResolution": 1,
    "PixelBandwidth": 1786,
    "ProcedureStepDescription": "Research_KIRWAN",
    "ProtocolName": "Resting_State",
    "PulseSequenceDetails": "%CustomerSeq%_cmrr_mbep2d_bold",
    "ReceiveCoilName": "32Ch_Head",
    "ReconMatrixPE": 100,
    "RepetitionTime": 0.875,
    "SAR": 0.128237,
    "ScanOptions": "FS",
    "ScanningSequence": "EP",
    "SequenceName": "epfid2d1_100",
    "SequenceVariant": "SK_SS",
    "SeriesDescription": "Resting_State",
    "SeriesNumber": 3,
    "ShimSetting": [
      -2855,
      -22994,
      2376,
      694,
      -42,
      278,
      160,
      568
    ],
    "SliceThickness": 1.8,
    "SliceTiming": [
      0,
      0.4875,
      0.0975,
      0.585,
      0.195,
      0.6825,
      0.2925,
      0.78,
      0.39,
      0,
      0.4875,
      0.0975,
      0.585,
      0.195,
      0.6825,
      0.2925,
      0.78,
      0.39,
      0,
      0.4875,
      0.0975,
      0.585,
      0.195,
      0.6825,
      0.2925,
      0.78,
      0.39,
      0,
      0.4875,
      0.0975,
      0.585,
      0.195,
      0.6825,
      0.2925,
      0.78,
      0.39,
      0,
      0.4875,
      0.0975,
      0.585,
      0.195,
      0.6825,
      0.2925,
      0.78,
      0.39,
      0,
      0.4875,
      0.0975,
      0.585,
      0.195,
      0.6825,
      0.2925,
      0.78,
      0.39,
      0,
      0.4875,
      0.0975,
      0.585,
      0.195,
      0.6825,
      0.2925,
      0.78,
      0.39,
      0,
      0.4875,
      0.0975,
      0.585,
      0.195,
      0.6825,
      0.2925,
      0.78,
      0.39
    ],
    "SoftwareVersions": "syngo_MR_B17",
    "SpacingBetweenSlices": 1.8,
    "StationName": "MININT-E41B04",
    "TaskName": "rest",
    "TotalReadoutTime": 0.0712794,
    "TxRefAmp": 398.668,
    "dataset": "ds001747",
    "modality": "bold",
    "run_id": 1,
    "subject_id": "3909",
    "task_id": "rest"
  },
  "dummy_trs": 0,
  "dvars_nstd": 72.0403971613747,
  "dvars_std": 1.030840899184915,
  "dvars_vstd": 0.9861062879683711,
  "efc": 0.6316867229707976,
  "fber": 208.56918334960938,
  "fd_mean": 0.12223562434001234,
  "fd_num": 33,
  "fd_perc": 4.0097205346294045,
  "fwhm_avg": 3.1848778621482285,
  "fwhm_x": 3.0492278585547306,
  "fwhm_y": 3.4634223139715807,
  "fwhm_z": 3.041983413918374,
  "gcor": 0.00978299,
  "gsr_x": -0.013603250496089458,
  "gsr_y": 0.0964062511920929,
  "provenance": {
    "md5sum": "9d562f2a52aff24481284c0384650ed0",
    "settings": {
      "fd_thres": 0.2,
      "testing": false
    },
    "software": "mriqc",
    "version": "22.0.1",
    "webapi_port": null,
    "webapi_url": "https://mriqc.nimh.nih.gov/api/v1"
  },
  "size_t": 823,
  "size_x": 100,
  "size_y": 100,
  "size_z": 72,
  "snr": 2.1966082848339634,
  "spacing_tr": 0.875,
  "spacing_x": 1.7999999523162842,
  "spacing_y": 1.7999999523162842,
  "spacing_z": 1.7999999523162842,
  "summary_bg_k": 19.511446327300263,
  "summary_bg_mad": 17.800234704203472,
  "summary_bg_mean": 46.92604446411133,
  "summary_bg_median": 26.194412231445312,
  "summary_bg_n": 380301.0,
  "summary_bg_p05": 12.131227493286133,
  "summary_bg_p95": 156.842041015625,
  "summary_bg_stdv": 55.10939407348633,
  "summary_fg_k": 2.4642234045055176,
  "summary_fg_mad": 137.8009717576255,
  "summary_fg_mean": 431.9873962402344,
  "summary_fg_median": 391.4690246582031,
  "summary_fg_n": 228685.0,
  "summary_fg_p05": 224.08749084472657,
  "summary_fg_p95": 787.5990600585936,
  "summary_fg_stdv": 178.21482849121094,
  "tsnr": 17.170962056843564
}