{
  "aor": 0.0003811557177615572,
  "aqi": 0.017577414233576644,
  "bids_meta": {
    "AcquisitionMatrixPE": 100,
    "AcquisitionNumber": 1,
    "AcquisitionTime": "11:26:16.867500",
    "BandwidthPerPixelPhaseEncode": 13.889,
    "BaseResolution": 100,
    "ConversionSoftware": "dcm2niix",
    "ConversionSoftwareVersion": "v1.0.20180404 Clang8.0.0",
    "DerivedVendorReportedEchoSpacing": 0.000719994,
    "DeviceSerialNumber": "35002",
    "DwellTime": 2.8e-06,
    "EchoTime": 0.0436,
    "EffectiveEchoSpacing": 0.000719994,
    "FlipAngle": 55,
    "ImageComments": "Unaliased_MB8_PE3_(remote)",
    "ImageOrientationPatientDICOM": [
      1,
      0,
      0,
      0,
      0.833886,
      0.551937
    ],
    "ImageType": [
      "ORIGINAL",
      "PRIMARY",
      "M",
      "MB",
      "ND",
      "MOSAIC"
    ],
    "InPlanePhaseEncodingDirectionDICOM": "COL",
    "InstitutionAddress": "University_Pkwy_1700_North_685_Provo_UT_US_84601",
    "InstitutionName": "Brigham_Young_University",
    "InstitutionalDepartmentName": "MRI",
    "MRAcquisitionType": "2D",
    "MagneticFieldStrength": 3,
    "Manufacturer": "Siemens",
    "ManufacturersModelName": "TrioTim",
    "Modality": "MR",
    "MultibandAccelerationFactor": 8,
    "PartialFourier": 1,
    "PatientPosition": "HFS",
    "PercentPhaseFOV": 100,
    "PhaseEncodingDirection": "j-",
    "PhaseEncodingSteps": 100,
    "PhaseResolution": 1,
    "PixelBandwidth": 1786,
    "ProcedureStepDescription": "Research_KIRWAN",
    "ProtocolName": "Resting_State",
    "PulseSequenceDetails": "%CustomerSeq%_cmrr_mbep2d_bold",
    "ReceiveCoilName": "32Ch_Head",
    "ReconMatrixPE": 100,
    "RepetitionTime": 0.875,
    "SAR": 0.1293,
    "ScanOptions": "FS",
    "ScanningSequence": "EP",
    "SequenceName": "epfid2d1_100",
    "SequenceVariant": "SK_SS",
    "SeriesDescription": "Resting_State",
    "SeriesNumber": 3,
    "ShimSetting": [
      -2729,
      -22936,
      2448,
      987,
      200,
      218,
      227,
      315
    ],
    "SliceThickness": 1.8,
    "SliceTiming": [
      0,
      0.4875,
      0.0975,
      0.585,
      0.195,
      0.6825,
      0.2925,
      0.78,
      0.39,
      0,
      0.4875,
      0.0975,
      0.585,
      0.195,
      0.6825,
      0.2925,
      0.78,
      0.39,
      0,
      0.4875,
      0.0975,
      0.585,
      0.195,
      0.6825,
      0.2925,
      0.78,
      0.39,
      0,
      0.4875,
      0.0975,
      0.585,
      0.195,
      0.6825,
      0.2925,
      0.78,
      0.39,
      0,
      0.4875,
      0.0975,
      0.585,
      0.195,
      0.6825,
      0.2925,
      0.78,
      0.39,
      0,
      0.4875,
      0.0975,
      0.585,
      0.195,
      0.6825,
      0.2925,
      0.78,
      0.39,
      0,
      0.4875,
      0.0975,
      0.585,
      0.195,
      0.6825,
      0.2925,
      0.78,
      0.39,
      0,
      0.4875,
      0.0975,
      0.585,
      0.195,
      0.6825,
      0.2925,
      0.78,
      0.39
    ],
    "SoftwareVersions": "syngo_MR_B17",
    "SpacingBetweenSlices": 1.8,
    "StationName": "MININT-E41B04",
    "TaskName": "rest",
    "TotalReadoutTime": 0.0712794,
    "TxRefAmp": 397.378,
    "dataset": "ds001747",
    "modality": "bold",
    "run_id": 1,
    "subject_id": "3907",
    "task_id": "rest"
  },
  "dummy_trs": 1,
  "dvars_nstd": 58.27444712171743,
  "dvars_std": 1.0209950683556654,
  "dvars_vstd": 0.9885001289281363,
  "efc": 0.5726954284377747,
  "fber": 365.3199768066406,
  "fd_mean": 0.10387797806884565,
  "fd_num": 31,
  "fd_perc": 3.7712895377128954,
  "fwhm_avg": 3.044411191760466,
  "fwhm_x": 2.9601445228614947,
  "fwhm_y": 3.276838975695477,
  "fwhm_z": 2.8962500767244257,
  "gcor": 0.0139888,
  "gsr_x": -0.009838838130235672,
  "gsr_y": 0.08669668436050415,
  "provenance": {
    "md5sum": "a03cf8956bf4685b5a0f2926c4c92064",
    "settings": {
      "fd_thres": 0.2,
      "testing": false
    },
    "software": "mriqc",
    "version": "22.0.1",
    "webapi_port": null,
    "webapi_url": "https://mriqc.nimh.nih.gov/api/v1"
  },
  "size_t": 822,
  "size_x": 100,
  "size_y": 100,
  "size_z": 72,
  "snr": 2.3762325132396627,
  "spacing_tr": 0.875,
  "spacing_x": 1.7999999523162842,
  "spacing_y": 1.7999999523162842,
  "spacing_z": 1.7999999523162842,
  "summary_bg_k": 31.387524723557227,
  "summary_bg_mad": 12.9033275757982,
  "summary_bg_mean": 36.6634635925293,
  "summary_bg_median": 20.66058349609375,
  "summary_bg_n": 438272.0,
  "summary_bg_p05": 10.84306526184082,
  "summary_bg_p95": 115.3984169006342,
  "summary_bg_stdv": 45.3751220703125,
  "summary_fg_k": 4.059553825966655,
  "summary_fg_mad": 128.03949667121523,
  "summary_fg_mean": 438.6817321777344,
  "summary_fg_median": 402.3236083984375,
  "summary_fg_n": 180733.0,
  "summary_fg_p05": 243.31094360351562,
  "summary_fg_p95": 771.8209228515625,
  "summary_fg_stdv": 169.3110809326172,
  "tsnr": 20.147224883548915
}