{
  "bids_meta": {
    "AcquisitionMatrixPE": 215,
    "AcquisitionNumber": 1,
    "AcquisitionTime": "09:18:26.435000",
    "BaseResolution": 256,
    "ConversionSoftware": "dcm2niix",
    "ConversionSoftwareVersion": "v1.0.20180404 Clang8.0.0",
    "DeviceSerialNumber": "35002",
    "DwellTime": 9.8e-06,
    "EchoTime": 0.00226,
    "FlipAngle": 9,
    "ImageOrientationPatientDICOM": [
      -0.0104718,
      0.999945,
      3.50092e-08,
      0.0732342,
      0.000766968,
      -0.997314
    ],
    "ImageType": [
      "ORIGINAL",
      "PRIMARY",
      "M",
      "ND",
      "NORM"
    ],
    "InPlanePhaseEncodingDirectionDICOM": "ROW",
    "InstitutionAddress": "University_Pkwy_1700_North_685_Provo_UT_US_84601",
    "InstitutionName": "Brigham_Young_University",
    "InstitutionalDepartmentName": "MRI",
    "InversionTime": 0.9,
    "MRAcquisitionType": "3D",
    "MagneticFieldStrength": 3,
    "Manufacturer": "Siemens",
    "ManufacturersModelName": "TrioTim",
    "Modality": "MR",
    "ParallelReductionFactorInPlane": 2,
    "PartialFourier": 0.875,
    "PatientPosition": "HFS",
    "PercentPhaseFOV": 87.5,
    "PhaseEncodingSteps": 226,
    "PhaseOversampling": 0.2,
    "PhaseResolution": 0.96,
    "PixelBandwidth": 199,
    "ProcedureStepDescription": "Research_KIRWAN",
    "ProtocolName": "t1_mpr_sag_iso_mprage_fast",
    "PulseSequenceDetails": "%SiemensSeq%_tfl",
    "ReceiveCoilName": "32Ch_Head",
    "ReconMatrixPE": 256,
    "RepetitionTime": 1.9,
    "SAR": 0.122491,
    "ScanOptions": "IR_PFP",
    "ScanningSequence": "GR_IR",
    "SequenceName": "_tfl3d1_ns",
    "SequenceVariant": "SP_MP_OSP",
    "SeriesDescription": "t1_mpr_sag_iso_mprage_fast",
    "SeriesNumber": 6,
    "ShimSetting": [
      -2837,
      -22915,
      1912,
      -81,
      -83,
      -37,
      -275,
      390
    ],
    "SliceThickness": 1,
    "SoftwareVersions": "syngo_MR_B17",
    "StationName": "MININT-E41B04",
    "TxRefAmp": 332.724,
    "dataset": "ds001747",
    "modality": "T1w",
    "run_id": 1,
    "subject_id": "4127"
  },
  "cjv": 0.34800143988412346,
  "cnr": 3.87297604782741,
  "efc": 0.6040580846961647,
  "fber": 31018.254399999998,
  "fwhm_avg": 4.62101241264899,
  "fwhm_x": 4.32228587794697,
  "fwhm_y": 4.99062784,
  "fwhm_z": 4.5501235200000005,
  "icvs_csf": 0.2077319129450647,
  "icvs_gm": 0.43893972388616737,
  "icvs_wm": 0.3533283631687679,
  "inu_med": 0.37652234733104706,
  "inu_range": 0.11452972143888474,
  "provenance": {
    "md5sum": "f1b334ecf344946ef93e8ab4024e064e",
    "settings": {
      "testing": false
    },
    "software": "mriqc",
    "version": "22.0.1",
    "warnings": {
      "large_rot_frame": true,
      "small_air_mask": false
    },
    "webapi_port": null,
    "webapi_url": "https://mriqc.nimh.nih.gov/api/v1"
  },
  "qi_1": 6.324787082287091e-05,
  "qi_2": 0.0065749908085830115,
  "rpve_csf": 17.201005412177913,
  "rpve_gm": 8.617263454353667,
  "rpve_wm": 12.26366504949142,
  "size_x": 177,
  "size_y": 224,
  "size_z": 256,
  "snr_csf": 3.386468964596429,
  "snr_gm": 13.998518934648741,
  "snr_total": 15.65541155650945,
  "snr_wm": 29.581246770283176,
  "snrd_csf": 43.799842999859735,
  "snrd_gm": 114.51022783699848,
  "snrd_total": 103.44005475197612,
  "snrd_wm": 152.01009341907016,
  "spacing_x": 1.0000009536743164,
  "spacing_y": 0.9765625,
  "spacing_z": 0.9765625,
  "summary_bg_k": 41.055760989822815,
  "summary_bg_mad": 0.0,
  "summary_bg_mean": 2.043932505112053,
  "summary_bg_median": 0.0,
  "summary_bg_n": 2257086.0,
  "summary_bg_p05": 0.0,
  "summary_bg_p95": 8.524039726704359,
  "summary_bg_stdv": 4.309821834348196,
  "summary_csf_k": 2.7276208419834527,
  "summary_csf_mad": 53.22800482301828,
  "summary_csf_mean": 303.59093994194745,
  "summary_csf_median": 288.1377369686961,
  "summary_csf_n": 71152.0,
  "summary_csf_p05": 201.24082065131515,
  "summary_csf_p95": 476.21248542144895,
  "summary_csf_stdv": 85.08440950431643,
  "summary_gm_k": -0.01252952813571051,
  "summary_gm_mad": 54.722124256646865,
  "summary_gm_mean": 750.5101302539039,
  "summary_gm_median": 753.3067620545626,
  "summary_gm_n": 59518.0,
  "summary_gm_p05": 659.4520458223299,
  "summary_gm_p95": 834.6000670343637,
  "summary_gm_stdv": 53.81286671470507,
  "summary_wm_k": 0.9965031602700494,
  "summary_wm_mad": 31.127488200595486,
  "summary_wm_mean": 1001.2480744555099,
  "summary_wm_median": 1000.0000300072134,
  "summary_wm_n": 261714.0,
  "summary_wm_p05": 949.0657433643937,
  "summary_wm_p95": 1058.156655728817,
  "summary_wm_stdv": 33.8051376701092,
  "tpm_overlap_csf": 0.17047239776950865,
  "tpm_overlap_gm": 0.46101001874868075,
  "tpm_overlap_wm": 0.4913005536373551,
  "wm2max": 0.4162952086283147
}