{
  "aor": 0.0005389037758830695,
  "aqi": 0.021636968818514006,
  "bids_meta": {
    "AcquisitionMatrixPE": 100,
    "AcquisitionNumber": 1,
    "AcquisitionTime": "16:00:9.880000",
    "BandwidthPerPixelPhaseEncode": 13.889,
    "BaseResolution": 100,
    "ConversionSoftware": "dcm2niix",
    "ConversionSoftwareVersion": "v1.0.20180404 Clang8.0.0",
    "DerivedVendorReportedEchoSpacing": 0.000719994,
    "DeviceSerialNumber": "35002",
    "DwellTime": 2.8e-06,
    "EchoTime": 0.0436,
    "EffectiveEchoSpacing": 0.000719994,
    "FlipAngle": 55,
    "ImageComments": "Unaliased_MB8_PE3_(remote)",
    "ImageOrientationPatientDICOM": [
      1,
      0,
      0,
      0,
      0.931691,
      0.363251
    ],
    "ImageType": [
      "ORIGINAL",
      "PRIMARY",
      "M",
      "MB",
      "ND",
      "MOSAIC"
    ],
    "InPlanePhaseEncodingDirectionDICOM": "COL",
    "InstitutionAddress": "University_Pkwy_1700_North_685_Provo_UT_US_84601",
    "InstitutionName": "Brigham_Young_University",
    "InstitutionalDepartmentName": "MRI",
    "MRAcquisitionType": "2D",
    "MagneticFieldStrength": 3,
    "Manufacturer": "Siemens",
    "ManufacturersModelName": "TrioTim",
    "Modality": "MR",
    "MultibandAccelerationFactor": 8,
    "PartialFourier": 1,
    "PatientPosition": "HFS",
    "PercentPhaseFOV": 100,
    "PhaseEncodingDirection": "j-",
    "PhaseEncodingSteps": 100,
    "PhaseResolution": 1,
    "PixelBandwidth": 1786,
    "ProcedureStepDescription": "Research_KIRWAN",
    "ProtocolName": "Resting_State",
    "PulseSequenceDetails": "%CustomerSeq%_cmrr_mbep2d_bold",
    "ReceiveCoilName": "32Ch_Head",
    "ReconMatrixPE": 100,
    "RepetitionTime": 0.875,
    "SAR": 0.0974092,
    "ScanOptions": "FS",
    "ScanningSequence": "EP",
    "SequenceName": "epfid2d1_100",
    "SequenceVariant": "SK_SS",
    "SeriesDescription": "Resting_State",
    "SeriesNumber": 3,
    "ShimSetting": [
      -2784,
      -22866,
      2303,
      874,
      71,
      838,
      104,
      451
    ],
    "SliceThickness": 1.8,
    "SliceTiming": [
      0,
      0.49,
      0.0975,
      0.5875,
      0.195,
      0.685,
      0.2925,
      0.7825,
      0.39,
      0,
      0.49,
      0.0975,
      0.5875,
      0.195,
      0.685,
      0.2925,
      0.7825,
      0.39,
      0,
      0.49,
      0.0975,
      0.5875,
      0.195,
      0.685,
      0.2925,
      0.7825,
      0.39,
      0,
      0.49,
      0.0975,
      0.5875,
      0.195,
      0.685,
      0.2925,
      0.7825,
      0.39,
      0,
      0.49,
      0.0975,
      0.5875,
      0.195,
      0.685,
      0.2925,
      0.7825,
      0.39,
      0,
      0.49,
      0.0975,
      0.5875,
      0.195,
      0.685,
      0.2925,
      0.7825,
      0.39,
      0,
      0.49,
      0.0975,
      0.5875,
      0.195,
      0.685,
      0.2925,
      0.7825,
      0.39,
      0,
      0.49,
      0.0975,
      0.5875,
      0.195,
      0.685,
      0.2925,
      0.7825,
      0.39
    ],
    "SoftwareVersions": "syngo_MR_B17",
    "SpacingBetweenSlices": 1.8,
    "StationName": "MININT-E41B04",
    "TaskName": "rest",
    "TotalReadoutTime": 0.0712794,
    "TxRefAmp": 401.658,
    "dataset": "ds001747",
    "modality": "bold",
    "run_id": 1,
    "subject_id": "3899",
    "task_id": "rest"
  },
  "dummy_trs": 2,
  "dvars_nstd": 73.71555573991466,
  "dvars_std": 1.0357646190731706,
  "dvars_vstd": 0.9877537840609756,
  "efc": 0.5896871962474273,
  "fber": 250.10252380371094,
  "fd_mean": 0.11430009405736931,
  "fd_num": 39,
  "fd_perc": 4.750304506699147,
  "fwhm_avg": 3.4688204622627308,
  "fwhm_x": 3.351377866558972,
  "fwhm_y": 3.819672323408983,
  "fwhm_z": 3.235411196820238,
  "gcor": 0.00293244,
  "gsr_x": -0.021260470151901245,
  "gsr_y": 0.1256314516067505,
  "provenance": {
    "md5sum": "5aaf3c4ce07574eeff5017faa65621f5",
    "settings": {
      "fd_thres": 0.2,
      "testing": false
    },
    "software": "mriqc",
    "version": "22.0.1",
    "webapi_port": null,
    "webapi_url": "https://mriqc.nimh.nih.gov/api/v1"
  },
  "size_t": 821,
  "size_x": 100,
  "size_y": 100,
  "size_z": 72,
  "snr": 1.759646850292854,
  "spacing_tr": 0.875,
  "spacing_x": 1.7999999523162842,
  "spacing_y": 1.7999999523162842,
  "spacing_z": 1.7999999523162842,
  "summary_bg_k": 33.43452804646467,
  "summary_bg_mad": 14.770040864067086,
  "summary_bg_mean": 48.27809143066406,
  "summary_bg_median": 23.88550567626953,
  "summary_bg_n": 410520.0,
  "summary_bg_p05": 12.439708709716797,
  "summary_bg_p95": 167.78204345703125,
  "summary_bg_stdv": 67.53124237060547,
  "summary_fg_k": 5.740473737406486,
  "summary_fg_mad": 143.36638575565044,
  "summary_fg_mean": 448.8918151855469,
  "summary_fg_median": 388.59381103515625,
  "summary_fg_n": 204108.0,
  "summary_fg_p05": 229.13278198242188,
  "summary_fg_p95": 906.550537109375,
  "summary_fg_stdv": 220.83570861816406,
  "tsnr": 17.147490610484965
}