{
  "aor": 0.00023761557177615574,
  "aqi": 0.024774896107055962,
  "bids_meta": {
    "AcquisitionMatrixPE": 100,
    "AcquisitionNumber": 1,
    "AcquisitionTime": "16:07:25.022500",
    "BandwidthPerPixelPhaseEncode": 13.889,
    "BaseResolution": 100,
    "ConversionSoftware": "dcm2niix",
    "ConversionSoftwareVersion": "v1.0.20180404 Clang8.0.0",
    "DerivedVendorReportedEchoSpacing": 0.000719994,
    "DeviceSerialNumber": "35002",
    "DwellTime": 2.8e-06,
    "EchoTime": 0.0436,
    "EffectiveEchoSpacing": 0.000719994,
    "FlipAngle": 55,
    "ImageComments": "Unaliased_MB8_PE3_(remote)",
    "ImageOrientationPatientDICOM": [
      0.999998,
      0.000962901,
      -0.00185041,
      -2.08383e-09,
      0.887082,
      0.461612
    ],
    "ImageType": [
      "ORIGINAL",
      "PRIMARY",
      "M",
      "MB",
      "ND",
      "MOSAIC"
    ],
    "InPlanePhaseEncodingDirectionDICOM": "COL",
    "InstitutionAddress": "University_Pkwy_1700_North_685_Provo_UT_US_84601",
    "InstitutionName": "Brigham_Young_University",
    "InstitutionalDepartmentName": "MRI",
    "MRAcquisitionType": "2D",
    "MagneticFieldStrength": 3,
    "Manufacturer": "Siemens",
    "ManufacturersModelName": "TrioTim",
    "Modality": "MR",
    "MultibandAccelerationFactor": 8,
    "PartialFourier": 1,
    "PatientPosition": "HFS",
    "PercentPhaseFOV": 100,
    "PhaseEncodingDirection": "j-",
    "PhaseEncodingSteps": 100,
    "PhaseResolution": 1,
    "PixelBandwidth": 1786,
    "ProcedureStepDescription": "Research_KIRWAN",
    "ProtocolName": "Resting_State",
    "PulseSequenceDetails": "%CustomerSeq%_cmrr_mbep2d_bold",
    "ReceiveCoilName": "32Ch_Head",
    "ReconMatrixPE": 100,
    "RepetitionTime": 0.875,
    "SAR": 0.124419,
    "ScanOptions": "FS",
    "ScanningSequence": "EP",
    "SequenceName": "epfid2d1_100",
    "SequenceVariant": "SK_SS",
    "SeriesDescription": "Resting_State",
    "SeriesNumber": 3,
    "ShimSetting": [
      -2810,
      -22991,
      2451,
      924,
      -77,
      124,
      -497,
      278
    ],
    "SliceThickness": 1.8,
    "SliceTiming": [
      0,
      0.4875,
      0.0975,
      0.585,
      0.195,
      0.6825,
      0.2925,
      0.78,
      0.39,
      0,
      0.4875,
      0.0975,
      0.585,
      0.195,
      0.6825,
      0.2925,
      0.78,
      0.39,
      0,
      0.4875,
      0.0975,
      0.585,
      0.195,
      0.6825,
      0.2925,
      0.78,
      0.39,
      0,
      0.4875,
      0.0975,
      0.585,
      0.195,
      0.6825,
      0.2925,
      0.78,
      0.39,
      0,
      0.4875,
      0.0975,
      0.585,
      0.195,
      0.6825,
      0.2925,
      0.78,
      0.39,
      0,
      0.4875,
      0.0975,
      0.585,
      0.195,
      0.6825,
      0.2925,
      0.78,
      0.39,
      0,
      0.4875,
      0.0975,
      0.585,
      0.195,
      0.6825,
      0.2925,
      0.78,
      0.39,
      0,
      0.4875,
      0.0975,
      0.585,
      0.195,
      0.6825,
      0.2925,
      0.78,
      0.39
    ],
    "SoftwareVersions": "syngo_MR_B17",
    "SpacingBetweenSlices": 1.8,
    "StationName": "MININT-E41B04",
    "TaskName": "rest",
    "TotalReadoutTime": 0.0712794,
    "TxRefAmp": 384.773,
    "dataset": "ds001747",
    "modality": "bold",
    "run_id": 1,
    "subject_id": "3898",
    "task_id": "rest"
  },
  "dummy_trs": 1,
  "dvars_nstd": 71.54180530912294,
  "dvars_std": 1.03965647227771,
  "dvars_vstd": 0.9843853653227769,
  "efc": 0.5785389206194884,
  "fber": 381.4578857421875,
  "fd_mean": 0.12647968838301513,
  "fd_num": 65,
  "fd_perc": 7.907542579075426,
  "fwhm_avg": 2.647327790536952,
  "fwhm_x": 2.4816945101868977,
  "fwhm_y": 2.8614667424696485,
  "fwhm_z": 2.5988221189543093,
  "gcor": 0.0026546,
  "gsr_x": -0.003712383797392249,
  "gsr_y": 0.06592918932437897,
  "provenance": {
    "md5sum": "0affb2d0d59e01e6063ce811f0392f73",
    "settings": {
      "fd_thres": 0.2,
      "testing": false
    },
    "software": "mriqc",
    "version": "22.0.1",
    "webapi_port": null,
    "webapi_url": "https://mriqc.nimh.nih.gov/api/v1"
  },
  "size_t": 822,
  "size_x": 100,
  "size_y": 100,
  "size_z": 72,
  "snr": 2.9393573696509816,
  "spacing_tr": 0.875,
  "spacing_x": 1.7999999523162842,
  "spacing_y": 1.7999999523162842,
  "spacing_z": 1.8000000715255737,
  "summary_bg_k": 45.327928314042886,
  "summary_bg_mad": 9.09581867881956,
  "summary_bg_mean": 28.550636291503906,
  "summary_bg_median": 17.16301727294922,
  "summary_bg_n": 440926.0,
  "summary_bg_p05": 10.069342613220215,
  "summary_bg_p95": 78.93734931945801,
  "summary_bg_stdv": 35.81298065185547,
  "summary_fg_k": 2.0554674073484858,
  "summary_fg_mad": 92.57968116247079,
  "summary_fg_mean": 359.3391418457031,
  "summary_fg_median": 338.9330749511719,
  "summary_fg_n": 179958.0,
  "summary_fg_p05": 212.11781539916993,
  "summary_fg_p95": 582.0248321533202,
  "summary_fg_stdv": 115.30824279785156,
  "tsnr": 18.50076553458348
}