{
  "aor": 0.00017036540803897686,
  "aqi": 0.025297873081607795,
  "bids_meta": {
    "AcquisitionMatrixPE": 100,
    "AcquisitionNumber": 1,
    "AcquisitionTime": "13:56:55.587500",
    "BandwidthPerPixelPhaseEncode": 13.889,
    "BaseResolution": 100,
    "ConversionSoftware": "dcm2niix",
    "ConversionSoftwareVersion": "v1.0.20180404 Clang8.0.0",
    "DerivedVendorReportedEchoSpacing": 0.000719994,
    "DeviceSerialNumber": "35002",
    "DwellTime": 2.8e-06,
    "EchoTime": 0.0436,
    "EffectiveEchoSpacing": 0.000719994,
    "FlipAngle": 55,
    "ImageComments": "Unaliased_MB8_PE3_(remote)",
    "ImageOrientationPatientDICOM": [
      1,
      0.000111619,
      -0.000258009,
      2.09805e-08,
      0.917766,
      0.397121
    ],
    "ImageType": [
      "ORIGINAL",
      "PRIMARY",
      "M",
      "MB",
      "ND",
      "MOSAIC"
    ],
    "InPlanePhaseEncodingDirectionDICOM": "COL",
    "InstitutionAddress": "University_Pkwy_1700_North_685_Provo_UT_US_84601",
    "InstitutionName": "Brigham_Young_University",
    "InstitutionalDepartmentName": "MRI",
    "MRAcquisitionType": "2D",
    "MagneticFieldStrength": 3,
    "Manufacturer": "Siemens",
    "ManufacturersModelName": "TrioTim",
    "Modality": "MR",
    "MultibandAccelerationFactor": 8,
    "PartialFourier": 1,
    "PatientPosition": "HFS",
    "PercentPhaseFOV": 100,
    "PhaseEncodingDirection": "j-",
    "PhaseEncodingSteps": 100,
    "PhaseResolution": 1,
    "PixelBandwidth": 1786,
    "ProcedureStepDescription": "Research_KIRWAN",
    "ProtocolName": "Resting_State",
    "PulseSequenceDetails": "%CustomerSeq%_cmrr_mbep2d_bold",
    "ReceiveCoilName": "32Ch_Head",
    "ReconMatrixPE": 100,
    "RepetitionTime": 0.875,
    "SAR": 0.11427,
    "ScanOptions": "FS",
    "ScanningSequence": "EP",
    "SequenceName": "epfid2d1_100",
    "SequenceVariant": "SK_SS",
    "SeriesDescription": "Resting_State",
    "SeriesNumber": 3,
    "ShimSetting": [
      -2795,
      -22978,
      2456,
      1004,
      103,
      26,
      -33,
      409
    ],
    "SliceThickness": 1.8,
    "SliceTiming": [
      0,
      0.4875,
      0.0975,
      0.585,
      0.195,
      0.6825,
      0.2925,
      0.78,
      0.39,
      0,
      0.4875,
      0.0975,
      0.585,
      0.195,
      0.6825,
      0.2925,
      0.78,
      0.39,
      0,
      0.4875,
      0.0975,
      0.585,
      0.195,
      0.6825,
      0.2925,
      0.78,
      0.39,
      0,
      0.4875,
      0.0975,
      0.585,
      0.195,
      0.6825,
      0.2925,
      0.78,
      0.39,
      0,
      0.4875,
      0.0975,
      0.585,
      0.195,
      0.6825,
      0.2925,
      0.78,
      0.39,
      0,
      0.4875,
      0.0975,
      0.585,
      0.195,
      0.6825,
      0.2925,
      0.78,
      0.39,
      0,
      0.4875,
      0.0975,
      0.585,
      0.195,
      0.6825,
      0.2925,
      0.78,
      0.39,
      0,
      0.4875,
      0.0975,
      0.585,
      0.195,
      0.6825,
      0.2925,
      0.78,
      0.39
    ],
    "SoftwareVersions": "syngo_MR_B17",
    "SpacingBetweenSlices": 1.8,
    "StationName": "MININT-E41B04",
    "TaskName": "rest",
    "TotalReadoutTime": 0.0712794,
    "TxRefAmp": 386.516,
    "dataset": "ds001747",
    "modality": "bold",
    "run_id": 1,
    "subject_id": "3931",
    "task_id": "rest"
  },
  "dummy_trs": 2,
  "dvars_nstd": 72.27956916087807,
  "dvars_std": 1.0218306972560962,
  "dvars_vstd": 0.978883855597561,
  "efc": 0.5871484897314831,
  "fber": 386.5571594238281,
  "fd_mean": 0.1677236707471758,
  "fd_num": 292,
  "fd_perc": 35.56638246041413,
  "fwhm_avg": 2.9087389659441567,
  "fwhm_x": 2.752700072921649,
  "fwhm_y": 3.181311195387077,
  "fwhm_z": 2.7922056295237443,
  "gcor": 0.0124787,
  "gsr_x": -0.0013625987339764833,
  "gsr_y": 0.06861934810876846,
  "provenance": {
    "md5sum": "da75b2f62d08e477b358436e8a35afb1",
    "settings": {
      "fd_thres": 0.2,
      "testing": false
    },
    "software": "mriqc",
    "version": "22.0.1",
    "webapi_port": null,
    "webapi_url": "https://mriqc.nimh.nih.gov/api/v1"
  },
  "size_t": 821,
  "size_x": 100,
  "size_y": 100,
  "size_z": 72,
  "snr": 2.762455070826755,
  "spacing_tr": 0.875,
  "spacing_x": 1.7999999523162842,
  "spacing_y": 1.7999999523162842,
  "spacing_z": 1.7999999523162842,
  "summary_bg_k": 53.394817511811155,
  "summary_bg_mad": 9.197189648645075,
  "summary_bg_mean": 29.364274978637695,
  "summary_bg_median": 17.389768600463867,
  "summary_bg_n": 424382.0,
  "summary_bg_p05": 10.227771759033203,
  "summary_bg_p95": 82.70274353027338,
  "summary_bg_stdv": 38.233909606933594,
  "summary_fg_k": 4.0464473529303895,
  "summary_fg_mad": 99.04903096440242,
  "summary_fg_mean": 371.6035461425781,
  "summary_fg_median": 347.9123229980469,
  "summary_fg_n": 192113.0,
  "summary_fg_p05": 213.7493438720703,
  "summary_fg_p95": 603.9581054687497,
  "summary_fg_stdv": 125.94283294677734,
  "tsnr": 17.5115885224659
}