{
  "aor": 0.0002301944106925881,
  "aqi": 0.024081052490887,
  "bids_meta": {
    "AcquisitionMatrixPE": 100,
    "AcquisitionNumber": 1,
    "AcquisitionTime": "15:18:27.960000",
    "BandwidthPerPixelPhaseEncode": 13.889,
    "BaseResolution": 100,
    "ConversionSoftware": "dcm2niix",
    "ConversionSoftwareVersion": "v1.0.20180404 Clang8.0.0",
    "DerivedVendorReportedEchoSpacing": 0.000719994,
    "DeviceSerialNumber": "35002",
    "DwellTime": 2.8e-06,
    "EchoTime": 0.0436,
    "EffectiveEchoSpacing": 0.000719994,
    "FlipAngle": 55,
    "ImageComments": "Unaliased_MB8_PE3_(remote)",
    "ImageOrientationPatientDICOM": [
      1,
      0,
      0,
      0,
      0.900319,
      0.435231
    ],
    "ImageType": [
      "ORIGINAL",
      "PRIMARY",
      "M",
      "MB",
      "ND",
      "MOSAIC"
    ],
    "InPlanePhaseEncodingDirectionDICOM": "COL",
    "InstitutionAddress": "University_Pkwy_1700_North_685_Provo_UT_US_84601",
    "InstitutionName": "Brigham_Young_University",
    "InstitutionalDepartmentName": "MRI",
    "MRAcquisitionType": "2D",
    "MagneticFieldStrength": 3,
    "Manufacturer": "Siemens",
    "ManufacturersModelName": "TrioTim",
    "Modality": "MR",
    "MultibandAccelerationFactor": 8,
    "PartialFourier": 1,
    "PatientPosition": "HFS",
    "PercentPhaseFOV": 100,
    "PhaseEncodingDirection": "j-",
    "PhaseEncodingSteps": 100,
    "PhaseResolution": 1,
    "PixelBandwidth": 1786,
    "ProcedureStepDescription": "Research_KIRWAN",
    "ProtocolName": "Resting_State",
    "PulseSequenceDetails": "%CustomerSeq%_cmrr_mbep2d_bold",
    "ReceiveCoilName": "32Ch_Head",
    "ReconMatrixPE": 100,
    "RepetitionTime": 0.875,
    "SAR": 0.092806,
    "ScanOptions": "FS",
    "ScanningSequence": "EP",
    "SequenceName": "epfid2d1_100",
    "SequenceVariant": "SK_SS",
    "SeriesDescription": "Resting_State",
    "SeriesNumber": 3,
    "ShimSetting": [
      -2813,
      -23000,
      2382,
      942,
      2,
      119,
      -28,
      515
    ],
    "SliceThickness": 1.8,
    "SliceTiming": [
      0,
      0.4875,
      0.0975,
      0.585,
      0.195,
      0.6825,
      0.2925,
      0.78,
      0.39,
      0,
      0.4875,
      0.0975,
      0.585,
      0.195,
      0.6825,
      0.2925,
      0.78,
      0.39,
      0,
      0.4875,
      0.0975,
      0.585,
      0.195,
      0.6825,
      0.2925,
      0.78,
      0.39,
      0,
      0.4875,
      0.0975,
      0.585,
      0.195,
      0.6825,
      0.2925,
      0.78,
      0.39,
      0,
      0.4875,
      0.0975,
      0.585,
      0.195,
      0.6825,
      0.2925,
      0.78,
      0.39,
      0,
      0.4875,
      0.0975,
      0.585,
      0.195,
      0.6825,
      0.2925,
      0.78,
      0.39,
      0,
      0.4875,
      0.0975,
      0.585,
      0.195,
      0.6825,
      0.2925,
      0.78,
      0.39,
      0,
      0.4875,
      0.0975,
      0.585,
      0.195,
      0.6825,
      0.2925,
      0.78,
      0.39
    ],
    "SoftwareVersions": "syngo_MR_B17",
    "SpacingBetweenSlices": 1.8,
    "StationName": "MININT-E41B04",
    "TaskName": "rest",
    "TotalReadoutTime": 0.0712794,
    "TxRefAmp": 386.049,
    "dataset": "ds001747",
    "modality": "bold",
    "run_id": 1,
    "subject_id": "3915",
    "task_id": "rest"
  },
  "dummy_trs": 0,
  "dvars_nstd": 70.25134462985405,
  "dvars_std": 1.0158948150121672,
  "dvars_vstd": 0.9634166693187355,
  "efc": 0.5485380579136516,
  "fber": 451.6897888183594,
  "fd_mean": 0.14574103507063726,
  "fd_num": 177,
  "fd_perc": 21.506682867557714,
  "fwhm_avg": 3.663394465691321,
  "fwhm_x": 3.4128000904083278,
  "fwhm_y": 4.143761220883296,
  "fwhm_z": 3.4336220857823387,
  "gcor": 0.00251089,
  "gsr_x": -0.011849435046315193,
  "gsr_y": 0.11185920983552933,
  "provenance": {
    "md5sum": "0a033f6badd54d2a91e049e98f250608",
    "settings": {
      "fd_thres": 0.2,
      "testing": false
    },
    "software": "mriqc",
    "version": "22.0.1",
    "webapi_port": null,
    "webapi_url": "https://mriqc.nimh.nih.gov/api/v1"
  },
  "size_t": 823,
  "size_x": 100,
  "size_y": 100,
  "size_z": 72,
  "snr": 2.0343039955889926,
  "spacing_tr": 0.875,
  "spacing_x": 1.7999999523162842,
  "spacing_y": 1.7999999523162842,
  "spacing_z": 1.8000000715255737,
  "summary_bg_k": 37.89372062744223,
  "summary_bg_mad": 10.034136767031244,
  "summary_bg_mean": 35.89162063598633,
  "summary_bg_median": 18.5540714263916,
  "summary_bg_n": 450783.0,
  "summary_bg_p05": 10.781288146972656,
  "summary_bg_p95": 116.58530578613268,
  "summary_bg_stdv": 49.38935470581055,
  "summary_fg_k": 2.543340010646042,
  "summary_fg_mad": 142.00015478061397,
  "summary_fg_mean": 457.08502197265625,
  "summary_fg_median": 401.924072265625,
  "summary_fg_n": 169620.0,
  "summary_fg_p05": 242.2014633178711,
  "summary_fg_p95": 864.8422821044921,
  "summary_fg_stdv": 197.5726776123047,
  "tsnr": 17.744462362956256
}