{
  "bids_meta": {
    "AcquisitionMatrixPE": 215,
    "AcquisitionNumber": 1,
    "AcquisitionTime": "15:32:49.857500",
    "BaseResolution": 256,
    "ConversionSoftware": "dcm2niix",
    "ConversionSoftwareVersion": "v1.0.20180404 Clang8.0.0",
    "DeviceSerialNumber": "35002",
    "DwellTime": 9.8e-06,
    "EchoTime": 0.00226,
    "FlipAngle": 9,
    "ImageOrientationPatientDICOM": [
      0,
      1,
      0,
      0,
      0,
      -1
    ],
    "ImageType": [
      "ORIGINAL",
      "PRIMARY",
      "M",
      "ND",
      "NORM"
    ],
    "InPlanePhaseEncodingDirectionDICOM": "ROW",
    "InstitutionAddress": "University_Pkwy_1700_North_685_Provo_UT_US_84601",
    "InstitutionName": "Brigham_Young_University",
    "InstitutionalDepartmentName": "MRI",
    "InversionTime": 0.9,
    "MRAcquisitionType": "3D",
    "MagneticFieldStrength": 3,
    "Manufacturer": "Siemens",
    "ManufacturersModelName": "TrioTim",
    "Modality": "MR",
    "ParallelReductionFactorInPlane": 2,
    "PartialFourier": 0.875,
    "PatientPosition": "HFS",
    "PercentPhaseFOV": 87.5,
    "PhaseEncodingSteps": 226,
    "PhaseOversampling": 0.2,
    "PhaseResolution": 0.96,
    "PixelBandwidth": 199,
    "ProcedureStepDescription": "Research_KIRWAN",
    "ProtocolName": "t1_mpr_sag_iso_mprage_fast",
    "PulseSequenceDetails": "%SiemensSeq%_tfl",
    "ReceiveCoilName": "32Ch_Head",
    "ReconMatrixPE": 256,
    "RepetitionTime": 1.9,
    "SAR": 0.111672,
    "ScanOptions": "IR_PFP",
    "ScanningSequence": "GR_IR",
    "SequenceName": "_tfl3d1_ns",
    "SequenceVariant": "SP_MP_OSP",
    "SeriesDescription": "t1_mpr_sag_iso_mprage_fast",
    "SeriesNumber": 6,
    "ShimSetting": [
      -2837,
      -22915,
      1912,
      -81,
      -83,
      -37,
      -275,
      390
    ],
    "SliceThickness": 1,
    "SoftwareVersions": "syngo_MR_B17",
    "StationName": "MININT-E41B04",
    "TxRefAmp": 325.294,
    "dataset": "ds001747",
    "modality": "T1w",
    "run_id": 1,
    "subject_id": "4015"
  },
  "cjv": 0.3061271361105971,
  "cnr": 4.41598087073249,
  "efc": 0.601373468089395,
  "fber": -1.0,
  "fwhm_avg": 4.6155712,
  "fwhm_x": 4.27344,
  "fwhm_y": 5.00496384,
  "fwhm_z": 4.56830976,
  "icvs_csf": 0.19321946920502792,
  "icvs_gm": 0.47389228217819684,
  "icvs_wm": 0.33288824861677524,
  "inu_med": 0.4231487214565277,
  "inu_range": 0.1401459977030754,
  "provenance": {
    "md5sum": "608ebcb53f1647cb2c2084099a3e75a3",
    "settings": {
      "testing": false
    },
    "software": "mriqc",
    "version": "22.0.1",
    "warnings": {
      "large_rot_frame": true,
      "small_air_mask": false
    },
    "webapi_port": null,
    "webapi_url": "https://mriqc.nimh.nih.gov/api/v1"
  },
  "qi_1": 0.0,
  "qi_2": 0.016591300691340977,
  "rpve_csf": 19.73744285032406,
  "rpve_gm": 8.827405258718887,
  "rpve_wm": 13.712236057730555,
  "size_x": 176,
  "size_y": 224,
  "size_z": 256,
  "snr_csf": 2.5227966225345964,
  "snr_gm": 15.473286496975108,
  "snr_total": 15.170644591229724,
  "snr_wm": 27.51585065417947,
  "snrd_csf": 41.675267417435144,
  "snrd_gm": 108.26378233339508,
  "snrd_total": 99.07047150485369,
  "snrd_wm": 147.27236476373085,
  "spacing_x": 1.0,
  "spacing_y": 0.9765625,
  "spacing_z": 0.9765625,
  "summary_bg_k": 11.671798545436967,
  "summary_bg_mad": 0.0,
  "summary_bg_mean": 2.118687704652605,
  "summary_bg_median": 0.0,
  "summary_bg_n": 2537842.0,
  "summary_bg_p05": 0.0,
  "summary_bg_p95": 12.030383720993996,
  "summary_bg_stdv": 4.4484679189112315,
  "summary_csf_k": 0.5901787896738226,
  "summary_csf_mad": 79.98929523141386,
  "summary_csf_mean": 297.4150886511601,
  "summary_csf_median": 282.9809030890465,
  "summary_csf_n": 38592.0,
  "summary_csf_p05": 93.77950996160507,
  "summary_csf_p95": 505.19399762153625,
  "summary_csf_stdv": 112.16807340791398,
  "summary_gm_k": -0.011053366488905425,
  "summary_gm_mad": 48.1518512390018,
  "summary_gm_mean": 733.1268107355417,
  "summary_gm_median": 735.126246213913,
  "summary_gm_n": 82440.0,
  "summary_gm_p05": 652.5559333711863,
  "summary_gm_p95": 807.5158981569112,
  "summary_gm_stdv": 47.50909173632473,
  "summary_wm_k": 1.228712973078566,
  "summary_wm_mad": 32.9331877627054,
  "summary_wm_mean": 1000.6838588917499,
  "summary_wm_median": 999.9999847263098,
  "summary_wm_n": 214002.0,
  "summary_wm_p05": 943.2970498502254,
  "summary_wm_p95": 1059.9876660108566,
  "summary_wm_stdv": 36.342603427561514,
  "tpm_overlap_csf": 0.15817864185204228,
  "tpm_overlap_gm": 0.48026058726027454,
  "tpm_overlap_wm": 0.4946858763453198,
  "wm2max": 0.4493708254917156
}