{
  "bids_meta": {
    "AcquisitionMatrixPE": 215,
    "AcquisitionNumber": 1,
    "AcquisitionTime": "16:40:45.375000",
    "BaseResolution": 256,
    "ConversionSoftware": "dcm2niix",
    "ConversionSoftwareVersion": "v1.0.20180404 Clang8.0.0",
    "DeviceSerialNumber": "35002",
    "DwellTime": 9.8e-06,
    "EchoTime": 0.00226,
    "FlipAngle": 9,
    "ImageOrientationPatientDICOM": [
      0,
      1,
      0,
      0,
      0,
      -1
    ],
    "ImageType": [
      "ORIGINAL",
      "PRIMARY",
      "M",
      "ND",
      "NORM"
    ],
    "InPlanePhaseEncodingDirectionDICOM": "ROW",
    "InstitutionAddress": "University_Pkwy_1700_North_685_Provo_UT_US_84601",
    "InstitutionName": "Brigham_Young_University",
    "InstitutionalDepartmentName": "MRI",
    "InversionTime": 0.9,
    "MRAcquisitionType": "3D",
    "MagneticFieldStrength": 3,
    "Manufacturer": "Siemens",
    "ManufacturersModelName": "TrioTim",
    "Modality": "MR",
    "ParallelReductionFactorInPlane": 2,
    "PartialFourier": 0.875,
    "PatientPosition": "HFS",
    "PercentPhaseFOV": 87.5,
    "PhaseEncodingSteps": 226,
    "PhaseOversampling": 0.2,
    "PhaseResolution": 0.96,
    "PixelBandwidth": 199,
    "ProcedureStepDescription": "Research_KIRWAN",
    "ProtocolName": "t1_mpr_sag_iso_mprage_fast",
    "PulseSequenceDetails": "%SiemensSeq%_tfl",
    "ReceiveCoilName": "32Ch_Head",
    "ReconMatrixPE": 256,
    "RepetitionTime": 1.9,
    "SAR": 0.124145,
    "ScanOptions": "IR_PFP",
    "ScanningSequence": "GR_IR",
    "SequenceName": "_tfl3d1_ns",
    "SequenceVariant": "SP_MP_OSP",
    "SeriesDescription": "t1_mpr_sag_iso_mprage_fast",
    "SeriesNumber": 6,
    "ShimSetting": [
      -2830,
      -22913,
      1923,
      -81,
      -87,
      -38,
      -253,
      388
    ],
    "SliceThickness": 1,
    "SoftwareVersions": "syngo_MR_B17",
    "StationName": "MININT-E41B04",
    "TxRefAmp": 400.739,
    "dataset": "ds001747",
    "modality": "T1w",
    "run_id": 1,
    "subject_id": "3956"
  },
  "cjv": 0.33934776735185096,
  "cnr": 3.9718563292126565,
  "efc": 0.5720956500675868,
  "fber": -1.0,
  "fwhm_avg": 4.461651626666666,
  "fwhm_x": 4.28608,
  "fwhm_y": 4.721479680000001,
  "fwhm_z": 4.3773952,
  "icvs_csf": 0.1893478012068534,
  "icvs_gm": 0.45985532171547244,
  "icvs_wm": 0.35079687707767415,
  "inu_med": 0.4147970974445343,
  "inu_range": 0.14564452320337296,
  "provenance": {
    "md5sum": "6c3f3bf315a7ad4b42da9e5514113097",
    "settings": {
      "testing": false
    },
    "software": "mriqc",
    "version": "22.0.1",
    "warnings": {
      "large_rot_frame": true,
      "small_air_mask": false
    },
    "webapi_port": null,
    "webapi_url": "https://mriqc.nimh.nih.gov/api/v1"
  },
  "qi_1": 0.0,
  "qi_2": 0.018510802467985664,
  "rpve_csf": 18.578968222963848,
  "rpve_gm": 8.525459314416972,
  "rpve_wm": 12.770740789964679,
  "size_x": 176,
  "size_y": 224,
  "size_z": 256,
  "snr_csf": 2.871861131394511,
  "snr_gm": 15.234977735037676,
  "snr_total": 15.63984970785999,
  "snr_wm": 28.81271025714778,
  "snrd_csf": 62.815256530373055,
  "snrd_gm": 154.6795998192547,
  "snrd_total": 140.4661350559891,
  "snrd_wm": 203.90354881833957,
  "spacing_x": 1.0,
  "spacing_y": 0.9765625,
  "spacing_z": 0.9765625,
  "summary_bg_k": 22.879985699342782,
  "summary_bg_mad": 0.0,
  "summary_bg_mean": 1.266748259646179,
  "summary_bg_median": 0.0,
  "summary_bg_n": 3208385.0,
  "summary_bg_p05": 0.0,
  "summary_bg_p95": 7.281654607504606,
  "summary_bg_stdv": 3.2131058192238737,
  "summary_csf_k": 1.2878933785903923,
  "summary_csf_mad": 77.35959876256712,
  "summary_csf_mean": 317.58165288973265,
  "summary_csf_median": 308.0764040797949,
  "summary_csf_n": 34906.0,
  "summary_csf_p05": 133.1190485889092,
  "summary_csf_p95": 514.3344720192254,
  "summary_csf_stdv": 107.27259328002526,
  "summary_gm_k": 0.0642474214517823,
  "summary_gm_mad": 49.22883557617907,
  "summary_gm_mean": 757.138675237478,
  "summary_gm_median": 758.6235817372799,
  "summary_gm_n": 56180.0,
  "summary_gm_p05": 672.7832762785256,
  "summary_gm_p95": 836.6829191297293,
  "summary_gm_stdv": 49.794416715141196,
  "summary_wm_k": 0.7831846204233304,
  "summary_wm_mad": 32.69584317716154,
  "summary_wm_mean": 1002.3979350123032,
  "summary_wm_median": 1000.0416390672326,
  "summary_wm_n": 238839.0,
  "summary_wm_p05": 950.110293187201,
  "summary_wm_p95": 1062.7886970564723,
  "summary_wm_stdv": 34.708277582784355,
  "tpm_overlap_csf": 0.16885369360766592,
  "tpm_overlap_gm": 0.46844401113641854,
  "tpm_overlap_wm": 0.5076949391895871,
  "wm2max": 0.4600601060469746
}