{
  "aor": 0.00013826617826617827,
  "aqi": 0.02411009316239316,
  "bids_meta": {
    "AcquisitionMatrixPE": 100,
    "AcquisitionNumber": 1,
    "AcquisitionTime": "12:11:9.010000",
    "BandwidthPerPixelPhaseEncode": 13.889,
    "BaseResolution": 100,
    "ConversionSoftware": "dcm2niix",
    "ConversionSoftwareVersion": "v1.0.20180404 Clang8.0.0",
    "DerivedVendorReportedEchoSpacing": 0.000719994,
    "DeviceSerialNumber": "35002",
    "DwellTime": 2.8e-06,
    "EchoTime": 0.0436,
    "EffectiveEchoSpacing": 0.000719994,
    "FlipAngle": 55,
    "ImageComments": "Unaliased_MB8_PE3_(remote)",
    "ImageOrientationPatientDICOM": [
      1,
      0,
      0,
      0,
      0.895712,
      0.444635
    ],
    "ImageType": [
      "ORIGINAL",
      "PRIMARY",
      "M",
      "MB",
      "ND",
      "MOSAIC"
    ],
    "InPlanePhaseEncodingDirectionDICOM": "COL",
    "InstitutionAddress": "University_Pkwy_1700_North_685_Provo_UT_US_84601",
    "InstitutionName": "Brigham_Young_University",
    "InstitutionalDepartmentName": "MRI",
    "MRAcquisitionType": "2D",
    "MagneticFieldStrength": 3,
    "Manufacturer": "Siemens",
    "ManufacturersModelName": "TrioTim",
    "Modality": "MR",
    "MultibandAccelerationFactor": 8,
    "PartialFourier": 1,
    "PatientPosition": "HFS",
    "PercentPhaseFOV": 100,
    "PhaseEncodingDirection": "j-",
    "PhaseEncodingSteps": 100,
    "PhaseResolution": 1,
    "PixelBandwidth": 1786,
    "ProcedureStepDescription": "Research_KIRWAN",
    "ProtocolName": "Resting_State",
    "PulseSequenceDetails": "%CustomerSeq%_cmrr_mbep2d_bold",
    "ReceiveCoilName": "32Ch_Head",
    "ReconMatrixPE": 100,
    "RepetitionTime": 0.875,
    "SAR": 0.128314,
    "ScanOptions": "FS",
    "ScanningSequence": "EP",
    "SequenceName": "epfid2d1_100",
    "SequenceVariant": "SK_SS",
    "SeriesDescription": "Resting_State",
    "SeriesNumber": 3,
    "ShimSetting": [
      -2845,
      -22949,
      2436,
      960,
      -187,
      199,
      8,
      508
    ],
    "SliceThickness": 1.8,
    "SliceTiming": [
      0,
      0.4875,
      0.0975,
      0.585,
      0.195,
      0.6825,
      0.2925,
      0.78,
      0.39,
      0,
      0.4875,
      0.0975,
      0.585,
      0.195,
      0.6825,
      0.2925,
      0.78,
      0.39,
      0,
      0.4875,
      0.0975,
      0.585,
      0.195,
      0.6825,
      0.2925,
      0.78,
      0.39,
      0,
      0.4875,
      0.0975,
      0.585,
      0.195,
      0.6825,
      0.2925,
      0.78,
      0.39,
      0,
      0.4875,
      0.0975,
      0.585,
      0.195,
      0.6825,
      0.2925,
      0.78,
      0.39,
      0,
      0.4875,
      0.0975,
      0.585,
      0.195,
      0.6825,
      0.2925,
      0.78,
      0.39,
      0,
      0.4875,
      0.0975,
      0.585,
      0.195,
      0.6825,
      0.2925,
      0.78,
      0.39,
      0,
      0.4875,
      0.0975,
      0.585,
      0.195,
      0.6825,
      0.2925,
      0.78,
      0.39
    ],
    "SoftwareVersions": "syngo_MR_B17",
    "SpacingBetweenSlices": 1.8,
    "StationName": "MININT-E41B04",
    "TaskName": "rest",
    "TotalReadoutTime": 0.0712794,
    "TxRefAmp": 388.453,
    "dataset": "ds001747",
    "modality": "bold",
    "run_id": 1,
    "subject_id": "3936",
    "task_id": "rest"
  },
  "dummy_trs": 4,
  "dvars_nstd": 75.25973094773836,
  "dvars_std": 1.0398628255623472,
  "dvars_vstd": 0.9900104422738395,
  "efc": 0.5882487765104141,
  "fber": 305.9162292480469,
  "fd_mean": 0.16262896414941375,
  "fd_num": 308,
  "fd_perc": 37.60683760683761,
  "fwhm_avg": 2.8418184048881376,
  "fwhm_x": 2.666172292851668,
  "fwhm_y": 3.1610998743891767,
  "fwhm_z": 2.6981830474235693,
  "gcor": 0.00278044,
  "gsr_x": -0.014450359158217907,
  "gsr_y": 0.10642270743846893,
  "provenance": {
    "md5sum": "5e8e2a38848841577a3d11dbaf8fe2ac",
    "settings": {
      "fd_thres": 0.2,
      "testing": false
    },
    "software": "mriqc",
    "version": "22.0.1",
    "webapi_port": null,
    "webapi_url": "https://mriqc.nimh.nih.gov/api/v1"
  },
  "size_t": 819,
  "size_x": 100,
  "size_y": 100,
  "size_z": 72,
  "snr": 2.362331495296511,
  "spacing_tr": 0.875,
  "spacing_x": 1.7999999523162842,
  "spacing_y": 1.8000000715255737,
  "spacing_z": 1.8000001907348633,
  "summary_bg_k": 62.33012491121033,
  "summary_bg_mad": 10.825350654104122,
  "summary_bg_mean": 34.54313278198242,
  "summary_bg_median": 19.001222610473633,
  "summary_bg_n": 426786.0,
  "summary_bg_p05": 10.796092987060547,
  "summary_bg_p95": 102.29670715332031,
  "summary_bg_stdv": 50.116783142089844,
  "summary_fg_k": 7.7479328276506525,
  "summary_fg_mad": 96.28951224776861,
  "summary_fg_mean": 370.66998291015625,
  "summary_fg_median": 338.21490478515625,
  "summary_fg_n": 191693.0,
  "summary_fg_p05": 215.20220947265625,
  "summary_fg_p95": 640.3665771484375,
  "summary_fg_stdv": 143.16958618164062,
  "tsnr": 18.586516422219574
}