{
  "aor": 0.00031535931790499386,
  "aqi": 0.017448223142509135,
  "bids_meta": {
    "AcquisitionMatrixPE": 100,
    "AcquisitionNumber": 1,
    "AcquisitionTime": "13:11:4.050000",
    "BandwidthPerPixelPhaseEncode": 13.889,
    "BaseResolution": 100,
    "ConversionSoftware": "dcm2niix",
    "ConversionSoftwareVersion": "v1.0.20180404 Clang8.0.0",
    "DerivedVendorReportedEchoSpacing": 0.000719994,
    "DeviceSerialNumber": "35002",
    "DwellTime": 2.8e-06,
    "EchoTime": 0.0436,
    "EffectiveEchoSpacing": 0.000719994,
    "FlipAngle": 55,
    "ImageComments": "Unaliased_MB8_PE3_(remote)",
    "ImageOrientationPatientDICOM": [
      1,
      0,
      -1e-16,
      0,
      0.795474,
      0.605988
    ],
    "ImageType": [
      "ORIGINAL",
      "PRIMARY",
      "M",
      "MB",
      "ND",
      "MOSAIC"
    ],
    "InPlanePhaseEncodingDirectionDICOM": "COL",
    "InstitutionAddress": "University_Pkwy_1700_North_685_Provo_UT_US_84601",
    "InstitutionName": "Brigham_Young_University",
    "InstitutionalDepartmentName": "MRI",
    "MRAcquisitionType": "2D",
    "MagneticFieldStrength": 3,
    "Manufacturer": "Siemens",
    "ManufacturersModelName": "TrioTim",
    "Modality": "MR",
    "MultibandAccelerationFactor": 8,
    "PartialFourier": 1,
    "PatientPosition": "HFS",
    "PercentPhaseFOV": 100,
    "PhaseEncodingDirection": "j-",
    "PhaseEncodingSteps": 100,
    "PhaseResolution": 1,
    "PixelBandwidth": 1786,
    "ProcedureStepDescription": "Research_KIRWAN",
    "ProtocolName": "Resting_State",
    "PulseSequenceDetails": "%CustomerSeq%_cmrr_mbep2d_bold",
    "ReceiveCoilName": "32Ch_Head",
    "ReconMatrixPE": 100,
    "RepetitionTime": 0.875,
    "SAR": 0.156834,
    "ScanOptions": "FS",
    "ScanningSequence": "EP",
    "SequenceName": "epfid2d1_100",
    "SequenceVariant": "SK_SS",
    "SeriesDescription": "Resting_State",
    "SeriesNumber": 3,
    "ShimSetting": [
      -2819,
      -23117,
      2413,
      614,
      142,
      -311,
      149,
      587
    ],
    "SliceThickness": 1.8,
    "SliceTiming": [
      0,
      0.49,
      0.0975,
      0.5875,
      0.195,
      0.685,
      0.295,
      0.7825,
      0.3925,
      0,
      0.49,
      0.0975,
      0.5875,
      0.195,
      0.685,
      0.295,
      0.7825,
      0.3925,
      0,
      0.49,
      0.0975,
      0.5875,
      0.195,
      0.685,
      0.295,
      0.7825,
      0.3925,
      0,
      0.49,
      0.0975,
      0.5875,
      0.195,
      0.685,
      0.295,
      0.7825,
      0.3925,
      0,
      0.49,
      0.0975,
      0.5875,
      0.195,
      0.685,
      0.295,
      0.7825,
      0.3925,
      0,
      0.49,
      0.0975,
      0.5875,
      0.195,
      0.685,
      0.295,
      0.7825,
      0.3925,
      0,
      0.49,
      0.0975,
      0.5875,
      0.195,
      0.685,
      0.295,
      0.7825,
      0.3925,
      0,
      0.49,
      0.0975,
      0.5875,
      0.195,
      0.685,
      0.295,
      0.7825,
      0.3925
    ],
    "SoftwareVersions": "syngo_MR_B17",
    "SpacingBetweenSlices": 1.8,
    "StationName": "MININT-E41B04",
    "TaskName": "rest",
    "TotalReadoutTime": 0.0712794,
    "TxRefAmp": 375.997,
    "dataset": "ds001747",
    "modality": "bold",
    "run_id": 1,
    "subject_id": "3914",
    "task_id": "rest"
  },
  "dummy_trs": 2,
  "dvars_nstd": 70.1684217917195,
  "dvars_std": 1.0452663161707316,
  "dvars_vstd": 0.9955913598536593,
  "efc": 0.5255821793894778,
  "fber": 453.727294921875,
  "fd_mean": 0.17201359130637606,
  "fd_num": 288,
  "fd_perc": 35.07917174177832,
  "fwhm_avg": 3.369353808119943,
  "fwhm_x": 3.2983556429321403,
  "fwhm_y": 3.748189236414759,
  "fwhm_z": 3.061516545012929,
  "gcor": 0.00347753,
  "gsr_x": 0.013645467348396778,
  "gsr_y": 0.10530812293291092,
  "provenance": {
    "md5sum": "8535a3c88faec3ad435e080456cd29fd",
    "settings": {
      "fd_thres": 0.2,
      "testing": false
    },
    "software": "mriqc",
    "version": "22.0.1",
    "webapi_port": null,
    "webapi_url": "https://mriqc.nimh.nih.gov/api/v1"
  },
  "size_t": 821,
  "size_x": 100,
  "size_y": 100,
  "size_z": 72,
  "snr": 1.835772173578426,
  "spacing_tr": 0.875,
  "spacing_x": 1.7999999523162842,
  "spacing_y": 1.7999998331069946,
  "spacing_z": 1.8000000715255737,
  "summary_bg_k": 49.7042254650671,
  "summary_bg_mad": 10.479343305183685,
  "summary_bg_mean": 38.028160095214844,
  "summary_bg_median": 18.87697982788086,
  "summary_bg_n": 466359.0,
  "summary_bg_p05": 10.550548553466797,
  "summary_bg_p95": 123.90390014648435,
  "summary_bg_stdv": 61.051551818847656,
  "summary_fg_k": 5.581473657111644,
  "summary_fg_mad": 147.1171413315073,
  "summary_fg_mean": 465.1189270019531,
  "summary_fg_median": 403.42510986328125,
  "summary_fg_n": 159919.0,
  "summary_fg_p05": 241.23606872558594,
  "summary_fg_p95": 906.7815490722656,
  "summary_fg_stdv": 219.7570343017578,
  "tsnr": 19.273646466434002
}