{
  "aor": 0.00020579780755176615,
  "aqi": 0.024227405481120585,
  "bids_meta": {
    "AcquisitionMatrixPE": 100,
    "AcquisitionNumber": 1,
    "AcquisitionTime": "10:48:26.115000",
    "BandwidthPerPixelPhaseEncode": 13.889,
    "BaseResolution": 100,
    "ConversionSoftware": "dcm2niix",
    "ConversionSoftwareVersion": "v1.0.20180404 Clang8.0.0",
    "DerivedVendorReportedEchoSpacing": 0.000719994,
    "DeviceSerialNumber": "35002",
    "DwellTime": 2.8e-06,
    "EchoTime": 0.0436,
    "EffectiveEchoSpacing": 0.000719994,
    "FlipAngle": 55,
    "ImageComments": "Unaliased_MB8_PE3_(remote)",
    "ImageOrientationPatientDICOM": [
      1,
      0,
      0,
      0,
      0.921185,
      0.389124
    ],
    "ImageType": [
      "ORIGINAL",
      "PRIMARY",
      "M",
      "MB",
      "ND",
      "MOSAIC"
    ],
    "InPlanePhaseEncodingDirectionDICOM": "COL",
    "InstitutionAddress": "University_Pkwy_1700_North_685_Provo_UT_US_84601",
    "InstitutionName": "Brigham_Young_University",
    "InstitutionalDepartmentName": "MRI",
    "MRAcquisitionType": "2D",
    "MagneticFieldStrength": 3,
    "Manufacturer": "Siemens",
    "ManufacturersModelName": "TrioTim",
    "Modality": "MR",
    "MultibandAccelerationFactor": 8,
    "PartialFourier": 1,
    "PatientPosition": "HFS",
    "PercentPhaseFOV": 100,
    "PhaseEncodingDirection": "j-",
    "PhaseEncodingSteps": 100,
    "PhaseResolution": 1,
    "PixelBandwidth": 1786,
    "ProcedureStepDescription": "Research_KIRWAN",
    "ProtocolName": "Resting_State",
    "PulseSequenceDetails": "%CustomerSeq%_cmrr_mbep2d_bold",
    "ReceiveCoilName": "32Ch_Head",
    "ReconMatrixPE": 100,
    "RepetitionTime": 0.875,
    "SAR": 0.128525,
    "ScanOptions": "FS",
    "ScanningSequence": "EP",
    "SequenceName": "epfid2d1_100",
    "SequenceVariant": "SK_SS",
    "SeriesDescription": "Resting_State",
    "SeriesNumber": 3,
    "ShimSetting": [
      -2850,
      -22949,
      2431,
      990,
      -111,
      272,
      -102,
      341
    ],
    "SliceThickness": 1.8,
    "SliceTiming": [
      0,
      0.4875,
      0.0975,
      0.585,
      0.195,
      0.6825,
      0.2925,
      0.78,
      0.39,
      0,
      0.4875,
      0.0975,
      0.585,
      0.195,
      0.6825,
      0.2925,
      0.78,
      0.39,
      0,
      0.4875,
      0.0975,
      0.585,
      0.195,
      0.6825,
      0.2925,
      0.78,
      0.39,
      0,
      0.4875,
      0.0975,
      0.585,
      0.195,
      0.6825,
      0.2925,
      0.78,
      0.39,
      0,
      0.4875,
      0.0975,
      0.585,
      0.195,
      0.6825,
      0.2925,
      0.78,
      0.39,
      0,
      0.4875,
      0.0975,
      0.585,
      0.195,
      0.6825,
      0.2925,
      0.78,
      0.39,
      0,
      0.4875,
      0.0975,
      0.585,
      0.195,
      0.6825,
      0.2925,
      0.78,
      0.39,
      0,
      0.4875,
      0.0975,
      0.585,
      0.195,
      0.6825,
      0.2925,
      0.78,
      0.39
    ],
    "SoftwareVersions": "syngo_MR_B17",
    "SpacingBetweenSlices": 1.8,
    "StationName": "MININT-E41B04",
    "TaskName": "rest",
    "TotalReadoutTime": 0.0712794,
    "TxRefAmp": 393.975,
    "dataset": "ds001747",
    "modality": "bold",
    "run_id": 1,
    "subject_id": "3892",
    "task_id": "rest"
  },
  "dummy_trs": 2,
  "dvars_nstd": 63.40857457887808,
  "dvars_std": 1.0208024404634142,
  "dvars_vstd": 0.972103418573171,
  "efc": 0.5769082024292163,
  "fber": 502.9720153808594,
  "fd_mean": 0.13705800098424148,
  "fd_num": 136,
  "fd_perc": 16.56516443361754,
  "fwhm_avg": 3.03390933963041,
  "fwhm_x": 2.864927853672447,
  "fwhm_y": 3.2803889757895197,
  "fwhm_z": 2.9564111894292617,
  "gcor": 0.00159571,
  "gsr_x": -0.0013233046047389507,
  "gsr_y": 0.08617201447486877,
  "provenance": {
    "md5sum": "2af7a4d7d9ddb6e09154709e00a280d8",
    "settings": {
      "fd_thres": 0.2,
      "testing": false
    },
    "software": "mriqc",
    "version": "22.0.1",
    "webapi_port": null,
    "webapi_url": "https://mriqc.nimh.nih.gov/api/v1"
  },
  "size_t": 821,
  "size_x": 100,
  "size_y": 100,
  "size_z": 72,
  "snr": 2.707136767140256,
  "spacing_tr": 0.875,
  "spacing_x": 1.7999999523162842,
  "spacing_y": 1.7999999523162842,
  "spacing_z": 1.7999999523162842,
  "summary_bg_k": 20.812259645298926,
  "summary_bg_mad": 8.00352332601525,
  "summary_bg_mean": 28.94183921813965,
  "summary_bg_median": 16.354446411132812,
  "summary_bg_n": 431626.0,
  "summary_bg_p05": 10.208283424377441,
  "summary_bg_p95": 90.3447036743164,
  "summary_bg_stdv": 34.0080451965332,
  "summary_fg_k": 3.648179022517528,
  "summary_fg_mad": 106.09815569394425,
  "summary_fg_mean": 399.11285400390625,
  "summary_fg_median": 372.0670166015625,
  "summary_fg_n": 189262.0,
  "summary_fg_p05": 232.86997985839844,
  "summary_fg_p95": 663.3659698486326,
  "summary_fg_stdv": 137.43894958496094,
  "tsnr": 18.64325012639165
}