{
  "aor": 0.0003058952496954933,
  "aqi": 0.02293890791717418,
  "bids_meta": {
    "AcquisitionMatrixPE": 100,
    "AcquisitionNumber": 1,
    "AcquisitionTime": "16:23:23.452500",
    "BandwidthPerPixelPhaseEncode": 13.889,
    "BaseResolution": 100,
    "ConversionSoftware": "dcm2niix",
    "ConversionSoftwareVersion": "v1.0.20180404 Clang8.0.0",
    "DerivedVendorReportedEchoSpacing": 0.000719994,
    "DeviceSerialNumber": "35002",
    "DwellTime": 2.8e-06,
    "EchoTime": 0.0436,
    "EffectiveEchoSpacing": 0.000719994,
    "FlipAngle": 55,
    "ImageComments": "Unaliased_MB8_PE3_(remote)",
    "ImageOrientationPatientDICOM": [
      1,
      3.0102e-05,
      -7.26951e-05,
      8.64089e-09,
      0.923879,
      0.382684
    ],
    "ImageType": [
      "ORIGINAL",
      "PRIMARY",
      "M",
      "MB",
      "ND",
      "MOSAIC"
    ],
    "InPlanePhaseEncodingDirectionDICOM": "COL",
    "InstitutionAddress": "University_Pkwy_1700_North_685_Provo_UT_US_84601",
    "InstitutionName": "Brigham_Young_University",
    "InstitutionalDepartmentName": "MRI",
    "MRAcquisitionType": "2D",
    "MagneticFieldStrength": 3,
    "Manufacturer": "Siemens",
    "ManufacturersModelName": "TrioTim",
    "Modality": "MR",
    "MultibandAccelerationFactor": 8,
    "PartialFourier": 1,
    "PatientPosition": "HFS",
    "PercentPhaseFOV": 100,
    "PhaseEncodingDirection": "j-",
    "PhaseEncodingSteps": 100,
    "PhaseResolution": 1,
    "PixelBandwidth": 1786,
    "ProcedureStepDescription": "Research_KIRWAN",
    "ProtocolName": "Resting_State",
    "PulseSequenceDetails": "%CustomerSeq%_cmrr_mbep2d_bold",
    "ReceiveCoilName": "32Ch_Head",
    "ReconMatrixPE": 100,
    "RepetitionTime": 0.875,
    "SAR": 0.120894,
    "ScanOptions": "FS",
    "ScanningSequence": "EP",
    "SequenceName": "epfid2d1_100",
    "SequenceVariant": "SK_SS",
    "SeriesDescription": "Resting_State",
    "SeriesNumber": 3,
    "ShimSetting": [
      -2787,
      -22882,
      2440,
      827,
      -265,
      522,
      22,
      463
    ],
    "SliceThickness": 1.8,
    "SliceTiming": [
      0,
      0.4875,
      0.0975,
      0.585,
      0.195,
      0.6825,
      0.2925,
      0.78,
      0.39,
      0,
      0.4875,
      0.0975,
      0.585,
      0.195,
      0.6825,
      0.2925,
      0.78,
      0.39,
      0,
      0.4875,
      0.0975,
      0.585,
      0.195,
      0.6825,
      0.2925,
      0.78,
      0.39,
      0,
      0.4875,
      0.0975,
      0.585,
      0.195,
      0.6825,
      0.2925,
      0.78,
      0.39,
      0,
      0.4875,
      0.0975,
      0.585,
      0.195,
      0.6825,
      0.2925,
      0.78,
      0.39,
      0,
      0.4875,
      0.0975,
      0.585,
      0.195,
      0.6825,
      0.2925,
      0.78,
      0.39,
      0,
      0.4875,
      0.0975,
      0.585,
      0.195,
      0.6825,
      0.2925,
      0.78,
      0.39,
      0,
      0.4875,
      0.0975,
      0.585,
      0.195,
      0.6825,
      0.2925,
      0.78,
      0.39
    ],
    "SoftwareVersions": "syngo_MR_B17",
    "SpacingBetweenSlices": 1.8,
    "StationName": "MININT-E41B04",
    "TaskName": "rest",
    "TotalReadoutTime": 0.0712794,
    "TxRefAmp": 375.189,
    "dataset": "ds001747",
    "modality": "bold",
    "run_id": 1,
    "subject_id": "2975",
    "task_id": "rest"
  },
  "dummy_trs": 2,
  "dvars_nstd": 72.72210126739027,
  "dvars_std": 1.0452889724634138,
  "dvars_vstd": 0.9996534760243904,
  "efc": 0.5839921412343152,
  "fber": 408.2694091796875,
  "fd_mean": 0.1456868308740706,
  "fd_num": 156,
  "fd_perc": 19.00121802679659,
  "fwhm_avg": 2.99048341255409,
  "fwhm_x": 2.856127853439327,
  "fwhm_y": 3.2822834202841498,
  "fwhm_z": 2.8330389639387916,
  "gcor": 0.00311422,
  "gsr_x": -0.004966187756508589,
  "gsr_y": 0.09526482224464417,
  "provenance": {
    "md5sum": "60e7b28aec9b689531e56eccfebd324e",
    "settings": {
      "fd_thres": 0.2,
      "testing": false
    },
    "software": "mriqc",
    "version": "22.0.1",
    "webapi_port": null,
    "webapi_url": "https://mriqc.nimh.nih.gov/api/v1"
  },
  "size_t": 821,
  "size_x": 100,
  "size_y": 100,
  "size_z": 72,
  "snr": 2.4889685734104754,
  "spacing_tr": 0.875,
  "spacing_x": 1.7999999523162842,
  "spacing_y": 1.7999999523162842,
  "spacing_z": 1.7999999523162842,
  "summary_bg_k": 47.96025779965964,
  "summary_bg_mad": 8.207584452706481,
  "summary_bg_mean": 28.36113929748535,
  "summary_bg_median": 16.42630958557129,
  "summary_bg_n": 421045.0,
  "summary_bg_p05": 10.063338279724121,
  "summary_bg_p95": 79.9464111328125,
  "summary_bg_stdv": 38.07321548461914,
  "summary_fg_k": 5.8617111524213055,
  "summary_fg_mad": 94.55606937071214,
  "summary_fg_mean": 365.90631103515625,
  "summary_fg_median": 336.7491149902344,
  "summary_fg_n": 198031.0,
  "summary_fg_p05": 212.4835662841797,
  "summary_fg_p95": 625.845947265625,
  "summary_fg_stdv": 135.2963104248047,
  "tsnr": 19.01058705104515
}