{
  "aor": 0.0008352733900364519,
  "aqi": 0.01962106646415553,
  "bids_meta": {
    "AcquisitionMatrixPE": 100,
    "AcquisitionNumber": 1,
    "AcquisitionTime": "16:26:54.025000",
    "BandwidthPerPixelPhaseEncode": 13.889,
    "BaseResolution": 100,
    "ConversionSoftware": "dcm2niix",
    "ConversionSoftwareVersion": "v1.0.20180404 Clang8.0.0",
    "DerivedVendorReportedEchoSpacing": 0.000719994,
    "DeviceSerialNumber": "35002",
    "DwellTime": 2.8e-06,
    "EchoTime": 0.0436,
    "EffectiveEchoSpacing": 0.000719994,
    "FlipAngle": 55,
    "ImageComments": "Unaliased_MB8_PE3_(remote)",
    "ImageOrientationPatientDICOM": [
      1,
      0,
      0,
      0,
      0.921185,
      0.389124
    ],
    "ImageType": [
      "ORIGINAL",
      "PRIMARY",
      "M",
      "MB",
      "ND",
      "MOSAIC"
    ],
    "InPlanePhaseEncodingDirectionDICOM": "COL",
    "InstitutionAddress": "University_Pkwy_1700_North_685_Provo_UT_US_84601",
    "InstitutionName": "Brigham_Young_University",
    "InstitutionalDepartmentName": "MRI",
    "MRAcquisitionType": "2D",
    "MagneticFieldStrength": 3,
    "Manufacturer": "Siemens",
    "ManufacturersModelName": "TrioTim",
    "Modality": "MR",
    "MultibandAccelerationFactor": 8,
    "PartialFourier": 1,
    "PatientPosition": "HFS",
    "PercentPhaseFOV": 100,
    "PhaseEncodingDirection": "j-",
    "PhaseEncodingSteps": 100,
    "PhaseResolution": 1,
    "PixelBandwidth": 1786,
    "ProcedureStepDescription": "Research_KIRWAN",
    "ProtocolName": "Resting_State",
    "PulseSequenceDetails": "%CustomerSeq%_cmrr_mbep2d_bold",
    "ReceiveCoilName": "32Ch_Head",
    "ReconMatrixPE": 100,
    "RepetitionTime": 0.875,
    "SAR": 0.132372,
    "ScanOptions": "FS",
    "ScanningSequence": "EP",
    "SequenceName": "epfid2d1_100",
    "SequenceVariant": "SK_SS",
    "SeriesDescription": "Resting_State",
    "SeriesNumber": 3,
    "ShimSetting": [
      -2838,
      -22926,
      2371,
      953,
      -211,
      414,
      -323,
      479
    ],
    "SliceThickness": 1.8,
    "SliceTiming": [
      0,
      0.4875,
      0.0975,
      0.585,
      0.195,
      0.6825,
      0.2925,
      0.78,
      0.39,
      0,
      0.4875,
      0.0975,
      0.585,
      0.195,
      0.6825,
      0.2925,
      0.78,
      0.39,
      0,
      0.4875,
      0.0975,
      0.585,
      0.195,
      0.6825,
      0.2925,
      0.78,
      0.39,
      0,
      0.4875,
      0.0975,
      0.585,
      0.195,
      0.6825,
      0.2925,
      0.78,
      0.39,
      0,
      0.4875,
      0.0975,
      0.585,
      0.195,
      0.6825,
      0.2925,
      0.78,
      0.39,
      0,
      0.4875,
      0.0975,
      0.585,
      0.195,
      0.6825,
      0.2925,
      0.78,
      0.39,
      0,
      0.4875,
      0.0975,
      0.585,
      0.195,
      0.6825,
      0.2925,
      0.78,
      0.39,
      0,
      0.4875,
      0.0975,
      0.585,
      0.195,
      0.6825,
      0.2925,
      0.78,
      0.39
    ],
    "SoftwareVersions": "syngo_MR_B17",
    "SpacingBetweenSlices": 1.8,
    "StationName": "MININT-E41B04",
    "TaskName": "rest",
    "TotalReadoutTime": 0.0712794,
    "TxRefAmp": 400.739,
    "dataset": "ds001747",
    "modality": "bold",
    "run_id": 1,
    "subject_id": "3956",
    "task_id": "rest"
  },
  "dummy_trs": 0,
  "dvars_nstd": 65.81512720798048,
  "dvars_std": 1.0367884882603409,
  "dvars_vstd": 0.9981457126885658,
  "efc": 0.627788700630053,
  "fber": 238.13775634765625,
  "fd_mean": 0.14770730705135326,
  "fd_num": 179,
  "fd_perc": 21.74969623329283,
  "fwhm_avg": 3.0242685352251146,
  "fwhm_x": 2.9305389665216595,
  "fwhm_y": 3.269927864401284,
  "fwhm_z": 2.8723387747524005,
  "gcor": 0.00252958,
  "gsr_x": -0.006061220541596413,
  "gsr_y": 0.10317713022232056,
  "provenance": {
    "md5sum": "11c43c4bad1e03cd36e5b212bc3972b6",
    "settings": {
      "fd_thres": 0.2,
      "testing": false
    },
    "software": "mriqc",
    "version": "22.0.1",
    "webapi_port": null,
    "webapi_url": "https://mriqc.nimh.nih.gov/api/v1"
  },
  "size_t": 823,
  "size_x": 100,
  "size_y": 100,
  "size_z": 72,
  "snr": 2.3647194482139833,
  "spacing_tr": 0.875,
  "spacing_x": 1.7999999523162842,
  "spacing_y": 1.7999999523162842,
  "spacing_z": 1.8000000715255737,
  "summary_bg_k": 30.154941790298118,
  "summary_bg_mad": 16.174415856656637,
  "summary_bg_mean": 46.534263610839844,
  "summary_bg_median": 24.80437469482422,
  "summary_bg_n": 389462.0,
  "summary_bg_p05": 11.809234619140625,
  "summary_bg_p95": 158.0192115783692,
  "summary_bg_stdv": 58.89888381958008,
  "summary_fg_k": 2.342947133072423,
  "summary_fg_mad": 135.1888174033474,
  "summary_fg_mean": 428.8326110839844,
  "summary_fg_median": 394.33294677734375,
  "summary_fg_n": 220004.0,
  "summary_fg_p05": 228.16319046020507,
  "summary_fg_p95": 758.9798583984374,
  "summary_fg_stdv": 166.75637817382812,
  "tsnr": 18.3588047377998
}