{
  "aor": 0.0002290024330900243,
  "aqi": 0.020014377858880782,
  "bids_meta": {
    "AcquisitionMatrixPE": 100,
    "AcquisitionNumber": 1,
    "AcquisitionTime": "12:47:31.197500",
    "BandwidthPerPixelPhaseEncode": 13.889,
    "BaseResolution": 100,
    "ConversionSoftware": "dcm2niix",
    "ConversionSoftwareVersion": "v1.0.20180404 Clang8.0.0",
    "DerivedVendorReportedEchoSpacing": 0.000719994,
    "DeviceSerialNumber": "35002",
    "DwellTime": 2.8e-06,
    "EchoTime": 0.0436,
    "EffectiveEchoSpacing": 0.000719994,
    "FlipAngle": 55,
    "ImageComments": "Unaliased_MB8_PE3_(remote)",
    "ImageOrientationPatientDICOM": [
      1,
      0,
      0,
      0,
      0.872069,
      0.489382
    ],
    "ImageType": [
      "ORIGINAL",
      "PRIMARY",
      "M",
      "MB",
      "ND",
      "MOSAIC"
    ],
    "InPlanePhaseEncodingDirectionDICOM": "COL",
    "InstitutionAddress": "University_Pkwy_1700_North_685_Provo_UT_US_84601",
    "InstitutionName": "Brigham_Young_University",
    "InstitutionalDepartmentName": "MRI",
    "MRAcquisitionType": "2D",
    "MagneticFieldStrength": 3,
    "Manufacturer": "Siemens",
    "ManufacturersModelName": "TrioTim",
    "Modality": "MR",
    "MultibandAccelerationFactor": 8,
    "PartialFourier": 1,
    "PatientPosition": "HFS",
    "PercentPhaseFOV": 100,
    "PhaseEncodingDirection": "j-",
    "PhaseEncodingSteps": 100,
    "PhaseResolution": 1,
    "PixelBandwidth": 1786,
    "ProcedureStepDescription": "Research_KIRWAN",
    "ProtocolName": "Resting_State",
    "PulseSequenceDetails": "%CustomerSeq%_cmrr_mbep2d_bold",
    "ReceiveCoilName": "32Ch_Head",
    "ReconMatrixPE": 100,
    "RepetitionTime": 0.875,
    "SAR": 0.119116,
    "ScanOptions": "FS",
    "ScanningSequence": "EP",
    "SequenceName": "epfid2d1_100",
    "SequenceVariant": "SK_SS",
    "SeriesDescription": "Resting_State",
    "SeriesNumber": 3,
    "ShimSetting": [
      -2868,
      -22981,
      2492,
      1140,
      -143,
      -105,
      -98,
      498
    ],
    "SliceThickness": 1.8,
    "SliceTiming": [
      0,
      0.4875,
      0.0975,
      0.585,
      0.195,
      0.6825,
      0.2925,
      0.78,
      0.39,
      0,
      0.4875,
      0.0975,
      0.585,
      0.195,
      0.6825,
      0.2925,
      0.78,
      0.39,
      0,
      0.4875,
      0.0975,
      0.585,
      0.195,
      0.6825,
      0.2925,
      0.78,
      0.39,
      0,
      0.4875,
      0.0975,
      0.585,
      0.195,
      0.6825,
      0.2925,
      0.78,
      0.39,
      0,
      0.4875,
      0.0975,
      0.585,
      0.195,
      0.6825,
      0.2925,
      0.78,
      0.39,
      0,
      0.4875,
      0.0975,
      0.585,
      0.195,
      0.6825,
      0.2925,
      0.78,
      0.39,
      0,
      0.4875,
      0.0975,
      0.585,
      0.195,
      0.6825,
      0.2925,
      0.78,
      0.39,
      0,
      0.4875,
      0.0975,
      0.585,
      0.195,
      0.6825,
      0.2925,
      0.78,
      0.39
    ],
    "SoftwareVersions": "syngo_MR_B17",
    "SpacingBetweenSlices": 1.8,
    "StationName": "MININT-E41B04",
    "TaskName": "rest",
    "TotalReadoutTime": 0.0712794,
    "TxRefAmp": 402.615,
    "dataset": "ds001747",
    "modality": "bold",
    "run_id": 1,
    "subject_id": "3922",
    "task_id": "rest"
  },
  "dummy_trs": 1,
  "dvars_nstd": 72.89813173879406,
  "dvars_std": 1.026736124323997,
  "dvars_vstd": 0.9856463224969547,
  "efc": 0.6300417541296739,
  "fber": 221.559814453125,
  "fd_mean": 0.12307670943304674,
  "fd_num": 78,
  "fd_perc": 9.489051094890511,
  "fwhm_avg": 3.249555641639382,
  "fwhm_x": 2.9531278560089493,
  "fwhm_y": 3.630172318388947,
  "fwhm_z": 3.165366750520249,
  "gcor": 0.00656632,
  "gsr_x": -0.023996511474251747,
  "gsr_y": 0.09272196143865585,
  "provenance": {
    "md5sum": "15073c5911cf46096577477b330eccf4",
    "settings": {
      "fd_thres": 0.2,
      "testing": false
    },
    "software": "mriqc",
    "version": "22.0.1",
    "webapi_port": null,
    "webapi_url": "https://mriqc.nimh.nih.gov/api/v1"
  },
  "size_t": 822,
  "size_x": 100,
  "size_y": 100,
  "size_z": 72,
  "snr": 2.088042236323037,
  "spacing_tr": 0.875,
  "spacing_x": 1.7999999523162842,
  "spacing_y": 1.7999999523162842,
  "spacing_z": 1.7999999523162842,
  "summary_bg_k": 41.068361668508174,
  "summary_bg_mad": 14.757483843591174,
  "summary_bg_mean": 40.2449836730957,
  "summary_bg_median": 23.670316696166992,
  "summary_bg_n": 367268.0,
  "summary_bg_p05": 11.479744529724124,
  "summary_bg_p95": 125.44361114501949,
  "summary_bg_stdv": 48.9073371887207,
  "summary_fg_k": 2.963469600326733,
  "summary_fg_mad": 131.00651092538772,
  "summary_fg_mean": 406.4619445800781,
  "summary_fg_median": 365.64599609375,
  "summary_fg_n": 239799.0,
  "summary_fg_p05": 203.83247680664064,
  "summary_fg_p95": 758.1509948730466,
  "summary_fg_stdv": 175.11390686035156,
  "tsnr": 17.903147984761745
}