{
  "bids_meta": {
    "AcquisitionMatrixPE": 215,
    "AcquisitionNumber": 1,
    "AcquisitionTime": "18:53:24.207500",
    "BaseResolution": 256,
    "ConversionSoftware": "dcm2niix",
    "ConversionSoftwareVersion": "v1.0.20180404 Clang8.0.0",
    "DeviceSerialNumber": "35002",
    "DwellTime": 9.8e-06,
    "EchoTime": 0.00226,
    "FlipAngle": 9,
    "ImageOrientationPatientDICOM": [
      0,
      1,
      0,
      0.0226873,
      0,
      -0.999743
    ],
    "ImageType": [
      "ORIGINAL",
      "PRIMARY",
      "M",
      "ND",
      "NORM"
    ],
    "InPlanePhaseEncodingDirectionDICOM": "ROW",
    "InstitutionAddress": "University_Pkwy_1700_North_685_Provo_UT_US_84601",
    "InstitutionName": "Brigham_Young_University",
    "InstitutionalDepartmentName": "MRI",
    "InversionTime": 0.9,
    "MRAcquisitionType": "3D",
    "MagneticFieldStrength": 3,
    "Manufacturer": "Siemens",
    "ManufacturersModelName": "TrioTim",
    "Modality": "MR",
    "ParallelReductionFactorInPlane": 2,
    "PartialFourier": 0.875,
    "PatientPosition": "HFS",
    "PercentPhaseFOV": 87.5,
    "PhaseEncodingSteps": 226,
    "PhaseOversampling": 0.2,
    "PhaseResolution": 0.96,
    "PixelBandwidth": 199,
    "ProcedureStepDescription": "Research_KIRWAN",
    "ProtocolName": "t1_mpr_sag_iso_mprage_fast",
    "PulseSequenceDetails": "%SiemensSeq%_tfl",
    "ReceiveCoilName": "32Ch_Head",
    "ReconMatrixPE": 256,
    "RepetitionTime": 1.9,
    "SAR": 0.1162,
    "ScanOptions": "IR_PFP",
    "ScanningSequence": "GR_IR",
    "SequenceName": "_tfl3d1_ns",
    "SequenceVariant": "SP_MP_OSP",
    "SeriesDescription": "t1_mpr_sag_iso_mprage_fast",
    "SeriesNumber": 6,
    "ShimSetting": [
      -2830,
      -22913,
      1923,
      -81,
      -87,
      -38,
      -253,
      388
    ],
    "SliceThickness": 1,
    "SoftwareVersions": "syngo_MR_B17",
    "StationName": "MININT-E41B04",
    "TxRefAmp": 407.229,
    "dataset": "ds001747",
    "modality": "T1w",
    "run_id": 1,
    "subject_id": "3952"
  },
  "cjv": 0.32545509990098775,
  "cnr": 4.237009291381815,
  "efc": 0.5589787171680777,
  "fber": -1.0,
  "fwhm_avg": 4.409391611020366,
  "fwhm_x": 4.206028273061097,
  "fwhm_y": 4.68775936,
  "fwhm_z": 4.3343872,
  "icvs_csf": 0.17310820142243583,
  "icvs_gm": 0.47220424577363906,
  "icvs_wm": 0.3546875528039251,
  "inu_med": 0.35842639207839966,
  "inu_range": 0.10285734534263608,
  "provenance": {
    "md5sum": "1ba8e11561b2ff093cf7a888f148d6e8",
    "settings": {
      "testing": false
    },
    "software": "mriqc",
    "version": "22.0.1",
    "warnings": {
      "large_rot_frame": true,
      "small_air_mask": false
    },
    "webapi_port": null,
    "webapi_url": "https://mriqc.nimh.nih.gov/api/v1"
  },
  "qi_1": 3.4950806739514136e-05,
  "qi_2": 0.009984030101006677,
  "rpve_csf": 28.801436808012127,
  "rpve_gm": 11.798342764082712,
  "rpve_wm": 17.242181892044957,
  "size_x": 176,
  "size_y": 224,
  "size_z": 256,
  "snr_csf": 2.260906396693391,
  "snr_gm": 15.518419311325834,
  "snr_total": 15.875801874046557,
  "snr_wm": 29.848079914120444,
  "snrd_csf": 41.47806466850457,
  "snrd_gm": 104.13177287829832,
  "snrd_total": 94.8155346016522,
  "snrd_wm": 138.83676625815372,
  "spacing_x": 0.9999980330467224,
  "spacing_y": 0.9765625,
  "spacing_z": 0.9765625,
  "summary_bg_k": 19.466681497197406,
  "summary_bg_mad": 0.0,
  "summary_bg_mean": 2.1716710366025085,
  "summary_bg_median": 0.0,
  "summary_bg_n": 2183521.0,
  "summary_bg_p05": 0.0,
  "summary_bg_p95": 9.394024807959795,
  "summary_bg_stdv": 4.7187528930440585,
  "summary_csf_k": -0.0703732749750432,
  "summary_csf_mad": 114.14058394445155,
  "summary_csf_mean": 301.77895705381906,
  "summary_csf_median": 298.75417951494455,
  "summary_csf_n": 20460.0,
  "summary_csf_p05": 69.18316252883524,
  "summary_csf_p95": 532.59887302313,
  "summary_csf_stdv": 132.13588980491457,
  "summary_gm_k": -0.16192421588190342,
  "summary_gm_mad": 50.50997299453341,
  "summary_gm_mean": 749.0260173232817,
  "summary_gm_median": 750.0302296243608,
  "summary_gm_n": 59294.0,
  "summary_gm_p05": 668.3465632684529,
  "summary_gm_p95": 825.3174923932179,
  "summary_gm_stdv": 48.331204994446786,
  "summary_wm_k": 0.8832113315173378,
  "summary_wm_mad": 30.843959840448807,
  "summary_wm_mean": 1001.7542495647783,
  "summary_wm_median": 999.999988462776,
  "summary_wm_n": 172371.0,
  "summary_wm_p05": 950.1673075072467,
  "summary_wm_p95": 1059.1057411171496,
  "summary_wm_stdv": 33.5028950142139,
  "tpm_overlap_csf": 0.1347048892760568,
  "tpm_overlap_gm": 0.4847813836856262,
  "tpm_overlap_wm": 0.5011352011719576,
  "wm2max": 0.4449149887784126
}