{
  "aor": 0.001013888213851762,
  "aqi": 0.030612608262454433,
  "bids_meta": {
    "AcquisitionMatrixPE": 100,
    "AcquisitionNumber": 1,
    "AcquisitionTime": "14:08:44.447500",
    "BandwidthPerPixelPhaseEncode": 13.889,
    "BaseResolution": 100,
    "ConversionSoftware": "dcm2niix",
    "ConversionSoftwareVersion": "v1.0.20180404 Clang8.0.0",
    "DerivedVendorReportedEchoSpacing": 0.000719994,
    "DeviceSerialNumber": "35002",
    "DwellTime": 2.8e-06,
    "EchoTime": 0.0436,
    "EffectiveEchoSpacing": 0.000719994,
    "FlipAngle": 55,
    "ImageComments": "Unaliased_MB8_PE3_(remote)",
    "ImageOrientationPatientDICOM": [
      1,
      0,
      0,
      0,
      0.907777,
      0.419452
    ],
    "ImageType": [
      "ORIGINAL",
      "PRIMARY",
      "M",
      "MB",
      "ND",
      "MOSAIC"
    ],
    "InPlanePhaseEncodingDirectionDICOM": "COL",
    "InstitutionAddress": "University_Pkwy_1700_North_685_Provo_UT_US_84601",
    "InstitutionName": "Brigham_Young_University",
    "InstitutionalDepartmentName": "MRI",
    "MRAcquisitionType": "2D",
    "MagneticFieldStrength": 3,
    "Manufacturer": "Siemens",
    "ManufacturersModelName": "TrioTim",
    "Modality": "MR",
    "MultibandAccelerationFactor": 8,
    "PartialFourier": 1,
    "PatientPosition": "HFS",
    "PercentPhaseFOV": 100,
    "PhaseEncodingDirection": "j-",
    "PhaseEncodingSteps": 100,
    "PhaseResolution": 1,
    "PixelBandwidth": 1786,
    "ProcedureStepDescription": "Research_KIRWAN",
    "ProtocolName": "Resting_State",
    "PulseSequenceDetails": "%CustomerSeq%_cmrr_mbep2d_bold",
    "ReceiveCoilName": "32Ch_Head",
    "ReconMatrixPE": 100,
    "RepetitionTime": 0.875,
    "SAR": 0.117052,
    "ScanOptions": "FS",
    "ScanningSequence": "EP",
    "SequenceName": "epfid2d1_100",
    "SequenceVariant": "SK_SS",
    "SeriesDescription": "Resting_State",
    "SeriesNumber": 3,
    "ShimSetting": [
      -2845,
      -22708,
      2426,
      1057,
      -54,
      797,
      -294,
      349
    ],
    "SliceThickness": 1.8,
    "SliceTiming": [
      0,
      0.49,
      0.0975,
      0.5875,
      0.1975,
      0.685,
      0.295,
      0.7825,
      0.3925,
      0,
      0.49,
      0.0975,
      0.5875,
      0.1975,
      0.685,
      0.295,
      0.7825,
      0.3925,
      0,
      0.49,
      0.0975,
      0.5875,
      0.1975,
      0.685,
      0.295,
      0.7825,
      0.3925,
      0,
      0.49,
      0.0975,
      0.5875,
      0.1975,
      0.685,
      0.295,
      0.7825,
      0.3925,
      0,
      0.49,
      0.0975,
      0.5875,
      0.1975,
      0.685,
      0.295,
      0.7825,
      0.3925,
      0,
      0.49,
      0.0975,
      0.5875,
      0.1975,
      0.685,
      0.295,
      0.7825,
      0.3925,
      0,
      0.49,
      0.0975,
      0.5875,
      0.1975,
      0.685,
      0.295,
      0.7825,
      0.3925,
      0,
      0.49,
      0.0975,
      0.5875,
      0.1975,
      0.685,
      0.295,
      0.7825,
      0.3925
    ],
    "SoftwareVersions": "syngo_MR_B17",
    "SpacingBetweenSlices": 1.8,
    "StationName": "MININT-E41B04",
    "TaskName": "rest",
    "TotalReadoutTime": 0.0712794,
    "TxRefAmp": 393.059,
    "dataset": "ds001747",
    "modality": "bold",
    "run_id": 1,
    "subject_id": "3920",
    "task_id": "rest"
  },
  "dummy_trs": 0,
  "dvars_nstd": 76.58168720345499,
  "dvars_std": 1.0362076928953774,
  "dvars_vstd": 1.008477410535281,
  "efc": 0.5971008626866031,
  "fber": 327.4207458496094,
  "fd_mean": 0.12444284971808077,
  "fd_num": 57,
  "fd_perc": 6.92588092345079,
  "fwhm_avg": 2.856205631219165,
  "fwhm_x": 2.717927849778277,
  "fwhm_y": 3.10373341555419,
  "fwhm_z": 2.7469556283250287,
  "gcor": 0.00611668,
  "gsr_x": -0.01701129414141178,
  "gsr_y": 0.09041494876146317,
  "provenance": {
    "md5sum": "226a178aa0921f6e525f7417fce4f4b9",
    "settings": {
      "fd_thres": 0.2,
      "testing": false
    },
    "software": "mriqc",
    "version": "22.0.1",
    "webapi_port": null,
    "webapi_url": "https://mriqc.nimh.nih.gov/api/v1"
  },
  "size_t": 823,
  "size_x": 100,
  "size_y": 100,
  "size_z": 72,
  "snr": 2.794352356905585,
  "spacing_tr": 0.875,
  "spacing_x": 1.7999999523162842,
  "spacing_y": 1.7999999523162842,
  "spacing_z": 1.7999999523162842,
  "summary_bg_k": 75.98215945579746,
  "summary_bg_mad": 9.974688515042768,
  "summary_bg_mean": 30.81329345703125,
  "summary_bg_median": 17.82624626159668,
  "summary_bg_n": 420225.0,
  "summary_bg_p05": 10.008505821228027,
  "summary_bg_p95": 86.35893554687496,
  "summary_bg_stdv": 46.63957977294922,
  "summary_fg_k": 2.676879946329157,
  "summary_fg_mad": 93.91645736320773,
  "summary_fg_mean": 351.4831848144531,
  "summary_fg_median": 328.1136169433594,
  "summary_fg_n": 197120.0,
  "summary_fg_p05": 206.86373977661134,
  "summary_fg_p95": 574.8405059814448,
  "summary_fg_stdv": 117.41997528076172,
  "tsnr": 16.198736122460105
}