{
  "aor": 0.0002323329283110571,
  "aqi": 0.01661616269744836,
  "bids_meta": {
    "AcquisitionMatrixPE": 100,
    "AcquisitionNumber": 1,
    "AcquisitionTime": "17:40:43.692500",
    "BandwidthPerPixelPhaseEncode": 13.889,
    "BaseResolution": 100,
    "ConversionSoftware": "dcm2niix",
    "ConversionSoftwareVersion": "v1.0.20180404 Clang8.0.0",
    "DerivedVendorReportedEchoSpacing": 0.000719994,
    "DeviceSerialNumber": "35002",
    "DwellTime": 2.8e-06,
    "EchoTime": 0.0436,
    "EffectiveEchoSpacing": 0.000719994,
    "FlipAngle": 55,
    "ImageComments": "Unaliased_MB8_PE3_(remote)",
    "ImageOrientationPatientDICOM": [
      1,
      3.42932e-05,
      -7.02238e-05,
      -3.84767e-08,
      0.898794,
      0.438371
    ],
    "ImageType": [
      "ORIGINAL",
      "PRIMARY",
      "M",
      "MB",
      "ND",
      "MOSAIC"
    ],
    "InPlanePhaseEncodingDirectionDICOM": "COL",
    "InstitutionAddress": "University_Pkwy_1700_North_685_Provo_UT_US_84601",
    "InstitutionName": "Brigham_Young_University",
    "InstitutionalDepartmentName": "MRI",
    "MRAcquisitionType": "2D",
    "MagneticFieldStrength": 3,
    "Manufacturer": "Siemens",
    "ManufacturersModelName": "TrioTim",
    "Modality": "MR",
    "MultibandAccelerationFactor": 8,
    "PartialFourier": 1,
    "PatientPosition": "HFS",
    "PercentPhaseFOV": 100,
    "PhaseEncodingDirection": "j-",
    "PhaseEncodingSteps": 100,
    "PhaseResolution": 1,
    "PixelBandwidth": 1786,
    "ProcedureStepDescription": "Research_KIRWAN",
    "ProtocolName": "Resting_State",
    "PulseSequenceDetails": "%CustomerSeq%_cmrr_mbep2d_bold",
    "ReceiveCoilName": "32Ch_Head",
    "ReconMatrixPE": 100,
    "RepetitionTime": 0.875,
    "SAR": 0.124085,
    "ScanOptions": "FS",
    "ScanningSequence": "EP",
    "SequenceName": "epfid2d1_100",
    "SequenceVariant": "SK_SS",
    "SeriesDescription": "Resting_State",
    "SeriesNumber": 3,
    "ShimSetting": [
      -2836,
      -22943,
      2450,
      1006,
      86,
      -203,
      279,
      456
    ],
    "SliceThickness": 1.8,
    "SliceTiming": [
      0,
      0.4875,
      0.0975,
      0.585,
      0.195,
      0.6825,
      0.2925,
      0.78,
      0.39,
      0,
      0.4875,
      0.0975,
      0.585,
      0.195,
      0.6825,
      0.2925,
      0.78,
      0.39,
      0,
      0.4875,
      0.0975,
      0.585,
      0.195,
      0.6825,
      0.2925,
      0.78,
      0.39,
      0,
      0.4875,
      0.0975,
      0.585,
      0.195,
      0.6825,
      0.2925,
      0.78,
      0.39,
      0,
      0.4875,
      0.0975,
      0.585,
      0.195,
      0.6825,
      0.2925,
      0.78,
      0.39,
      0,
      0.4875,
      0.0975,
      0.585,
      0.195,
      0.6825,
      0.2925,
      0.78,
      0.39,
      0,
      0.4875,
      0.0975,
      0.585,
      0.195,
      0.6825,
      0.2925,
      0.78,
      0.39,
      0,
      0.4875,
      0.0975,
      0.585,
      0.195,
      0.6825,
      0.2925,
      0.78,
      0.39
    ],
    "SoftwareVersions": "syngo_MR_B17",
    "SpacingBetweenSlices": 1.8,
    "StationName": "MININT-E41B04",
    "TaskName": "rest",
    "TotalReadoutTime": 0.0712794,
    "TxRefAmp": 374.466,
    "dataset": "ds001747",
    "modality": "bold",
    "run_id": 1,
    "subject_id": "3929",
    "task_id": "rest"
  },
  "dummy_trs": 0,
  "dvars_nstd": 68.90447055054736,
  "dvars_std": 1.0378859344282232,
  "dvars_vstd": 0.9918177808637467,
  "efc": 0.5627815834398974,
  "fber": 278.44873046875,
  "fd_mean": 0.13260192346870578,
  "fd_num": 104,
  "fd_perc": 12.636695018226002,
  "fwhm_avg": 3.705390838900076,
  "fwhm_x": 3.5513167607444327,
  "fwhm_y": 4.054911218529575,
  "fwhm_z": 3.509944537426221,
  "gcor": 0.0119298,
  "gsr_x": -0.02301010675728321,
  "gsr_y": 0.12735138833522797,
  "provenance": {
    "md5sum": "a40bf93cc24fb9578a726d8388124002",
    "settings": {
      "fd_thres": 0.2,
      "testing": false
    },
    "software": "mriqc",
    "version": "22.0.1",
    "webapi_port": null,
    "webapi_url": "https://mriqc.nimh.nih.gov/api/v1"
  },
  "size_t": 823,
  "size_x": 100,
  "size_y": 100,
  "size_z": 72,
  "snr": 1.723233620846737,
  "spacing_tr": 0.875,
  "spacing_x": 1.7999999523162842,
  "spacing_y": 1.7999999523162842,
  "spacing_z": 1.7999999523162842,
  "summary_bg_k": 54.36327039850098,
  "summary_bg_mad": 15.283594864530643,
  "summary_bg_mean": 45.58737564086914,
  "summary_bg_median": 23.413124084472656,
  "summary_bg_n": 432130.0,
  "summary_bg_p05": 11.818955421447754,
  "summary_bg_p95": 148.37448806762688,
  "summary_bg_stdv": 73.83879852294922,
  "summary_fg_k": 3.766100270180874,
  "summary_fg_mad": 148.87723376626334,
  "summary_fg_mean": 471.3492736816406,
  "summary_fg_median": 398.90948486328125,
  "summary_fg_n": 186496.0,
  "summary_fg_p05": 240.46477127075195,
  "summary_fg_p95": 961.9994506835938,
  "summary_fg_stdv": 231.48829650878906,
  "tsnr": 19.833886874839664
}