{
  "aor": 0.0003139194139194139,
  "aqi": 0.037910822954822954,
  "bids_meta": {
    "AcquisitionMatrixPE": 100,
    "AcquisitionNumber": 1,
    "AcquisitionTime": "12:14:36.215000",
    "BandwidthPerPixelPhaseEncode": 13.889,
    "BaseResolution": 100,
    "ConversionSoftware": "dcm2niix",
    "ConversionSoftwareVersion": "v1.0.20180404 Clang8.0.0",
    "DerivedVendorReportedEchoSpacing": 0.000719994,
    "DeviceSerialNumber": "35002",
    "DwellTime": 2.8e-06,
    "EchoTime": 0.0436,
    "EffectiveEchoSpacing": 0.000719994,
    "FlipAngle": 55,
    "ImageComments": "Unaliased_MB8_PE3_(remote)",
    "ImageOrientationPatientDICOM": [
      0.999996,
      -0.00177032,
      0.0022419,
      9.30435e-09,
      0.784817,
      0.619728
    ],
    "ImageType": [
      "ORIGINAL",
      "PRIMARY",
      "M",
      "MB",
      "ND",
      "MOSAIC"
    ],
    "InPlanePhaseEncodingDirectionDICOM": "COL",
    "InstitutionAddress": "University_Pkwy_1700_North_685_Provo_UT_US_84601",
    "InstitutionName": "Brigham_Young_University",
    "InstitutionalDepartmentName": "MRI",
    "MRAcquisitionType": "2D",
    "MagneticFieldStrength": 3,
    "Manufacturer": "Siemens",
    "ManufacturersModelName": "TrioTim",
    "Modality": "MR",
    "MultibandAccelerationFactor": 8,
    "PartialFourier": 1,
    "PatientPosition": "HFS",
    "PercentPhaseFOV": 100,
    "PhaseEncodingDirection": "j-",
    "PhaseEncodingSteps": 100,
    "PhaseResolution": 1,
    "PixelBandwidth": 1786,
    "ProcedureStepDescription": "Research_KIRWAN",
    "ProtocolName": "Resting_State",
    "PulseSequenceDetails": "%CustomerSeq%_cmrr_mbep2d_bold",
    "ReceiveCoilName": "32Ch_Head",
    "ReconMatrixPE": 100,
    "RepetitionTime": 0.875,
    "SAR": 0.124355,
    "ScanOptions": "FS",
    "ScanningSequence": "EP",
    "SequenceName": "epfid2d1_100",
    "SequenceVariant": "SK_SS",
    "SeriesDescription": "Resting_State",
    "SeriesNumber": 3,
    "ShimSetting": [
      -2866,
      -23013,
      2424,
      1200,
      -203,
      350,
      -18,
      573
    ],
    "SliceThickness": 1.8,
    "SliceTiming": [
      0,
      0.4875,
      0.0975,
      0.585,
      0.195,
      0.6825,
      0.2925,
      0.78,
      0.39,
      0,
      0.4875,
      0.0975,
      0.585,
      0.195,
      0.6825,
      0.2925,
      0.78,
      0.39,
      0,
      0.4875,
      0.0975,
      0.585,
      0.195,
      0.6825,
      0.2925,
      0.78,
      0.39,
      0,
      0.4875,
      0.0975,
      0.585,
      0.195,
      0.6825,
      0.2925,
      0.78,
      0.39,
      0,
      0.4875,
      0.0975,
      0.585,
      0.195,
      0.6825,
      0.2925,
      0.78,
      0.39,
      0,
      0.4875,
      0.0975,
      0.585,
      0.195,
      0.6825,
      0.2925,
      0.78,
      0.39,
      0,
      0.4875,
      0.0975,
      0.585,
      0.195,
      0.6825,
      0.2925,
      0.78,
      0.39,
      0,
      0.4875,
      0.0975,
      0.585,
      0.195,
      0.6825,
      0.2925,
      0.78,
      0.39
    ],
    "SoftwareVersions": "syngo_MR_B17",
    "SpacingBetweenSlices": 1.8,
    "StationName": "MININT-E41B04",
    "TaskName": "rest",
    "TotalReadoutTime": 0.0712794,
    "TxRefAmp": 406.071,
    "dataset": "ds001747",
    "modality": "bold",
    "run_id": 1,
    "subject_id": "3953",
    "task_id": "rest"
  },
  "dummy_trs": 4,
  "dvars_nstd": 69.06572380158923,
  "dvars_std": 0.998920652909535,
  "dvars_vstd": 0.9704396543520781,
  "efc": 0.582362489709526,
  "fber": 337.1540222167969,
  "fd_mean": 0.13066228536979269,
  "fd_num": 81,
  "fd_perc": 9.89010989010989,
  "fwhm_avg": 2.8776871132697117,
  "fwhm_x": 2.700872293770904,
  "fwhm_y": 3.1697611950811067,
  "fwhm_z": 2.7624278509571245,
  "gcor": 0.00639548,
  "gsr_x": 0.016059773042798042,
  "gsr_y": 0.04991643875837326,
  "provenance": {
    "md5sum": "fcc1322378f5ea3292187c413eb04632",
    "settings": {
      "fd_thres": 0.2,
      "testing": false
    },
    "software": "mriqc",
    "version": "22.0.1",
    "webapi_port": null,
    "webapi_url": "https://mriqc.nimh.nih.gov/api/v1"
  },
  "size_t": 819,
  "size_x": 100,
  "size_y": 100,
  "size_z": 72,
  "snr": 2.9732879342177982,
  "spacing_tr": 0.875,
  "spacing_x": 1.7999999523162842,
  "spacing_y": 1.7999999523162842,
  "spacing_z": 1.7999999523162842,
  "summary_bg_k": 29.680084840151615,
  "summary_bg_mad": 10.479590741123701,
  "summary_bg_mean": 30.51714324951172,
  "summary_bg_median": 18.538461685180664,
  "summary_bg_n": 442017.0,
  "summary_bg_p05": 10.063492774963379,
  "summary_bg_p95": 89.64688873290993,
  "summary_bg_stdv": 37.243919372558594,
  "summary_fg_k": 1.91039320502645,
  "summary_fg_mad": 94.24754079014605,
  "summary_fg_mean": 361.90948486328125,
  "summary_fg_median": 340.918212890625,
  "summary_fg_n": 177175.0,
  "summary_fg_p05": 212.9608154296875,
  "summary_fg_p95": 579.02587890625,
  "summary_fg_stdv": 114.66001892089844,
  "tsnr": 15.403958509268705
}