{
  "bids_meta": {
    "AcquisitionMatrixPE": 215,
    "AcquisitionNumber": 1,
    "AcquisitionTime": "17:07:45.565000",
    "BaseResolution": 256,
    "ConversionSoftware": "dcm2niix",
    "ConversionSoftwareVersion": "v1.0.20180404 Clang8.0.0",
    "DeviceSerialNumber": "35002",
    "DwellTime": 9.8e-06,
    "EchoTime": 0.00226,
    "FlipAngle": 9,
    "ImageOrientationPatientDICOM": [
      -0.0296662,
      0.99956,
      -2.17325e-08,
      -0.0261654,
      -0.000776594,
      -0.999657
    ],
    "ImageType": [
      "ORIGINAL",
      "PRIMARY",
      "M",
      "ND",
      "NORM"
    ],
    "InPlanePhaseEncodingDirectionDICOM": "ROW",
    "InstitutionAddress": "University_Pkwy_1700_North_685_Provo_UT_US_84601",
    "InstitutionName": "Brigham_Young_University",
    "InstitutionalDepartmentName": "MRI",
    "InversionTime": 0.9,
    "MRAcquisitionType": "3D",
    "MagneticFieldStrength": 3,
    "Manufacturer": "Siemens",
    "ManufacturersModelName": "TrioTim",
    "Modality": "MR",
    "ParallelReductionFactorInPlane": 2,
    "PartialFourier": 0.875,
    "PatientPosition": "HFS",
    "PercentPhaseFOV": 87.5,
    "PhaseEncodingSteps": 226,
    "PhaseOversampling": 0.2,
    "PhaseResolution": 0.96,
    "PixelBandwidth": 199,
    "ProcedureStepDescription": "Research_KIRWAN",
    "ProtocolName": "t1_mpr_sag_iso_mprage_fast",
    "PulseSequenceDetails": "%SiemensSeq%_tfl",
    "ReceiveCoilName": "32Ch_Head",
    "ReconMatrixPE": 256,
    "RepetitionTime": 1.9,
    "SAR": 0.101017,
    "ScanOptions": "IR_PFP",
    "ScanningSequence": "GR_IR",
    "SequenceName": "_tfl3d1_ns",
    "SequenceVariant": "SP_MP_OSP",
    "SeriesDescription": "t1_mpr_sag_iso_mprage_fast",
    "SeriesNumber": 6,
    "ShimSetting": [
      -2830,
      -22913,
      1923,
      -81,
      -87,
      -38,
      -253,
      388
    ],
    "SliceThickness": 1,
    "SoftwareVersions": "syngo_MR_B17",
    "StationName": "MININT-E41B04",
    "TxRefAmp": 395.305,
    "dataset": "ds001747",
    "modality": "T1w",
    "run_id": 1,
    "subject_id": "3891"
  },
  "cjv": 0.3340292319783283,
  "cnr": 4.052456419649584,
  "efc": 0.5407565607378864,
  "fber": -1.0,
  "fwhm_avg": 4.483382800104607,
  "fwhm_x": 4.294892080313824,
  "fwhm_y": 4.6983168,
  "fwhm_z": 4.45693952,
  "icvs_csf": 0.19940085791119408,
  "icvs_gm": 0.4466426920831777,
  "icvs_wm": 0.35395645000562825,
  "inu_med": 0.35967034101486206,
  "inu_range": 0.10027572810649871,
  "provenance": {
    "md5sum": "da042cd3440615ef20274f5e73e02806",
    "settings": {
      "testing": false
    },
    "software": "mriqc",
    "version": "22.0.1",
    "warnings": {
      "large_rot_frame": true,
      "small_air_mask": false
    },
    "webapi_port": null,
    "webapi_url": "https://mriqc.nimh.nih.gov/api/v1"
  },
  "qi_1": 4.7632883837686185e-06,
  "qi_2": 0.024863276067595894,
  "rpve_csf": 22.571395729891883,
  "rpve_gm": 10.869833614344595,
  "rpve_wm": 15.609026599990024,
  "size_x": 176,
  "size_y": 224,
  "size_z": 256,
  "snr_csf": 2.8173617225213383,
  "snr_gm": 15.602628955029262,
  "snr_total": 15.500017895559054,
  "snr_wm": 28.080063009126565,
  "snrd_csf": 50.458600981015366,
  "snrd_gm": 125.66926258019853,
  "snrd_total": 114.13157388735176,
  "snrd_wm": 166.2668581008414,
  "spacing_x": 1.0000041723251343,
  "spacing_y": 0.9765625,
  "spacing_z": 0.9765625,
  "summary_bg_k": 24.310181076135777,
  "summary_bg_mad": 0.0,
  "summary_bg_mean": 1.9314710099824928,
  "summary_bg_median": 0.0,
  "summary_bg_n": 2701675.0,
  "summary_bg_p05": 0.0,
  "summary_bg_p95": 10.072905339300632,
  "summary_bg_stdv": 3.9404093174607735,
  "summary_csf_k": 0.4101609243834332,
  "summary_csf_mad": 90.12684255842242,
  "summary_csf_mean": 324.193704577039,
  "summary_csf_median": 303.49029828235507,
  "summary_csf_n": 31447.0,
  "summary_csf_p05": 174.33522426225247,
  "summary_csf_p95": 525.9042745679617,
  "summary_csf_stdv": 107.71974020684269,
  "summary_gm_k": -0.06911754080649146,
  "summary_gm_mad": 48.97970933939759,
  "summary_gm_mean": 753.6627080774954,
  "summary_gm_median": 755.8553198836744,
  "summary_gm_n": 48739.0,
  "summary_gm_p05": 671.0456833206117,
  "summary_gm_p95": 829.5741945888847,
  "summary_gm_stdv": 48.443603184472565,
  "summary_wm_k": 1.1312548504027937,
  "summary_wm_mad": 32.58351666075063,
  "summary_wm_mean": 1002.0627339898165,
  "summary_wm_median": 1000.0352244898677,
  "summary_wm_n": 200583.0,
  "summary_wm_p05": 948.0858001001179,
  "summary_wm_p95": 1063.0789327323437,
  "summary_wm_stdv": 35.61362135620009,
  "tpm_overlap_csf": 0.14803490204794384,
  "tpm_overlap_gm": 0.46989592683109477,
  "tpm_overlap_wm": 0.503495686744917,
  "wm2max": 0.48456405618035053
}