{
  "aor": 0.00027793187347931875,
  "aqi": 0.018347220559610706,
  "bids_meta": {
    "AcquisitionMatrixPE": 100,
    "AcquisitionNumber": 1,
    "AcquisitionTime": "14:38:19.172500",
    "BandwidthPerPixelPhaseEncode": 13.889,
    "BaseResolution": 100,
    "ConversionSoftware": "dcm2niix",
    "ConversionSoftwareVersion": "v1.0.20180404 Clang8.0.0",
    "DerivedVendorReportedEchoSpacing": 0.000719994,
    "DeviceSerialNumber": "35002",
    "DwellTime": 2.8e-06,
    "EchoTime": 0.0436,
    "EffectiveEchoSpacing": 0.000719994,
    "FlipAngle": 55,
    "ImageComments": "Unaliased_MB8_PE3_(remote)",
    "ImageOrientationPatientDICOM": [
      1,
      0,
      0,
      0,
      0.880477,
      0.474088
    ],
    "ImageType": [
      "ORIGINAL",
      "PRIMARY",
      "M",
      "MB",
      "ND",
      "MOSAIC"
    ],
    "InPlanePhaseEncodingDirectionDICOM": "COL",
    "InstitutionAddress": "University_Pkwy_1700_North_685_Provo_UT_US_84601",
    "InstitutionName": "Brigham_Young_University",
    "InstitutionalDepartmentName": "MRI",
    "MRAcquisitionType": "2D",
    "MagneticFieldStrength": 3,
    "Manufacturer": "Siemens",
    "ManufacturersModelName": "TrioTim",
    "Modality": "MR",
    "MultibandAccelerationFactor": 8,
    "PartialFourier": 1,
    "PatientPosition": "HFS",
    "PercentPhaseFOV": 100,
    "PhaseEncodingDirection": "j-",
    "PhaseEncodingSteps": 100,
    "PhaseResolution": 1,
    "PixelBandwidth": 1786,
    "ProcedureStepDescription": "Research_KIRWAN",
    "ProtocolName": "Resting_State",
    "PulseSequenceDetails": "%CustomerSeq%_cmrr_mbep2d_bold",
    "ReceiveCoilName": "32Ch_Head",
    "ReconMatrixPE": 100,
    "RepetitionTime": 0.875,
    "SAR": 0.125928,
    "ScanOptions": "FS",
    "ScanningSequence": "EP",
    "SequenceName": "epfid2d1_100",
    "SequenceVariant": "SK_SS",
    "SeriesDescription": "Resting_State",
    "SeriesNumber": 3,
    "ShimSetting": [
      -2800,
      -22920,
      2391,
      613,
      30,
      348,
      57,
      539
    ],
    "SliceThickness": 1.8,
    "SliceTiming": [
      0,
      0.4875,
      0.0975,
      0.585,
      0.195,
      0.6825,
      0.2925,
      0.78,
      0.39,
      0,
      0.4875,
      0.0975,
      0.585,
      0.195,
      0.6825,
      0.2925,
      0.78,
      0.39,
      0,
      0.4875,
      0.0975,
      0.585,
      0.195,
      0.6825,
      0.2925,
      0.78,
      0.39,
      0,
      0.4875,
      0.0975,
      0.585,
      0.195,
      0.6825,
      0.2925,
      0.78,
      0.39,
      0,
      0.4875,
      0.0975,
      0.585,
      0.195,
      0.6825,
      0.2925,
      0.78,
      0.39,
      0,
      0.4875,
      0.0975,
      0.585,
      0.195,
      0.6825,
      0.2925,
      0.78,
      0.39,
      0,
      0.4875,
      0.0975,
      0.585,
      0.195,
      0.6825,
      0.2925,
      0.78,
      0.39,
      0,
      0.4875,
      0.0975,
      0.585,
      0.195,
      0.6825,
      0.2925,
      0.78,
      0.39
    ],
    "SoftwareVersions": "syngo_MR_B17",
    "SpacingBetweenSlices": 1.8,
    "StationName": "MININT-E41B04",
    "TaskName": "rest",
    "TotalReadoutTime": 0.0712794,
    "TxRefAmp": 378.214,
    "dataset": "ds001747",
    "modality": "bold",
    "run_id": 1,
    "subject_id": "3921",
    "task_id": "rest"
  },
  "dummy_trs": 1,
  "dvars_nstd": 66.94737556364187,
  "dvars_std": 1.0239154135079167,
  "dvars_vstd": 0.9792225072716197,
  "efc": 0.5920839082542864,
  "fber": 270.7293701171875,
  "fd_mean": 0.0871453599739376,
  "fd_num": 4,
  "fd_perc": 0.48661800486618007,
  "fwhm_avg": 3.6780463937312518,
  "fwhm_x": 3.409355645872637,
  "fwhm_y": 4.101761219770675,
  "fwhm_z": 3.523022315550442,
  "gcor": 0.00293307,
  "gsr_x": -0.033576104789972305,
  "gsr_y": 0.11390826851129532,
  "provenance": {
    "md5sum": "0f1b588d3e80474bc6c360142e16353d",
    "settings": {
      "fd_thres": 0.2,
      "testing": false
    },
    "software": "mriqc",
    "version": "22.0.1",
    "webapi_port": null,
    "webapi_url": "https://mriqc.nimh.nih.gov/api/v1"
  },
  "size_t": 822,
  "size_x": 100,
  "size_y": 100,
  "size_z": 72,
  "snr": 1.8590962089112884,
  "spacing_tr": 0.875,
  "spacing_x": 1.7999999523162842,
  "spacing_y": 1.7999999523162842,
  "spacing_z": 1.7999999523162842,
  "summary_bg_k": 42.30774528650427,
  "summary_bg_mad": 14.427414197047097,
  "summary_bg_mean": 44.989707946777344,
  "summary_bg_median": 23.14476776123047,
  "summary_bg_n": 405817.0,
  "summary_bg_p05": 11.984185218811035,
  "summary_bg_p95": 147.3761566162109,
  "summary_bg_stdv": 64.8116455078125,
  "summary_fg_k": 2.884149450900763,
  "summary_fg_mad": 150.13331474432255,
  "summary_fg_mean": 453.1529235839844,
  "summary_fg_median": 393.86737060546875,
  "summary_fg_n": 207582.0,
  "summary_fg_p05": 224.3199462890625,
  "summary_fg_p95": 886.9841369628898,
  "summary_fg_stdv": 211.8590850830078,
  "tsnr": 18.92760591523256
}