{
  "aor": 0.00026917274939172747,
  "aqi": 0.027405071289537713,
  "bids_meta": {
    "AcquisitionMatrixPE": 100,
    "AcquisitionNumber": 1,
    "AcquisitionTime": "13:33:59.247500",
    "BandwidthPerPixelPhaseEncode": 13.889,
    "BaseResolution": 100,
    "ConversionSoftware": "dcm2niix",
    "ConversionSoftwareVersion": "v1.0.20180404 Clang8.0.0",
    "DerivedVendorReportedEchoSpacing": 0.000719994,
    "DeviceSerialNumber": "35002",
    "DwellTime": 2.8e-06,
    "EchoTime": 0.0436,
    "EffectiveEchoSpacing": 0.000719994,
    "FlipAngle": 55,
    "ImageComments": "Unaliased_MB8_PE3_(remote)",
    "ImageOrientationPatientDICOM": [
      1,
      -1e-16,
      0,
      1e-16,
      0.893371,
      0.449319
    ],
    "ImageType": [
      "ORIGINAL",
      "PRIMARY",
      "M",
      "MB",
      "ND",
      "MOSAIC"
    ],
    "InPlanePhaseEncodingDirectionDICOM": "COL",
    "InstitutionAddress": "University_Pkwy_1700_North_685_Provo_UT_US_84601",
    "InstitutionName": "Brigham_Young_University",
    "InstitutionalDepartmentName": "MRI",
    "MRAcquisitionType": "2D",
    "MagneticFieldStrength": 3,
    "Manufacturer": "Siemens",
    "ManufacturersModelName": "TrioTim",
    "Modality": "MR",
    "MultibandAccelerationFactor": 8,
    "PartialFourier": 1,
    "PatientPosition": "HFS",
    "PercentPhaseFOV": 100,
    "PhaseEncodingDirection": "j-",
    "PhaseEncodingSteps": 100,
    "PhaseResolution": 1,
    "PixelBandwidth": 1786,
    "ProcedureStepDescription": "Research_KIRWAN",
    "ProtocolName": "Resting_State",
    "PulseSequenceDetails": "%CustomerSeq%_cmrr_mbep2d_bold",
    "ReceiveCoilName": "32Ch_Head",
    "ReconMatrixPE": 100,
    "RepetitionTime": 0.875,
    "SAR": 0.127015,
    "ScanOptions": "FS",
    "ScanningSequence": "EP",
    "SequenceName": "epfid2d1_100",
    "SequenceVariant": "SK_SS",
    "SeriesDescription": "Resting_State",
    "SeriesNumber": 3,
    "ShimSetting": [
      -2795,
      -22971,
      2109,
      359,
      197,
      113,
      -275,
      431
    ],
    "SliceThickness": 1.8,
    "SliceTiming": [
      0,
      0.4875,
      0.0975,
      0.585,
      0.195,
      0.6825,
      0.2925,
      0.78,
      0.39,
      0,
      0.4875,
      0.0975,
      0.585,
      0.195,
      0.6825,
      0.2925,
      0.78,
      0.39,
      0,
      0.4875,
      0.0975,
      0.585,
      0.195,
      0.6825,
      0.2925,
      0.78,
      0.39,
      0,
      0.4875,
      0.0975,
      0.585,
      0.195,
      0.6825,
      0.2925,
      0.78,
      0.39,
      0,
      0.4875,
      0.0975,
      0.585,
      0.195,
      0.6825,
      0.2925,
      0.78,
      0.39,
      0,
      0.4875,
      0.0975,
      0.585,
      0.195,
      0.6825,
      0.2925,
      0.78,
      0.39,
      0,
      0.4875,
      0.0975,
      0.585,
      0.195,
      0.6825,
      0.2925,
      0.78,
      0.39,
      0,
      0.4875,
      0.0975,
      0.585,
      0.195,
      0.6825,
      0.2925,
      0.78,
      0.39
    ],
    "SoftwareVersions": "syngo_MR_B17",
    "SpacingBetweenSlices": 1.8,
    "StationName": "MININT-E41B04",
    "TaskName": "rest",
    "TotalReadoutTime": 0.0712794,
    "TxRefAmp": 380.177,
    "dataset": "ds001747",
    "modality": "bold",
    "run_id": 1,
    "subject_id": "3887",
    "task_id": "rest"
  },
  "dummy_trs": 1,
  "dvars_nstd": 68.98825287885498,
  "dvars_std": 1.0325215500487215,
  "dvars_vstd": 0.9926387208038966,
  "efc": 0.5880269100899689,
  "fber": 362.96051025390625,
  "fd_mean": 0.19154139632047176,
  "fd_num": 355,
  "fd_perc": 43.18734793187348,
  "fwhm_avg": 2.8297000749614525,
  "fwhm_x": 2.6192000693851063,
  "fwhm_y": 3.144166749958641,
  "fwhm_z": 2.7257334055406095,
  "gcor": 0.00757148,
  "gsr_x": -0.0019487858517095447,
  "gsr_y": 0.08875580132007599,
  "provenance": {
    "md5sum": "aca05765aab5717eb7db620b36599441",
    "settings": {
      "fd_thres": 0.2,
      "testing": false
    },
    "software": "mriqc",
    "version": "22.0.1",
    "webapi_port": null,
    "webapi_url": "https://mriqc.nimh.nih.gov/api/v1"
  },
  "size_t": 822,
  "size_x": 100,
  "size_y": 100,
  "size_z": 72,
  "snr": 2.95072949737878,
  "spacing_tr": 0.875,
  "spacing_x": 1.7999999523162842,
  "spacing_y": 1.7999999523162842,
  "spacing_z": 1.7999999523162842,
  "summary_bg_k": 43.511273249608514,
  "summary_bg_mad": 10.68303398492472,
  "summary_bg_mean": 32.62336349487305,
  "summary_bg_median": 18.854015350341797,
  "summary_bg_n": 436136.0,
  "summary_bg_p05": 10.591240882873535,
  "summary_bg_p95": 94.94677352905273,
  "summary_bg_stdv": 42.80448532104492,
  "summary_fg_k": 2.2147268031274683,
  "summary_fg_mad": 97.32508962744257,
  "summary_fg_mean": 385.9050598144531,
  "summary_fg_median": 365.0778503417969,
  "summary_fg_n": 185047.0,
  "summary_fg_p05": 229.6787063598633,
  "summary_fg_p95": 619.9856140136716,
  "summary_fg_stdv": 123.72427368164062,
  "tsnr": 18.779762821272016
}