{
  "aor": 0.00020667073170731708,
  "aqi": 0.02805865658536585,
  "bids_meta": {
    "AcquisitionMatrixPE": 100,
    "AcquisitionNumber": 1,
    "AcquisitionTime": "17:13:8.532500",
    "BandwidthPerPixelPhaseEncode": 13.889,
    "BaseResolution": 100,
    "ConversionSoftware": "dcm2niix",
    "ConversionSoftwareVersion": "v1.0.20180404 Clang8.0.0",
    "DerivedVendorReportedEchoSpacing": 0.000719994,
    "DeviceSerialNumber": "35002",
    "DwellTime": 2.8e-06,
    "EchoTime": 0.0436,
    "EffectiveEchoSpacing": 0.000719994,
    "FlipAngle": 55,
    "ImageComments": "Unaliased_MB8_PE3_(remote)",
    "ImageOrientationPatientDICOM": [
      1,
      0,
      0,
      0,
      0.903335,
      0.428935
    ],
    "ImageType": [
      "ORIGINAL",
      "PRIMARY",
      "M",
      "MB",
      "ND",
      "MOSAIC"
    ],
    "InPlanePhaseEncodingDirectionDICOM": "COL",
    "InstitutionAddress": "University_Pkwy_1700_North_685_Provo_UT_US_84601",
    "InstitutionName": "Brigham_Young_University",
    "InstitutionalDepartmentName": "MRI",
    "MRAcquisitionType": "2D",
    "MagneticFieldStrength": 3,
    "Manufacturer": "Siemens",
    "ManufacturersModelName": "TrioTim",
    "Modality": "MR",
    "MultibandAccelerationFactor": 8,
    "PartialFourier": 1,
    "PatientPosition": "HFS",
    "PercentPhaseFOV": 100,
    "PhaseEncodingDirection": "j-",
    "PhaseEncodingSteps": 100,
    "PhaseResolution": 1,
    "PixelBandwidth": 1786,
    "ProcedureStepDescription": "Research_KIRWAN",
    "ProtocolName": "Resting_State",
    "PulseSequenceDetails": "%CustomerSeq%_cmrr_mbep2d_bold",
    "ReceiveCoilName": "32Ch_Head",
    "ReconMatrixPE": 100,
    "RepetitionTime": 0.875,
    "SAR": 0.139207,
    "ScanOptions": "FS",
    "ScanningSequence": "EP",
    "SequenceName": "epfid2d1_100",
    "SequenceVariant": "SK_SS",
    "SeriesDescription": "Resting_State",
    "SeriesNumber": 3,
    "ShimSetting": [
      -2807,
      -22941,
      2402,
      663,
      143,
      -48,
      -128,
      370
    ],
    "SliceThickness": 1.8,
    "SliceTiming": [
      0,
      0.4875,
      0.0975,
      0.585,
      0.195,
      0.6825,
      0.2925,
      0.78,
      0.39,
      0,
      0.4875,
      0.0975,
      0.585,
      0.195,
      0.6825,
      0.2925,
      0.78,
      0.39,
      0,
      0.4875,
      0.0975,
      0.585,
      0.195,
      0.6825,
      0.2925,
      0.78,
      0.39,
      0,
      0.4875,
      0.0975,
      0.585,
      0.195,
      0.6825,
      0.2925,
      0.78,
      0.39,
      0,
      0.4875,
      0.0975,
      0.585,
      0.195,
      0.6825,
      0.2925,
      0.78,
      0.39,
      0,
      0.4875,
      0.0975,
      0.585,
      0.195,
      0.6825,
      0.2925,
      0.78,
      0.39,
      0,
      0.4875,
      0.0975,
      0.585,
      0.195,
      0.6825,
      0.2925,
      0.78,
      0.39,
      0,
      0.4875,
      0.0975,
      0.585,
      0.195,
      0.6825,
      0.2925,
      0.78,
      0.39
    ],
    "SoftwareVersions": "syngo_MR_B17",
    "SpacingBetweenSlices": 1.8,
    "StationName": "MININT-E41B04",
    "TaskName": "rest",
    "TotalReadoutTime": 0.0712794,
    "TxRefAmp": 382.912,
    "dataset": "ds001747",
    "modality": "bold",
    "run_id": 1,
    "subject_id": "3968",
    "task_id": "rest"
  },
  "dummy_trs": 3,
  "dvars_nstd": 78.10206497798532,
  "dvars_std": 1.0181267703785117,
  "dvars_vstd": 0.9653798412576312,
  "efc": 0.6205501379965515,
  "fber": 154.971923828125,
  "fd_mean": 0.12260691139686068,
  "fd_num": 78,
  "fd_perc": 9.512195121951219,
  "fwhm_avg": 3.093212841247226,
  "fwhm_x": 2.9870834124640204,
  "fwhm_y": 3.3597165331635264,
  "fwhm_z": 2.9328385781141306,
  "gcor": 0.00500638,
  "gsr_x": 0.020603470504283905,
  "gsr_y": 0.083414226770401,
  "provenance": {
    "md5sum": "e3f90f0d60834609632dc33de58b266c",
    "settings": {
      "fd_thres": 0.2,
      "testing": false
    },
    "software": "mriqc",
    "version": "22.0.1",
    "webapi_port": null,
    "webapi_url": "https://mriqc.nimh.nih.gov/api/v1"
  },
  "size_t": 820,
  "size_x": 100,
  "size_y": 100,
  "size_z": 72,
  "snr": 1.9766643398176142,
  "spacing_tr": 0.875,
  "spacing_x": 1.7999999523162842,
  "spacing_y": 1.8000000715255737,
  "spacing_z": 1.8000001907348633,
  "summary_bg_k": 41.74261851346771,
  "summary_bg_mad": 18.6789815294165,
  "summary_bg_mean": 49.59849548339844,
  "summary_bg_median": 27.97926902770996,
  "summary_bg_n": 395528.0,
  "summary_bg_p05": 12.460975646972656,
  "summary_bg_p95": 160.85133895873963,
  "summary_bg_stdv": 65.55802154541016,
  "summary_fg_k": 5.922011463814577,
  "summary_fg_mad": 123.63003551680266,
  "summary_fg_mean": 402.42510986328125,
  "summary_fg_median": 357.57623291015625,
  "summary_fg_n": 214668.0,
  "summary_fg_p05": 206.87847900390625,
  "summary_fg_p95": 767.1763916015625,
  "summary_fg_stdv": 180.8983917236328,
  "tsnr": 15.537599042756483
}