{
  "bids_meta": {
    "AcquisitionMatrixPE": 215,
    "AcquisitionNumber": 1,
    "AcquisitionTime": "11:46:26.232500",
    "BaseResolution": 256,
    "ConversionSoftware": "dcm2niix",
    "ConversionSoftwareVersion": "v1.0.20180404 Clang8.0.0",
    "DeviceSerialNumber": "35002",
    "DwellTime": 9.8e-06,
    "EchoTime": 0.00226,
    "FlipAngle": 9,
    "ImageOrientationPatientDICOM": [
      0,
      1,
      0,
      0,
      0,
      -1
    ],
    "ImageType": [
      "ORIGINAL",
      "PRIMARY",
      "M",
      "ND",
      "NORM"
    ],
    "InPlanePhaseEncodingDirectionDICOM": "ROW",
    "InstitutionAddress": "University_Pkwy_1700_North_685_Provo_UT_US_84601",
    "InstitutionName": "Brigham_Young_University",
    "InstitutionalDepartmentName": "MRI",
    "InversionTime": 0.9,
    "MRAcquisitionType": "3D",
    "MagneticFieldStrength": 3,
    "Manufacturer": "Siemens",
    "ManufacturersModelName": "TrioTim",
    "Modality": "MR",
    "ParallelReductionFactorInPlane": 2,
    "PartialFourier": 0.875,
    "PatientPosition": "HFS",
    "PercentPhaseFOV": 87.5,
    "PhaseEncodingSteps": 226,
    "PhaseOversampling": 0.2,
    "PhaseResolution": 0.96,
    "PixelBandwidth": 199,
    "ProcedureStepDescription": "Research_KIRWAN",
    "ProtocolName": "t1_mpr_sag_iso_mprage_fast",
    "PulseSequenceDetails": "%SiemensSeq%_tfl",
    "ReceiveCoilName": "32Ch_Head",
    "ReconMatrixPE": 256,
    "RepetitionTime": 1.9,
    "SAR": 0.159291,
    "ScanOptions": "IR_PFP",
    "ScanningSequence": "GR_IR",
    "SequenceName": "_tfl3d1_ns",
    "SequenceVariant": "SP_MP_OSP",
    "SeriesDescription": "t1_mpr_sag_iso_mprage_fast",
    "SeriesNumber": 6,
    "ShimSetting": [
      -2830,
      -22913,
      1923,
      -81,
      -87,
      -38,
      -253,
      388
    ],
    "SliceThickness": 1,
    "SoftwareVersions": "syngo_MR_B17",
    "StationName": "MININT-E41B04",
    "TxRefAmp": 446.697,
    "dataset": "ds001747",
    "modality": "T1w",
    "run_id": 1,
    "subject_id": "3893"
  },
  "cjv": 0.3040129617295617,
  "cnr": 4.46606109374053,
  "efc": 0.645398046192445,
  "fber": -1.0,
  "fwhm_avg": 4.4420525600000005,
  "fwhm_x": 4.23911,
  "fwhm_y": 4.707686399999999,
  "fwhm_z": 4.37936128,
  "icvs_csf": 0.16175323970248245,
  "icvs_gm": 0.4862109010020292,
  "icvs_wm": 0.35203585929548836,
  "inu_med": 0.43334242701530457,
  "inu_range": 0.14358511865139012,
  "provenance": {
    "md5sum": "9d0e49d809669bb32365e2efd3d1807a",
    "settings": {
      "testing": false
    },
    "software": "mriqc",
    "version": "22.0.1",
    "warnings": {
      "large_rot_frame": true,
      "small_air_mask": false
    },
    "webapi_port": null,
    "webapi_url": "https://mriqc.nimh.nih.gov/api/v1"
  },
  "qi_1": 0.0,
  "qi_2": 0.007571433752678759,
  "rpve_csf": 21.91162605259238,
  "rpve_gm": 8.602410946342463,
  "rpve_wm": 13.174706472303821,
  "size_x": 176,
  "size_y": 224,
  "size_z": 256,
  "snr_csf": 2.693902315255415,
  "snr_gm": 15.081031267750724,
  "snr_total": 15.676094498372564,
  "snr_wm": 29.25334991211155,
  "snrd_csf": 43.58098913751217,
  "snrd_gm": 112.07596188713902,
  "snrd_total": 102.80036996666428,
  "snrd_wm": 152.74415887534164,
  "spacing_x": 1.0,
  "spacing_y": 0.9765625,
  "spacing_z": 0.9765625,
  "summary_bg_k": 9.684330813882958,
  "summary_bg_mad": 0.0,
  "summary_bg_mean": 2.116861871687886,
  "summary_bg_median": 0.0,
  "summary_bg_n": 1662380.0,
  "summary_bg_p05": 0.0,
  "summary_bg_p95": 10.019361332058907,
  "summary_bg_stdv": 4.289317060683357,
  "summary_csf_k": 1.624970189701572,
  "summary_csf_mad": 70.97258617483894,
  "summary_csf_mean": 299.2638427866638,
  "summary_csf_median": 285.333985760808,
  "summary_csf_n": 30106.0,
  "summary_csf_p05": 122.39835733547807,
  "summary_csf_p95": 502.5169533789158,
  "summary_csf_stdv": 105.91670131580622,
  "summary_gm_k": -0.029015648161639263,
  "summary_gm_mad": 49.372233860757525,
  "summary_gm_mean": 732.5043850909021,
  "summary_gm_median": 733.785110116005,
  "summary_gm_n": 94750.0,
  "summary_gm_p05": 651.306889295578,
  "summary_gm_p95": 810.1161865442991,
  "summary_gm_stdv": 48.65590587680603,
  "summary_wm_k": 0.9502334346487604,
  "summary_wm_mad": 31.575265841182137,
  "summary_wm_mean": 1001.8525013759357,
  "summary_wm_median": 1000.0484274476767,
  "summary_wm_n": 241198.0,
  "summary_wm_p05": 949.7096072286367,
  "summary_wm_p95": 1060.067790016532,
  "summary_wm_stdv": 34.18570376944819,
  "tpm_overlap_csf": 0.16335494768491404,
  "tpm_overlap_gm": 0.4797645445938403,
  "tpm_overlap_wm": 0.5034907738334665,
  "wm2max": 0.37062264559613717
}