{
  "aor": 0.00012282238442822384,
  "aqi": 0.028577689416058392,
  "bids_meta": {
    "AcquisitionMatrixPE": 100,
    "AcquisitionNumber": 1,
    "AcquisitionTime": "13:39:53.297500",
    "BandwidthPerPixelPhaseEncode": 13.889,
    "BaseResolution": 100,
    "ConversionSoftware": "dcm2niix",
    "ConversionSoftwareVersion": "v1.0.20180404 Clang8.0.0",
    "DerivedVendorReportedEchoSpacing": 0.000719994,
    "DeviceSerialNumber": "35002",
    "DwellTime": 2.8e-06,
    "EchoTime": 0.0436,
    "EffectiveEchoSpacing": 0.000719994,
    "FlipAngle": 55,
    "ImageComments": "Unaliased_MB8_PE3_(remote)",
    "ImageOrientationPatientDICOM": [
      1,
      0,
      0,
      0,
      0.921185,
      0.389124
    ],
    "ImageType": [
      "ORIGINAL",
      "PRIMARY",
      "M",
      "MB",
      "ND",
      "MOSAIC"
    ],
    "InPlanePhaseEncodingDirectionDICOM": "COL",
    "InstitutionAddress": "University_Pkwy_1700_North_685_Provo_UT_US_84601",
    "InstitutionName": "Brigham_Young_University",
    "InstitutionalDepartmentName": "MRI",
    "MRAcquisitionType": "2D",
    "MagneticFieldStrength": 3,
    "Manufacturer": "Siemens",
    "ManufacturersModelName": "TrioTim",
    "Modality": "MR",
    "MultibandAccelerationFactor": 8,
    "PartialFourier": 1,
    "PatientPosition": "HFS",
    "PercentPhaseFOV": 100,
    "PhaseEncodingDirection": "j-",
    "PhaseEncodingSteps": 100,
    "PhaseResolution": 1,
    "PixelBandwidth": 1786,
    "ProcedureStepDescription": "Research_KIRWAN",
    "ProtocolName": "Resting_State",
    "PulseSequenceDetails": "%CustomerSeq%_cmrr_mbep2d_bold",
    "ReceiveCoilName": "32Ch_Head",
    "ReconMatrixPE": 100,
    "RepetitionTime": 0.875,
    "SAR": 0.156755,
    "ScanOptions": "FS",
    "ScanningSequence": "EP",
    "SequenceName": "epfid2d1_100",
    "SequenceVariant": "SK_SS",
    "SeriesDescription": "Resting_State",
    "SeriesNumber": 3,
    "ShimSetting": [
      -2814,
      -22944,
      2519,
      967,
      -45,
      -179,
      -407,
      420
    ],
    "SliceThickness": 1.8,
    "SliceTiming": [
      0,
      0.4875,
      0.0975,
      0.585,
      0.195,
      0.685,
      0.2925,
      0.7825,
      0.39,
      0,
      0.4875,
      0.0975,
      0.585,
      0.195,
      0.685,
      0.2925,
      0.7825,
      0.39,
      0,
      0.4875,
      0.0975,
      0.585,
      0.195,
      0.685,
      0.2925,
      0.7825,
      0.39,
      0,
      0.4875,
      0.0975,
      0.585,
      0.195,
      0.685,
      0.2925,
      0.7825,
      0.39,
      0,
      0.4875,
      0.0975,
      0.585,
      0.195,
      0.685,
      0.2925,
      0.7825,
      0.39,
      0,
      0.4875,
      0.0975,
      0.585,
      0.195,
      0.685,
      0.2925,
      0.7825,
      0.39,
      0,
      0.4875,
      0.0975,
      0.585,
      0.195,
      0.685,
      0.2925,
      0.7825,
      0.39,
      0,
      0.4875,
      0.0975,
      0.585,
      0.195,
      0.685,
      0.2925,
      0.7825,
      0.39
    ],
    "SoftwareVersions": "syngo_MR_B17",
    "SpacingBetweenSlices": 1.8,
    "StationName": "MININT-E41B04",
    "TaskName": "rest",
    "TotalReadoutTime": 0.0712794,
    "TxRefAmp": 363.151,
    "dataset": "ds001747",
    "modality": "bold",
    "run_id": 1,
    "subject_id": "3903",
    "task_id": "rest"
  },
  "dummy_trs": 1,
  "dvars_nstd": 70.79644775398293,
  "dvars_std": 1.0188959668818514,
  "dvars_vstd": 0.9778427465895251,
  "efc": 0.5909722721546173,
  "fber": 307.6009521484375,
  "fd_mean": 0.14889256086287164,
  "fd_num": 123,
  "fd_perc": 14.963503649635037,
  "fwhm_avg": 2.570303716903756,
  "fwhm_x": 2.4155778417687377,
  "fwhm_y": 2.808911185521846,
  "fwhm_z": 2.4864221234206836,
  "gcor": 0.00238631,
  "gsr_x": -0.0012051413068547845,
  "gsr_y": 0.08177502453327179,
  "provenance": {
    "md5sum": "2213cb936a15a6c0e4f069af55607632",
    "settings": {
      "fd_thres": 0.2,
      "testing": false
    },
    "software": "mriqc",
    "version": "22.0.1",
    "webapi_port": null,
    "webapi_url": "https://mriqc.nimh.nih.gov/api/v1"
  },
  "size_t": 822,
  "size_x": 100,
  "size_y": 100,
  "size_z": 72,
  "snr": 3.0283333972204862,
  "spacing_tr": 0.875,
  "spacing_x": 1.7999999523162842,
  "spacing_y": 1.7999999523162842,
  "spacing_z": 1.8000000715255737,
  "summary_bg_k": 64.31789417108376,
  "summary_bg_mad": 10.553171120086247,
  "summary_bg_mean": 32.52658462524414,
  "summary_bg_median": 18.766422271728516,
  "summary_bg_n": 440445.0,
  "summary_bg_p05": 10.587591171264648,
  "summary_bg_p95": 91.34379730224606,
  "summary_bg_stdv": 45.472145080566406,
  "summary_fg_k": 2.1000318204396304,
  "summary_fg_mad": 88.88758628535332,
  "summary_fg_mean": 354.0661926269531,
  "summary_fg_median": 334.3260192871094,
  "summary_fg_n": 177481.0,
  "summary_fg_p05": 213.0851593017578,
  "summary_fg_p95": 560.4391479492188,
  "summary_fg_stdv": 110.39903259277344,
  "tsnr": 18.10452060145326
}