{
  "aor": 0.00044976913730255164,
  "aqi": 0.03170805650060753,
  "bids_meta": {
    "AcquisitionMatrixPE": 100,
    "AcquisitionNumber": 1,
    "AcquisitionTime": "17:14:0.687500",
    "BandwidthPerPixelPhaseEncode": 13.889,
    "BaseResolution": 100,
    "ConversionSoftware": "dcm2niix",
    "ConversionSoftwareVersion": "v1.0.20180404 Clang8.0.0",
    "DerivedVendorReportedEchoSpacing": 0.000719994,
    "DeviceSerialNumber": "35002",
    "DwellTime": 2.8e-06,
    "EchoTime": 0.0436,
    "EffectiveEchoSpacing": 0.000719994,
    "FlipAngle": 55,
    "ImageComments": "Unaliased_MB8_PE3_(remote)",
    "ImageOrientationPatientDICOM": [
      1,
      0,
      0,
      0,
      0.862514,
      0.506034
    ],
    "ImageType": [
      "ORIGINAL",
      "PRIMARY",
      "M",
      "MB",
      "ND",
      "MOSAIC"
    ],
    "InPlanePhaseEncodingDirectionDICOM": "COL",
    "InstitutionAddress": "University_Pkwy_1700_North_685_Provo_UT_US_84601",
    "InstitutionName": "Brigham_Young_University",
    "InstitutionalDepartmentName": "MRI",
    "MRAcquisitionType": "2D",
    "MagneticFieldStrength": 3,
    "Manufacturer": "Siemens",
    "ManufacturersModelName": "TrioTim",
    "Modality": "MR",
    "MultibandAccelerationFactor": 8,
    "PartialFourier": 1,
    "PatientPosition": "HFS",
    "PercentPhaseFOV": 100,
    "PhaseEncodingDirection": "j-",
    "PhaseEncodingSteps": 100,
    "PhaseResolution": 1,
    "PixelBandwidth": 1786,
    "ProcedureStepDescription": "Research_KIRWAN",
    "ProtocolName": "Resting_State",
    "PulseSequenceDetails": "%CustomerSeq%_cmrr_mbep2d_bold",
    "ReceiveCoilName": "32Ch_Head",
    "ReconMatrixPE": 100,
    "RepetitionTime": 0.875,
    "SAR": 0.111169,
    "ScanOptions": "FS",
    "ScanningSequence": "EP",
    "SequenceName": "epfid2d1_100",
    "SequenceVariant": "SK_SS",
    "SeriesDescription": "Resting_State",
    "SeriesNumber": 3,
    "ShimSetting": [
      -2856,
      -22928,
      2380,
      1051,
      46,
      331,
      -154,
      426
    ],
    "SliceThickness": 1.8,
    "SliceTiming": [
      0,
      0.4875,
      0.0975,
      0.585,
      0.195,
      0.6825,
      0.2925,
      0.7825,
      0.39,
      0,
      0.4875,
      0.0975,
      0.585,
      0.195,
      0.6825,
      0.2925,
      0.7825,
      0.39,
      0,
      0.4875,
      0.0975,
      0.585,
      0.195,
      0.6825,
      0.2925,
      0.7825,
      0.39,
      0,
      0.4875,
      0.0975,
      0.585,
      0.195,
      0.6825,
      0.2925,
      0.7825,
      0.39,
      0,
      0.4875,
      0.0975,
      0.585,
      0.195,
      0.6825,
      0.2925,
      0.7825,
      0.39,
      0,
      0.4875,
      0.0975,
      0.585,
      0.195,
      0.6825,
      0.2925,
      0.7825,
      0.39,
      0,
      0.4875,
      0.0975,
      0.585,
      0.195,
      0.6825,
      0.2925,
      0.7825,
      0.39,
      0,
      0.4875,
      0.0975,
      0.585,
      0.195,
      0.6825,
      0.2925,
      0.7825,
      0.39
    ],
    "SoftwareVersions": "syngo_MR_B17",
    "SpacingBetweenSlices": 1.8,
    "StationName": "MININT-E41B04",
    "TaskName": "rest",
    "TotalReadoutTime": 0.0712794,
    "TxRefAmp": 327.158,
    "dataset": "ds001747",
    "modality": "bold",
    "run_id": 1,
    "subject_id": "3156",
    "task_id": "rest"
  },
  "dummy_trs": 0,
  "dvars_nstd": 72.63047323660582,
  "dvars_std": 1.0153138649391715,
  "dvars_vstd": 0.9838381074939173,
  "efc": 0.6107488902070501,
  "fber": 288.4268798828125,
  "fd_mean": 0.09968944654815075,
  "fd_num": 35,
  "fd_perc": 4.25273390036452,
  "fwhm_avg": 2.7782259396851336,
  "fwhm_x": 2.5829167350905933,
  "fwhm_y": 3.0411611916743704,
  "fwhm_z": 2.7105998922904377,
  "gcor": 0.00563108,
  "gsr_x": -0.00122656614985317,
  "gsr_y": 0.08918092399835587,
  "provenance": {
    "md5sum": "f8c990fa9e78e5f7d04bdce3802903aa",
    "settings": {
      "fd_thres": 0.2,
      "testing": false
    },
    "software": "mriqc",
    "version": "22.0.1",
    "webapi_port": null,
    "webapi_url": "https://mriqc.nimh.nih.gov/api/v1"
  },
  "size_t": 823,
  "size_x": 100,
  "size_y": 100,
  "size_z": 72,
  "snr": 2.7562788886165843,
  "spacing_tr": 0.875,
  "spacing_x": 1.7999999523162842,
  "spacing_y": 1.7999999523162842,
  "spacing_z": 1.8000000715255737,
  "summary_bg_k": 69.0234245061941,
  "summary_bg_mad": 10.542149616358095,
  "summary_bg_mean": 32.69961166381836,
  "summary_bg_median": 18.173755645751953,
  "summary_bg_n": 412667.0,
  "summary_bg_p05": 9.817740440368652,
  "summary_bg_p95": 99.04751358032154,
  "summary_bg_stdv": 46.4549446105957,
  "summary_fg_k": 2.648594145395988,
  "summary_fg_mad": 90.83506266444353,
  "summary_fg_mean": 334.334228515625,
  "summary_fg_median": 312.3778991699219,
  "summary_fg_n": 201613.0,
  "summary_fg_p05": 187.78785400390626,
  "summary_fg_p95": 548.5035400390625,
  "summary_fg_stdv": 113.33291625976562,
  "tsnr": 16.033250274136662
}