{
  "bids_meta": {
    "AcquisitionMatrixPE": 215,
    "AcquisitionNumber": 1,
    "AcquisitionTime": "16:34:39.972500",
    "BaseResolution": 256,
    "ConversionSoftware": "dcm2niix",
    "ConversionSoftwareVersion": "v1.0.20180404 Clang8.0.0",
    "DeviceSerialNumber": "35002",
    "DwellTime": 9.8e-06,
    "EchoTime": 0.00226,
    "FlipAngle": 9,
    "ImageOrientationPatientDICOM": [
      0,
      1,
      -1e-16,
      0.125333,
      0,
      -0.992115
    ],
    "ImageType": [
      "ORIGINAL",
      "PRIMARY",
      "M",
      "ND",
      "NORM"
    ],
    "InPlanePhaseEncodingDirectionDICOM": "ROW",
    "InstitutionAddress": "University_Pkwy_1700_North_685_Provo_UT_US_84601",
    "InstitutionName": "Brigham_Young_University",
    "InstitutionalDepartmentName": "MRI",
    "InversionTime": 0.9,
    "MRAcquisitionType": "3D",
    "MagneticFieldStrength": 3,
    "Manufacturer": "Siemens",
    "ManufacturersModelName": "TrioTim",
    "Modality": "MR",
    "ParallelReductionFactorInPlane": 2,
    "PartialFourier": 0.875,
    "PatientPosition": "HFS",
    "PercentPhaseFOV": 87.5,
    "PhaseEncodingSteps": 226,
    "PhaseOversampling": 0.2,
    "PhaseResolution": 0.96,
    "PixelBandwidth": 199,
    "ProcedureStepDescription": "Research_KIRWAN",
    "ProtocolName": "t1_mpr_sag_iso_mprage_fast",
    "PulseSequenceDetails": "%SiemensSeq%_tfl",
    "ReceiveCoilName": "32Ch_Head",
    "ReconMatrixPE": 256,
    "RepetitionTime": 1.9,
    "SAR": 0.111639,
    "ScanOptions": "IR_PFP",
    "ScanningSequence": "GR_IR",
    "SequenceName": "_tfl3d1_ns",
    "SequenceVariant": "SP_MP_OSP",
    "SeriesDescription": "t1_mpr_sag_iso_mprage_fast",
    "SeriesNumber": 9,
    "ShimSetting": [
      -2830,
      -22913,
      1923,
      -81,
      -87,
      -38,
      -253,
      388
    ],
    "SliceThickness": 1,
    "SoftwareVersions": "syngo_MR_B17",
    "StationName": "MININT-E41B04",
    "TxRefAmp": 393.763,
    "dataset": "ds001747",
    "modality": "T1w",
    "run_id": 1,
    "subject_id": "4120"
  },
  "cjv": 0.32091062275043425,
  "cnr": 4.241605538547671,
  "efc": 0.610162612939182,
  "fber": -1.0,
  "fwhm_avg": 4.395121949098062,
  "fwhm_x": 4.272941153151671,
  "fwhm_y": 4.55661568,
  "fwhm_z": 4.355809014142516,
  "icvs_csf": 0.2143979615634744,
  "icvs_gm": 0.4678108485173047,
  "icvs_wm": 0.3177911899192209,
  "inu_med": 0.4466456174850464,
  "inu_range": 0.14766326248645778,
  "provenance": {
    "md5sum": "5ed79dfdd51c5dbba0dc59fef817d1fb",
    "settings": {
      "testing": false
    },
    "software": "mriqc",
    "version": "22.0.1",
    "warnings": {
      "large_rot_frame": true,
      "small_air_mask": false
    },
    "webapi_port": null,
    "webapi_url": "https://mriqc.nimh.nih.gov/api/v1"
  },
  "qi_1": 0.0,
  "qi_2": 0.018301850656727278,
  "rpve_csf": 18.364187575768707,
  "rpve_gm": 9.156165851450531,
  "rpve_wm": 14.959100287047004,
  "size_x": 176,
  "size_y": 224,
  "size_z": 256,
  "snr_csf": 3.1469163743773114,
  "snr_gm": 15.39719516346755,
  "snr_total": 15.384567943934636,
  "snr_wm": 27.60959229395905,
  "snrd_csf": 52.61776847864283,
  "snrd_gm": 134.36214523032191,
  "snrd_total": 122.56466634702345,
  "snrd_wm": 180.71408533210558,
  "spacing_x": 1.0000044107437134,
  "spacing_y": 0.9765625,
  "spacing_z": 0.9765625596046448,
  "summary_bg_k": 6.6669054654838575,
  "summary_bg_mad": 0.0,
  "summary_bg_mean": 1.8329895949030475,
  "summary_bg_median": 0.0,
  "summary_bg_n": 1863796.0,
  "summary_bg_p05": 0.0,
  "summary_bg_p95": 8.65764494985342,
  "summary_bg_stdv": 3.6252648005614514,
  "summary_csf_k": 3.6975228044684245,
  "summary_csf_mad": 59.16326945338511,
  "summary_csf_mean": 306.58666171025567,
  "summary_csf_median": 291.16584569215775,
  "summary_csf_n": 45104.0,
  "summary_csf_p05": 183.32353044301271,
  "summary_csf_p95": 485.9628570638597,
  "summary_csf_stdv": 92.52315070349728,
  "summary_gm_k": 0.059242223601910116,
  "summary_gm_mad": 48.1032585761067,
  "summary_gm_mean": 740.6081016365316,
  "summary_gm_median": 743.5067806206644,
  "summary_gm_n": 73352.0,
  "summary_gm_p05": 656.1738378740847,
  "summary_gm_p95": 815.1635021716356,
  "summary_gm_stdv": 48.28812680721985,
  "summary_wm_k": 0.8262651338428362,
  "summary_wm_mad": 34.20814631901888,
  "summary_wm_mean": 1000.6406654092871,
  "summary_wm_median": 1000.0000191107392,
  "summary_wm_n": 194746.0,
  "summary_wm_p05": 943.0528884939849,
  "summary_wm_p95": 1059.7629857063293,
  "summary_wm_stdv": 36.21920385544282,
  "tpm_overlap_csf": 0.17171003064818469,
  "tpm_overlap_gm": 0.4740139276124296,
  "tpm_overlap_wm": 0.4713025067588611,
  "wm2max": 0.4423378976330572
}