{
  "bids_meta": {
    "AcquisitionMatrixPE": 215,
    "AcquisitionNumber": 1,
    "AcquisitionTime": "17:04:19.552500",
    "BaseResolution": 256,
    "ConversionSoftware": "dcm2niix",
    "ConversionSoftwareVersion": "v1.0.20180404 Clang8.0.0",
    "DeviceSerialNumber": "35002",
    "DwellTime": 9.8e-06,
    "EchoTime": 0.00226,
    "FlipAngle": 9,
    "ImageOrientationPatientDICOM": [
      1e-16,
      1,
      0,
      -0.0627905,
      -1e-16,
      -0.998027
    ],
    "ImageType": [
      "ORIGINAL",
      "PRIMARY",
      "M",
      "ND",
      "NORM"
    ],
    "InPlanePhaseEncodingDirectionDICOM": "ROW",
    "InstitutionAddress": "University_Pkwy_1700_North_685_Provo_UT_US_84601",
    "InstitutionName": "Brigham_Young_University",
    "InstitutionalDepartmentName": "MRI",
    "InversionTime": 0.9,
    "MRAcquisitionType": "3D",
    "MagneticFieldStrength": 3,
    "Manufacturer": "Siemens",
    "ManufacturersModelName": "TrioTim",
    "Modality": "MR",
    "ParallelReductionFactorInPlane": 2,
    "PartialFourier": 0.875,
    "PatientPosition": "HFS",
    "PercentPhaseFOV": 87.5,
    "PhaseEncodingSteps": 226,
    "PhaseOversampling": 0.2,
    "PhaseResolution": 0.96,
    "PixelBandwidth": 199,
    "ProcedureStepDescription": "Research_KIRWAN",
    "ProtocolName": "t1_mpr_sag_iso_mprage_fast",
    "PulseSequenceDetails": "%SiemensSeq%_tfl",
    "ReceiveCoilName": "32Ch_Head",
    "ReconMatrixPE": 256,
    "RepetitionTime": 1.9,
    "SAR": 0.114117,
    "ScanOptions": "IR_PFP",
    "ScanningSequence": "GR_IR",
    "SequenceName": "_tfl3d1_ns",
    "SequenceVariant": "SP_MP_OSP",
    "SeriesDescription": "t1_mpr_sag_iso_mprage_fast",
    "SeriesNumber": 6,
    "ShimSetting": [
      -2830,
      -22913,
      1923,
      -81,
      -87,
      -38,
      -253,
      388
    ],
    "SliceThickness": 1,
    "SoftwareVersions": "syngo_MR_B17",
    "StationName": "MININT-E41B04",
    "TxRefAmp": 371.167,
    "dataset": "ds001747",
    "modality": "T1w",
    "run_id": 1,
    "subject_id": "3925"
  },
  "cjv": 0.31414111455861937,
  "cnr": 4.280394750111352,
  "efc": 0.5678031604019302,
  "fber": -1.0,
  "fwhm_avg": 4.576705658588283,
  "fwhm_x": 4.425878895764848,
  "fwhm_y": 4.75935744,
  "fwhm_z": 4.544880640000001,
  "icvs_csf": 0.19164209741164642,
  "icvs_gm": 0.47731620687192977,
  "icvs_wm": 0.33104169571642383,
  "inu_med": 0.4295414090156555,
  "inu_range": 0.1510416865348816,
  "provenance": {
    "md5sum": "cfe18e05400fc5d3d70eebc9d0295ba9",
    "settings": {
      "testing": false
    },
    "software": "mriqc",
    "version": "22.0.1",
    "warnings": {
      "large_rot_frame": true,
      "small_air_mask": false
    },
    "webapi_port": null,
    "webapi_url": "https://mriqc.nimh.nih.gov/api/v1"
  },
  "qi_1": 0.0,
  "qi_2": 0.026823917277138783,
  "rpve_csf": 21.909553588229887,
  "rpve_gm": 9.851972352534947,
  "rpve_wm": 15.464497896280363,
  "size_x": 176,
  "size_y": 224,
  "size_z": 256,
  "snr_csf": 2.6988326846793633,
  "snr_gm": 17.36132703808568,
  "snr_total": 16.010057834642428,
  "snr_wm": 27.970013781162237,
  "snrd_csf": 48.3165500029768,
  "snrd_gm": 119.81628812517432,
  "snrd_total": 108.74540372718307,
  "snrd_wm": 158.10337305339812,
  "spacing_x": 1.000004768371582,
  "spacing_y": 0.9765625,
  "spacing_z": 0.9765625,
  "summary_bg_k": 9.441394739155788,
  "summary_bg_mad": 0.0,
  "summary_bg_mean": 1.9944101638137512,
  "summary_bg_median": 0.0,
  "summary_bg_n": 2415507.0,
  "summary_bg_p05": 0.0,
  "summary_bg_p95": 9.104640360921621,
  "summary_bg_stdv": 4.143895666954518,
  "summary_csf_k": 0.5882081505650874,
  "summary_csf_mad": 88.1138720593591,
  "summary_csf_mean": 325.29693545462806,
  "summary_csf_median": 305.6138266772032,
  "summary_csf_n": 37306.0,
  "summary_csf_p05": 149.50280998181552,
  "summary_csf_p95": 538.338084382005,
  "summary_csf_stdv": 113.23774620909973,
  "summary_gm_k": 0.20722916303424066,
  "summary_gm_mad": 42.61066174420119,
  "summary_gm_mean": 755.3990220219499,
  "summary_gm_median": 757.866907093674,
  "summary_gm_n": 68798.0,
  "summary_gm_p05": 679.911046307534,
  "summary_gm_p95": 823.0259231328964,
  "summary_gm_stdv": 43.65227367109285,
  "summary_wm_k": 0.6451412644812633,
  "summary_wm_mad": 33.46647593924122,
  "summary_wm_mean": 1000.8212304802109,
  "summary_wm_median": 1000.0419493205845,
  "summary_wm_n": 195681.0,
  "summary_wm_p05": 943.6938755661249,
  "summary_wm_p95": 1060.6276667453349,
  "summary_wm_stdv": 35.7539828852199,
  "tpm_overlap_csf": 0.14575241584178691,
  "tpm_overlap_gm": 0.4847923807191141,
  "tpm_overlap_wm": 0.4967433248866686,
  "wm2max": 0.41719906880677743
}