{
  "bids_meta": {
    "AcquisitionMatrixPE": 215,
    "AcquisitionNumber": 1,
    "AcquisitionTime": "12:18:6.630000",
    "BaseResolution": 256,
    "ConversionSoftware": "dcm2niix",
    "ConversionSoftwareVersion": "v1.0.20180404 Clang8.0.0",
    "DeviceSerialNumber": "35002",
    "EchoTime": 0.00226,
    "FlipAngle": 9,
    "ImageOrientationPatientDICOM": [
      0,
      1,
      0,
      0,
      0,
      -1
    ],
    "ImageType": [
      "ORIGINAL",
      "PRIMARY",
      "M",
      "ND",
      "NORM"
    ],
    "InPlanePhaseEncodingDirectionDICOM": "ROW",
    "InstitutionAddress": "University_Pkwy_1700_North_685_Provo_UT_US_84601",
    "InstitutionName": "Brigham_Young_University",
    "InversionTime": 0.9,
    "MRAcquisitionType": "3D",
    "MagneticFieldStrength": 3,
    "Manufacturer": "Siemens",
    "ManufacturersModelName": "TrioTim",
    "Modality": "MR",
    "ParallelReductionFactorInPlane": 2,
    "PartialFourier": 0.875,
    "PatientPosition": "HFS",
    "PercentPhaseFOV": 87.5,
    "PhaseEncodingSteps": 226,
    "PhaseOversampling": 0.2,
    "PhaseResolution": 0.96,
    "PixelBandwidth": 199,
    "ProcedureStepDescription": "Research_KIRWAN",
    "ProtocolName": "t1_mpr_sag_iso_mprage_fast",
    "PulseSequenceDetails": "%SiemensSeq%_tfl",
    "ReceiveCoilName": "32Ch_Head",
    "ReconMatrixPE": 256,
    "RepetitionTime": 1.9,
    "SAR": 0.0907133,
    "ScanOptions": "IR_PFP",
    "ScanningSequence": "GR_IR",
    "SequenceName": "_tfl3d1_ns",
    "SequenceVariant": "SP_MP_OSP",
    "SeriesDescription": "t1_mpr_sag_iso_mprage_fast",
    "SeriesNumber": 6,
    "ShimSetting": [
      -2837,
      -22915,
      1912,
      -81,
      -83,
      -37,
      -275,
      390
    ],
    "SliceThickness": 1,
    "SoftwareVersions": "syngo_MR_B17",
    "StationName": "MININT-E41B04",
    "TxRefAmp": 320.005,
    "dataset": "ds001747",
    "modality": "T1w",
    "run_id": 1,
    "subject_id": "4105"
  },
  "cjv": 0.2889836450729849,
  "cnr": 4.587072229361073,
  "efc": 0.5711311217535886,
  "fber": -1.0,
  "fwhm_avg": 4.681737893333334,
  "fwhm_x": 4.39727,
  "fwhm_y": 4.95775744,
  "fwhm_z": 4.69018624,
  "icvs_csf": 0.19911204655504258,
  "icvs_gm": 0.46209358801761485,
  "icvs_wm": 0.3387943654273426,
  "inu_med": 0.4880738854408264,
  "inu_range": 0.17117006927728656,
  "provenance": {
    "md5sum": "5995101d3e8575b0674bd44370892875",
    "settings": {
      "testing": false
    },
    "software": "mriqc",
    "version": "22.0.1",
    "warnings": {
      "large_rot_frame": true,
      "small_air_mask": false
    },
    "webapi_port": null,
    "webapi_url": "https://mriqc.nimh.nih.gov/api/v1"
  },
  "qi_1": 5.6694232212285885e-06,
  "qi_2": 0.014003104650116678,
  "rpve_csf": 19.770434177462946,
  "rpve_gm": 9.398247152452234,
  "rpve_wm": 14.485861361142556,
  "size_x": 176,
  "size_y": 224,
  "size_z": 256,
  "snr_csf": 2.5805344754441353,
  "snr_gm": 16.391736332016634,
  "snr_total": 15.690412895468489,
  "snr_wm": 28.098967878944695,
  "snrd_csf": 53.07670646582667,
  "snrd_gm": 137.15711049438767,
  "snrd_total": 125.48149155407653,
  "snrd_wm": 186.21065770201523,
  "spacing_x": 1.0,
  "spacing_y": 0.9765625,
  "spacing_z": 0.9765625,
  "summary_bg_k": 8.40139792980607,
  "summary_bg_mad": 0.0,
  "summary_bg_mean": 1.816224228887226,
  "summary_bg_median": 0.0,
  "summary_bg_n": 2232907.0,
  "summary_bg_p05": 0.0,
  "summary_bg_p95": 9.031454652547836,
  "summary_bg_stdv": 3.5182541545993855,
  "summary_csf_k": 0.20345432178860756,
  "summary_csf_mad": 80.91748575555442,
  "summary_csf_mean": 311.47378214789967,
  "summary_csf_median": 285.0358231291175,
  "summary_csf_n": 34136.0,
  "summary_csf_p05": 158.9263518061489,
  "summary_csf_p95": 521.6832922361791,
  "summary_csf_stdv": 110.45450111501255,
  "summary_gm_k": 0.25127263838241154,
  "summary_gm_mad": 43.459962035615185,
  "summary_gm_mean": 733.90188959744,
  "summary_gm_median": 736.5696270726621,
  "summary_gm_n": 67376.0,
  "summary_gm_p05": 655.792608089745,
  "summary_gm_p95": 803.2544625028968,
  "summary_gm_stdv": 44.93509082994132,
  "summary_wm_k": 0.9199760588060757,
  "summary_wm_mad": 32.66711621800557,
  "summary_wm_mean": 1000.067669536722,
  "summary_wm_median": 1000.0000306665897,
  "summary_wm_n": 219187.0,
  "summary_wm_p05": 942.6970080435276,
  "summary_wm_p95": 1058.1205556504428,
  "summary_wm_stdv": 35.58841569608176,
  "tpm_overlap_csf": 0.15925828375033588,
  "tpm_overlap_gm": 0.4642338091492,
  "tpm_overlap_wm": 0.4870153378376626,
  "wm2max": 0.47089879195615114
}