{
  "aor": 0.00041700854700854704,
  "aqi": 0.03396569096459097,
  "bids_meta": {
    "AcquisitionMatrixPE": 100,
    "AcquisitionNumber": 1,
    "AcquisitionTime": "18:39:51.165000",
    "BandwidthPerPixelPhaseEncode": 13.889,
    "BaseResolution": 100,
    "ConversionSoftware": "dcm2niix",
    "ConversionSoftwareVersion": "v1.0.20180404 Clang8.0.0",
    "DerivedVendorReportedEchoSpacing": 0.000719994,
    "DeviceSerialNumber": "35002",
    "DwellTime": 2.8e-06,
    "EchoTime": 0.0436,
    "EffectiveEchoSpacing": 0.000719994,
    "FlipAngle": 55,
    "ImageComments": "Unaliased_MB8_PE3_(remote)",
    "ImageOrientationPatientDICOM": [
      1,
      0,
      0,
      0,
      0.952129,
      0.305695
    ],
    "ImageType": [
      "ORIGINAL",
      "PRIMARY",
      "M",
      "MB",
      "ND",
      "MOSAIC"
    ],
    "InPlanePhaseEncodingDirectionDICOM": "COL",
    "InstitutionAddress": "University_Pkwy_1700_North_685_Provo_UT_US_84601",
    "InstitutionName": "Brigham_Young_University",
    "InstitutionalDepartmentName": "MRI",
    "MRAcquisitionType": "2D",
    "MagneticFieldStrength": 3,
    "Manufacturer": "Siemens",
    "ManufacturersModelName": "TrioTim",
    "Modality": "MR",
    "MultibandAccelerationFactor": 8,
    "PartialFourier": 1,
    "PatientPosition": "HFS",
    "PercentPhaseFOV": 100,
    "PhaseEncodingDirection": "j-",
    "PhaseEncodingSteps": 100,
    "PhaseResolution": 1,
    "PixelBandwidth": 1786,
    "ProcedureStepDescription": "Research_KIRWAN",
    "ProtocolName": "Resting_State",
    "PulseSequenceDetails": "%CustomerSeq%_cmrr_mbep2d_bold",
    "ReceiveCoilName": "32Ch_Head",
    "ReconMatrixPE": 100,
    "RepetitionTime": 0.875,
    "SAR": 0.106974,
    "ScanOptions": "FS",
    "ScanningSequence": "EP",
    "SequenceName": "epfid2d1_100",
    "SequenceVariant": "SK_SS",
    "SeriesDescription": "Resting_State",
    "SeriesNumber": 3,
    "ShimSetting": [
      -2829,
      -22934,
      2457,
      1244,
      -58,
      374,
      8,
      459
    ],
    "SliceThickness": 1.8,
    "SliceTiming": [
      0,
      0.4875,
      0.0975,
      0.585,
      0.195,
      0.6825,
      0.2925,
      0.78,
      0.39,
      0,
      0.4875,
      0.0975,
      0.585,
      0.195,
      0.6825,
      0.2925,
      0.78,
      0.39,
      0,
      0.4875,
      0.0975,
      0.585,
      0.195,
      0.6825,
      0.2925,
      0.78,
      0.39,
      0,
      0.4875,
      0.0975,
      0.585,
      0.195,
      0.6825,
      0.2925,
      0.78,
      0.39,
      0,
      0.4875,
      0.0975,
      0.585,
      0.195,
      0.6825,
      0.2925,
      0.78,
      0.39,
      0,
      0.4875,
      0.0975,
      0.585,
      0.195,
      0.6825,
      0.2925,
      0.78,
      0.39,
      0,
      0.4875,
      0.0975,
      0.585,
      0.195,
      0.6825,
      0.2925,
      0.78,
      0.39,
      0,
      0.4875,
      0.0975,
      0.585,
      0.195,
      0.6825,
      0.2925,
      0.78,
      0.39
    ],
    "SoftwareVersions": "syngo_MR_B17",
    "SpacingBetweenSlices": 1.8,
    "StationName": "MININT-E41B04",
    "TaskName": "rest",
    "TotalReadoutTime": 0.0712794,
    "TxRefAmp": 394.206,
    "dataset": "ds001747",
    "modality": "bold",
    "run_id": 1,
    "subject_id": "3910",
    "task_id": "rest"
  },
  "dummy_trs": 4,
  "dvars_nstd": 74.4564000247678,
  "dvars_std": 1.0061933973349644,
  "dvars_vstd": 0.9664635852933985,
  "efc": 0.5721156317478843,
  "fber": 416.99200439453125,
  "fd_mean": 0.222969659987986,
  "fd_num": 429,
  "fd_perc": 52.38095238095238,
  "fwhm_avg": 2.998253783130304,
  "fwhm_x": 2.8015334075486242,
  "fwhm_y": 3.3199723101714533,
  "fwhm_z": 2.873255631670836,
  "gcor": 0.00433675,
  "gsr_x": -0.008609182201325893,
  "gsr_y": 0.10341525077819824,
  "provenance": {
    "md5sum": "efe8f9f4792e75b27f1824001560afae",
    "settings": {
      "fd_thres": 0.2,
      "testing": false
    },
    "software": "mriqc",
    "version": "22.0.1",
    "webapi_port": null,
    "webapi_url": "https://mriqc.nimh.nih.gov/api/v1"
  },
  "size_t": 819,
  "size_x": 100,
  "size_y": 100,
  "size_z": 72,
  "snr": 2.439330303609712,
  "spacing_tr": 0.875,
  "spacing_x": 1.7999999523162842,
  "spacing_y": 1.7999999523162842,
  "spacing_z": 1.7999999523162842,
  "summary_bg_k": 82.01983503876728,
  "summary_bg_mad": 9.159911656882056,
  "summary_bg_mean": 29.702054977416992,
  "summary_bg_median": 17.188034057617188,
  "summary_bg_n": 430553.0,
  "summary_bg_p05": 10.122100830078125,
  "summary_bg_p95": 84.48742675781237,
  "summary_bg_stdv": 39.60063552856445,
  "summary_fg_k": 3.8933732636555494,
  "summary_fg_mad": 111.85050118201302,
  "summary_fg_mean": 388.5933837890625,
  "summary_fg_median": 360.68499755859375,
  "summary_fg_n": 186937.0,
  "summary_fg_p05": 206.7968292236328,
  "summary_fg_p95": 675.3489990234374,
  "summary_fg_stdv": 147.86190795898438,
  "tsnr": 15.429489356465638
}