{
  "bids_meta": {
    "AcquisitionMatrixPE": 215,
    "AcquisitionNumber": 1,
    "AcquisitionTime": "13:48:7.035000",
    "BaseResolution": 256,
    "ConversionSoftware": "dcm2niix",
    "ConversionSoftwareVersion": "v1.0.20180404 Clang8.0.0",
    "DeviceSerialNumber": "35002",
    "DwellTime": 9.8e-06,
    "EchoTime": 0.00226,
    "FlipAngle": 9,
    "ImageOrientationPatientDICOM": [
      0,
      1,
      0,
      0,
      0,
      -1
    ],
    "ImageType": [
      "ORIGINAL",
      "PRIMARY",
      "M",
      "ND",
      "NORM"
    ],
    "InPlanePhaseEncodingDirectionDICOM": "ROW",
    "InstitutionAddress": "University_Pkwy_1700_North_685_Provo_UT_US_84601",
    "InstitutionName": "Brigham_Young_University",
    "InstitutionalDepartmentName": "MRI",
    "InversionTime": 0.9,
    "MRAcquisitionType": "3D",
    "MagneticFieldStrength": 3,
    "Manufacturer": "Siemens",
    "ManufacturersModelName": "TrioTim",
    "Modality": "MR",
    "ParallelReductionFactorInPlane": 2,
    "PartialFourier": 0.875,
    "PatientPosition": "HFS",
    "PercentPhaseFOV": 87.5,
    "PhaseEncodingSteps": 226,
    "PhaseOversampling": 0.2,
    "PhaseResolution": 0.96,
    "PixelBandwidth": 199,
    "ProcedureStepDescription": "Research_KIRWAN",
    "ProtocolName": "t1_mpr_sag_iso_mprage_fast",
    "PulseSequenceDetails": "%SiemensSeq%_tfl",
    "ReceiveCoilName": "32Ch_Head",
    "ReconMatrixPE": 256,
    "RepetitionTime": 1.9,
    "SAR": 0.120266,
    "ScanOptions": "IR_PFP",
    "ScanningSequence": "GR_IR",
    "SequenceName": "_tfl3d1_ns",
    "SequenceVariant": "SP_MP_OSP",
    "SeriesDescription": "t1_mpr_sag_iso_mprage_fast",
    "SeriesNumber": 6,
    "ShimSetting": [
      -2830,
      -22913,
      1923,
      -81,
      -87,
      -38,
      -253,
      388
    ],
    "SliceThickness": 1,
    "SoftwareVersions": "syngo_MR_B17",
    "StationName": "MININT-E41B04",
    "TxRefAmp": 380.177,
    "dataset": "ds001747",
    "modality": "T1w",
    "run_id": 1,
    "subject_id": "3887"
  },
  "cjv": 0.3292370848357412,
  "cnr": 4.120849452831505,
  "efc": 0.5604230867082698,
  "fber": -1.0,
  "fwhm_avg": 4.328614,
  "fwhm_x": 4.11237,
  "fwhm_y": 4.53218304,
  "fwhm_z": 4.34128896,
  "icvs_csf": 0.16328963943065564,
  "icvs_gm": 0.48094116850985896,
  "icvs_wm": 0.35576919205948543,
  "inu_med": 0.40411999821662903,
  "inu_range": 0.13622373938560484,
  "provenance": {
    "md5sum": "c86148a29b0b7227c6d2bb709955201d",
    "settings": {
      "testing": false
    },
    "software": "mriqc",
    "version": "22.0.1",
    "warnings": {
      "large_rot_frame": true,
      "small_air_mask": false
    },
    "webapi_port": null,
    "webapi_url": "https://mriqc.nimh.nih.gov/api/v1"
  },
  "qi_1": 0.0018635982777644121,
  "qi_2": 0.01051669836884432,
  "rpve_csf": 25.891594784145706,
  "rpve_gm": 10.112642994552637,
  "rpve_wm": 14.91536465711346,
  "size_x": 176,
  "size_y": 224,
  "size_z": 256,
  "snr_csf": 2.621237426722916,
  "snr_gm": 15.563528813088137,
  "snr_total": 14.298887321527886,
  "snr_wm": 24.711895724772607,
  "snrd_csf": 28.89917557234116,
  "snrd_gm": 70.04811265004663,
  "snrd_total": 64.49545752207696,
  "snrd_wm": 94.53908434384307,
  "spacing_x": 1.0,
  "spacing_y": 0.9765625,
  "spacing_z": 0.9765625,
  "summary_bg_k": 180.76177252723517,
  "summary_bg_mad": 0.0,
  "summary_bg_mean": 2.6115517216114603,
  "summary_bg_median": 0.0,
  "summary_bg_n": 2762120.0,
  "summary_bg_p05": 0.0,
  "summary_bg_p95": 14.246302731335163,
  "summary_bg_stdv": 6.929794210591336,
  "summary_csf_k": 0.5588047684994466,
  "summary_csf_mad": 86.76619188972707,
  "summary_csf_mean": 308.82639811966914,
  "summary_csf_median": 305.68495289236307,
  "summary_csf_n": 20061.0,
  "summary_csf_p05": 84.21147836744785,
  "summary_csf_p95": 512.8668983280659,
  "summary_csf_stdv": 116.61566052540086,
  "summary_gm_k": -0.04112937233786251,
  "summary_gm_mad": 48.680259128239456,
  "summary_gm_mean": 739.5641967870591,
  "summary_gm_median": 740.9434211030602,
  "summary_gm_n": 56785.0,
  "summary_gm_p05": 659.8977877870202,
  "summary_gm_p95": 815.0241953060031,
  "summary_gm_stdv": 47.60725577473533,
  "summary_wm_k": 0.7808391069065506,
  "summary_wm_mad": 36.61077339396521,
  "summary_wm_mean": 1001.1326900515736,
  "summary_wm_median": 999.9999990239739,
  "summary_wm_n": 195298.0,
  "summary_wm_p05": 936.4569662064314,
  "summary_wm_p95": 1069.332005649805,
  "summary_wm_stdv": 40.466237393037254,
  "tpm_overlap_csf": 0.15110146873195027,
  "tpm_overlap_gm": 0.48201703349193914,
  "tpm_overlap_wm": 0.5131546009128831,
  "wm2max": 0.3966169796767655
}