{
  "aor": 0.000471278928136419,
  "aqi": 0.02355818587088916,
  "bids_meta": {
    "AcquisitionMatrixPE": 100,
    "AcquisitionNumber": 1,
    "AcquisitionTime": "14:42:29.895000",
    "BandwidthPerPixelPhaseEncode": 13.889,
    "BaseResolution": 100,
    "ConversionSoftware": "dcm2niix",
    "ConversionSoftwareVersion": "v1.0.20180404 Clang8.0.0",
    "DerivedVendorReportedEchoSpacing": 0.000719994,
    "DeviceSerialNumber": "35002",
    "DwellTime": 2.8e-06,
    "EchoTime": 0.0436,
    "EffectiveEchoSpacing": 0.000719994,
    "FlipAngle": 55,
    "ImageComments": "Unaliased_MB8_PE3_(remote)",
    "ImageOrientationPatientDICOM": [
      1,
      -1e-16,
      0,
      1e-16,
      0.901077,
      0.433659
    ],
    "ImageType": [
      "ORIGINAL",
      "PRIMARY",
      "M",
      "MB",
      "ND",
      "MOSAIC"
    ],
    "InPlanePhaseEncodingDirectionDICOM": "COL",
    "InstitutionAddress": "University_Pkwy_1700_North_685_Provo_UT_US_84601",
    "InstitutionName": "Brigham_Young_University",
    "InstitutionalDepartmentName": "MRI",
    "MRAcquisitionType": "2D",
    "MagneticFieldStrength": 3,
    "Manufacturer": "Siemens",
    "ManufacturersModelName": "TrioTim",
    "Modality": "MR",
    "MultibandAccelerationFactor": 8,
    "PartialFourier": 1,
    "PatientPosition": "HFS",
    "PercentPhaseFOV": 100,
    "PhaseEncodingDirection": "j-",
    "PhaseEncodingSteps": 100,
    "PhaseResolution": 1,
    "PixelBandwidth": 1786,
    "ProcedureStepDescription": "Research_KIRWAN",
    "ProtocolName": "Resting_State",
    "PulseSequenceDetails": "%CustomerSeq%_cmrr_mbep2d_bold",
    "ReceiveCoilName": "32Ch_Head",
    "ReconMatrixPE": 100,
    "RepetitionTime": 0.875,
    "SAR": 0.140795,
    "ScanOptions": "FS",
    "ScanningSequence": "EP",
    "SequenceName": "epfid2d1_100",
    "SequenceVariant": "SK_SS",
    "SeriesDescription": "Resting_State",
    "SeriesNumber": 3,
    "ShimSetting": [
      -2836,
      -23101,
      2462,
      752,
      -22,
      -199,
      -34,
      574
    ],
    "SliceThickness": 1.8,
    "SliceTiming": [
      0,
      0.4875,
      0.0975,
      0.585,
      0.195,
      0.6825,
      0.2925,
      0.78,
      0.39,
      0,
      0.4875,
      0.0975,
      0.585,
      0.195,
      0.6825,
      0.2925,
      0.78,
      0.39,
      0,
      0.4875,
      0.0975,
      0.585,
      0.195,
      0.6825,
      0.2925,
      0.78,
      0.39,
      0,
      0.4875,
      0.0975,
      0.585,
      0.195,
      0.6825,
      0.2925,
      0.78,
      0.39,
      0,
      0.4875,
      0.0975,
      0.585,
      0.195,
      0.6825,
      0.2925,
      0.78,
      0.39,
      0,
      0.4875,
      0.0975,
      0.585,
      0.195,
      0.6825,
      0.2925,
      0.78,
      0.39,
      0,
      0.4875,
      0.0975,
      0.585,
      0.195,
      0.6825,
      0.2925,
      0.78,
      0.39,
      0,
      0.4875,
      0.0975,
      0.585,
      0.195,
      0.6825,
      0.2925,
      0.78,
      0.39
    ],
    "SoftwareVersions": "syngo_MR_B17",
    "SpacingBetweenSlices": 1.8,
    "StationName": "MININT-E41B04",
    "TaskName": "rest",
    "TotalReadoutTime": 0.0712794,
    "TxRefAmp": 378.194,
    "dataset": "ds001747",
    "modality": "bold",
    "run_id": 1,
    "subject_id": "3919",
    "task_id": "rest"
  },
  "dummy_trs": 2,
  "dvars_nstd": 81.56554711496348,
  "dvars_std": 1.0318541561707306,
  "dvars_vstd": 0.9892544280487799,
  "efc": 0.6061487459788352,
  "fber": 132.72445678710938,
  "fd_mean": 0.11115471542875385,
  "fd_num": 45,
  "fd_perc": 5.481120584652863,
  "fwhm_avg": 3.8151704714378725,
  "fwhm_x": 3.6553334301666003,
  "fwhm_y": 4.200983444621389,
  "fwhm_z": 3.589194539525629,
  "gcor": 0.00585437,
  "gsr_x": -0.005049602128565311,
  "gsr_y": 0.08576042205095291,
  "provenance": {
    "md5sum": "82ea1dca4d3750057f3c7f29ddd5fc69",
    "settings": {
      "fd_thres": 0.2,
      "testing": false
    },
    "software": "mriqc",
    "version": "22.0.1",
    "webapi_port": null,
    "webapi_url": "https://mriqc.nimh.nih.gov/api/v1"
  },
  "size_t": 821,
  "size_x": 100,
  "size_y": 100,
  "size_z": 72,
  "snr": 1.600995209186498,
  "spacing_tr": 0.875,
  "spacing_x": 1.7999999523162842,
  "spacing_y": 1.7999999523162842,
  "spacing_z": 1.7999999523162842,
  "summary_bg_k": 31.44261668788181,
  "summary_bg_mad": 20.93521271621794,
  "summary_bg_mean": 55.87705612182617,
  "summary_bg_median": 32.10840606689453,
  "summary_bg_n": 391400.0,
  "summary_bg_p05": 13.658891820907593,
  "summary_bg_p95": 186.52388000488278,
  "summary_bg_stdv": 72.2473373413086,
  "summary_fg_k": 3.0902302267038344,
  "summary_fg_mad": 178.41792913552877,
  "summary_fg_mean": 453.4876708984375,
  "summary_fg_median": 382.2716369628906,
  "summary_fg_n": 217131.0,
  "summary_fg_p05": 202.31365203857422,
  "summary_fg_p95": 936.3216247558594,
  "summary_fg_stdv": 238.7707061767578,
  "tsnr": 15.06781438656617
}