{
  "bids_meta": {
    "AcquisitionMatrixPE": 215,
    "AcquisitionNumber": 1,
    "AcquisitionTime": "10:05:24.887500",
    "BaseResolution": 256,
    "ConversionSoftware": "dcm2niix",
    "ConversionSoftwareVersion": "v1.0.20180404 Clang8.0.0",
    "DeviceSerialNumber": "35002",
    "DwellTime": 9.8e-06,
    "EchoTime": 0.00226,
    "FlipAngle": 9,
    "ImageOrientationPatientDICOM": [
      0,
      1,
      0,
      0,
      0,
      -1
    ],
    "ImageType": [
      "ORIGINAL",
      "PRIMARY",
      "M",
      "ND",
      "NORM"
    ],
    "InPlanePhaseEncodingDirectionDICOM": "ROW",
    "InstitutionAddress": "University_Pkwy_1700_North_685_Provo_UT_US_84601",
    "InstitutionName": "Brigham_Young_University",
    "InstitutionalDepartmentName": "MRI",
    "InversionTime": 0.9,
    "MRAcquisitionType": "3D",
    "MagneticFieldStrength": 3,
    "Manufacturer": "Siemens",
    "ManufacturersModelName": "TrioTim",
    "Modality": "MR",
    "ParallelReductionFactorInPlane": 2,
    "PartialFourier": 0.875,
    "PatientPosition": "HFS",
    "PercentPhaseFOV": 87.5,
    "PhaseEncodingSteps": 226,
    "PhaseOversampling": 0.2,
    "PhaseResolution": 0.96,
    "PixelBandwidth": 199,
    "ProcedureStepDescription": "Research_KIRWAN",
    "ProtocolName": "t1_mpr_sag_iso_mprage_fast",
    "PulseSequenceDetails": "%SiemensSeq%_tfl",
    "ReceiveCoilName": "32Ch_Head",
    "ReconMatrixPE": 256,
    "RepetitionTime": 1.9,
    "SAR": 0.113023,
    "ScanOptions": "IR_PFP",
    "ScanningSequence": "GR_IR",
    "SequenceName": "_tfl3d1_ns",
    "SequenceVariant": "SP_MP_OSP",
    "SeriesDescription": "t1_mpr_sag_iso_mprage_fast",
    "SeriesNumber": 6,
    "ShimSetting": [
      -2830,
      -22913,
      1923,
      -81,
      -87,
      -38,
      -253,
      388
    ],
    "SliceThickness": 1,
    "SoftwareVersions": "syngo_MR_B17",
    "StationName": "MININT-E41B04",
    "TxRefAmp": 378.25,
    "dataset": "ds001747",
    "modality": "T1w",
    "run_id": 1,
    "subject_id": "3916"
  },
  "cjv": 0.3222727173736023,
  "cnr": 4.259355862787277,
  "efc": 0.5659364855532757,
  "fber": -1.0,
  "fwhm_avg": 4.575672213333333,
  "fwhm_x": 4.40364,
  "fwhm_y": 4.8397312,
  "fwhm_z": 4.48364544,
  "icvs_csf": 0.18508627716514958,
  "icvs_gm": 0.48376567848915625,
  "icvs_wm": 0.33114804434569417,
  "inu_med": 0.45781388878822327,
  "inu_range": 0.18264693021774298,
  "provenance": {
    "md5sum": "3a5dd037ae513358590276a077647a43",
    "settings": {
      "testing": false
    },
    "software": "mriqc",
    "version": "22.0.1",
    "warnings": {
      "large_rot_frame": true,
      "small_air_mask": false
    },
    "webapi_port": null,
    "webapi_url": "https://mriqc.nimh.nih.gov/api/v1"
  },
  "qi_1": 0.0,
  "qi_2": 0.006827358708446467,
  "rpve_csf": 23.27611285062576,
  "rpve_gm": 9.819397255831062,
  "rpve_wm": 15.222817492629723,
  "size_x": 176,
  "size_y": 224,
  "size_z": 256,
  "snr_csf": 2.6085505738175274,
  "snr_gm": 17.11335676900003,
  "snr_total": 15.274668683791347,
  "snr_wm": 26.102098708556486,
  "snrd_csf": 38.28614274310598,
  "snrd_gm": 95.95847703531642,
  "snrd_total": 87.34356639599247,
  "snrd_wm": 127.78607940955499,
  "spacing_x": 1.0,
  "spacing_y": 0.9765625,
  "spacing_z": 0.9765625,
  "summary_bg_k": 20.252519450024316,
  "summary_bg_mad": 0.0,
  "summary_bg_mean": 2.4557351811000268,
  "summary_bg_median": 0.0,
  "summary_bg_n": 2895371.0,
  "summary_bg_p05": 0.0,
  "summary_bg_p95": 12.532053519040346,
  "summary_bg_stdv": 5.126821179344876,
  "summary_csf_k": 1.8575143335604851,
  "summary_csf_mad": 88.79179177047097,
  "summary_csf_mean": 309.4855687833949,
  "summary_csf_median": 299.6112069040537,
  "summary_csf_n": 35949.0,
  "summary_csf_p05": 111.1919890448451,
  "summary_csf_p95": 514.3105132319033,
  "summary_csf_stdv": 114.85575273564845,
  "summary_gm_k": 0.008555825309411347,
  "summary_gm_mad": 44.273255288867425,
  "summary_gm_mean": 749.4742636689123,
  "summary_gm_median": 750.9305732399225,
  "summary_gm_n": 66379.0,
  "summary_gm_p05": 675.4487327374518,
  "summary_gm_p95": 818.9262695610523,
  "summary_gm_stdv": 43.87946368255896,
  "summary_wm_k": 0.5020465877840246,
  "summary_wm_mad": 35.995015034023794,
  "summary_wm_mean": 1001.2492901865593,
  "summary_wm_median": 999.9999669417739,
  "summary_wm_n": 178613.0,
  "summary_wm_p05": 940.5657725296915,
  "summary_wm_p95": 1066.4239865839481,
  "summary_wm_stdv": 38.31098712617423,
  "tpm_overlap_csf": 0.1422004360095887,
  "tpm_overlap_gm": 0.4902080599959945,
  "tpm_overlap_wm": 0.49531384840237036,
  "wm2max": 0.4561221671666139
}