{
  "aor": 0.0001401581508515815,
  "aqi": 0.024300386131386863,
  "bids_meta": {
    "AcquisitionMatrixPE": 100,
    "AcquisitionNumber": 1,
    "AcquisitionTime": "15:13:18.227500",
    "BandwidthPerPixelPhaseEncode": 13.889,
    "BaseResolution": 100,
    "ConversionSoftware": "dcm2niix",
    "ConversionSoftwareVersion": "v1.0.20180404 Clang8.0.0",
    "DerivedVendorReportedEchoSpacing": 0.000719994,
    "DeviceSerialNumber": "35002",
    "DwellTime": 2.8e-06,
    "EchoTime": 0.0436,
    "EffectiveEchoSpacing": 0.000719994,
    "FlipAngle": 55,
    "ImageComments": "Unaliased_MB8_PE3_(remote)",
    "ImageOrientationPatientDICOM": [
      0.999998,
      0.00106777,
      -0.00191104,
      -2.04775e-08,
      0.87298,
      0.487757
    ],
    "ImageType": [
      "ORIGINAL",
      "PRIMARY",
      "M",
      "MB",
      "ND",
      "MOSAIC"
    ],
    "InPlanePhaseEncodingDirectionDICOM": "COL",
    "InstitutionAddress": "University_Pkwy_1700_North_685_Provo_UT_US_84601",
    "InstitutionName": "Brigham_Young_University",
    "InstitutionalDepartmentName": "MRI",
    "MRAcquisitionType": "2D",
    "MagneticFieldStrength": 3,
    "Manufacturer": "Siemens",
    "ManufacturersModelName": "TrioTim",
    "Modality": "MR",
    "MultibandAccelerationFactor": 8,
    "PartialFourier": 1,
    "PatientPosition": "HFS",
    "PercentPhaseFOV": 100,
    "PhaseEncodingDirection": "j-",
    "PhaseEncodingSteps": 100,
    "PhaseResolution": 1,
    "PixelBandwidth": 1786,
    "ProcedureStepDescription": "Research_KIRWAN",
    "ProtocolName": "Resting_State",
    "PulseSequenceDetails": "%CustomerSeq%_cmrr_mbep2d_bold",
    "ReceiveCoilName": "32Ch_Head",
    "ReconMatrixPE": 100,
    "RepetitionTime": 0.875,
    "SAR": 0.134629,
    "ScanOptions": "FS",
    "ScanningSequence": "EP",
    "SequenceName": "epfid2d1_100",
    "SequenceVariant": "SK_SS",
    "SeriesDescription": "Resting_State",
    "SeriesNumber": 3,
    "ShimSetting": [
      -2821,
      -23057,
      2190,
      988,
      -26,
      110,
      -435,
      173
    ],
    "SliceThickness": 1.8,
    "SliceTiming": [
      0,
      0.4875,
      0.0975,
      0.585,
      0.195,
      0.6825,
      0.2925,
      0.78,
      0.39,
      0,
      0.4875,
      0.0975,
      0.585,
      0.195,
      0.6825,
      0.2925,
      0.78,
      0.39,
      0,
      0.4875,
      0.0975,
      0.585,
      0.195,
      0.6825,
      0.2925,
      0.78,
      0.39,
      0,
      0.4875,
      0.0975,
      0.585,
      0.195,
      0.6825,
      0.2925,
      0.78,
      0.39,
      0,
      0.4875,
      0.0975,
      0.585,
      0.195,
      0.6825,
      0.2925,
      0.78,
      0.39,
      0,
      0.4875,
      0.0975,
      0.585,
      0.195,
      0.6825,
      0.2925,
      0.78,
      0.39,
      0,
      0.4875,
      0.0975,
      0.585,
      0.195,
      0.6825,
      0.2925,
      0.78,
      0.39,
      0,
      0.4875,
      0.0975,
      0.585,
      0.195,
      0.6825,
      0.2925,
      0.78,
      0.39
    ],
    "SoftwareVersions": "syngo_MR_B17",
    "SpacingBetweenSlices": 1.8,
    "StationName": "MININT-E41B04",
    "TaskName": "rest",
    "TotalReadoutTime": 0.0712794,
    "TxRefAmp": 398.05,
    "dataset": "ds001747",
    "modality": "bold",
    "run_id": 1,
    "subject_id": "3945",
    "task_id": "rest"
  },
  "dummy_trs": 1,
  "dvars_nstd": 68.40279696942753,
  "dvars_std": 1.0213636401705242,
  "dvars_vstd": 0.9870852886967107,
  "efc": 0.5779818652376937,
  "fber": 441.6861267089844,
  "fd_mean": 0.1455725678151484,
  "fd_num": 125,
  "fd_perc": 15.206812652068127,
  "fwhm_avg": 2.5612889567398747,
  "fwhm_x": 2.408955619371086,
  "fwhm_y": 2.8009945186454592,
  "fwhm_z": 2.473916732203079,
  "gcor": 0.00828371,
  "gsr_x": -8.749621338211e-05,
  "gsr_y": 0.05615760385990143,
  "provenance": {
    "md5sum": "c2a5f448123f081282b270675c0e780f",
    "settings": {
      "fd_thres": 0.2,
      "testing": false
    },
    "software": "mriqc",
    "version": "22.0.1",
    "webapi_port": null,
    "webapi_url": "https://mriqc.nimh.nih.gov/api/v1"
  },
  "size_t": 822,
  "size_x": 100,
  "size_y": 100,
  "size_z": 72,
  "snr": 3.5137252030265693,
  "spacing_tr": 0.875,
  "spacing_x": 1.7999999523162842,
  "spacing_y": 1.7999999523162842,
  "spacing_z": 1.7999999523162842,
  "summary_bg_k": 27.212940619507563,
  "summary_bg_mad": 7.889175401575626,
  "summary_bg_mean": 25.750001907348633,
  "summary_bg_median": 15.78953742980957,
  "summary_bg_n": 445455.0,
  "summary_bg_p05": 9.676399230957031,
  "summary_bg_p95": 74.64756546020506,
  "summary_bg_stdv": 28.94409942626953,
  "summary_fg_k": 0.5120238708802716,
  "summary_fg_mad": 86.34266663861612,
  "summary_fg_mean": 347.6174621582031,
  "summary_fg_median": 337.2737121582031,
  "summary_fg_n": 174107.0,
  "summary_fg_p05": 207.85267333984376,
  "summary_fg_p95": 523.9205322265625,
  "summary_fg_stdv": 95.98722839355469,
  "tsnr": 19.223566806176677
}