{
  "aor": 0.00020704019488428747,
  "aqi": 0.022877630937880637,
  "bids_meta": {
    "AcquisitionMatrixPE": 100,
    "AcquisitionNumber": 1,
    "AcquisitionTime": "16:48:44.272500",
    "BandwidthPerPixelPhaseEncode": 13.889,
    "BaseResolution": 100,
    "ConversionSoftware": "dcm2niix",
    "ConversionSoftwareVersion": "v1.0.20180404 Clang8.0.0",
    "DerivedVendorReportedEchoSpacing": 0.000719994,
    "DeviceSerialNumber": "35002",
    "DwellTime": 2.8e-06,
    "EchoTime": 0.0436,
    "EffectiveEchoSpacing": 0.000719994,
    "FlipAngle": 55,
    "ImageComments": "Unaliased_MB8_PE3_(remote)",
    "ImageOrientationPatientDICOM": [
      1,
      3.79485e-05,
      -8.52849e-05,
      2.07013e-08,
      0.913546,
      0.406735
    ],
    "ImageType": [
      "ORIGINAL",
      "PRIMARY",
      "M",
      "MB",
      "ND",
      "MOSAIC"
    ],
    "InPlanePhaseEncodingDirectionDICOM": "COL",
    "InstitutionAddress": "University_Pkwy_1700_North_685_Provo_UT_US_84601",
    "InstitutionName": "Brigham_Young_University",
    "InstitutionalDepartmentName": "MRI",
    "MRAcquisitionType": "2D",
    "MagneticFieldStrength": 3,
    "Manufacturer": "Siemens",
    "ManufacturersModelName": "TrioTim",
    "Modality": "MR",
    "MultibandAccelerationFactor": 8,
    "PartialFourier": 1,
    "PatientPosition": "HFS",
    "PercentPhaseFOV": 100,
    "PhaseEncodingDirection": "j-",
    "PhaseEncodingSteps": 100,
    "PhaseResolution": 1,
    "PixelBandwidth": 1786,
    "ProcedureStepDescription": "Research_KIRWAN",
    "ProtocolName": "Resting_State",
    "PulseSequenceDetails": "%CustomerSeq%_cmrr_mbep2d_bold",
    "ReceiveCoilName": "32Ch_Head",
    "ReconMatrixPE": 100,
    "RepetitionTime": 0.875,
    "SAR": 0.135179,
    "ScanOptions": "FS",
    "ScanningSequence": "EP",
    "SequenceName": "epfid2d1_100",
    "SequenceVariant": "SK_SS",
    "SeriesDescription": "Resting_State",
    "SeriesNumber": 3,
    "ShimSetting": [
      -2812,
      -23005,
      2609,
      1372,
      -155,
      -171,
      364,
      539
    ],
    "SliceThickness": 1.8,
    "SliceTiming": [
      0,
      0.49,
      0.0975,
      0.5875,
      0.195,
      0.685,
      0.2925,
      0.7825,
      0.3925,
      0,
      0.49,
      0.0975,
      0.5875,
      0.195,
      0.685,
      0.2925,
      0.7825,
      0.3925,
      0,
      0.49,
      0.0975,
      0.5875,
      0.195,
      0.685,
      0.2925,
      0.7825,
      0.3925,
      0,
      0.49,
      0.0975,
      0.5875,
      0.195,
      0.685,
      0.2925,
      0.7825,
      0.3925,
      0,
      0.49,
      0.0975,
      0.5875,
      0.195,
      0.685,
      0.2925,
      0.7825,
      0.3925,
      0,
      0.49,
      0.0975,
      0.5875,
      0.195,
      0.685,
      0.2925,
      0.7825,
      0.3925,
      0,
      0.49,
      0.0975,
      0.5875,
      0.195,
      0.685,
      0.2925,
      0.7825,
      0.3925,
      0,
      0.49,
      0.0975,
      0.5875,
      0.195,
      0.685,
      0.2925,
      0.7825,
      0.3925
    ],
    "SoftwareVersions": "syngo_MR_B17",
    "SpacingBetweenSlices": 1.8,
    "StationName": "MININT-E41B04",
    "TaskName": "rest",
    "TotalReadoutTime": 0.0712794,
    "TxRefAmp": 380.027,
    "dataset": "ds001747",
    "modality": "bold",
    "run_id": 1,
    "subject_id": "3950",
    "task_id": "rest"
  },
  "dummy_trs": 2,
  "dvars_nstd": 77.07248470041459,
  "dvars_std": 1.024792909353658,
  "dvars_vstd": 0.9758348595243908,
  "efc": 0.5861279468640547,
  "fber": 193.8172607421875,
  "fd_mean": 0.1682036027985917,
  "fd_num": 314,
  "fd_perc": 38.24604141291108,
  "fwhm_avg": 3.800731582166484,
  "fwhm_x": 3.6156889846719364,
  "fwhm_y": 4.191266777697319,
  "fwhm_z": 3.5952389841301966,
  "gcor": 0.00241431,
  "gsr_x": -0.027368370443582535,
  "gsr_y": 0.09490262717008591,
  "provenance": {
    "md5sum": "69f9858573df2f7b909790ab57d89369",
    "settings": {
      "fd_thres": 0.2,
      "testing": false
    },
    "software": "mriqc",
    "version": "22.0.1",
    "webapi_port": null,
    "webapi_url": "https://mriqc.nimh.nih.gov/api/v1"
  },
  "size_t": 821,
  "size_x": 100,
  "size_y": 100,
  "size_z": 72,
  "snr": 1.7377697250136805,
  "spacing_tr": 0.875,
  "spacing_x": 1.7999999523162842,
  "spacing_y": 1.7999999523162842,
  "spacing_z": 1.7999999523162842,
  "summary_bg_k": 72.28179424189138,
  "summary_bg_mad": 17.238637127706703,
  "summary_bg_mean": 40.07316970825195,
  "summary_bg_median": 25.274057388305664,
  "summary_bg_n": 405617.0,
  "summary_bg_p05": 11.425091743469238,
  "summary_bg_p95": 117.51815643310536,
  "summary_bg_stdv": 51.302268981933594,
  "summary_fg_k": 6.4393541750180905,
  "summary_fg_mad": 126.99097909883825,
  "summary_fg_mean": 414.21417236328125,
  "summary_fg_median": 357.9037780761719,
  "summary_fg_n": 209463.0,
  "summary_fg_p05": 207.8191360473633,
  "summary_fg_p95": 835.8544921875,
  "summary_fg_stdv": 205.955322265625,
  "tsnr": 17.108229862060398
}