{
  "bids_meta": {
    "AcquisitionMatrixPE": 215,
    "AcquisitionNumber": 1,
    "AcquisitionTime": "14:44:16.742500",
    "BaseResolution": 256,
    "ConversionSoftware": "dcm2niix",
    "ConversionSoftwareVersion": "v1.0.20180404 Clang8.0.0",
    "DeviceSerialNumber": "35002",
    "DwellTime": 9.8e-06,
    "EchoTime": 0.00226,
    "FlipAngle": 9,
    "ImageOrientationPatientDICOM": [
      0,
      1,
      0,
      0,
      0,
      -1
    ],
    "ImageType": [
      "ORIGINAL",
      "PRIMARY",
      "M",
      "ND",
      "NORM"
    ],
    "InPlanePhaseEncodingDirectionDICOM": "ROW",
    "InstitutionAddress": "University_Pkwy_1700_North_685_Provo_UT_US_84601",
    "InstitutionName": "Brigham_Young_University",
    "InstitutionalDepartmentName": "MRI",
    "InversionTime": 0.9,
    "MRAcquisitionType": "3D",
    "MagneticFieldStrength": 3,
    "Manufacturer": "Siemens",
    "ManufacturersModelName": "TrioTim",
    "Modality": "MR",
    "ParallelReductionFactorInPlane": 2,
    "PartialFourier": 0.875,
    "PatientPosition": "HFS",
    "PercentPhaseFOV": 87.5,
    "PhaseEncodingSteps": 226,
    "PhaseOversampling": 0.2,
    "PhaseResolution": 0.96,
    "PixelBandwidth": 199,
    "ProcedureStepDescription": "Research_KIRWAN",
    "ProtocolName": "t1_mpr_sag_iso_mprage_fast",
    "PulseSequenceDetails": "%SiemensSeq%_tfl",
    "ReceiveCoilName": "32Ch_Head",
    "ReconMatrixPE": 256,
    "RepetitionTime": 1.9,
    "SAR": 0.121699,
    "ScanOptions": "IR_PFP",
    "ScanningSequence": "GR_IR",
    "SequenceName": "_tfl3d1_ns",
    "SequenceVariant": "SP_MP_OSP",
    "SeriesDescription": "t1_mpr_sag_iso_mprage_fast",
    "SeriesNumber": 6,
    "ShimSetting": [
      -2830,
      -22913,
      1923,
      -81,
      -87,
      -38,
      -253,
      388
    ],
    "SliceThickness": 1,
    "SoftwareVersions": "syngo_MR_B17",
    "StationName": "MININT-E41B04",
    "TxRefAmp": 398.668,
    "dataset": "ds001747",
    "modality": "T1w",
    "run_id": 1,
    "subject_id": "3909"
  },
  "cjv": 0.30970314308612756,
  "cnr": 4.383684519303983,
  "efc": 0.6099386975110849,
  "fber": -1.0,
  "fwhm_avg": 4.283536746666667,
  "fwhm_x": 4.12612,
  "fwhm_y": 4.47033344,
  "fwhm_z": 4.2541568,
  "icvs_csf": 0.1880208858514968,
  "icvs_gm": 0.4838776537093538,
  "icvs_wm": 0.3281014604391494,
  "inu_med": 0.43399669229984283,
  "inu_range": 0.14231611639261244,
  "provenance": {
    "md5sum": "f617927421ce415cb1c92b5fe78e2fe8",
    "settings": {
      "testing": false
    },
    "software": "mriqc",
    "version": "22.0.1",
    "warnings": {
      "large_rot_frame": true,
      "small_air_mask": false
    },
    "webapi_port": null,
    "webapi_url": "https://mriqc.nimh.nih.gov/api/v1"
  },
  "qi_1": 0.0,
  "qi_2": 0.01969478792483736,
  "rpve_csf": 19.60196863589056,
  "rpve_gm": 8.548738808250178,
  "rpve_wm": 13.679841783629533,
  "size_x": 176,
  "size_y": 224,
  "size_z": 256,
  "snr_csf": 3.081547391372328,
  "snr_gm": 16.186324556445893,
  "snr_total": 15.334490303447117,
  "snr_wm": 26.735598962523127,
  "snrd_csf": 58.094290051164066,
  "snrd_gm": 143.53202412140115,
  "snrd_total": 131.81668686315928,
  "snrd_wm": 193.82374641691263,
  "spacing_x": 1.0,
  "spacing_y": 0.9765625,
  "spacing_z": 0.9765625,
  "summary_bg_k": 21.917242797120277,
  "summary_bg_mad": 0.0,
  "summary_bg_mean": 1.4736680623809981,
  "summary_bg_median": 0.0,
  "summary_bg_n": 2209207.0,
  "summary_bg_p05": 0.0,
  "summary_bg_p95": 7.703855875879526,
  "summary_bg_stdv": 3.3801961540850582,
  "summary_csf_k": 1.8557303880156537,
  "summary_csf_mad": 57.40163454550705,
  "summary_csf_mean": 314.3310183316499,
  "summary_csf_median": 299.739254001528,
  "summary_csf_n": 43589.0,
  "summary_csf_p05": 163.9538558200002,
  "summary_csf_p95": 502.078065560013,
  "summary_csf_stdv": 97.26795589020995,
  "summary_gm_k": 0.014460425639053032,
  "summary_gm_mad": 45.979880732880645,
  "summary_gm_mean": 738.9739178132296,
  "summary_gm_median": 740.5578379146755,
  "summary_gm_n": 81542.0,
  "summary_gm_p05": 661.6624523550272,
  "summary_gm_p95": 811.7493675984442,
  "summary_gm_stdv": 45.75178845319454,
  "summary_wm_k": 0.7365435470632935,
  "summary_wm_mad": 34.38240763082922,
  "summary_wm_mean": 1000.6940925853011,
  "summary_wm_median": 1000.0395065955818,
  "summary_wm_n": 204811.0,
  "summary_wm_p05": 940.10745857656,
  "summary_wm_p95": 1062.2629579007626,
  "summary_wm_stdv": 37.404700250884204,
  "tpm_overlap_csf": 0.17354666534076477,
  "tpm_overlap_gm": 0.4810846850626677,
  "tpm_overlap_wm": 0.4804262988844535,
  "wm2max": 0.4617643839614725
}