{
  "aor": 0.0007608029197080292,
  "aqi": 0.021785591240875916,
  "bids_meta": {
    "AcquisitionMatrixPE": 100,
    "AcquisitionNumber": 1,
    "AcquisitionTime": "13:50:16.467500",
    "BandwidthPerPixelPhaseEncode": 13.889,
    "BaseResolution": 100,
    "ConversionSoftware": "dcm2niix",
    "ConversionSoftwareVersion": "v1.0.20180404 Clang8.0.0",
    "DerivedVendorReportedEchoSpacing": 0.000719994,
    "DeviceSerialNumber": "35002",
    "DwellTime": 2.8e-06,
    "EchoTime": 0.0436,
    "EffectiveEchoSpacing": 0.000719994,
    "FlipAngle": 55,
    "ImageComments": "Unaliased_MB8_PE3_(remote)",
    "ImageOrientationPatientDICOM": [
      1,
      2e-16,
      0,
      -2e-16,
      0.825114,
      0.564967
    ],
    "ImageType": [
      "ORIGINAL",
      "PRIMARY",
      "M",
      "MB",
      "ND",
      "MOSAIC"
    ],
    "InPlanePhaseEncodingDirectionDICOM": "COL",
    "InstitutionAddress": "University_Pkwy_1700_North_685_Provo_UT_US_84601",
    "InstitutionName": "Brigham_Young_University",
    "InstitutionalDepartmentName": "MRI",
    "MRAcquisitionType": "2D",
    "MagneticFieldStrength": 3,
    "Manufacturer": "Siemens",
    "ManufacturersModelName": "TrioTim",
    "Modality": "MR",
    "MultibandAccelerationFactor": 8,
    "PartialFourier": 1,
    "PatientPosition": "HFS",
    "PercentPhaseFOV": 100,
    "PhaseEncodingDirection": "j-",
    "PhaseEncodingSteps": 100,
    "PhaseResolution": 1,
    "PixelBandwidth": 1786,
    "ProcedureStepDescription": "Research_KIRWAN",
    "ProtocolName": "Resting_State",
    "PulseSequenceDetails": "%CustomerSeq%_cmrr_mbep2d_bold",
    "ReceiveCoilName": "32Ch_Head",
    "ReconMatrixPE": 100,
    "RepetitionTime": 0.875,
    "SAR": 0.123023,
    "ScanOptions": "FS",
    "ScanningSequence": "EP",
    "SequenceName": "epfid2d1_100",
    "SequenceVariant": "SK_SS",
    "SeriesDescription": "Resting_State",
    "SeriesNumber": 3,
    "ShimSetting": [
      -2870,
      -22993,
      2439,
      957,
      -182,
      202,
      -289,
      536
    ],
    "SliceThickness": 1.8,
    "SliceTiming": [
      0,
      0.4875,
      0.0975,
      0.585,
      0.195,
      0.6825,
      0.2925,
      0.78,
      0.39,
      0,
      0.4875,
      0.0975,
      0.585,
      0.195,
      0.6825,
      0.2925,
      0.78,
      0.39,
      0,
      0.4875,
      0.0975,
      0.585,
      0.195,
      0.6825,
      0.2925,
      0.78,
      0.39,
      0,
      0.4875,
      0.0975,
      0.585,
      0.195,
      0.6825,
      0.2925,
      0.78,
      0.39,
      0,
      0.4875,
      0.0975,
      0.585,
      0.195,
      0.6825,
      0.2925,
      0.78,
      0.39,
      0,
      0.4875,
      0.0975,
      0.585,
      0.195,
      0.6825,
      0.2925,
      0.78,
      0.39,
      0,
      0.4875,
      0.0975,
      0.585,
      0.195,
      0.6825,
      0.2925,
      0.78,
      0.39,
      0,
      0.4875,
      0.0975,
      0.585,
      0.195,
      0.6825,
      0.2925,
      0.78,
      0.39
    ],
    "SoftwareVersions": "syngo_MR_B17",
    "SpacingBetweenSlices": 1.8,
    "StationName": "MININT-E41B04",
    "TaskName": "rest",
    "TotalReadoutTime": 0.0712794,
    "TxRefAmp": 395.167,
    "dataset": "ds001747",
    "modality": "bold",
    "run_id": 1,
    "subject_id": "3896",
    "task_id": "rest"
  },
  "dummy_trs": 1,
  "dvars_nstd": 74.07013719130326,
  "dvars_std": 1.0494140755907426,
  "dvars_vstd": 1.0108886300243602,
  "efc": 0.5940462740765047,
  "fber": 228.92628479003906,
  "fd_mean": 0.12199205307083215,
  "fd_num": 56,
  "fd_perc": 6.81265206812652,
  "fwhm_avg": 3.1725426766362723,
  "fwhm_x": 2.9971111905074435,
  "fwhm_y": 3.432300090924901,
  "fwhm_z": 3.088216748476472,
  "gcor": 0.00640189,
  "gsr_x": 0.0030243510846048594,
  "gsr_y": 0.10970878601074219,
  "provenance": {
    "md5sum": "648289c36dfc0a17d5cb12f7b2b0b414",
    "settings": {
      "fd_thres": 0.2,
      "testing": false
    },
    "software": "mriqc",
    "version": "22.0.1",
    "webapi_port": null,
    "webapi_url": "https://mriqc.nimh.nih.gov/api/v1"
  },
  "size_t": 822,
  "size_x": 100,
  "size_y": 100,
  "size_z": 72,
  "snr": 1.9755660402906987,
  "spacing_tr": 0.875,
  "spacing_x": 1.7999999523162842,
  "spacing_y": 1.7999999523162842,
  "spacing_z": 1.7999999523162842,
  "summary_bg_k": 36.009508977656054,
  "summary_bg_mad": 15.024421977439678,
  "summary_bg_mean": 45.24072265625,
  "summary_bg_median": 23.37469482421875,
  "summary_bg_n": 422967.0,
  "summary_bg_p05": 11.649635314941406,
  "summary_bg_p95": 152.7496383666989,
  "summary_bg_stdv": 63.377418518066406,
  "summary_fg_k": 3.620053507681577,
  "summary_fg_mad": 129.99464215052626,
  "summary_fg_mean": 404.9063415527344,
  "summary_fg_median": 357.16363525390625,
  "summary_fg_n": 195520.0,
  "summary_fg_p05": 209.9864356994629,
  "summary_fg_p95": 776.5490112304686,
  "summary_fg_stdv": 180.79006958007812,
  "tsnr": 17.511814637691714
}