{
  "aor": 0.00020820950060901342,
  "aqi": 0.01928262728380024,
  "bids_meta": {
    "AcquisitionMatrixPE": 100,
    "AcquisitionNumber": 1,
    "AcquisitionTime": "09:38:43.082500",
    "BandwidthPerPixelPhaseEncode": 13.889,
    "BaseResolution": 100,
    "ConversionSoftware": "dcm2niix",
    "ConversionSoftwareVersion": "v1.0.20180404 Clang8.0.0",
    "DerivedVendorReportedEchoSpacing": 0.000719994,
    "DeviceSerialNumber": "35002",
    "DwellTime": 2.8e-06,
    "EchoTime": 0.0436,
    "EffectiveEchoSpacing": 0.000719994,
    "FlipAngle": 55,
    "ImageComments": "Unaliased_MB8_PE3_(remote)",
    "ImageOrientationPatientDICOM": [
      1,
      0,
      0,
      0,
      0.887011,
      0.461749
    ],
    "ImageType": [
      "ORIGINAL",
      "PRIMARY",
      "M",
      "MB",
      "ND",
      "MOSAIC"
    ],
    "InPlanePhaseEncodingDirectionDICOM": "COL",
    "InstitutionAddress": "University_Pkwy_1700_North_685_Provo_UT_US_84601",
    "InstitutionName": "Brigham_Young_University",
    "InstitutionalDepartmentName": "MRI",
    "MRAcquisitionType": "2D",
    "MagneticFieldStrength": 3,
    "Manufacturer": "Siemens",
    "ManufacturersModelName": "TrioTim",
    "Modality": "MR",
    "MultibandAccelerationFactor": 8,
    "PartialFourier": 1,
    "PatientPosition": "HFS",
    "PercentPhaseFOV": 100,
    "PhaseEncodingDirection": "j-",
    "PhaseEncodingSteps": 100,
    "PhaseResolution": 1,
    "PixelBandwidth": 1786,
    "ProcedureStepDescription": "Research_KIRWAN",
    "ProtocolName": "Resting_State",
    "PulseSequenceDetails": "%CustomerSeq%_cmrr_mbep2d_bold",
    "ReceiveCoilName": "32Ch_Head",
    "ReconMatrixPE": 100,
    "RepetitionTime": 0.875,
    "SAR": 0.120104,
    "ScanOptions": "FS",
    "ScanningSequence": "EP",
    "SequenceName": "epfid2d1_100",
    "SequenceVariant": "SK_SS",
    "SeriesDescription": "Resting_State",
    "SeriesNumber": 3,
    "ShimSetting": [
      -2846,
      -22888,
      2385,
      789,
      137,
      514,
      -28,
      393
    ],
    "SliceThickness": 1.8,
    "SliceTiming": [
      0,
      0.4875,
      0.0975,
      0.585,
      0.195,
      0.6825,
      0.2925,
      0.78,
      0.39,
      0,
      0.4875,
      0.0975,
      0.585,
      0.195,
      0.6825,
      0.2925,
      0.78,
      0.39,
      0,
      0.4875,
      0.0975,
      0.585,
      0.195,
      0.6825,
      0.2925,
      0.78,
      0.39,
      0,
      0.4875,
      0.0975,
      0.585,
      0.195,
      0.6825,
      0.2925,
      0.78,
      0.39,
      0,
      0.4875,
      0.0975,
      0.585,
      0.195,
      0.6825,
      0.2925,
      0.78,
      0.39,
      0,
      0.4875,
      0.0975,
      0.585,
      0.195,
      0.6825,
      0.2925,
      0.78,
      0.39,
      0,
      0.4875,
      0.0975,
      0.585,
      0.195,
      0.6825,
      0.2925,
      0.78,
      0.39,
      0,
      0.4875,
      0.0975,
      0.585,
      0.195,
      0.6825,
      0.2925,
      0.78,
      0.39
    ],
    "SoftwareVersions": "syngo_MR_B17",
    "SpacingBetweenSlices": 1.8,
    "StationName": "MININT-E41B04",
    "TaskName": "rest",
    "TotalReadoutTime": 0.0712794,
    "TxRefAmp": 339.399,
    "dataset": "ds001747",
    "modality": "bold",
    "run_id": 1,
    "subject_id": "3815",
    "task_id": "rest"
  },
  "dummy_trs": 2,
  "dvars_nstd": 68.83685760498774,
  "dvars_std": 1.039915989036585,
  "dvars_vstd": 0.9804555703658543,
  "efc": 0.6187680386409449,
  "fber": 187.330810546875,
  "fd_mean": 0.08436373663626544,
  "fd_num": 7,
  "fd_perc": 0.8526187576126675,
  "fwhm_avg": 2.9909131122523966,
  "fwhm_x": 2.919894521795234,
  "fwhm_y": 3.173489183129526,
  "fwhm_z": 2.8793556318324307,
  "gcor": 0.0032718,
  "gsr_x": 0.00867548119276762,
  "gsr_y": 0.08105827122926712,
  "provenance": {
    "md5sum": "3b25a89cf74285547fee6106bf1d1b19",
    "settings": {
      "fd_thres": 0.2,
      "testing": false
    },
    "software": "mriqc",
    "version": "22.0.1",
    "webapi_port": null,
    "webapi_url": "https://mriqc.nimh.nih.gov/api/v1"
  },
  "size_t": 821,
  "size_x": 100,
  "size_y": 100,
  "size_z": 72,
  "snr": 2.1248422186996483,
  "spacing_tr": 0.875,
  "spacing_x": 1.7999999523162842,
  "spacing_y": 1.7999998331069946,
  "spacing_z": 1.7999999523162842,
  "summary_bg_k": 14.347738162922106,
  "summary_bg_mad": 18.661648288338448,
  "summary_bg_mean": 49.95923614501953,
  "summary_bg_median": 27.063339233398438,
  "summary_bg_n": 403329.0,
  "summary_bg_p05": 12.219244956970215,
  "summary_bg_p95": 176.11279296874997,
  "summary_bg_stdv": 60.45750427246094,
  "summary_fg_k": 5.491091899401262,
  "summary_fg_mad": 133.09653302864177,
  "summary_fg_mean": 418.4641418457031,
  "summary_fg_median": 378.6382751464844,
  "summary_fg_n": 210810.0,
  "summary_fg_p05": 218.6995849609375,
  "summary_fg_p95": 760.3837890624999,
  "summary_fg_stdv": 178.19552612304688,
  "tsnr": 18.96192491054535
}