{
  "aor": 0.00020478632478632477,
  "aqi": 0.0322825282051282,
  "bids_meta": {
    "AcquisitionMatrixPE": 100,
    "AcquisitionNumber": 1,
    "AcquisitionTime": "14:40:2.752500",
    "BandwidthPerPixelPhaseEncode": 13.889,
    "BaseResolution": 100,
    "ConversionSoftware": "dcm2niix",
    "ConversionSoftwareVersion": "v1.0.20180404 Clang8.0.0",
    "DerivedVendorReportedEchoSpacing": 0.000719994,
    "DeviceSerialNumber": "35002",
    "DwellTime": 2.8e-06,
    "EchoTime": 0.0436,
    "EffectiveEchoSpacing": 0.000719994,
    "FlipAngle": 55,
    "ImageComments": "Unaliased_MB8_PE3_(remote)",
    "ImageOrientationPatientDICOM": [
      1,
      0,
      0,
      0,
      0.882948,
      0.469472
    ],
    "ImageType": [
      "ORIGINAL",
      "PRIMARY",
      "M",
      "MB",
      "ND",
      "MOSAIC"
    ],
    "InPlanePhaseEncodingDirectionDICOM": "COL",
    "InstitutionAddress": "University_Pkwy_1700_North_685_Provo_UT_US_84601",
    "InstitutionName": "Brigham_Young_University",
    "InstitutionalDepartmentName": "MRI",
    "MRAcquisitionType": "2D",
    "MagneticFieldStrength": 3,
    "Manufacturer": "Siemens",
    "ManufacturersModelName": "TrioTim",
    "Modality": "MR",
    "MultibandAccelerationFactor": 8,
    "PartialFourier": 1,
    "PatientPosition": "HFS",
    "PercentPhaseFOV": 100,
    "PhaseEncodingDirection": "j-",
    "PhaseEncodingSteps": 100,
    "PhaseResolution": 1,
    "PixelBandwidth": 1786,
    "ProcedureStepDescription": "Research_KIRWAN",
    "ProtocolName": "Resting_State",
    "PulseSequenceDetails": "%CustomerSeq%_cmrr_mbep2d_bold",
    "ReceiveCoilName": "32Ch_Head",
    "ReconMatrixPE": 100,
    "RepetitionTime": 0.875,
    "SAR": 0.115632,
    "ScanOptions": "FS",
    "ScanningSequence": "EP",
    "SequenceName": "epfid2d1_100",
    "SequenceVariant": "SK_SS",
    "SeriesDescription": "Resting_State",
    "SeriesNumber": 3,
    "ShimSetting": [
      -2883,
      -22835,
      2118,
      965,
      -342,
      831,
      -616,
      419
    ],
    "SliceThickness": 1.8,
    "SliceTiming": [
      0,
      0.4875,
      0.0975,
      0.585,
      0.195,
      0.6825,
      0.2925,
      0.78,
      0.39,
      0,
      0.4875,
      0.0975,
      0.585,
      0.195,
      0.6825,
      0.2925,
      0.78,
      0.39,
      0,
      0.4875,
      0.0975,
      0.585,
      0.195,
      0.6825,
      0.2925,
      0.78,
      0.39,
      0,
      0.4875,
      0.0975,
      0.585,
      0.195,
      0.6825,
      0.2925,
      0.78,
      0.39,
      0,
      0.4875,
      0.0975,
      0.585,
      0.195,
      0.6825,
      0.2925,
      0.78,
      0.39,
      0,
      0.4875,
      0.0975,
      0.585,
      0.195,
      0.6825,
      0.2925,
      0.78,
      0.39,
      0,
      0.4875,
      0.0975,
      0.585,
      0.195,
      0.6825,
      0.2925,
      0.78,
      0.39,
      0,
      0.4875,
      0.0975,
      0.585,
      0.195,
      0.6825,
      0.2925,
      0.78,
      0.39
    ],
    "SoftwareVersions": "syngo_MR_B17",
    "SpacingBetweenSlices": 1.8,
    "StationName": "MININT-E41B04",
    "TaskName": "rest",
    "TotalReadoutTime": 0.0712794,
    "TxRefAmp": 402.024,
    "dataset": "ds001747",
    "modality": "bold",
    "run_id": 1,
    "subject_id": "3878",
    "task_id": "rest"
  },
  "dummy_trs": 4,
  "dvars_nstd": 79.03751437656472,
  "dvars_std": 1.0351055108068454,
  "dvars_vstd": 0.9810698344009768,
  "efc": 0.565712268187501,
  "fber": 404.52813720703125,
  "fd_mean": 0.14511848027428645,
  "fd_num": 139,
  "fd_perc": 16.971916971916972,
  "fwhm_avg": 2.607533521366651,
  "fwhm_x": 2.43401673114609,
  "fwhm_y": 2.8415724856880957,
  "fwhm_z": 2.547011347265766,
  "gcor": 0.00403418,
  "gsr_x": 0.003489611903205514,
  "gsr_y": 0.05793420225381851,
  "provenance": {
    "md5sum": "b3ed24ab78460dc6102ce27a2e3fcd7d",
    "settings": {
      "fd_thres": 0.2,
      "testing": false
    },
    "software": "mriqc",
    "version": "22.0.1",
    "webapi_port": null,
    "webapi_url": "https://mriqc.nimh.nih.gov/api/v1"
  },
  "size_t": 819,
  "size_x": 100,
  "size_y": 100,
  "size_z": 72,
  "snr": 3.159901442801782,
  "spacing_tr": 0.875,
  "spacing_x": 1.7999999523162842,
  "spacing_y": 1.7999998331069946,
  "spacing_z": 1.7999998331069946,
  "summary_bg_k": 35.30902325449626,
  "summary_bg_mad": 7.400339544559863,
  "summary_bg_mean": 24.474123001098633,
  "summary_bg_median": 15.529914855957031,
  "summary_bg_n": 455955.0,
  "summary_bg_p05": 9.796092987060547,
  "summary_bg_p95": 65.75372314453124,
  "summary_bg_stdv": 26.706331253051758,
  "summary_fg_k": 1.9627418122895524,
  "summary_fg_mad": 86.73587203961475,
  "summary_fg_mean": 333.1816711425781,
  "summary_fg_median": 318.2674255371094,
  "summary_fg_n": 164554.0,
  "summary_fg_p05": 197.7371826171875,
  "summary_fg_p95": 516.049887084961,
  "summary_fg_stdv": 100.72037506103516,
  "tsnr": 16.091474584070966
}