{
  "bids_meta": {
    "AcquisitionMatrixPE": 215,
    "AcquisitionNumber": 1,
    "AcquisitionTime": "18:53:48.685000",
    "BaseResolution": 256,
    "ConversionSoftware": "dcm2niix",
    "ConversionSoftwareVersion": "v1.0.20180404 Clang8.0.0",
    "DeviceSerialNumber": "35002",
    "DwellTime": 9.8e-06,
    "EchoTime": 0.00226,
    "FlipAngle": 9,
    "ImageOrientationPatientDICOM": [
      0,
      1,
      0,
      0,
      0,
      -1
    ],
    "ImageType": [
      "ORIGINAL",
      "PRIMARY",
      "M",
      "ND",
      "NORM"
    ],
    "InPlanePhaseEncodingDirectionDICOM": "ROW",
    "InstitutionAddress": "University_Pkwy_1700_North_685_Provo_UT_US_84601",
    "InstitutionName": "Brigham_Young_University",
    "InstitutionalDepartmentName": "MRI",
    "InversionTime": 0.9,
    "MRAcquisitionType": "3D",
    "MagneticFieldStrength": 3,
    "Manufacturer": "Siemens",
    "ManufacturersModelName": "TrioTim",
    "Modality": "MR",
    "ParallelReductionFactorInPlane": 2,
    "PartialFourier": 0.875,
    "PatientPosition": "HFS",
    "PercentPhaseFOV": 87.5,
    "PhaseEncodingSteps": 226,
    "PhaseOversampling": 0.2,
    "PhaseResolution": 0.96,
    "PixelBandwidth": 199,
    "ProcedureStepDescription": "Research_KIRWAN",
    "ProtocolName": "t1_mpr_sag_iso_mprage_fast",
    "PulseSequenceDetails": "%SiemensSeq%_tfl",
    "ReceiveCoilName": "32Ch_Head",
    "ReconMatrixPE": 256,
    "RepetitionTime": 1.9,
    "SAR": 0.100554,
    "ScanOptions": "IR_PFP",
    "ScanningSequence": "GR_IR",
    "SequenceName": "_tfl3d1_ns",
    "SequenceVariant": "SP_MP_OSP",
    "SeriesDescription": "t1_mpr_sag_iso_mprage_fast",
    "SeriesNumber": 6,
    "ShimSetting": [
      -2830,
      -22913,
      1923,
      -81,
      -87,
      -38,
      -253,
      388
    ],
    "SliceThickness": 1,
    "SoftwareVersions": "syngo_MR_B17",
    "StationName": "MININT-E41B04",
    "TxRefAmp": 394.206,
    "dataset": "ds001747",
    "modality": "T1w",
    "run_id": 1,
    "subject_id": "3910"
  },
  "cjv": 0.33733746249358654,
  "cnr": 4.005595657025218,
  "efc": 0.5535904341690207,
  "fber": -1.0,
  "fwhm_avg": 4.328683413333334,
  "fwhm_x": 4.13484,
  "fwhm_y": 4.58431488,
  "fwhm_z": 4.26689536,
  "icvs_csf": 0.1894218153674725,
  "icvs_gm": 0.4669598450702658,
  "icvs_wm": 0.34361833956226173,
  "inu_med": 0.44153469800949097,
  "inu_range": 0.13947021067142484,
  "provenance": {
    "md5sum": "ab7a024b5d7d245c569f031b6cd0b4ab",
    "settings": {
      "testing": false
    },
    "software": "mriqc",
    "version": "22.0.1",
    "warnings": {
      "large_rot_frame": true,
      "small_air_mask": false
    },
    "webapi_port": null,
    "webapi_url": "https://mriqc.nimh.nih.gov/api/v1"
  },
  "qi_1": 0.0,
  "qi_2": 0.00968030925143848,
  "rpve_csf": 23.36484758843044,
  "rpve_gm": 10.461430439101886,
  "rpve_wm": 15.577641511343169,
  "size_x": 176,
  "size_y": 224,
  "size_z": 256,
  "snr_csf": 2.8100611078602427,
  "snr_gm": 15.880150780531414,
  "snr_total": 14.186927525254474,
  "snr_wm": 23.87057068737176,
  "snrd_csf": 21.73586991023163,
  "snrd_gm": 52.26943618798103,
  "snrd_total": 48.04719603539164,
  "snrd_wm": 70.13628200796228,
  "spacing_x": 1.0,
  "spacing_y": 0.9765625,
  "spacing_z": 0.9765625,
  "summary_bg_k": 21.47123190473678,
  "summary_bg_mad": 0.0,
  "summary_bg_mean": 3.9505504123504114,
  "summary_bg_median": 0.0,
  "summary_bg_n": 2470526.0,
  "summary_bg_p05": 0.0,
  "summary_bg_p95": 20.705092325806618,
  "summary_bg_stdv": 9.341341343369292,
  "summary_csf_k": 0.9730795312565097,
  "summary_csf_mad": 87.32170309993494,
  "summary_csf_mean": 313.76003994771605,
  "summary_csf_median": 309.9235216155648,
  "summary_csf_n": 29952.0,
  "summary_csf_p05": 115.04383506253362,
  "summary_csf_p95": 506.8294159648939,
  "summary_csf_stdv": 110.28882860788521,
  "summary_gm_k": 0.1351183999325185,
  "summary_gm_mad": 46.5300919922852,
  "summary_gm_mean": 743.4056596435845,
  "summary_gm_median": 745.2900575473905,
  "summary_gm_n": 43085.0,
  "summary_gm_p05": 664.3350118771195,
  "summary_gm_p95": 817.2915497794747,
  "summary_gm_stdv": 46.931633000892425,
  "summary_wm_k": 0.6231779816580634,
  "summary_wm_mad": 39.408844629424316,
  "summary_wm_mean": 1002.2971451993025,
  "summary_wm_median": 1000.0466327182949,
  "summary_wm_n": 183765.0,
  "summary_wm_p05": 937.6981902867556,
  "summary_wm_p95": 1074.7062111273408,
  "summary_wm_stdv": 41.89442828237201,
  "tpm_overlap_csf": 0.15556055840675376,
  "tpm_overlap_gm": 0.483155294696882,
  "tpm_overlap_wm": 0.5114861966950509,
  "wm2max": 0.38111571202616007
}