{
  "aor": 0.0004473722627737226,
  "aqi": 0.030105635766423354,
  "bids_meta": {
    "AcquisitionMatrixPE": 100,
    "AcquisitionNumber": 1,
    "AcquisitionTime": "09:47:56.497500",
    "BandwidthPerPixelPhaseEncode": 13.889,
    "BaseResolution": 100,
    "ConversionSoftware": "dcm2niix",
    "ConversionSoftwareVersion": "v1.0.20180404 Clang8.0.0",
    "DerivedVendorReportedEchoSpacing": 0.000719994,
    "DeviceSerialNumber": "35002",
    "DwellTime": 2.8e-06,
    "EchoTime": 0.0436,
    "EffectiveEchoSpacing": 0.000719994,
    "FlipAngle": 55,
    "ImageComments": "Unaliased_MB8_PE3_(remote)",
    "ImageOrientationPatientDICOM": [
      1,
      1.58153e-05,
      -3.28059e-05,
      3.93669e-08,
      0.900319,
      0.435231
    ],
    "ImageType": [
      "ORIGINAL",
      "PRIMARY",
      "M",
      "MB",
      "ND",
      "MOSAIC"
    ],
    "InPlanePhaseEncodingDirectionDICOM": "COL",
    "InstitutionAddress": "University_Pkwy_1700_North_685_Provo_UT_US_84601",
    "InstitutionName": "Brigham_Young_University",
    "InstitutionalDepartmentName": "MRI",
    "MRAcquisitionType": "2D",
    "MagneticFieldStrength": 3,
    "Manufacturer": "Siemens",
    "ManufacturersModelName": "TrioTim",
    "Modality": "MR",
    "MultibandAccelerationFactor": 8,
    "PartialFourier": 1,
    "PatientPosition": "HFS",
    "PercentPhaseFOV": 100,
    "PhaseEncodingDirection": "j-",
    "PhaseEncodingSteps": 100,
    "PhaseResolution": 1,
    "PixelBandwidth": 1786,
    "ProcedureStepDescription": "Research_KIRWAN",
    "ProtocolName": "Resting_State",
    "PulseSequenceDetails": "%CustomerSeq%_cmrr_mbep2d_bold",
    "ReceiveCoilName": "32Ch_Head",
    "ReconMatrixPE": 100,
    "RepetitionTime": 0.875,
    "SAR": 0.132219,
    "ScanOptions": "FS",
    "ScanningSequence": "EP",
    "SequenceName": "epfid2d1_100",
    "SequenceVariant": "SK_SS",
    "SeriesDescription": "Resting_State",
    "SeriesNumber": 3,
    "ShimSetting": [
      -2877,
      -22915,
      2354,
      668,
      -48,
      -14,
      -45,
      279
    ],
    "SliceThickness": 1.8,
    "SliceTiming": [
      0,
      0.4875,
      0.0975,
      0.585,
      0.195,
      0.6825,
      0.2925,
      0.78,
      0.39,
      0,
      0.4875,
      0.0975,
      0.585,
      0.195,
      0.6825,
      0.2925,
      0.78,
      0.39,
      0,
      0.4875,
      0.0975,
      0.585,
      0.195,
      0.6825,
      0.2925,
      0.78,
      0.39,
      0,
      0.4875,
      0.0975,
      0.585,
      0.195,
      0.6825,
      0.2925,
      0.78,
      0.39,
      0,
      0.4875,
      0.0975,
      0.585,
      0.195,
      0.6825,
      0.2925,
      0.78,
      0.39,
      0,
      0.4875,
      0.0975,
      0.585,
      0.195,
      0.6825,
      0.2925,
      0.78,
      0.39,
      0,
      0.4875,
      0.0975,
      0.585,
      0.195,
      0.6825,
      0.2925,
      0.78,
      0.39,
      0,
      0.4875,
      0.0975,
      0.585,
      0.195,
      0.6825,
      0.2925,
      0.78,
      0.39
    ],
    "SoftwareVersions": "syngo_MR_B17",
    "SpacingBetweenSlices": 1.8,
    "StationName": "MININT-E41B04",
    "TaskName": "rest",
    "TotalReadoutTime": 0.0712794,
    "TxRefAmp": 382.953,
    "dataset": "ds001747",
    "modality": "bold",
    "run_id": 1,
    "subject_id": "3912",
    "task_id": "rest"
  },
  "dummy_trs": 1,
  "dvars_nstd": 72.18972350847739,
  "dvars_std": 1.0209718303775888,
  "dvars_vstd": 0.9687867511084037,
  "efc": 0.6169826966222701,
  "fber": 210.2163543701172,
  "fd_mean": 0.11335219014292368,
  "fd_num": 43,
  "fd_perc": 5.231143552311435,
  "fwhm_avg": 2.976814830327846,
  "fwhm_x": 2.8734389650090257,
  "fwhm_y": 3.1875445288855375,
  "fwhm_z": 2.8694609970889755,
  "gcor": 0.00516143,
  "gsr_x": -0.021734368056058884,
  "gsr_y": 0.11285091191530228,
  "provenance": {
    "md5sum": "6b08666aee111df24da3b47f960b0140",
    "settings": {
      "fd_thres": 0.2,
      "testing": false
    },
    "software": "mriqc",
    "version": "22.0.1",
    "webapi_port": null,
    "webapi_url": "https://mriqc.nimh.nih.gov/api/v1"
  },
  "size_t": 822,
  "size_x": 100,
  "size_y": 100,
  "size_z": 72,
  "snr": 2.215657997087398,
  "spacing_tr": 0.875,
  "spacing_x": 1.7999999523162842,
  "spacing_y": 1.7999999523162842,
  "spacing_z": 1.8000000715255737,
  "summary_bg_k": 31.093032395485643,
  "summary_bg_mad": 17.39622554310391,
  "summary_bg_mean": 46.72572708129883,
  "summary_bg_median": 25.381994247436523,
  "summary_bg_n": 403075.0,
  "summary_bg_p05": 11.704379081726074,
  "summary_bg_p95": 155.1441604614257,
  "summary_bg_stdv": 60.44432067871094,
  "summary_fg_k": 3.870309225076407,
  "summary_fg_mad": 133.49374265010968,
  "summary_fg_mean": 415.0400085449219,
  "summary_fg_median": 377.9209289550781,
  "summary_fg_n": 211099.0,
  "summary_fg_p05": 217.4877166748047,
  "summary_fg_p95": 744.5040222167968,
  "summary_fg_stdv": 170.56785583496094,
  "tsnr": 15.33164214133285
}