{
  "aor": 0.0004657664233576642,
  "aqi": 0.01521453406326034,
  "bids_meta": {
    "AcquisitionMatrixPE": 100,
    "AcquisitionNumber": 1,
    "AcquisitionTime": "13:06:31.167500",
    "BandwidthPerPixelPhaseEncode": 13.889,
    "BaseResolution": 100,
    "ConversionSoftware": "dcm2niix",
    "ConversionSoftwareVersion": "v1.0.20180404 Clang8.0.0",
    "DerivedVendorReportedEchoSpacing": 0.000719994,
    "DeviceSerialNumber": "35002",
    "DwellTime": 2.8e-06,
    "EchoTime": 0.0436,
    "EffectiveEchoSpacing": 0.000719994,
    "FlipAngle": 55,
    "ImageComments": "Unaliased_MB8_PE3_(remote)",
    "ImageOrientationPatientDICOM": [
      1,
      0,
      0,
      0,
      0.851727,
      0.523986
    ],
    "ImageType": [
      "ORIGINAL",
      "PRIMARY",
      "M",
      "MB",
      "ND",
      "MOSAIC"
    ],
    "InPlanePhaseEncodingDirectionDICOM": "COL",
    "InstitutionAddress": "University_Pkwy_1700_North_685_Provo_UT_US_84601",
    "InstitutionName": "Brigham_Young_University",
    "InstitutionalDepartmentName": "MRI",
    "MRAcquisitionType": "2D",
    "MagneticFieldStrength": 3,
    "Manufacturer": "Siemens",
    "ManufacturersModelName": "TrioTim",
    "Modality": "MR",
    "MultibandAccelerationFactor": 8,
    "PartialFourier": 1,
    "PatientPosition": "HFS",
    "PercentPhaseFOV": 100,
    "PhaseEncodingDirection": "j-",
    "PhaseEncodingSteps": 100,
    "PhaseResolution": 1,
    "PixelBandwidth": 1786,
    "ProcedureStepDescription": "Research_KIRWAN",
    "ProtocolName": "Resting_State",
    "PulseSequenceDetails": "%CustomerSeq%_cmrr_mbep2d_bold",
    "ReceiveCoilName": "32Ch_Head",
    "ReconMatrixPE": 100,
    "RepetitionTime": 0.875,
    "SAR": 0.108584,
    "ScanOptions": "FS",
    "ScanningSequence": "EP",
    "SequenceName": "epfid2d1_100",
    "SequenceVariant": "SK_SS",
    "SeriesDescription": "Resting_State",
    "SeriesNumber": 3,
    "ShimSetting": [
      -2826,
      -22896,
      2357,
      965,
      117,
      397,
      205,
      480
    ],
    "SliceThickness": 1.8,
    "SliceTiming": [
      0,
      0.4875,
      0.0975,
      0.585,
      0.195,
      0.6825,
      0.2925,
      0.78,
      0.39,
      0,
      0.4875,
      0.0975,
      0.585,
      0.195,
      0.6825,
      0.2925,
      0.78,
      0.39,
      0,
      0.4875,
      0.0975,
      0.585,
      0.195,
      0.6825,
      0.2925,
      0.78,
      0.39,
      0,
      0.4875,
      0.0975,
      0.585,
      0.195,
      0.6825,
      0.2925,
      0.78,
      0.39,
      0,
      0.4875,
      0.0975,
      0.585,
      0.195,
      0.6825,
      0.2925,
      0.78,
      0.39,
      0,
      0.4875,
      0.0975,
      0.585,
      0.195,
      0.6825,
      0.2925,
      0.78,
      0.39,
      0,
      0.4875,
      0.0975,
      0.585,
      0.195,
      0.6825,
      0.2925,
      0.78,
      0.39,
      0,
      0.4875,
      0.0975,
      0.585,
      0.195,
      0.6825,
      0.2925,
      0.78,
      0.39
    ],
    "SoftwareVersions": "syngo_MR_B17",
    "SpacingBetweenSlices": 1.8,
    "StationName": "MININT-E41B04",
    "TaskName": "rest",
    "TotalReadoutTime": 0.0712794,
    "TxRefAmp": 336.072,
    "dataset": "ds001747",
    "modality": "bold",
    "run_id": 1,
    "subject_id": "3789",
    "task_id": "rest"
  },
  "dummy_trs": 1,
  "dvars_nstd": 63.45336158561499,
  "dvars_std": 1.049454842399514,
  "dvars_vstd": 1.001383006601706,
  "efc": 0.6092745878431919,
  "fber": 235.51580810546875,
  "fd_mean": 0.07082063772797845,
  "fd_num": 9,
  "fd_perc": 1.094890510948905,
  "fwhm_avg": 3.3001093466823015,
  "fwhm_x": 3.1320111940810733,
  "fwhm_y": 3.568233427859238,
  "fwhm_z": 3.2000834181065936,
  "gcor": 0.00864116,
  "gsr_x": -0.018165484070777893,
  "gsr_y": 0.10358427464962006,
  "provenance": {
    "md5sum": "da632d062a07173c9de524864b7b08a2",
    "settings": {
      "fd_thres": 0.2,
      "testing": false
    },
    "software": "mriqc",
    "version": "22.0.1",
    "webapi_port": null,
    "webapi_url": "https://mriqc.nimh.nih.gov/api/v1"
  },
  "size_t": 822,
  "size_x": 100,
  "size_y": 100,
  "size_z": 72,
  "snr": 2.120571352262729,
  "spacing_tr": 0.875,
  "spacing_x": 1.7999999523162842,
  "spacing_y": 1.7999999523162842,
  "spacing_z": 1.7999999523162842,
  "summary_bg_k": 38.68363878054912,
  "summary_bg_mad": 16.516045003358443,
  "summary_bg_mean": 42.532142639160156,
  "summary_bg_median": 23.73844337463379,
  "summary_bg_n": 398659.0,
  "summary_bg_p05": 11.182360076904299,
  "summary_bg_p95": 139.9563278198242,
  "summary_bg_stdv": 54.49932861328125,
  "summary_fg_k": 4.512591916356049,
  "summary_fg_mad": 131.3780211431657,
  "summary_fg_mean": 420.0574951171875,
  "summary_fg_median": 378.6739501953125,
  "summary_fg_n": 213375.0,
  "summary_fg_p05": 217.05972747802736,
  "summary_fg_p95": 775.1772460937499,
  "summary_fg_stdv": 178.5712432861328,
  "tsnr": 20.93382948206272
}