{
  "bids_meta": {
    "AcquisitionMatrixPE": 215,
    "AcquisitionNumber": 1,
    "AcquisitionTime": "14:53:0.942500",
    "BaseResolution": 256,
    "ConversionSoftware": "dcm2niix",
    "ConversionSoftwareVersion": "v1.0.20180404 Clang8.0.0",
    "DeviceSerialNumber": "35002",
    "DwellTime": 9.8e-06,
    "EchoTime": 0.00226,
    "FlipAngle": 9,
    "ImageOrientationPatientDICOM": [
      0,
      1,
      0,
      0.0540789,
      0,
      -0.998537
    ],
    "ImageType": [
      "ORIGINAL",
      "PRIMARY",
      "M",
      "ND",
      "NORM"
    ],
    "InPlanePhaseEncodingDirectionDICOM": "ROW",
    "InstitutionAddress": "University_Pkwy_1700_North_685_Provo_UT_US_84601",
    "InstitutionName": "Brigham_Young_University",
    "InstitutionalDepartmentName": "MRI",
    "InversionTime": 0.9,
    "MRAcquisitionType": "3D",
    "MagneticFieldStrength": 3,
    "Manufacturer": "Siemens",
    "ManufacturersModelName": "TrioTim",
    "Modality": "MR",
    "ParallelReductionFactorInPlane": 2,
    "PartialFourier": 0.875,
    "PatientPosition": "HFS",
    "PercentPhaseFOV": 87.5,
    "PhaseEncodingSteps": 226,
    "PhaseOversampling": 0.2,
    "PhaseResolution": 0.96,
    "PixelBandwidth": 199,
    "ProcedureStepDescription": "Research_KIRWAN",
    "ProtocolName": "t1_mpr_sag_iso_mprage_fast",
    "PulseSequenceDetails": "%SiemensSeq%_tfl",
    "ReceiveCoilName": "32Ch_Head",
    "ReconMatrixPE": 256,
    "RepetitionTime": 1.9,
    "SAR": 0.137536,
    "ScanOptions": "IR_PFP",
    "ScanningSequence": "GR_IR",
    "SequenceName": "_tfl3d1_ns",
    "SequenceVariant": "SP_MP_OSP",
    "SeriesDescription": "t1_mpr_sag_iso_mprage_fast",
    "SeriesNumber": 6,
    "ShimSetting": [
      -2830,
      -22913,
      1923,
      -81,
      -87,
      -38,
      -253,
      388
    ],
    "SliceThickness": 1,
    "SoftwareVersions": "syngo_MR_B17",
    "StationName": "MININT-E41B04",
    "TxRefAmp": 378.107,
    "dataset": "ds001747",
    "modality": "T1w",
    "run_id": 1,
    "subject_id": "3942"
  },
  "cjv": 0.35693887820745557,
  "cnr": 3.759844810892406,
  "efc": 0.6042926570826078,
  "fber": 15183.50702173533,
  "fwhm_avg": 4.366220146160178,
  "fwhm_x": 4.174704976636143,
  "fwhm_y": 4.63389696,
  "fwhm_z": 4.290058501844391,
  "icvs_csf": 0.18588928354553572,
  "icvs_gm": 0.4447167721390207,
  "icvs_wm": 0.36939394431544353,
  "inu_med": 0.4528926908969879,
  "inu_range": 0.14264060258865358,
  "provenance": {
    "md5sum": "0193234540b9e1fd3e391622dbd77bcb",
    "settings": {
      "testing": false
    },
    "software": "mriqc",
    "version": "22.0.1",
    "warnings": {
      "large_rot_frame": true,
      "small_air_mask": false
    },
    "webapi_port": null,
    "webapi_url": "https://mriqc.nimh.nih.gov/api/v1"
  },
  "qi_1": 0.00600097634430723,
  "qi_2": 0.004525004256390923,
  "rpve_csf": 21.087199794313268,
  "rpve_gm": 9.637978714815294,
  "rpve_wm": 13.11658586648678,
  "size_x": 176,
  "size_y": 224,
  "size_z": 256,
  "snr_csf": 2.709338241162002,
  "snr_gm": 15.386623681135228,
  "snr_total": 14.032311738188527,
  "snr_wm": 24.000973292268355,
  "snrd_csf": 17.896818865930836,
  "snrd_gm": 45.51550955349713,
  "snrd_total": 41.242636807098954,
  "snrd_wm": 60.315582001868876,
  "spacing_x": 0.9999988079071045,
  "spacing_y": 0.9765625,
  "spacing_z": 0.9765624403953552,
  "summary_bg_k": 95.2360645117805,
  "summary_bg_mad": 0.0,
  "summary_bg_mean": 3.8578446039478713,
  "summary_bg_median": 0.0,
  "summary_bg_n": 2102706.0,
  "summary_bg_p05": 0.0,
  "summary_bg_p95": 19.4515148922801,
  "summary_bg_stdv": 10.861809910856174,
  "summary_csf_k": 1.2677873622347349,
  "summary_csf_mad": 89.43606684081995,
  "summary_csf_mean": 310.59879764357885,
  "summary_csf_median": 296.71965186297894,
  "summary_csf_n": 37579.0,
  "summary_csf_p05": 139.56582006290554,
  "summary_csf_p95": 514.2019968882202,
  "summary_csf_stdv": 109.51593248262567,
  "summary_gm_k": -0.02229472786126463,
  "summary_gm_mad": 49.70252759147478,
  "summary_gm_mean": 753.7232790117672,
  "summary_gm_median": 754.6227209568024,
  "summary_gm_n": 43290.0,
  "summary_gm_p05": 672.3500172272325,
  "summary_gm_p95": 833.0795657772569,
  "summary_gm_stdv": 49.04350822139876,
  "summary_wm_k": 1.3194648527217785,
  "summary_wm_mad": 37.882155700092525,
  "summary_wm_mean": 1002.9779799742338,
  "summary_wm_median": 999.9999791905284,
  "summary_wm_n": 230446.0,
  "summary_wm_p05": 940.7328943088651,
  "summary_wm_p95": 1075.260531872511,
  "summary_wm_stdv": 41.66488572380757,
  "tpm_overlap_csf": 0.15245956076771028,
  "tpm_overlap_gm": 0.4610566062578586,
  "tpm_overlap_wm": 0.4894233833898933,
  "wm2max": 0.37376766376907855
}