{
  "bids_meta": {
    "AcquisitionMatrixPE": 215,
    "AcquisitionNumber": 1,
    "AcquisitionTime": "15:03:38.957500",
    "BaseResolution": 256,
    "ConversionSoftware": "dcm2niix",
    "ConversionSoftwareVersion": "v1.0.20180404 Clang8.0.0",
    "DeviceSerialNumber": "35002",
    "DwellTime": 9.8e-06,
    "EchoTime": 0.00226,
    "FlipAngle": 9,
    "ImageOrientationPatientDICOM": [
      0,
      1,
      0,
      0,
      0,
      -1
    ],
    "ImageType": [
      "ORIGINAL",
      "PRIMARY",
      "M",
      "ND",
      "NORM"
    ],
    "InPlanePhaseEncodingDirectionDICOM": "ROW",
    "InstitutionAddress": "University_Pkwy_1700_North_685_Provo_UT_US_84601",
    "InstitutionName": "Brigham_Young_University",
    "InstitutionalDepartmentName": "MRI",
    "InversionTime": 0.9,
    "MRAcquisitionType": "3D",
    "MagneticFieldStrength": 3,
    "Manufacturer": "Siemens",
    "ManufacturersModelName": "TrioTim",
    "Modality": "MR",
    "ParallelReductionFactorInPlane": 2,
    "PartialFourier": 0.875,
    "PatientPosition": "HFS",
    "PercentPhaseFOV": 87.5,
    "PhaseEncodingSteps": 226,
    "PhaseOversampling": 0.2,
    "PhaseResolution": 0.96,
    "PixelBandwidth": 199,
    "ProcedureStepDescription": "Research_KIRWAN",
    "ProtocolName": "t1_mpr_sag_iso_mprage_fast",
    "PulseSequenceDetails": "%SiemensSeq%_tfl",
    "ReceiveCoilName": "32Ch_Head",
    "ReconMatrixPE": 256,
    "RepetitionTime": 1.9,
    "SAR": 0.104262,
    "ScanOptions": "IR_PFP",
    "ScanningSequence": "GR_IR",
    "SequenceName": "_tfl3d1_ns",
    "SequenceVariant": "SP_MP_OSP",
    "SeriesDescription": "t1_mpr_sag_iso_mprage_fast",
    "SeriesNumber": 6,
    "ShimSetting": [
      -2830,
      -22913,
      1923,
      -81,
      -87,
      -38,
      -253,
      388
    ],
    "SliceThickness": 1,
    "SoftwareVersions": "syngo_MR_B17",
    "StationName": "MININT-E41B04",
    "TxRefAmp": 391.432,
    "dataset": "ds001747",
    "modality": "T1w",
    "run_id": 1,
    "subject_id": "3883"
  },
  "cjv": 0.3308966423113856,
  "cnr": 4.030750939222919,
  "efc": 0.5637553294185303,
  "fber": -1.0,
  "fwhm_avg": 4.42261856,
  "fwhm_x": 4.2082,
  "fwhm_y": 4.625479680000001,
  "fwhm_z": 4.434176000000001,
  "icvs_csf": 0.19729405974709857,
  "icvs_gm": 0.4557812519490374,
  "icvs_wm": 0.346924688303864,
  "inu_med": 0.3922351449728012,
  "inu_range": 0.11209025382995608,
  "provenance": {
    "md5sum": "5981d300b4f977bce495b4d9dc01443e",
    "settings": {
      "testing": false
    },
    "software": "mriqc",
    "version": "22.0.1",
    "warnings": {
      "large_rot_frame": true,
      "small_air_mask": false
    },
    "webapi_port": null,
    "webapi_url": "https://mriqc.nimh.nih.gov/api/v1"
  },
  "qi_1": 0.0001817972380924768,
  "qi_2": 0.02194638421848331,
  "rpve_csf": 22.171872127509243,
  "rpve_gm": 10.454092388850354,
  "rpve_wm": 15.6727439752484,
  "size_x": 176,
  "size_y": 224,
  "size_z": 256,
  "snr_csf": 2.583841618948228,
  "snr_gm": 13.86733270475107,
  "snr_total": 15.824091269472797,
  "snr_wm": 31.021099484719095,
  "snrd_csf": 41.442999899592124,
  "snrd_gm": 104.76572936310666,
  "snrd_total": 95.52254227366116,
  "snrd_wm": 140.35889755828475,
  "spacing_x": 1.0,
  "spacing_y": 0.9765625,
  "spacing_z": 0.9765625,
  "summary_bg_k": 84.44518462546662,
  "summary_bg_mad": 0.0,
  "summary_bg_mean": 2.026353404557571,
  "summary_bg_median": 0.0,
  "summary_bg_n": 2300193.0,
  "summary_bg_p05": 0.0,
  "summary_bg_p95": 9.374174896627665,
  "summary_bg_stdv": 4.667580164507042,
  "summary_csf_k": 0.6257659379129814,
  "summary_csf_mad": 74.84133265570166,
  "summary_csf_mean": 303.9496095471741,
  "summary_csf_median": 295.2645041383803,
  "summary_csf_n": 34199.0,
  "summary_csf_p05": 86.86735404208304,
  "summary_csf_p95": 512.4108841381967,
  "summary_csf_stdv": 114.27178240447658,
  "summary_gm_k": 0.036308468235228375,
  "summary_gm_mad": 53.04795418403265,
  "summary_gm_mean": 744.0291373820669,
  "summary_gm_median": 746.41317486763,
  "summary_gm_n": 49477.0,
  "summary_gm_p05": 652.5393952690065,
  "summary_gm_p95": 829.108360927552,
  "summary_gm_stdv": 53.82474392800346,
  "summary_wm_k": 0.5304851683816714,
  "summary_wm_mad": 30.86307789550731,
  "summary_wm_mean": 1000.4140057179665,
  "summary_wm_median": 1000.0000093951821,
  "summary_wm_n": 199081.0,
  "summary_wm_p05": 948.6841036230326,
  "summary_wm_p95": 1053.5604359172285,
  "summary_wm_stdv": 32.23604303077884,
  "tpm_overlap_csf": 0.14928399145833007,
  "tpm_overlap_gm": 0.4686294750068142,
  "tpm_overlap_wm": 0.5161776202834418,
  "wm2max": 0.40678876416563725
}