{
  "bids_meta": {
    "AcquisitionMatrixPE": 215,
    "AcquisitionNumber": 1,
    "AcquisitionTime": "14:46:31.357500",
    "BaseResolution": 256,
    "ConversionSoftware": "dcm2niix",
    "ConversionSoftwareVersion": "v1.0.20180404 Clang8.0.0",
    "DeviceSerialNumber": "35002",
    "DwellTime": 9.8e-06,
    "EchoTime": 0.00226,
    "FlipAngle": 9,
    "ImageOrientationPatientDICOM": [
      0,
      1,
      -1e-16,
      0.0558215,
      0,
      -0.998441
    ],
    "ImageType": [
      "ORIGINAL",
      "PRIMARY",
      "M",
      "ND",
      "NORM"
    ],
    "InPlanePhaseEncodingDirectionDICOM": "ROW",
    "InstitutionAddress": "University_Pkwy_1700_North_685_Provo_UT_US_84601",
    "InstitutionName": "Brigham_Young_University",
    "InstitutionalDepartmentName": "MRI",
    "InversionTime": 0.9,
    "MRAcquisitionType": "3D",
    "MagneticFieldStrength": 3,
    "Manufacturer": "Siemens",
    "ManufacturersModelName": "TrioTim",
    "Modality": "MR",
    "ParallelReductionFactorInPlane": 2,
    "PartialFourier": 0.875,
    "PatientPosition": "HFS",
    "PercentPhaseFOV": 87.5,
    "PhaseEncodingSteps": 226,
    "PhaseOversampling": 0.2,
    "PhaseResolution": 0.96,
    "PixelBandwidth": 199,
    "ProcedureStepDescription": "Research_KIRWAN",
    "ProtocolName": "t1_mpr_sag_iso_mprage_fast",
    "PulseSequenceDetails": "%SiemensSeq%_tfl",
    "ReceiveCoilName": "32Ch_Head",
    "ReconMatrixPE": 256,
    "RepetitionTime": 1.9,
    "SAR": 0.138404,
    "ScanOptions": "IR_PFP",
    "ScanningSequence": "GR_IR",
    "SequenceName": "_tfl3d1_ns",
    "SequenceVariant": "SP_MP_OSP",
    "SeriesDescription": "t1_mpr_sag_iso_mprage_fast",
    "SeriesNumber": 6,
    "ShimSetting": [
      -2830,
      -22913,
      1923,
      -81,
      -87,
      -38,
      -253,
      388
    ],
    "SliceThickness": 1,
    "SoftwareVersions": "syngo_MR_B17",
    "StationName": "MININT-E41B04",
    "TxRefAmp": 407.224,
    "dataset": "ds001747",
    "modality": "T1w",
    "run_id": 1,
    "subject_id": "3946"
  },
  "cjv": 0.3397143666024647,
  "cnr": 4.036904661830902,
  "efc": 0.6112364067982567,
  "fber": 20194.44005102041,
  "fwhm_avg": 4.551086454703891,
  "fwhm_x": 4.268319844111671,
  "fwhm_y": 4.916224000000001,
  "fwhm_z": 4.46871552,
  "icvs_csf": 0.17805911009225459,
  "icvs_gm": 0.46849533097246143,
  "icvs_wm": 0.353445558935284,
  "inu_med": 0.4271419793367386,
  "inu_range": 0.15246996879577634,
  "provenance": {
    "md5sum": "23d13bb299d8de5c999e19183f8041a3",
    "settings": {
      "testing": false
    },
    "software": "mriqc",
    "version": "22.0.1",
    "warnings": {
      "large_rot_frame": true,
      "small_air_mask": false
    },
    "webapi_port": null,
    "webapi_url": "https://mriqc.nimh.nih.gov/api/v1"
  },
  "qi_1": 0.0,
  "qi_2": 0.01659059883208996,
  "rpve_csf": 20.154354696731335,
  "rpve_gm": 8.478768169255106,
  "rpve_wm": 12.308824816429569,
  "size_x": 176,
  "size_y": 224,
  "size_z": 256,
  "snr_csf": 3.359419485926844,
  "snr_gm": 16.21506928760588,
  "snr_total": 15.326772060491692,
  "snr_wm": 26.40582740794235,
  "snrd_csf": 36.56733242342282,
  "snrd_gm": 93.36176556771323,
  "snrd_total": 84.44819481034543,
  "snrd_wm": 123.41548643990023,
  "spacing_x": 0.9999953508377075,
  "spacing_y": 0.9765625,
  "spacing_z": 0.9765625,
  "summary_bg_k": 10.45630473637318,
  "summary_bg_mad": 0.0,
  "summary_bg_mean": 2.8706172002227746,
  "summary_bg_median": 0.0,
  "summary_bg_n": 2210860.0,
  "summary_bg_p05": 0.0,
  "summary_bg_p95": 13.374238561838865,
  "summary_bg_stdv": 5.308380632902086,
  "summary_csf_k": 3.6807945370245294,
  "summary_csf_mad": 55.506078030806,
  "summary_csf_mean": 308.54929217109697,
  "summary_csf_median": 296.2945109345019,
  "summary_csf_n": 43966.0,
  "summary_csf_p05": 198.2646978199482,
  "summary_csf_p95": 478.26085351780057,
  "summary_csf_stdv": 88.19712529789832,
  "summary_gm_k": 0.046041822959067336,
  "summary_gm_mad": 46.97761533721225,
  "summary_gm_mean": 755.4810301847255,
  "summary_gm_median": 756.483364675194,
  "summary_gm_n": 57564.0,
  "summary_gm_p05": 677.6760234721005,
  "summary_gm_p95": 829.6821542233229,
  "summary_gm_stdv": 46.65270190502674,
  "summary_wm_k": 0.71919623649244,
  "summary_wm_mad": 35.74847279064714,
  "summary_wm_mean": 1001.3711288934813,
  "summary_wm_median": 999.9999664463103,
  "summary_wm_n": 231524.0,
  "summary_wm_p05": 941.9490600004792,
  "summary_wm_p95": 1064.9537056982517,
  "summary_wm_stdv": 37.87034548820641,
  "tpm_overlap_csf": 0.17302579412381594,
  "tpm_overlap_gm": 0.4843934174404284,
  "tpm_overlap_wm": 0.5001860258627931,
  "wm2max": 0.3962730087570997
}