{
  "aor": 0.00041426309378806336,
  "aqi": 0.020289930937880632,
  "bids_meta": {
    "AcquisitionMatrixPE": 100,
    "AcquisitionNumber": 1,
    "AcquisitionTime": "13:41:11.027500",
    "BandwidthPerPixelPhaseEncode": 13.889,
    "BaseResolution": 100,
    "ConversionSoftware": "dcm2niix",
    "ConversionSoftwareVersion": "v1.0.20180404 Clang8.0.0",
    "DerivedVendorReportedEchoSpacing": 0.000719994,
    "DeviceSerialNumber": "35002",
    "DwellTime": 2.8e-06,
    "EchoTime": 0.0436,
    "EffectiveEchoSpacing": 0.000719994,
    "FlipAngle": 55,
    "ImageComments": "Unaliased_MB8_PE3_(remote)",
    "ImageOrientationPatientDICOM": [
      1,
      0,
      0,
      0,
      0.883766,
      0.46793
    ],
    "ImageType": [
      "ORIGINAL",
      "PRIMARY",
      "M",
      "MB",
      "ND",
      "MOSAIC"
    ],
    "InPlanePhaseEncodingDirectionDICOM": "COL",
    "InstitutionAddress": "University_Pkwy_1700_North_685_Provo_UT_US_84601",
    "InstitutionName": "Brigham_Young_University",
    "InstitutionalDepartmentName": "MRI",
    "MRAcquisitionType": "2D",
    "MagneticFieldStrength": 3,
    "Manufacturer": "Siemens",
    "ManufacturersModelName": "TrioTim",
    "Modality": "MR",
    "MultibandAccelerationFactor": 8,
    "PartialFourier": 1,
    "PatientPosition": "HFS",
    "PercentPhaseFOV": 100,
    "PhaseEncodingDirection": "j-",
    "PhaseEncodingSteps": 100,
    "PhaseResolution": 1,
    "PixelBandwidth": 1786,
    "ProcedureStepDescription": "Research_KIRWAN",
    "ProtocolName": "Resting_State",
    "PulseSequenceDetails": "%CustomerSeq%_cmrr_mbep2d_bold",
    "ReceiveCoilName": "32Ch_Head",
    "ReconMatrixPE": 100,
    "RepetitionTime": 0.875,
    "SAR": 0.129606,
    "ScanOptions": "FS",
    "ScanningSequence": "EP",
    "SequenceName": "epfid2d1_100",
    "SequenceVariant": "SK_SS",
    "SeriesDescription": "Resting_State",
    "SeriesNumber": 3,
    "ShimSetting": [
      -2813,
      -23000,
      2354,
      862,
      -171,
      299,
      -247,
      475
    ],
    "SliceThickness": 1.8,
    "SliceTiming": [
      0,
      0.49,
      0.0975,
      0.5875,
      0.195,
      0.685,
      0.2925,
      0.7825,
      0.3925,
      0,
      0.49,
      0.0975,
      0.5875,
      0.195,
      0.685,
      0.2925,
      0.7825,
      0.3925,
      0,
      0.49,
      0.0975,
      0.5875,
      0.195,
      0.685,
      0.2925,
      0.7825,
      0.3925,
      0,
      0.49,
      0.0975,
      0.5875,
      0.195,
      0.685,
      0.2925,
      0.7825,
      0.3925,
      0,
      0.49,
      0.0975,
      0.5875,
      0.195,
      0.685,
      0.2925,
      0.7825,
      0.3925,
      0,
      0.49,
      0.0975,
      0.5875,
      0.195,
      0.685,
      0.2925,
      0.7825,
      0.3925,
      0,
      0.49,
      0.0975,
      0.5875,
      0.195,
      0.685,
      0.2925,
      0.7825,
      0.3925,
      0,
      0.49,
      0.0975,
      0.5875,
      0.195,
      0.685,
      0.2925,
      0.7825,
      0.3925
    ],
    "SoftwareVersions": "syngo_MR_B17",
    "SpacingBetweenSlices": 1.8,
    "StationName": "MININT-E41B04",
    "TaskName": "rest",
    "TotalReadoutTime": 0.0712794,
    "TxRefAmp": 387.889,
    "dataset": "ds001747",
    "modality": "bold",
    "run_id": 1,
    "subject_id": "3923",
    "task_id": "rest"
  },
  "dummy_trs": 2,
  "dvars_nstd": 72.78455174141462,
  "dvars_std": 1.028685475439024,
  "dvars_vstd": 0.9936387015609749,
  "efc": 0.6111032791470921,
  "fber": 172.3386993408203,
  "fd_mean": 0.1278504945239119,
  "fd_num": 98,
  "fd_perc": 11.936662606577345,
  "fwhm_avg": 3.169305572447344,
  "fwhm_x": 2.952994522672084,
  "fwhm_y": 3.5169278709445497,
  "fwhm_z": 3.037994323725396,
  "gcor": 0.0030388,
  "gsr_x": 0.01579570211470127,
  "gsr_y": 0.08476141840219498,
  "provenance": {
    "md5sum": "bebf9f475a9538d4843057ae0f97473a",
    "settings": {
      "fd_thres": 0.2,
      "testing": false
    },
    "software": "mriqc",
    "version": "22.0.1",
    "webapi_port": null,
    "webapi_url": "https://mriqc.nimh.nih.gov/api/v1"
  },
  "size_t": 821,
  "size_x": 100,
  "size_y": 100,
  "size_z": 72,
  "snr": 1.870668686643239,
  "spacing_tr": 0.875,
  "spacing_x": 1.7999999523162842,
  "spacing_y": 1.7999999523162842,
  "spacing_z": 1.8000000715255737,
  "summary_bg_k": 24.074864166042516,
  "summary_bg_mad": 18.430499288853895,
  "summary_bg_mean": 50.10042953491211,
  "summary_bg_median": 27.479904174804688,
  "summary_bg_n": 401850.0,
  "summary_bg_p05": 12.495737075805664,
  "summary_bg_p95": 170.3427650451659,
  "summary_bg_stdv": 63.35383605957031,
  "summary_fg_k": 4.4773922725833355,
  "summary_fg_mad": 135.53440199029035,
  "summary_fg_mean": 417.2976379394531,
  "summary_fg_median": 366.7186584472656,
  "summary_fg_n": 213291.0,
  "summary_fg_p05": 205.97503662109375,
  "summary_fg_p95": 813.2119750976562,
  "summary_fg_stdv": 196.03567504882812,
  "tsnr": 17.33706205151975
}