{
  "bids_meta": {
    "AcquisitionMatrixPE": 215,
    "AcquisitionNumber": 1,
    "AcquisitionTime": "17:17:13.615000",
    "BaseResolution": 256,
    "ConversionSoftware": "dcm2niix",
    "ConversionSoftwareVersion": "v1.0.20180404 Clang8.0.0",
    "DeviceSerialNumber": "35002",
    "DwellTime": 9.8e-06,
    "EchoTime": 0.00226,
    "FlipAngle": 9,
    "ImageOrientationPatientDICOM": [
      0,
      1,
      -1e-16,
      -0.0314108,
      0,
      -0.999507
    ],
    "ImageType": [
      "ORIGINAL",
      "PRIMARY",
      "M",
      "ND",
      "NORM"
    ],
    "InPlanePhaseEncodingDirectionDICOM": "ROW",
    "InstitutionAddress": "University_Pkwy_1700_North_685_Provo_UT_US_84601",
    "InstitutionName": "Brigham_Young_University",
    "InstitutionalDepartmentName": "MRI",
    "InversionTime": 0.9,
    "MRAcquisitionType": "3D",
    "MagneticFieldStrength": 3,
    "Manufacturer": "Siemens",
    "ManufacturersModelName": "TrioTim",
    "Modality": "MR",
    "ParallelReductionFactorInPlane": 2,
    "PartialFourier": 0.875,
    "PatientPosition": "HFS",
    "PercentPhaseFOV": 87.5,
    "PhaseEncodingSteps": 226,
    "PhaseOversampling": 0.2,
    "PhaseResolution": 0.96,
    "PixelBandwidth": 199,
    "ProcedureStepDescription": "Research_KIRWAN",
    "ProtocolName": "t1_mpr_sag_iso_mprage_fast",
    "PulseSequenceDetails": "%SiemensSeq%_tfl",
    "ReceiveCoilName": "32Ch_Head",
    "ReconMatrixPE": 256,
    "RepetitionTime": 1.9,
    "SAR": 0.127157,
    "ScanOptions": "IR_PFP",
    "ScanningSequence": "GR_IR",
    "SequenceName": "_tfl3d1_ns",
    "SequenceVariant": "SP_MP_OSP",
    "SeriesDescription": "t1_mpr_sag_iso_mprage_fast",
    "SeriesNumber": 6,
    "ShimSetting": [
      -2830,
      -22913,
      1923,
      -81,
      -87,
      -38,
      -253,
      388
    ],
    "SliceThickness": 1,
    "SoftwareVersions": "syngo_MR_B17",
    "StationName": "MININT-E41B04",
    "TxRefAmp": 392.091,
    "dataset": "ds001747",
    "modality": "T1w",
    "run_id": 1,
    "subject_id": "3967"
  },
  "cjv": 0.3435172957932524,
  "cnr": 3.968909923434048,
  "efc": 0.5893660555245108,
  "fber": -1.0,
  "fwhm_avg": 4.503309147281162,
  "fwhm_x": 4.345229841843485,
  "fwhm_y": 4.746895360000001,
  "fwhm_z": 4.41780224,
  "icvs_csf": 0.2143040285372195,
  "icvs_gm": 0.42954959271838433,
  "icvs_wm": 0.3561463787443962,
  "inu_med": 0.41682225465774536,
  "inu_range": 0.1300324946641922,
  "provenance": {
    "md5sum": "e39c984dab1b4db384996fa43e0a21ff",
    "settings": {
      "testing": false
    },
    "software": "mriqc",
    "version": "22.0.1",
    "warnings": {
      "large_rot_frame": true,
      "small_air_mask": false
    },
    "webapi_port": null,
    "webapi_url": "https://mriqc.nimh.nih.gov/api/v1"
  },
  "qi_1": 2.0661065550182038e-06,
  "qi_2": 0.019196124926413753,
  "rpve_csf": 18.825270122274784,
  "rpve_gm": 9.779994060240215,
  "rpve_wm": 13.570008426657548,
  "size_x": 176,
  "size_y": 224,
  "size_z": 256,
  "snr_csf": 2.716657190595121,
  "snr_gm": 14.876956343866167,
  "snr_total": 15.44715851289427,
  "snr_wm": 28.74786200422152,
  "snrd_csf": 40.97415734000476,
  "snrd_gm": 103.87527748200836,
  "snrd_total": 94.14030328319045,
  "snrd_wm": 137.5714750275582,
  "spacing_x": 0.9999977350234985,
  "spacing_y": 0.9765625,
  "spacing_z": 0.9765625,
  "summary_bg_k": 17.91429891992338,
  "summary_bg_mad": 0.0,
  "summary_bg_mean": 2.3579383992279297,
  "summary_bg_median": 0.0,
  "summary_bg_n": 3112274.0,
  "summary_bg_p05": 0.0,
  "summary_bg_p95": 11.122388124465942,
  "summary_bg_stdv": 4.762354114126588,
  "summary_csf_k": 11.016796046726332,
  "summary_csf_mad": 74.9890968093636,
  "summary_csf_mean": 309.1268557771208,
  "summary_csf_median": 297.851633310318,
  "summary_csf_n": 45672.0,
  "summary_csf_p05": 120.52778005599976,
  "summary_csf_p95": 502.7213706135746,
  "summary_csf_stdv": 109.63782016926876,
  "summary_gm_k": 0.04310853364702538,
  "summary_gm_mad": 51.351229336846814,
  "summary_gm_mean": 753.216654318576,
  "summary_gm_median": 755.0959694385529,
  "summary_gm_n": 37083.0,
  "summary_gm_p05": 668.658520436287,
  "summary_gm_p95": 833.840785741806,
  "summary_gm_stdv": 50.75539450113883,
  "summary_wm_k": 0.584583492490593,
  "summary_wm_mad": 32.79205487566652,
  "summary_wm_mean": 1001.4869344635592,
  "summary_wm_median": 1000.0422508716583,
  "summary_wm_n": 229636.0,
  "summary_wm_p05": 947.1791894435883,
  "summary_wm_p95": 1060.6444644927979,
  "summary_wm_stdv": 34.78658946086111,
  "tpm_overlap_csf": 0.17156928021941914,
  "tpm_overlap_gm": 0.4803872990304776,
  "tpm_overlap_wm": 0.5343274956117157,
  "wm2max": 0.4218104300945629
}