{
  "aor": 0.0001882338611449452,
  "aqi": 0.02105679841656517,
  "bids_meta": {
    "AcquisitionMatrixPE": 100,
    "AcquisitionNumber": 1,
    "AcquisitionTime": "15:27:18.967500",
    "BandwidthPerPixelPhaseEncode": 13.889,
    "BaseResolution": 100,
    "ConversionSoftware": "dcm2niix",
    "ConversionSoftwareVersion": "v1.0.20180404 Clang8.0.0",
    "DerivedVendorReportedEchoSpacing": 0.000719994,
    "DeviceSerialNumber": "35002",
    "DwellTime": 2.8e-06,
    "EchoTime": 0.0436,
    "EffectiveEchoSpacing": 0.000719994,
    "FlipAngle": 55,
    "ImageComments": "Unaliased_MB8_PE3_(remote)",
    "ImageOrientationPatientDICOM": [
      1,
      -2e-16,
      0,
      2e-16,
      0.881303,
      0.472551
    ],
    "ImageType": [
      "ORIGINAL",
      "PRIMARY",
      "M",
      "MB",
      "ND",
      "MOSAIC"
    ],
    "InPlanePhaseEncodingDirectionDICOM": "COL",
    "InstitutionAddress": "University_Pkwy_1700_North_685_Provo_UT_US_84601",
    "InstitutionName": "Brigham_Young_University",
    "InstitutionalDepartmentName": "MRI",
    "MRAcquisitionType": "2D",
    "MagneticFieldStrength": 3,
    "Manufacturer": "Siemens",
    "ManufacturersModelName": "TrioTim",
    "Modality": "MR",
    "MultibandAccelerationFactor": 8,
    "PartialFourier": 1,
    "PatientPosition": "HFS",
    "PercentPhaseFOV": 100,
    "PhaseEncodingDirection": "j-",
    "PhaseEncodingSteps": 100,
    "PhaseResolution": 1,
    "PixelBandwidth": 1786,
    "ProcedureStepDescription": "Research_KIRWAN",
    "ProtocolName": "Resting_State",
    "PulseSequenceDetails": "%CustomerSeq%_cmrr_mbep2d_bold",
    "ReceiveCoilName": "32Ch_Head",
    "ReconMatrixPE": 100,
    "RepetitionTime": 0.875,
    "SAR": 0.109901,
    "ScanOptions": "FS",
    "ScanningSequence": "EP",
    "SequenceName": "epfid2d1_100",
    "SequenceVariant": "SK_SS",
    "SeriesDescription": "Resting_State",
    "SeriesNumber": 3,
    "ShimSetting": [
      -2933,
      -22939,
      2469,
      1152,
      -199,
      59,
      76,
      449
    ],
    "SliceThickness": 1.8,
    "SliceTiming": [
      0,
      0.4875,
      0.0975,
      0.585,
      0.195,
      0.6825,
      0.2925,
      0.78,
      0.39,
      0,
      0.4875,
      0.0975,
      0.585,
      0.195,
      0.6825,
      0.2925,
      0.78,
      0.39,
      0,
      0.4875,
      0.0975,
      0.585,
      0.195,
      0.6825,
      0.2925,
      0.78,
      0.39,
      0,
      0.4875,
      0.0975,
      0.585,
      0.195,
      0.6825,
      0.2925,
      0.78,
      0.39,
      0,
      0.4875,
      0.0975,
      0.585,
      0.195,
      0.6825,
      0.2925,
      0.78,
      0.39,
      0,
      0.4875,
      0.0975,
      0.585,
      0.195,
      0.6825,
      0.2925,
      0.78,
      0.39,
      0,
      0.4875,
      0.0975,
      0.585,
      0.195,
      0.6825,
      0.2925,
      0.78,
      0.39,
      0,
      0.4875,
      0.0975,
      0.585,
      0.195,
      0.6825,
      0.2925,
      0.78,
      0.39
    ],
    "SoftwareVersions": "syngo_MR_B17",
    "SpacingBetweenSlices": 1.8,
    "StationName": "MININT-E41B04",
    "TaskName": "rest",
    "TotalReadoutTime": 0.0712794,
    "TxRefAmp": 386.478,
    "dataset": "ds001747",
    "modality": "bold",
    "run_id": 1,
    "subject_id": "3879",
    "task_id": "rest"
  },
  "dummy_trs": 2,
  "dvars_nstd": 74.12314236323174,
  "dvars_std": 1.0309765674756093,
  "dvars_vstd": 0.9915951627439026,
  "efc": 0.5725362392811052,
  "fber": 418.0281982421875,
  "fd_mean": 0.12227921553279103,
  "fd_num": 40,
  "fd_perc": 4.8721071863581,
  "fwhm_avg": 2.8357574212481484,
  "fwhm_x": 2.6034611800792797,
  "fwhm_y": 3.1278667495268384,
  "fwhm_z": 2.775944334138327,
  "gcor": 0.00272378,
  "gsr_x": 0.00935782864689827,
  "gsr_y": 0.07297276705503464,
  "provenance": {
    "md5sum": "62fe8f192939dec2b34f342e4d97d81a",
    "settings": {
      "fd_thres": 0.2,
      "testing": false
    },
    "software": "mriqc",
    "version": "22.0.1",
    "webapi_port": null,
    "webapi_url": "https://mriqc.nimh.nih.gov/api/v1"
  },
  "size_t": 821,
  "size_x": 100,
  "size_y": 100,
  "size_z": 72,
  "snr": 2.7924139073522136,
  "spacing_tr": 0.875,
  "spacing_x": 1.7999999523162842,
  "spacing_y": 1.7999999523162842,
  "spacing_z": 1.8000000715255737,
  "summary_bg_k": 72.38222910390654,
  "summary_bg_mad": 7.544839305690039,
  "summary_bg_mean": 27.20233154296875,
  "summary_bg_median": 15.961024284362793,
  "summary_bg_n": 440614.0,
  "summary_bg_p05": 9.923264503479004,
  "summary_bg_p95": 76.87984466552732,
  "summary_bg_stdv": 38.88889694213867,
  "summary_fg_k": 1.5255661936938028,
  "summary_fg_mad": 97.92581318869436,
  "summary_fg_mean": 356.5476989746094,
  "summary_fg_median": 333.4080505371094,
  "summary_fg_n": 177078.0,
  "summary_fg_p05": 203.15939331054688,
  "summary_fg_p95": 587.6879180908203,
  "summary_fg_stdv": 119.39745330810547,
  "tsnr": 18.80825572356116
}