{
  "bids_meta": {
    "AcquisitionMatrixPE": 215,
    "AcquisitionNumber": 1,
    "AcquisitionTime": "16:20:40.485000",
    "BaseResolution": 256,
    "ConversionSoftware": "dcm2niix",
    "ConversionSoftwareVersion": "v1.0.20180404 Clang8.0.0",
    "DeviceSerialNumber": "35002",
    "DwellTime": 9.8e-06,
    "EchoTime": 0.00226,
    "FlipAngle": 9,
    "ImageOrientationPatientDICOM": [
      0,
      1,
      0,
      0,
      0,
      -1
    ],
    "ImageType": [
      "ORIGINAL",
      "PRIMARY",
      "M",
      "ND",
      "NORM"
    ],
    "InPlanePhaseEncodingDirectionDICOM": "ROW",
    "InstitutionAddress": "University_Pkwy_1700_North_685_Provo_UT_US_84601",
    "InstitutionName": "Brigham_Young_University",
    "InstitutionalDepartmentName": "MRI",
    "InversionTime": 0.9,
    "MRAcquisitionType": "3D",
    "MagneticFieldStrength": 3,
    "Manufacturer": "Siemens",
    "ManufacturersModelName": "TrioTim",
    "Modality": "MR",
    "ParallelReductionFactorInPlane": 2,
    "PartialFourier": 0.875,
    "PatientPosition": "HFS",
    "PercentPhaseFOV": 87.5,
    "PhaseEncodingSteps": 226,
    "PhaseOversampling": 0.2,
    "PhaseResolution": 0.96,
    "PixelBandwidth": 199,
    "ProcedureStepDescription": "Research_KIRWAN",
    "ProtocolName": "t1_mpr_sag_iso_mprage_fast",
    "PulseSequenceDetails": "%SiemensSeq%_tfl",
    "ReceiveCoilName": "32Ch_Head",
    "ReconMatrixPE": 256,
    "RepetitionTime": 1.9,
    "SAR": 0.11819,
    "ScanOptions": "IR_PFP",
    "ScanningSequence": "GR_IR",
    "SequenceName": "_tfl3d1_ns",
    "SequenceVariant": "SP_MP_OSP",
    "SeriesDescription": "t1_mpr_sag_iso_mprage_fast",
    "SeriesNumber": 7,
    "ShimSetting": [
      -2830,
      -22913,
      1923,
      -81,
      -87,
      -38,
      -253,
      388
    ],
    "SliceThickness": 1,
    "SoftwareVersions": "syngo_MR_B17",
    "StationName": "MININT-E41B04",
    "TxRefAmp": 392.219,
    "dataset": "ds001747",
    "modality": "T1w",
    "run_id": 1,
    "subject_id": "3949"
  },
  "cjv": 0.3397016017550112,
  "cnr": 4.05604553371655,
  "efc": 0.6072824199951701,
  "fber": -1.0,
  "fwhm_avg": 4.246941493333334,
  "fwhm_x": 4.02042,
  "fwhm_y": 4.50008064,
  "fwhm_z": 4.22032384,
  "icvs_csf": 0.16194907504567327,
  "icvs_gm": 0.45989542701773795,
  "icvs_wm": 0.37815549793658876,
  "inu_med": 0.355563223361969,
  "inu_range": 0.11046269088983535,
  "provenance": {
    "md5sum": "b16cc85d8930703a72c27a974b3d8281",
    "settings": {
      "testing": false
    },
    "software": "mriqc",
    "version": "22.0.1",
    "warnings": {
      "large_rot_frame": true,
      "small_air_mask": false
    },
    "webapi_port": null,
    "webapi_url": "https://mriqc.nimh.nih.gov/api/v1"
  },
  "qi_1": 0.0,
  "qi_2": 0.030797324157098446,
  "rpve_csf": 21.197472999917363,
  "rpve_gm": 8.54827060788791,
  "rpve_wm": 11.783136963521212,
  "size_x": 176,
  "size_y": 224,
  "size_z": 256,
  "snr_csf": 2.2695064956733315,
  "snr_gm": 14.875342137389275,
  "snr_total": 15.877027221572751,
  "snr_wm": 30.486233031655647,
  "snrd_csf": 55.851931677222986,
  "snrd_gm": 143.70664078713176,
  "snrd_total": 130.00112032842046,
  "snrd_wm": 190.44478852090663,
  "spacing_x": 1.0,
  "spacing_y": 0.9765625,
  "spacing_z": 0.9765625,
  "summary_bg_k": 10.893332741548695,
  "summary_bg_mad": 0.0,
  "summary_bg_mean": 1.6197281414181288,
  "summary_bg_median": 0.0,
  "summary_bg_n": 2139971.0,
  "summary_bg_p05": 0.0,
  "summary_bg_p95": 7.928763460367918,
  "summary_bg_stdv": 3.4401732483917806,
  "summary_csf_k": 13.493768475163172,
  "summary_csf_mad": 85.18000433199589,
  "summary_csf_mean": 310.71808776929504,
  "summary_csf_median": 293.2829273827374,
  "summary_csf_n": 30403.0,
  "summary_csf_p05": 110.11222731806339,
  "summary_csf_p95": 532.3534428592768,
  "summary_csf_stdv": 129.22549666450067,
  "summary_gm_k": -0.13400816743520672,
  "summary_gm_mad": 52.62713643441784,
  "summary_gm_mean": 754.1604602665943,
  "summary_gm_median": 754.6149797998369,
  "summary_gm_n": 77746.0,
  "summary_gm_p05": 671.505274605006,
  "summary_gm_p95": 836.8301578350365,
  "summary_gm_stdv": 50.728925744059715,
  "summary_wm_k": 0.8364305143679749,
  "summary_wm_mad": 30.74437523660149,
  "summary_wm_mean": 1001.7869307350197,
  "summary_wm_median": 1000.0407041423023,
  "summary_wm_n": 272582.0,
  "summary_wm_p05": 951.6142565459013,
  "summary_wm_p95": 1058.306950494647,
  "summary_wm_stdv": 32.80296613612929,
  "tpm_overlap_csf": 0.17408096291976544,
  "tpm_overlap_gm": 0.48410816099739,
  "tpm_overlap_wm": 0.5238377704754174,
  "wm2max": 0.4567763769112418
}