{
  "aor": 0.0002645919610231426,
  "aqi": 0.023861214616321555,
  "bids_meta": {
    "AcquisitionMatrixPE": 100,
    "AcquisitionNumber": 1,
    "AcquisitionTime": "14:21:55.090000",
    "BandwidthPerPixelPhaseEncode": 13.889,
    "BaseResolution": 100,
    "ConversionSoftware": "dcm2niix",
    "ConversionSoftwareVersion": "v1.0.20180404 Clang8.0.0",
    "DerivedVendorReportedEchoSpacing": 0.000719994,
    "DeviceSerialNumber": "35002",
    "DwellTime": 2.8e-06,
    "EchoTime": 0.0436,
    "EffectiveEchoSpacing": 0.000719994,
    "FlipAngle": 55,
    "ImageComments": "Unaliased_MB8_PE3_(remote)",
    "ImageOrientationPatientDICOM": [
      0.99724,
      -0.035971,
      0.064944,
      3.2466e-08,
      0.87478,
      0.48452
    ],
    "ImageType": [
      "ORIGINAL",
      "PRIMARY",
      "M",
      "MB",
      "ND",
      "MOSAIC"
    ],
    "InPlanePhaseEncodingDirectionDICOM": "COL",
    "InstitutionAddress": "University_Pkwy_1700_North_685_Provo_UT_US_84601",
    "InstitutionName": "Brigham_Young_University",
    "InstitutionalDepartmentName": "MRI",
    "MRAcquisitionType": "2D",
    "MagneticFieldStrength": 3,
    "Manufacturer": "Siemens",
    "ManufacturersModelName": "TrioTim",
    "Modality": "MR",
    "MultibandAccelerationFactor": 8,
    "PartialFourier": 1,
    "PatientPosition": "HFS",
    "PercentPhaseFOV": 100,
    "PhaseEncodingDirection": "j-",
    "PhaseEncodingSteps": 100,
    "PhaseResolution": 1,
    "PixelBandwidth": 1786,
    "ProcedureStepDescription": "Research_KIRWAN",
    "ProtocolName": "Resting_State",
    "PulseSequenceDetails": "%CustomerSeq%_cmrr_mbep2d_bold",
    "ReceiveCoilName": "32Ch_Head",
    "ReconMatrixPE": 100,
    "RepetitionTime": 0.875,
    "SAR": 0.16726,
    "ScanOptions": "FS",
    "ScanningSequence": "EP",
    "SequenceName": "epfid2d1_100",
    "SequenceVariant": "SK_SS",
    "SeriesDescription": "Resting_State",
    "SeriesNumber": 3,
    "ShimSetting": [
      -2779,
      -22917,
      2464,
      735,
      -51,
      508,
      14,
      471
    ],
    "SliceThickness": 1.8,
    "SliceTiming": [
      0,
      0.4875,
      0.0975,
      0.585,
      0.195,
      0.6825,
      0.2925,
      0.78,
      0.39,
      0,
      0.4875,
      0.0975,
      0.585,
      0.195,
      0.6825,
      0.2925,
      0.78,
      0.39,
      0,
      0.4875,
      0.0975,
      0.585,
      0.195,
      0.6825,
      0.2925,
      0.78,
      0.39,
      0,
      0.4875,
      0.0975,
      0.585,
      0.195,
      0.6825,
      0.2925,
      0.78,
      0.39,
      0,
      0.4875,
      0.0975,
      0.585,
      0.195,
      0.6825,
      0.2925,
      0.78,
      0.39,
      0,
      0.4875,
      0.0975,
      0.585,
      0.195,
      0.6825,
      0.2925,
      0.78,
      0.39,
      0,
      0.4875,
      0.0975,
      0.585,
      0.195,
      0.6825,
      0.2925,
      0.78,
      0.39,
      0,
      0.4875,
      0.0975,
      0.585,
      0.195,
      0.6825,
      0.2925,
      0.78,
      0.39
    ],
    "SoftwareVersions": "syngo_MR_B17",
    "SpacingBetweenSlices": 1.8,
    "StationName": "MININT-E41B04",
    "TaskName": "rest",
    "TotalReadoutTime": 0.0712794,
    "TxRefAmp": 405.121,
    "dataset": "ds001747",
    "modality": "bold",
    "run_id": 1,
    "subject_id": "3225",
    "task_id": "rest"
  },
  "dummy_trs": 2,
  "dvars_nstd": 77.92654671089021,
  "dvars_std": 1.0425870167560969,
  "dvars_vstd": 0.9915747936707319,
  "efc": 0.6041041189145747,
  "fber": 210.15318298339844,
  "fd_mean": 0.15336515268455378,
  "fd_num": 196,
  "fd_perc": 23.87332521315469,
  "fwhm_avg": 3.0418240897823536,
  "fwhm_x": 2.845105630925116,
  "fwhm_y": 3.3417389774147397,
  "fwhm_z": 2.9386276610072057,
  "gcor": 0.0101044,
  "gsr_x": -0.004311522468924522,
  "gsr_y": 0.09230095893144608,
  "provenance": {
    "md5sum": "2ea42aca2b4593c84a6a8623703f06ab",
    "settings": {
      "fd_thres": 0.2,
      "testing": false
    },
    "software": "mriqc",
    "version": "22.0.1",
    "webapi_port": null,
    "webapi_url": "https://mriqc.nimh.nih.gov/api/v1"
  },
  "size_t": 821,
  "size_x": 100,
  "size_y": 100,
  "size_z": 72,
  "snr": 2.0901957601572976,
  "spacing_tr": 0.875,
  "spacing_x": 1.7999999523162842,
  "spacing_y": 1.7999999523162842,
  "spacing_z": 1.8000000715255737,
  "summary_bg_k": 38.79098146597024,
  "summary_bg_mad": 14.833245900584837,
  "summary_bg_mean": 41.39111328125,
  "summary_bg_median": 23.03410530090332,
  "summary_bg_n": 411353.0,
  "summary_bg_p05": 11.578563690185547,
  "summary_bg_p95": 130.7203521728515,
  "summary_bg_stdv": 55.20417022705078,
  "summary_fg_k": 4.350536775916566,
  "summary_fg_mad": 113.38927560066128,
  "summary_fg_mean": 383.5096435546875,
  "summary_fg_median": 343.08404541015625,
  "summary_fg_n": 202884.0,
  "summary_fg_p05": 200.6097541809082,
  "summary_fg_p95": 713.9767547607418,
  "summary_fg_stdv": 164.13926696777344,
  "tsnr": 17.30512017197907
}