{
  "bids_meta": {
    "AcquisitionMatrixPE": 215,
    "AcquisitionNumber": 1,
    "AcquisitionTime": "17:02:36.260000",
    "BaseResolution": 256,
    "ConversionSoftware": "dcm2niix",
    "ConversionSoftwareVersion": "v1.0.20180404 Clang8.0.0",
    "DeviceSerialNumber": "35002",
    "DwellTime": 9.8e-06,
    "EchoTime": 0.00226,
    "FlipAngle": 9,
    "ImageOrientationPatientDICOM": [
      0.0401474,
      0.999194,
      1.31749e-08,
      0.0278767,
      -0.00112007,
      -0.999611
    ],
    "ImageType": [
      "ORIGINAL",
      "PRIMARY",
      "M",
      "ND",
      "NORM"
    ],
    "InPlanePhaseEncodingDirectionDICOM": "ROW",
    "InstitutionAddress": "University_Pkwy_1700_North_685_Provo_UT_US_84601",
    "InstitutionName": "Brigham_Young_University",
    "InstitutionalDepartmentName": "MRI",
    "InversionTime": 0.9,
    "MRAcquisitionType": "3D",
    "MagneticFieldStrength": 3,
    "Manufacturer": "Siemens",
    "ManufacturersModelName": "TrioTim",
    "Modality": "MR",
    "ParallelReductionFactorInPlane": 2,
    "PartialFourier": 0.875,
    "PatientPosition": "HFS",
    "PercentPhaseFOV": 87.5,
    "PhaseEncodingSteps": 226,
    "PhaseOversampling": 0.2,
    "PhaseResolution": 0.96,
    "PixelBandwidth": 199,
    "ProcedureStepDescription": "Research_KIRWAN",
    "ProtocolName": "t1_mpr_sag_iso_mprage_fast",
    "PulseSequenceDetails": "%SiemensSeq%_tfl",
    "ReceiveCoilName": "32Ch_Head",
    "ReconMatrixPE": 256,
    "RepetitionTime": 1.9,
    "SAR": 0.126329,
    "ScanOptions": "IR_PFP",
    "ScanningSequence": "GR_IR",
    "SequenceName": "_tfl3d1_ns",
    "SequenceVariant": "SP_MP_OSP",
    "SeriesDescription": "t1_mpr_sag_iso_mprage_fast",
    "SeriesNumber": 6,
    "ShimSetting": [
      -2830,
      -22913,
      1923,
      -81,
      -87,
      -38,
      -253,
      388
    ],
    "SliceThickness": 1,
    "SoftwareVersions": "syngo_MR_B17",
    "StationName": "MININT-E41B04",
    "TxRefAmp": 380.027,
    "dataset": "ds001747",
    "modality": "T1w",
    "run_id": 1,
    "subject_id": "3950"
  },
  "cjv": 0.3259938612979185,
  "cnr": 4.167921775425003,
  "efc": 0.5903884392045804,
  "fber": -1.0,
  "fwhm_avg": 4.625466191276483,
  "fwhm_x": 4.389601773829449,
  "fwhm_y": 4.91705344,
  "fwhm_z": 4.56974336,
  "icvs_csf": 0.19512552831269872,
  "icvs_gm": 0.44239337538954504,
  "icvs_wm": 0.3624810962977562,
  "inu_med": 0.3874087333679199,
  "inu_range": 0.13373833298683163,
  "provenance": {
    "md5sum": "e8bff2adf616617bb2536fb04fc88409",
    "settings": {
      "testing": false
    },
    "software": "mriqc",
    "version": "22.0.1",
    "warnings": {
      "large_rot_frame": true,
      "small_air_mask": false
    },
    "webapi_port": null,
    "webapi_url": "https://mriqc.nimh.nih.gov/api/v1"
  },
  "qi_1": 0.0,
  "qi_2": 0.022141118676600253,
  "rpve_csf": 20.70404575713869,
  "rpve_gm": 9.878759566069252,
  "rpve_wm": 13.78445483342496,
  "size_x": 176,
  "size_y": 224,
  "size_z": 256,
  "snr_csf": 2.658936380803582,
  "snr_gm": 15.437736269691491,
  "snr_total": 15.582293456331774,
  "snr_wm": 28.65020771850025,
  "snrd_csf": 43.53477440409482,
  "snrd_gm": 106.85873303197374,
  "snrd_total": 97.62711913341165,
  "snrd_wm": 142.48784996416637,
  "spacing_x": 0.9999973177909851,
  "spacing_y": 0.9765625,
  "spacing_z": 0.9765625,
  "summary_bg_k": 12.326115522760574,
  "summary_bg_mad": 0.0,
  "summary_bg_mean": 2.085810218259839,
  "summary_bg_median": 0.0,
  "summary_bg_n": 1942887.0,
  "summary_bg_p05": 0.0,
  "summary_bg_p95": 10.092894952744246,
  "summary_bg_stdv": 4.598071390098305,
  "summary_csf_k": 1.1302349919330439,
  "summary_csf_mad": 90.97363484356691,
  "summary_csf_mean": 322.471928968753,
  "summary_csf_median": 305.54858600720763,
  "summary_csf_n": 38738.0,
  "summary_csf_p05": 136.67336381655187,
  "summary_csf_p95": 531.7675198199228,
  "summary_csf_stdv": 114.91235533274146,
  "summary_gm_k": 0.08783886215197656,
  "summary_gm_mad": 47.943552241617915,
  "summary_gm_mean": 748.0149834204376,
  "summary_gm_median": 749.9874577820301,
  "summary_gm_n": 47987.0,
  "summary_gm_p05": 665.7293596193194,
  "summary_gm_p95": 824.9560755155981,
  "summary_gm_stdv": 48.58093376863541,
  "summary_wm_k": 0.46884875976789964,
  "summary_wm_mad": 33.57537587107093,
  "summary_wm_mean": 1001.3455988934478,
  "summary_wm_median": 1000.0502282530069,
  "summary_wm_n": 233475.0,
  "summary_wm_p05": 946.5227356180549,
  "summary_wm_p95": 1060.356530930847,
  "summary_wm_stdv": 34.90543930473759,
  "tpm_overlap_csf": 0.15895007898607544,
  "tpm_overlap_gm": 0.4730568635588324,
  "tpm_overlap_wm": 0.516999951420731,
  "wm2max": 0.39763606596653756
}