{
  "bids_meta": {
    "AcquisitionMatrixPE": 215,
    "AcquisitionNumber": 1,
    "AcquisitionTime": "16:14:17.460000",
    "BaseResolution": 256,
    "ConversionSoftware": "dcm2niix",
    "ConversionSoftwareVersion": "v1.0.20180404 Clang8.0.0",
    "DeviceSerialNumber": "35002",
    "DwellTime": 9.8e-06,
    "EchoTime": 0.00226,
    "FlipAngle": 9,
    "ImageOrientationPatientDICOM": [
      0,
      1,
      0,
      0,
      0,
      -1
    ],
    "ImageType": [
      "ORIGINAL",
      "PRIMARY",
      "M",
      "ND",
      "NORM"
    ],
    "InPlanePhaseEncodingDirectionDICOM": "ROW",
    "InstitutionAddress": "University_Pkwy_1700_North_685_Provo_UT_US_84601",
    "InstitutionName": "Brigham_Young_University",
    "InstitutionalDepartmentName": "MRI",
    "InversionTime": 0.9,
    "MRAcquisitionType": "3D",
    "MagneticFieldStrength": 3,
    "Manufacturer": "Siemens",
    "ManufacturersModelName": "TrioTim",
    "Modality": "MR",
    "ParallelReductionFactorInPlane": 2,
    "PartialFourier": 0.875,
    "PatientPosition": "HFS",
    "PercentPhaseFOV": 87.5,
    "PhaseEncodingSteps": 226,
    "PhaseOversampling": 0.2,
    "PhaseResolution": 0.96,
    "PixelBandwidth": 199,
    "ProcedureStepDescription": "Research_KIRWAN",
    "ProtocolName": "t1_mpr_sag_iso_mprage_fast",
    "PulseSequenceDetails": "%SiemensSeq%_tfl",
    "ReceiveCoilName": "32Ch_Head",
    "ReconMatrixPE": 256,
    "RepetitionTime": 1.9,
    "SAR": 0.0923406,
    "ScanOptions": "IR_PFP",
    "ScanningSequence": "GR_IR",
    "SequenceName": "_tfl3d1_ns",
    "SequenceVariant": "SP_MP_OSP",
    "SeriesDescription": "t1_mpr_sag_iso_mprage_fast",
    "SeriesNumber": 6,
    "ShimSetting": [
      -2830,
      -22913,
      1923,
      -81,
      -87,
      -38,
      -253,
      388
    ],
    "SliceThickness": 1,
    "SoftwareVersions": "syngo_MR_B17",
    "StationName": "MININT-E41B04",
    "TxRefAmp": 401.658,
    "dataset": "ds001747",
    "modality": "T1w",
    "run_id": 1,
    "subject_id": "3899"
  },
  "cjv": 0.36520736277403165,
  "cnr": 3.6763545974374283,
  "efc": 0.5928400714765506,
  "fber": 28116.477600097656,
  "fwhm_avg": 4.617342346666667,
  "fwhm_x": 4.4241,
  "fwhm_y": 4.87327744,
  "fwhm_z": 4.554649599999999,
  "icvs_csf": 0.19131081465489141,
  "icvs_gm": 0.430226017506187,
  "icvs_wm": 0.3784631678389216,
  "inu_med": 0.41279274225234985,
  "inu_range": 0.13840454965829846,
  "provenance": {
    "md5sum": "ca0f24f684e65c1a47f9307179597907",
    "settings": {
      "testing": false
    },
    "software": "mriqc",
    "version": "22.0.1",
    "warnings": {
      "large_rot_frame": true,
      "small_air_mask": false
    },
    "webapi_port": null,
    "webapi_url": "https://mriqc.nimh.nih.gov/api/v1"
  },
  "qi_1": 2.730429476078366e-05,
  "qi_2": 0.018366312293847702,
  "rpve_csf": 18.726965776332925,
  "rpve_gm": 8.893735515949205,
  "rpve_wm": 11.725517174987761,
  "size_x": 176,
  "size_y": 224,
  "size_z": 256,
  "snr_csf": 2.8890098631316627,
  "snr_gm": 14.066606187924576,
  "snr_total": 13.326973211048015,
  "snr_wm": 23.025303582087812,
  "snrd_csf": 39.2883317448921,
  "snrd_gm": 94.53588538028833,
  "snrd_total": 86.78907775519504,
  "snrd_wm": 126.54301614040473,
  "spacing_x": 1.0,
  "spacing_y": 0.9765625,
  "spacing_z": 0.9765625,
  "summary_bg_k": 18.824864754187733,
  "summary_bg_mad": 0.0,
  "summary_bg_mean": 2.6103401527233316,
  "summary_bg_median": 0.0,
  "summary_bg_n": 2678532.0,
  "summary_bg_p05": 0.0,
  "summary_bg_p95": 12.790861316025257,
  "summary_bg_stdv": 5.177365068865626,
  "summary_csf_k": 2.214715555970736,
  "summary_csf_mad": 85.20702837404906,
  "summary_csf_mean": 314.6290468815643,
  "summary_csf_median": 310.4850171506405,
  "summary_csf_n": 44767.0,
  "summary_csf_p05": 117.60583719611168,
  "summary_csf_p95": 501.34569405913334,
  "summary_csf_stdv": 107.46988208816654,
  "summary_gm_k": 0.07378412590929084,
  "summary_gm_mad": 53.09852621846228,
  "summary_gm_mean": 746.336793732848,
  "summary_gm_median": 747.091431222856,
  "summary_gm_n": 34033.0,
  "summary_gm_p05": 657.835749655962,
  "summary_gm_p95": 831.1606813520193,
  "summary_gm_stdv": 53.11021330774325,
  "summary_wm_k": 1.0274045940373417,
  "summary_wm_mad": 39.27836186023237,
  "summary_wm_mean": 1001.9743657489316,
  "summary_wm_median": 1000.035094179213,
  "summary_wm_n": 264049.0,
  "summary_wm_p05": 935.4149619415402,
  "summary_wm_p95": 1075.6588714942336,
  "summary_wm_stdv": 43.43192249161025,
  "tpm_overlap_csf": 0.16706210319124976,
  "tpm_overlap_gm": 0.46240589529432063,
  "tpm_overlap_wm": 0.5171949452004821,
  "wm2max": 0.48973130651694946
}