{
  "bids_meta": {
    "AcquisitionMatrixPE": 215,
    "AcquisitionNumber": 1,
    "AcquisitionTime": "13:58:19.600000",
    "BaseResolution": 256,
    "ConversionSoftware": "dcm2niix",
    "ConversionSoftwareVersion": "v1.0.20180404 Clang8.0.0",
    "DeviceSerialNumber": "35002",
    "DwellTime": 9.8e-06,
    "EchoTime": 0.00226,
    "FlipAngle": 9,
    "ImageOrientationPatientDICOM": [
      0,
      1,
      0,
      0.0436194,
      0,
      -0.999048
    ],
    "ImageType": [
      "ORIGINAL",
      "PRIMARY",
      "M",
      "ND",
      "NORM"
    ],
    "InPlanePhaseEncodingDirectionDICOM": "ROW",
    "InstitutionAddress": "University_Pkwy_1700_North_685_Provo_UT_US_84601",
    "InstitutionName": "Brigham_Young_University",
    "InstitutionalDepartmentName": "MRI",
    "InversionTime": 0.9,
    "MRAcquisitionType": "3D",
    "MagneticFieldStrength": 3,
    "Manufacturer": "Siemens",
    "ManufacturersModelName": "TrioTim",
    "Modality": "MR",
    "ParallelReductionFactorInPlane": 2,
    "PartialFourier": 0.875,
    "PatientPosition": "HFS",
    "PercentPhaseFOV": 87.5,
    "PhaseEncodingSteps": 226,
    "PhaseOversampling": 0.2,
    "PhaseResolution": 0.96,
    "PixelBandwidth": 199,
    "ProcedureStepDescription": "Research_KIRWAN",
    "ProtocolName": "t1_mpr_sag_iso_mprage_fast",
    "PulseSequenceDetails": "%SiemensSeq%_tfl",
    "ReceiveCoilName": "32Ch_Head",
    "ReconMatrixPE": 256,
    "RepetitionTime": 1.9,
    "SAR": 0.12422,
    "ScanOptions": "IR_PFP",
    "ScanningSequence": "GR_IR",
    "SequenceName": "_tfl3d1_ns",
    "SequenceVariant": "SP_MP_OSP",
    "SeriesDescription": "t1_mpr_sag_iso_mprage_fast",
    "SeriesNumber": 6,
    "ShimSetting": [
      -2830,
      -22913,
      1923,
      -81,
      -87,
      -38,
      -253,
      388
    ],
    "SliceThickness": 1,
    "SoftwareVersions": "syngo_MR_B17",
    "StationName": "MININT-E41B04",
    "TxRefAmp": 392.367,
    "dataset": "ds001747",
    "modality": "T1w",
    "run_id": 1,
    "subject_id": "3955"
  },
  "cjv": 0.3307655263096783,
  "cnr": 4.142006684874706,
  "efc": 0.570779753010787,
  "fber": 26246.842182209904,
  "fwhm_avg": 4.531328071043819,
  "fwhm_x": 4.250107093131459,
  "fwhm_y": 4.82139136,
  "fwhm_z": 4.5224857599999995,
  "icvs_csf": 0.19757961635576252,
  "icvs_gm": 0.4623815541050425,
  "icvs_wm": 0.34003882953919495,
  "inu_med": 0.406859815120697,
  "inu_range": 0.12691959142684933,
  "provenance": {
    "md5sum": "8f44830206b63b2277a1c1a044eafe4e",
    "settings": {
      "testing": false
    },
    "software": "mriqc",
    "version": "22.0.1",
    "warnings": {
      "large_rot_frame": true,
      "small_air_mask": false
    },
    "webapi_port": null,
    "webapi_url": "https://mriqc.nimh.nih.gov/api/v1"
  },
  "qi_1": 0.00018794198770902607,
  "qi_2": 0.03275175609624053,
  "rpve_csf": 22.012815131129276,
  "rpve_gm": 10.127059284336536,
  "rpve_wm": 15.136211101562594,
  "size_x": 176,
  "size_y": 224,
  "size_z": 256,
  "snr_csf": 2.900888968237327,
  "snr_gm": 15.300922246626353,
  "snr_total": 15.340099150981194,
  "snr_wm": 27.818486238079906,
  "snrd_csf": 45.7283965563031,
  "snrd_gm": 119.45548731086905,
  "snrd_total": 108.28922586225902,
  "snrd_wm": 159.68379371960492,
  "spacing_x": 0.9999983310699463,
  "spacing_y": 0.9765625,
  "spacing_z": 0.9765625,
  "summary_bg_k": 8.94848990265175,
  "summary_bg_mad": 0.0,
  "summary_bg_mean": 2.1146906222586352,
  "summary_bg_median": 0.0,
  "summary_bg_n": 2081473.0,
  "summary_bg_p05": 0.0,
  "summary_bg_p95": 10.495603673160076,
  "summary_bg_stdv": 4.102877087009641,
  "summary_csf_k": 2.1210954739972454,
  "summary_csf_mad": 56.956152182558974,
  "summary_csf_mean": 289.62828637520056,
  "summary_csf_median": 286.3800430819392,
  "summary_csf_n": 44112.0,
  "summary_csf_p05": 85.42367777228355,
  "summary_csf_p95": 466.1202952522783,
  "summary_csf_stdv": 98.72035784312374,
  "summary_gm_k": 0.04196403520551151,
  "summary_gm_mad": 49.44611101924687,
  "summary_gm_mean": 745.9901105706263,
  "summary_gm_median": 748.1055575683713,
  "summary_gm_n": 52789.0,
  "summary_gm_p05": 663.7517019465565,
  "summary_gm_p95": 822.3852546066046,
  "summary_gm_stdv": 48.89237783628484,
  "summary_wm_k": 0.7480317206158738,
  "summary_wm_mad": 33.8853057288642,
  "summary_wm_mean": 1000.9665768055354,
  "summary_wm_median": 1000.0405692905188,
  "summary_wm_n": 186625.0,
  "summary_wm_p05": 944.0775242224336,
  "summary_wm_p95": 1060.5017302185297,
  "summary_wm_stdv": 35.94868108387068,
  "tpm_overlap_csf": 0.16605844550073934,
  "tpm_overlap_gm": 0.47677117740036035,
  "tpm_overlap_wm": 0.49443667889752163,
  "wm2max": 0.45218506642235456
}