{
  "bids_meta": {
    "AcquisitionMatrixPE": 215,
    "AcquisitionNumber": 1,
    "AcquisitionTime": "14:35:54.380000",
    "BaseResolution": 256,
    "ConversionSoftware": "dcm2niix",
    "ConversionSoftwareVersion": "v1.0.20180404 Clang8.0.0",
    "DeviceSerialNumber": "35002",
    "DwellTime": 9.8e-06,
    "EchoTime": 0.00226,
    "FlipAngle": 9,
    "ImageOrientationPatientDICOM": [
      1e-16,
      1,
      0,
      0.0627905,
      -1e-16,
      -0.998027
    ],
    "ImageType": [
      "ORIGINAL",
      "PRIMARY",
      "M",
      "ND",
      "NORM"
    ],
    "InPlanePhaseEncodingDirectionDICOM": "ROW",
    "InstitutionAddress": "University_Pkwy_1700_North_685_Provo_UT_US_84601",
    "InstitutionName": "Brigham_Young_University",
    "InstitutionalDepartmentName": "MRI",
    "InversionTime": 0.9,
    "MRAcquisitionType": "3D",
    "MagneticFieldStrength": 3,
    "Manufacturer": "Siemens",
    "ManufacturersModelName": "TrioTim",
    "Modality": "MR",
    "ParallelReductionFactorInPlane": 2,
    "PartialFourier": 0.875,
    "PatientPosition": "HFS",
    "PercentPhaseFOV": 87.5,
    "PhaseEncodingSteps": 226,
    "PhaseOversampling": 0.2,
    "PhaseResolution": 0.96,
    "PixelBandwidth": 199,
    "ProcedureStepDescription": "Research_KIRWAN",
    "ProtocolName": "t1_mpr_sag_iso_mprage_fast",
    "PulseSequenceDetails": "%SiemensSeq%_tfl",
    "ReceiveCoilName": "32Ch_Head",
    "ReconMatrixPE": 256,
    "RepetitionTime": 1.9,
    "SAR": 0.150926,
    "ScanOptions": "IR_PFP",
    "ScanningSequence": "GR_IR",
    "SequenceName": "_tfl3d1_ns",
    "SequenceVariant": "SP_MP_OSP",
    "SeriesDescription": "t1_mpr_sag_iso_mprage_fast",
    "SeriesNumber": 6,
    "ShimSetting": [
      -2830,
      -22913,
      1923,
      -81,
      -87,
      -38,
      -253,
      388
    ],
    "SliceThickness": 1,
    "SoftwareVersions": "syngo_MR_B17",
    "StationName": "MININT-E41B04",
    "TxRefAmp": 405.121,
    "dataset": "ds001747",
    "modality": "T1w",
    "run_id": 1,
    "subject_id": "3225"
  },
  "cjv": 0.3242142854547012,
  "cnr": 4.1449082187783866,
  "efc": 0.6144847807006675,
  "fber": -1.0,
  "fwhm_avg": 4.295424769634928,
  "fwhm_x": 4.022571268904784,
  "fwhm_y": 4.55435264,
  "fwhm_z": 4.3093504000000005,
  "icvs_csf": 0.20172653484784536,
  "icvs_gm": 0.46657015955600334,
  "icvs_wm": 0.33170330559615135,
  "inu_med": 0.48026950657367706,
  "inu_range": 0.18282091170549386,
  "provenance": {
    "md5sum": "06e588a2efa8cb496ab94bef23ee52ea",
    "settings": {
      "testing": false
    },
    "software": "mriqc",
    "version": "22.0.1",
    "warnings": {
      "large_rot_frame": true,
      "small_air_mask": false
    },
    "webapi_port": null,
    "webapi_url": "https://mriqc.nimh.nih.gov/api/v1"
  },
  "qi_1": 0.0,
  "qi_2": 0.008847026297892803,
  "rpve_csf": 19.59533197460218,
  "rpve_gm": 9.274475684843674,
  "rpve_wm": 14.53950780968331,
  "size_x": 176,
  "size_y": 224,
  "size_z": 256,
  "snr_csf": 2.931650304516822,
  "snr_gm": 14.246441617376984,
  "snr_total": 14.30785096073753,
  "snr_wm": 25.745460960318784,
  "snrd_csf": 40.35818413409241,
  "snrd_gm": 96.2486561884648,
  "snrd_total": 89.35359630600243,
  "snrd_wm": 131.4539485954501,
  "spacing_x": 0.9999971985816956,
  "spacing_y": 0.9765625,
  "spacing_z": 0.9765625,
  "summary_bg_k": 9.316721826900022,
  "summary_bg_mad": 0.0,
  "summary_bg_mean": 2.5194583255092775,
  "summary_bg_median": 0.0,
  "summary_bg_n": 2004451.0,
  "summary_bg_p05": 0.0,
  "summary_bg_p95": 10.92029120028019,
  "summary_bg_stdv": 4.98400375491568,
  "summary_csf_k": 0.9767171943163335,
  "summary_csf_mad": 78.04626196229157,
  "summary_csf_mean": 319.6179423045892,
  "summary_csf_median": 307.02818720787764,
  "summary_csf_n": 30852.0,
  "summary_csf_p05": 146.04956122152507,
  "summary_csf_p95": 516.3501023154702,
  "summary_csf_stdv": 104.72709206532757,
  "summary_gm_k": 0.060359558865593854,
  "summary_gm_mad": 51.2005619256168,
  "summary_gm_mean": 729.826834640318,
  "summary_gm_median": 732.2195253521204,
  "summary_gm_n": 47554.0,
  "summary_gm_p05": 641.1074290920048,
  "summary_gm_p95": 809.921597354114,
  "summary_gm_stdv": 51.39612024920874,
  "summary_wm_k": 1.0068783589044497,
  "summary_wm_mad": 35.63282350228737,
  "summary_wm_mean": 1000.4902794533343,
  "summary_wm_median": 1000.0466672256589,
  "summary_wm_n": 192475.0,
  "summary_wm_p05": 938.3983566462994,
  "summary_wm_p95": 1063.5150263383985,
  "summary_wm_stdv": 38.84350996482242,
  "tpm_overlap_csf": 0.17019531221402173,
  "tpm_overlap_gm": 0.48996604661457477,
  "tpm_overlap_wm": 0.5116093327503356,
  "wm2max": 0.40141444972318757
}