{
  "bids_meta": {
    "AcquisitionMatrixPE": 215,
    "AcquisitionNumber": 1,
    "AcquisitionTime": "15:41:36.580000",
    "BaseResolution": 256,
    "ConversionSoftware": "dcm2niix",
    "ConversionSoftwareVersion": "v1.0.20180404 Clang8.0.0",
    "DeviceSerialNumber": "35002",
    "DwellTime": 9.8e-06,
    "EchoTime": 0.00226,
    "FlipAngle": 9,
    "ImageOrientationPatientDICOM": [
      0,
      1,
      0,
      -0.0331552,
      0,
      -0.99945
    ],
    "ImageType": [
      "ORIGINAL",
      "PRIMARY",
      "M",
      "ND",
      "NORM"
    ],
    "InPlanePhaseEncodingDirectionDICOM": "ROW",
    "InstitutionAddress": "University_Pkwy_1700_North_685_Provo_UT_US_84601",
    "InstitutionName": "Brigham_Young_University",
    "InstitutionalDepartmentName": "MRI",
    "InversionTime": 0.9,
    "MRAcquisitionType": "3D",
    "MagneticFieldStrength": 3,
    "Manufacturer": "Siemens",
    "ManufacturersModelName": "TrioTim",
    "Modality": "MR",
    "ParallelReductionFactorInPlane": 2,
    "PartialFourier": 0.875,
    "PatientPosition": "HFS",
    "PercentPhaseFOV": 87.5,
    "PhaseEncodingSteps": 226,
    "PhaseOversampling": 0.2,
    "PhaseResolution": 0.96,
    "PixelBandwidth": 199,
    "ProcedureStepDescription": "Research_KIRWAN",
    "ProtocolName": "t1_mpr_sag_iso_mprage_fast",
    "PulseSequenceDetails": "%SiemensSeq%_tfl",
    "ReceiveCoilName": "32Ch_Head",
    "ReconMatrixPE": 256,
    "RepetitionTime": 1.9,
    "SAR": 0.137158,
    "ScanOptions": "IR_PFP",
    "ScanningSequence": "GR_IR",
    "SequenceName": "_tfl3d1_ns",
    "SequenceVariant": "SP_MP_OSP",
    "SeriesDescription": "t1_mpr_sag_iso_mprage_fast",
    "SeriesNumber": 6,
    "ShimSetting": [
      -2830,
      -22913,
      1923,
      -81,
      -87,
      -38,
      -253,
      388
    ],
    "SliceThickness": 1,
    "SoftwareVersions": "syngo_MR_B17",
    "StationName": "MININT-E41B04",
    "TxRefAmp": 383.854,
    "dataset": "ds001747",
    "modality": "T1w",
    "run_id": 1,
    "subject_id": "4128"
  },
  "cjv": 0.3238940243415154,
  "cnr": 4.2457632336484545,
  "efc": 0.5927324846082503,
  "fber": -1.0,
  "fwhm_avg": 4.533591535086841,
  "fwhm_x": 4.267157965260522,
  "fwhm_y": 4.862760959999999,
  "fwhm_z": 4.47085568,
  "icvs_csf": 0.1812911550061571,
  "icvs_gm": 0.4487915989889813,
  "icvs_wm": 0.3699172460048616,
  "inu_med": 0.36984390020370483,
  "inu_range": 0.1265513092279434,
  "provenance": {
    "md5sum": "ca289d80f513a4bfd37bd77974a1362f",
    "settings": {
      "testing": false
    },
    "software": "mriqc",
    "version": "22.0.1",
    "warnings": {
      "large_rot_frame": true,
      "small_air_mask": false
    },
    "webapi_port": null,
    "webapi_url": "https://mriqc.nimh.nih.gov/api/v1"
  },
  "qi_1": 0.0,
  "qi_2": 0.012189342627835246,
  "rpve_csf": 22.5301740529472,
  "rpve_gm": 9.979732753081665,
  "rpve_wm": 13.783456496222454,
  "size_x": 176,
  "size_y": 224,
  "size_z": 256,
  "snr_csf": 2.533176970483404,
  "snr_gm": 14.287338313778479,
  "snr_total": 15.444383090068724,
  "snr_wm": 29.512633985944287,
  "snrd_csf": 39.925613613372875,
  "snrd_gm": 97.37649657112546,
  "snrd_total": 89.80346351515539,
  "snrd_wm": 132.10828036096783,
  "spacing_x": 1.0000004768371582,
  "spacing_y": 0.9765625,
  "spacing_z": 0.9765625,
  "summary_bg_k": 20.3054346784122,
  "summary_bg_mad": 0.0,
  "summary_bg_mean": 1.890269053213821,
  "summary_bg_median": 0.0,
  "summary_bg_n": 2148071.0,
  "summary_bg_p05": 0.0,
  "summary_bg_p95": 10.266843613237143,
  "summary_bg_stdv": 4.9593213566843,
  "summary_csf_k": 0.35690791090268537,
  "summary_csf_mad": 101.00999525332286,
  "summary_csf_mean": 305.2981016986824,
  "summary_csf_median": 302.23316590487957,
  "summary_csf_n": 28526.0,
  "summary_csf_p05": 91.12415114790201,
  "summary_csf_p95": 516.7486909851432,
  "summary_csf_stdv": 119.30783829024946,
  "summary_gm_k": -0.05412635883415007,
  "summary_gm_mad": 52.60937252777232,
  "summary_gm_mean": 736.3552050230946,
  "summary_gm_median": 737.1309838443995,
  "summary_gm_n": 56254.0,
  "summary_gm_p05": 651.8262878321111,
  "summary_gm_p95": 819.7388591840863,
  "summary_gm_stdv": 51.59284506442362,
  "summary_wm_k": 0.37282236061343,
  "summary_wm_mad": 32.54766513718181,
  "summary_wm_mean": 1001.3303502417714,
  "summary_wm_median": 1000.0473431013525,
  "summary_wm_n": 236216.0,
  "summary_wm_p05": 948.0507480278611,
  "summary_wm_p95": 1059.2827726118267,
  "summary_wm_stdv": 33.885326086734246,
  "tpm_overlap_csf": 0.14760553063000667,
  "tpm_overlap_gm": 0.4757042540809532,
  "tpm_overlap_wm": 0.5236100331809637,
  "wm2max": 0.3892776897859958
}