{
  "bids_meta": {
    "AcquisitionMatrixPE": 215,
    "AcquisitionNumber": 1,
    "AcquisitionTime": "12:58:2.830000",
    "BaseResolution": 256,
    "ConversionSoftware": "dcm2niix",
    "ConversionSoftwareVersion": "v1.0.20180404 Clang8.0.0",
    "DeviceSerialNumber": "35002",
    "DwellTime": 9.8e-06,
    "EchoTime": 0.00226,
    "FlipAngle": 9,
    "ImageOrientationPatientDICOM": [
      0,
      1,
      0,
      0,
      0,
      -1
    ],
    "ImageType": [
      "ORIGINAL",
      "PRIMARY",
      "M",
      "ND",
      "NORM"
    ],
    "InPlanePhaseEncodingDirectionDICOM": "ROW",
    "InstitutionAddress": "University_Pkwy_1700_North_685_Provo_UT_US_84601",
    "InstitutionName": "Brigham_Young_University",
    "InstitutionalDepartmentName": "MRI",
    "InversionTime": 0.9,
    "MRAcquisitionType": "3D",
    "MagneticFieldStrength": 3,
    "Manufacturer": "Siemens",
    "ManufacturersModelName": "TrioTim",
    "Modality": "MR",
    "ParallelReductionFactorInPlane": 2,
    "PartialFourier": 0.875,
    "PatientPosition": "HFS",
    "PercentPhaseFOV": 87.5,
    "PhaseEncodingSteps": 226,
    "PhaseOversampling": 0.2,
    "PhaseResolution": 0.96,
    "PixelBandwidth": 199,
    "ProcedureStepDescription": "Research_KIRWAN",
    "ProtocolName": "t1_mpr_sag_iso_mprage_fast",
    "PulseSequenceDetails": "%SiemensSeq%_tfl",
    "ReceiveCoilName": "32Ch_Head",
    "ReconMatrixPE": 256,
    "RepetitionTime": 1.9,
    "SAR": 0.1054,
    "ScanOptions": "IR_PFP",
    "ScanningSequence": "GR_IR",
    "SequenceName": "_tfl3d1_ns",
    "SequenceVariant": "SP_MP_OSP",
    "SeriesDescription": "t1_mpr_sag_iso_mprage_fast",
    "SeriesNumber": 6,
    "ShimSetting": [
      -2830,
      -22913,
      1923,
      -81,
      -87,
      -38,
      -253,
      388
    ],
    "SliceThickness": 1,
    "SoftwareVersions": "syngo_MR_B17",
    "StationName": "MININT-E41B04",
    "TxRefAmp": 405.48,
    "dataset": "ds001747",
    "modality": "T1w",
    "run_id": 1,
    "subject_id": "3918"
  },
  "cjv": 0.3462168512019409,
  "cnr": 3.917232820695822,
  "efc": 0.5816268630211785,
  "fber": -1.0,
  "fwhm_avg": 4.5294209866666675,
  "fwhm_x": 4.35891,
  "fwhm_y": 4.738048,
  "fwhm_z": 4.491304960000001,
  "icvs_csf": 0.20064146906501445,
  "icvs_gm": 0.4422978249477136,
  "icvs_wm": 0.35706070598727196,
  "inu_med": 0.38127751648426056,
  "inu_range": 0.10512201339006422,
  "provenance": {
    "md5sum": "a2d8aa78e104e93f5a997e015fd388ca",
    "settings": {
      "testing": false
    },
    "software": "mriqc",
    "version": "22.0.1",
    "warnings": {
      "large_rot_frame": true,
      "small_air_mask": false
    },
    "webapi_port": null,
    "webapi_url": "https://mriqc.nimh.nih.gov/api/v1"
  },
  "qi_1": 0.0,
  "qi_2": 0.025683988731954478,
  "rpve_csf": 18.650997331741085,
  "rpve_gm": 9.049406749763742,
  "rpve_wm": 12.94006691300662,
  "size_x": 176,
  "size_y": 224,
  "size_z": 256,
  "snr_csf": 3.2886657533766446,
  "snr_gm": 13.747833315355868,
  "snr_total": 15.142460125219527,
  "snr_wm": 28.390881306926065,
  "snrd_csf": 44.53374075507619,
  "snrd_gm": 113.36171039949386,
  "snrd_total": 103.28359955277,
  "snrd_wm": 151.95534750373994,
  "spacing_x": 1.0,
  "spacing_y": 0.9765625,
  "spacing_z": 0.9765625,
  "summary_bg_k": 20.227484242452572,
  "summary_bg_mad": 0.0,
  "summary_bg_mean": 1.9313837500435829,
  "summary_bg_median": 0.0,
  "summary_bg_n": 2741700.0,
  "summary_bg_p05": 0.0,
  "summary_bg_p95": 9.866576939821243,
  "summary_bg_stdv": 4.311535549080231,
  "summary_csf_k": 2.1177143905815488,
  "summary_csf_mad": 58.235786029912816,
  "summary_csf_mean": 303.8306557415587,
  "summary_csf_median": 293.0821831896901,
  "summary_csf_n": 49246.0,
  "summary_csf_p05": 169.52573105692863,
  "summary_csf_p95": 474.6047748439014,
  "summary_csf_stdv": 89.11796742443244,
  "summary_gm_k": -0.012878793873909444,
  "summary_gm_mad": 54.57873381490402,
  "summary_gm_mean": 743.9025011673245,
  "summary_gm_median": 746.0477608814836,
  "summary_gm_n": 44236.0,
  "summary_gm_p05": 651.6238720994443,
  "summary_gm_p95": 829.7267978824675,
  "summary_gm_stdv": 54.26595676093821,
  "summary_wm_k": 0.606459741154973,
  "summary_wm_mad": 33.35674899144388,
  "summary_wm_mean": 1000.7432790225704,
  "summary_wm_median": 1000.0373702868819,
  "summary_wm_n": 241027.0,
  "summary_wm_p05": 944.4369668271393,
  "summary_wm_p95": 1059.2742053233087,
  "summary_wm_stdv": 35.22382010405771,
  "tpm_overlap_csf": 0.16723195628008194,
  "tpm_overlap_gm": 0.455404796126343,
  "tpm_overlap_wm": 0.4943632997336871,
  "wm2max": 0.48777083433192914
}