{
  "bids_meta": {
    "AcquisitionMatrixPE": 215,
    "AcquisitionNumber": 1,
    "AcquisitionTime": "14:04:35.177500",
    "BaseResolution": 256,
    "ConversionSoftware": "dcm2niix",
    "ConversionSoftwareVersion": "v1.0.20180404 Clang8.0.0",
    "DeviceSerialNumber": "35002",
    "DwellTime": 9.8e-06,
    "EchoTime": 0.00226,
    "FlipAngle": 9,
    "ImageOrientationPatientDICOM": [
      1e-16,
      1,
      0,
      -0.045363,
      -1e-16,
      -0.998971
    ],
    "ImageType": [
      "ORIGINAL",
      "PRIMARY",
      "M",
      "ND",
      "NORM"
    ],
    "InPlanePhaseEncodingDirectionDICOM": "ROW",
    "InstitutionAddress": "University_Pkwy_1700_North_685_Provo_UT_US_84601",
    "InstitutionName": "Brigham_Young_University",
    "InstitutionalDepartmentName": "MRI",
    "InversionTime": 0.9,
    "MRAcquisitionType": "3D",
    "MagneticFieldStrength": 3,
    "Manufacturer": "Siemens",
    "ManufacturersModelName": "TrioTim",
    "Modality": "MR",
    "ParallelReductionFactorInPlane": 2,
    "PartialFourier": 0.875,
    "PatientPosition": "HFS",
    "PercentPhaseFOV": 87.5,
    "PhaseEncodingSteps": 226,
    "PhaseOversampling": 0.2,
    "PhaseResolution": 0.96,
    "PixelBandwidth": 199,
    "ProcedureStepDescription": "Research_KIRWAN",
    "ProtocolName": "t1_mpr_sag_iso_mprage_fast",
    "PulseSequenceDetails": "%SiemensSeq%_tfl",
    "ReceiveCoilName": "32Ch_Head",
    "ReconMatrixPE": 256,
    "RepetitionTime": 1.9,
    "SAR": 0.117847,
    "ScanOptions": "IR_PFP",
    "ScanningSequence": "GR_IR",
    "SequenceName": "_tfl3d1_ns",
    "SequenceVariant": "SP_MP_OSP",
    "SeriesDescription": "t1_mpr_sag_iso_mprage_fast",
    "SeriesNumber": 6,
    "ShimSetting": [
      -2830,
      -22913,
      1923,
      -81,
      -87,
      -38,
      -253,
      388
    ],
    "SliceThickness": 1,
    "SoftwareVersions": "syngo_MR_B17",
    "StationName": "MININT-E41B04",
    "TxRefAmp": 395.167,
    "dataset": "ds001747",
    "modality": "T1w",
    "run_id": 1,
    "subject_id": "3896"
  },
  "cjv": 0.31548312099672854,
  "cnr": 4.284870514809196,
  "efc": 0.6132421064777044,
  "fber": -1.0,
  "fwhm_avg": 4.266796296251591,
  "fwhm_x": 4.044891928754772,
  "fwhm_y": 4.497090559999999,
  "fwhm_z": 4.2584064,
  "icvs_csf": 0.2031157606787202,
  "icvs_gm": 0.4548395602842419,
  "icvs_wm": 0.34204467903703795,
  "inu_med": 0.4005655199289322,
  "inu_range": 0.11924948990344997,
  "provenance": {
    "md5sum": "457d60f6f3c93d1018ca878c082b28b2",
    "settings": {
      "testing": false
    },
    "software": "mriqc",
    "version": "22.0.1",
    "warnings": {
      "large_rot_frame": true,
      "small_air_mask": false
    },
    "webapi_port": null,
    "webapi_url": "https://mriqc.nimh.nih.gov/api/v1"
  },
  "qi_1": 0.0,
  "qi_2": 0.01802099920650948,
  "rpve_csf": 19.360130546887703,
  "rpve_gm": 9.421071035592863,
  "rpve_wm": 14.15781609276724,
  "size_x": 176,
  "size_y": 224,
  "size_z": 256,
  "snr_csf": 2.820735197590585,
  "snr_gm": 14.770154731713278,
  "snr_total": 15.64014732243941,
  "snr_wm": 29.329552038014366,
  "snrd_csf": 43.49306177042192,
  "snrd_gm": 111.06365926791422,
  "snrd_total": 101.56626811178494,
  "snrd_wm": 150.14208329701867,
  "spacing_x": 0.9999995231628418,
  "spacing_y": 0.9765625,
  "spacing_z": 0.9765625,
  "summary_bg_k": 7.457960554837705,
  "summary_bg_mad": 0.0,
  "summary_bg_mean": 2.301608736008699,
  "summary_bg_median": 0.0,
  "summary_bg_n": 2190393.0,
  "summary_bg_p05": 0.0,
  "summary_bg_p95": 9.716941341757774,
  "summary_bg_stdv": 4.363627225468636,
  "summary_csf_k": 2.0378762675787963,
  "summary_csf_mad": 72.5328846924293,
  "summary_csf_mean": 304.0243948811473,
  "summary_csf_median": 289.69159469753504,
  "summary_csf_n": 42762.0,
  "summary_csf_p05": 139.24799418449402,
  "summary_csf_p95": 497.9700076010077,
  "summary_csf_stdv": 102.69954005969795,
  "summary_gm_k": 0.04694694293612667,
  "summary_gm_mad": 49.858528683224286,
  "summary_gm_mean": 737.767956385033,
  "summary_gm_median": 739.7549691051245,
  "summary_gm_n": 62441.0,
  "summary_gm_p05": 652.809467881918,
  "summary_gm_p95": 816.5188057050109,
  "summary_gm_stdv": 50.084041696693745,
  "summary_wm_k": 0.6243128185101265,
  "summary_wm_mad": 32.257716421935314,
  "summary_wm_mean": 1000.640850102691,
  "summary_wm_median": 1000.0422543510795,
  "summary_wm_n": 217615.0,
  "summary_wm_p05": 946.345591545105,
  "summary_wm_p95": 1057.1609704121947,
  "summary_wm_stdv": 34.09666657436359,
  "tpm_overlap_csf": 0.1700045982597315,
  "tpm_overlap_gm": 0.47923521206585107,
  "tpm_overlap_wm": 0.5108414381169767,
  "wm2max": 0.4498907155754063
}