{
  "bids_meta": {
    "AcquisitionMatrixPE": 215,
    "AcquisitionNumber": 1,
    "AcquisitionTime": "13:04:17.360000",
    "BaseResolution": 256,
    "ConversionSoftware": "dcm2niix",
    "ConversionSoftwareVersion": "v1.0.20180404 Clang8.0.0",
    "DeviceSerialNumber": "35002",
    "DwellTime": 9.8e-06,
    "EchoTime": 0.00226,
    "FlipAngle": 9,
    "ImageOrientationPatientDICOM": [
      0,
      1,
      0,
      0.0662739,
      0,
      -0.997801
    ],
    "ImageType": [
      "ORIGINAL",
      "PRIMARY",
      "M",
      "ND",
      "NORM"
    ],
    "InPlanePhaseEncodingDirectionDICOM": "ROW",
    "InstitutionAddress": "University_Pkwy_1700_North_685_Provo_UT_US_84601",
    "InstitutionName": "Brigham_Young_University",
    "InstitutionalDepartmentName": "MRI",
    "InversionTime": 0.9,
    "MRAcquisitionType": "3D",
    "MagneticFieldStrength": 3,
    "Manufacturer": "Siemens",
    "ManufacturersModelName": "TrioTim",
    "Modality": "MR",
    "ParallelReductionFactorInPlane": 2,
    "PartialFourier": 0.875,
    "PatientPosition": "HFS",
    "PercentPhaseFOV": 87.5,
    "PhaseEncodingSteps": 226,
    "PhaseOversampling": 0.2,
    "PhaseResolution": 0.96,
    "PixelBandwidth": 199,
    "ProcedureStepDescription": "Research_KIRWAN",
    "ProtocolName": "t1_mpr_sag_iso_mprage_fast",
    "PulseSequenceDetails": "%SiemensSeq%_tfl",
    "ReceiveCoilName": "32Ch_Head",
    "ReconMatrixPE": 256,
    "RepetitionTime": 1.9,
    "SAR": 0.1213,
    "ScanOptions": "IR_PFP",
    "ScanningSequence": "GR_IR",
    "SequenceName": "_tfl3d1_ns",
    "SequenceVariant": "SP_MP_OSP",
    "SeriesDescription": "t1_mpr_sag_iso_mprage_fast",
    "SeriesNumber": 6,
    "ShimSetting": [
      -2830,
      -22913,
      1923,
      -81,
      -87,
      -38,
      -253,
      388
    ],
    "SliceThickness": 1,
    "SoftwareVersions": "syngo_MR_B17",
    "StationName": "MININT-E41B04",
    "TxRefAmp": 401.073,
    "dataset": "ds001747",
    "modality": "T1w",
    "run_id": 1,
    "subject_id": "3947"
  },
  "cjv": 0.30703181714323663,
  "cnr": 4.373355125708198,
  "efc": 0.5357193960496471,
  "fber": -1.0,
  "fwhm_avg": 4.482897766126523,
  "fwhm_x": 4.293303858379566,
  "fwhm_y": 4.647147520000001,
  "fwhm_z": 4.508241920000001,
  "icvs_csf": 0.21444078998228794,
  "icvs_gm": 0.46423880197014544,
  "icvs_wm": 0.3213204080475666,
  "inu_med": 0.38789957761764526,
  "inu_range": 0.12247304022312167,
  "provenance": {
    "md5sum": "548552414800f1e6ebec8590a1128423",
    "settings": {
      "testing": false
    },
    "software": "mriqc",
    "version": "22.0.1",
    "warnings": {
      "large_rot_frame": true,
      "small_air_mask": false
    },
    "webapi_port": null,
    "webapi_url": "https://mriqc.nimh.nih.gov/api/v1"
  },
  "qi_1": 0.0,
  "qi_2": 0.024171031735527457,
  "rpve_csf": 22.1597293817284,
  "rpve_gm": 11.011082743992601,
  "rpve_wm": 17.602183393836736,
  "size_x": 176,
  "size_y": 224,
  "size_z": 256,
  "snr_csf": 2.9710069572950597,
  "snr_gm": 16.432164238545276,
  "snr_total": 16.40791174561994,
  "snr_wm": 29.82056404101949,
  "snrd_csf": 58.41644442092421,
  "snrd_gm": 149.69863917480754,
  "snrd_total": 135.7665194134097,
  "snrd_wm": 199.1844746444973,
  "spacing_x": 1.0000014305114746,
  "spacing_y": 0.9765625,
  "spacing_z": 0.9765625,
  "summary_bg_k": 11.30660662190701,
  "summary_bg_mad": 0.0,
  "summary_bg_mean": 1.4229097771770356,
  "summary_bg_median": 0.0,
  "summary_bg_n": 2683177.0,
  "summary_bg_p05": 0.0,
  "summary_bg_p95": 7.484248336404562,
  "summary_bg_stdv": 3.289093726513397,
  "summary_csf_k": 1.4696566042897743,
  "summary_csf_mad": 65.95765838836064,
  "summary_csf_mean": 307.8408561281339,
  "summary_csf_median": 293.27810341492295,
  "summary_csf_n": 39963.0,
  "summary_csf_p05": 155.3277418691665,
  "summary_csf_p95": 497.2290921505541,
  "summary_csf_stdv": 98.71213303671222,
  "summary_gm_k": 0.195930963295174,
  "summary_gm_mad": 45.21041373098898,
  "summary_gm_mean": 748.2399698622941,
  "summary_gm_median": 751.5577748045325,
  "summary_gm_n": 52260.0,
  "summary_gm_p05": 669.54433722049,
  "summary_gm_p95": 818.0457483977079,
  "summary_gm_stdv": 45.73655504507202,
  "summary_wm_k": 0.6807483126202847,
  "summary_wm_mad": 31.06925692472074,
  "summary_wm_mean": 1000.9354008790622,
  "summary_wm_median": 1000.0000091157854,
  "summary_wm_n": 159239.0,
  "summary_wm_p05": 947.7495125904679,
  "summary_wm_p95": 1057.0891592167318,
  "summary_wm_stdv": 33.53380129902892,
  "tpm_overlap_csf": 0.15583428603611837,
  "tpm_overlap_gm": 0.47879447616189313,
  "tpm_overlap_wm": 0.4968323583156376,
  "wm2max": 0.4768758300132802
}