{
  "bids_meta": {
    "AcquisitionMatrixPE": 215,
    "AcquisitionNumber": 1,
    "AcquisitionTime": "15:32:34.192500",
    "BaseResolution": 256,
    "ConversionSoftware": "dcm2niix",
    "ConversionSoftwareVersion": "v1.0.20180404 Clang8.0.0",
    "DeviceSerialNumber": "35002",
    "DwellTime": 9.8e-06,
    "EchoTime": 0.00226,
    "FlipAngle": 9,
    "ImageOrientationPatientDICOM": [
      0,
      1,
      0,
      0,
      0,
      -1
    ],
    "ImageType": [
      "ORIGINAL",
      "PRIMARY",
      "M",
      "ND",
      "NORM"
    ],
    "InPlanePhaseEncodingDirectionDICOM": "ROW",
    "InstitutionAddress": "University_Pkwy_1700_North_685_Provo_UT_US_84601",
    "InstitutionName": "Brigham_Young_University",
    "InstitutionalDepartmentName": "MRI",
    "InversionTime": 0.9,
    "MRAcquisitionType": "3D",
    "MagneticFieldStrength": 3,
    "Manufacturer": "Siemens",
    "ManufacturersModelName": "TrioTim",
    "Modality": "MR",
    "ParallelReductionFactorInPlane": 2,
    "PartialFourier": 0.875,
    "PatientPosition": "HFS",
    "PercentPhaseFOV": 87.5,
    "PhaseEncodingSteps": 226,
    "PhaseOversampling": 0.2,
    "PhaseResolution": 0.96,
    "PixelBandwidth": 199,
    "ProcedureStepDescription": "Research_KIRWAN",
    "ProtocolName": "t1_mpr_sag_iso_mprage_fast",
    "PulseSequenceDetails": "%SiemensSeq%_tfl",
    "ReceiveCoilName": "32Ch_Head",
    "ReconMatrixPE": 256,
    "RepetitionTime": 1.9,
    "SAR": 0.0889919,
    "ScanOptions": "IR_PFP",
    "ScanningSequence": "GR_IR",
    "SequenceName": "_tfl3d1_ns",
    "SequenceVariant": "SP_MP_OSP",
    "SeriesDescription": "t1_mpr_sag_iso_mprage_fast",
    "SeriesNumber": 6,
    "ShimSetting": [
      -2830,
      -22913,
      1923,
      -81,
      -87,
      -38,
      -253,
      388
    ],
    "SliceThickness": 1,
    "SoftwareVersions": "syngo_MR_B17",
    "StationName": "MININT-E41B04",
    "TxRefAmp": 386.049,
    "dataset": "ds001747",
    "modality": "T1w",
    "run_id": 1,
    "subject_id": "3915"
  },
  "cjv": 0.31639425178157826,
  "cnr": 4.2868757197639855,
  "efc": 0.5754725346120224,
  "fber": -1.0,
  "fwhm_avg": 4.502971546666666,
  "fwhm_x": 4.23213,
  "fwhm_y": 4.82536448,
  "fwhm_z": 4.45142016,
  "icvs_csf": 0.171441516752866,
  "icvs_gm": 0.4870559885158197,
  "icvs_wm": 0.3415024947313143,
  "inu_med": 0.44262397289276123,
  "inu_range": 0.15172378122806546,
  "provenance": {
    "md5sum": "687c1333d8311635a10863630343fe8b",
    "settings": {
      "testing": false
    },
    "software": "mriqc",
    "version": "22.0.1",
    "warnings": {
      "large_rot_frame": true,
      "small_air_mask": false
    },
    "webapi_port": null,
    "webapi_url": "https://mriqc.nimh.nih.gov/api/v1"
  },
  "qi_1": 0.0,
  "qi_2": 0.021878630898352337,
  "rpve_csf": 25.585738171514635,
  "rpve_gm": 10.183745749711862,
  "rpve_wm": 15.446011586762486,
  "size_x": 176,
  "size_y": 224,
  "size_z": 256,
  "snr_csf": 2.350297464403113,
  "snr_gm": 17.201334362728325,
  "snr_total": 15.040128558780973,
  "snr_wm": 25.568753849211483,
  "snrd_csf": 38.12266392498036,
  "snrd_gm": 98.12634805187705,
  "snrd_total": 89.12649386941989,
  "snrd_wm": 131.13046963140226,
  "spacing_x": 1.0,
  "spacing_y": 0.9765625,
  "spacing_z": 0.9765625,
  "summary_bg_k": 11.867735129417172,
  "summary_bg_mad": 0.0,
  "summary_bg_mean": 2.4237120427298713,
  "summary_bg_median": 0.0,
  "summary_bg_n": 2383646.0,
  "summary_bg_p05": 0.0,
  "summary_bg_p95": 11.505273342132568,
  "summary_bg_stdv": 4.996293522635808,
  "summary_csf_k": 0.5356437828034633,
  "summary_csf_mad": 90.97463350164857,
  "summary_csf_mean": 292.9070991183316,
  "summary_csf_median": 290.7364311218262,
  "summary_csf_n": 25464.0,
  "summary_csf_p05": 73.51276139616967,
  "summary_csf_p95": 516.8629909336566,
  "summary_csf_stdv": 123.69954301330583,
  "summary_gm_k": 0.07045804001828726,
  "summary_gm_mad": 43.76123553483319,
  "summary_gm_mean": 746.873872452105,
  "summary_gm_median": 748.3449815511703,
  "summary_gm_n": 60270.0,
  "summary_gm_p05": 673.6063606739044,
  "summary_gm_p95": 815.6416994333267,
  "summary_gm_stdv": 43.50469315194238,
  "summary_wm_k": 0.83674012870561,
  "summary_wm_mad": 35.87541350883463,
  "summary_wm_mean": 1001.0362039443906,
  "summary_wm_median": 1000.0456638336182,
  "summary_wm_n": 176328.0,
  "summary_wm_p05": 939.4146995544434,
  "summary_wm_p95": 1066.0183621644974,
  "summary_wm_stdv": 39.11191112297538,
  "tpm_overlap_csf": 0.1344375337179004,
  "tpm_overlap_gm": 0.48889216792151435,
  "tpm_overlap_wm": 0.5062159863007711,
  "wm2max": 0.3869659945682214
}