{
  "aor": 0.001265809987819732,
  "aqi": 0.029640461144945188,
  "bids_meta": {
    "AcquisitionMatrixPE": 100,
    "AcquisitionNumber": 1,
    "AcquisitionTime": "15:33:35.965000",
    "BandwidthPerPixelPhaseEncode": 13.889,
    "BaseResolution": 100,
    "ConversionSoftware": "dcm2niix",
    "ConversionSoftwareVersion": "v1.0.20180404 Clang8.0.0",
    "DerivedVendorReportedEchoSpacing": 0.000719994,
    "DeviceSerialNumber": "35002",
    "DwellTime": 2.8e-06,
    "EchoTime": 0.0436,
    "EffectiveEchoSpacing": 0.000719994,
    "FlipAngle": 55,
    "ImageComments": "Unaliased_MB8_PE3_(remote)",
    "ImageOrientationPatientDICOM": [
      1,
      0,
      0,
      0,
      0.904827,
      0.425779
    ],
    "ImageType": [
      "ORIGINAL",
      "PRIMARY",
      "M",
      "MB",
      "ND",
      "MOSAIC"
    ],
    "InPlanePhaseEncodingDirectionDICOM": "COL",
    "InstitutionAddress": "University_Pkwy_1700_North_685_Provo_UT_US_84601",
    "InstitutionName": "Brigham_Young_University",
    "InstitutionalDepartmentName": "MRI",
    "MRAcquisitionType": "2D",
    "MagneticFieldStrength": 3,
    "Manufacturer": "Siemens",
    "ManufacturersModelName": "TrioTim",
    "Modality": "MR",
    "MultibandAccelerationFactor": 8,
    "PartialFourier": 1,
    "PatientPosition": "HFS",
    "PercentPhaseFOV": 100,
    "PhaseEncodingDirection": "j-",
    "PhaseEncodingSteps": 100,
    "PhaseResolution": 1,
    "PixelBandwidth": 1786,
    "ProcedureStepDescription": "Research_KIRWAN",
    "ProtocolName": "Resting_State",
    "PulseSequenceDetails": "%CustomerSeq%_cmrr_mbep2d_bold",
    "ReceiveCoilName": "32Ch_Head",
    "ReconMatrixPE": 100,
    "RepetitionTime": 0.875,
    "SAR": 0.134467,
    "ScanOptions": "FS",
    "ScanningSequence": "EP",
    "SequenceName": "epfid2d1_100",
    "SequenceVariant": "SK_SS",
    "SeriesDescription": "Resting_State",
    "SeriesNumber": 3,
    "ShimSetting": [
      -2830,
      -22972,
      2340,
      708,
      -80,
      351,
      79,
      429
    ],
    "SliceThickness": 1.8,
    "SliceTiming": [
      0,
      0.4875,
      0.0975,
      0.585,
      0.195,
      0.6825,
      0.2925,
      0.78,
      0.39,
      0,
      0.4875,
      0.0975,
      0.585,
      0.195,
      0.6825,
      0.2925,
      0.78,
      0.39,
      0,
      0.4875,
      0.0975,
      0.585,
      0.195,
      0.6825,
      0.2925,
      0.78,
      0.39,
      0,
      0.4875,
      0.0975,
      0.585,
      0.195,
      0.6825,
      0.2925,
      0.78,
      0.39,
      0,
      0.4875,
      0.0975,
      0.585,
      0.195,
      0.6825,
      0.2925,
      0.78,
      0.39,
      0,
      0.4875,
      0.0975,
      0.585,
      0.195,
      0.6825,
      0.2925,
      0.78,
      0.39,
      0,
      0.4875,
      0.0975,
      0.585,
      0.195,
      0.6825,
      0.2925,
      0.78,
      0.39,
      0,
      0.4875,
      0.0975,
      0.585,
      0.195,
      0.6825,
      0.2925,
      0.78,
      0.39
    ],
    "SoftwareVersions": "syngo_MR_B17",
    "SpacingBetweenSlices": 1.8,
    "StationName": "MININT-E41B04",
    "TaskName": "rest",
    "TotalReadoutTime": 0.0712794,
    "TxRefAmp": 378.608,
    "dataset": "ds001747",
    "modality": "bold",
    "run_id": 1,
    "subject_id": "3884",
    "task_id": "rest"
  },
  "dummy_trs": 2,
  "dvars_nstd": 75.42130296296344,
  "dvars_std": 1.0456896991097553,
  "dvars_vstd": 0.9961514458780479,
  "efc": 0.5944650042784757,
  "fber": 264.9804992675781,
  "fd_mean": 0.13525084865464945,
  "fd_num": 137,
  "fd_perc": 16.68696711327649,
  "fwhm_avg": 3.4216223128642587,
  "fwhm_x": 3.247350086025399,
  "fwhm_y": 3.795161211648549,
  "fwhm_z": 3.222355640918828,
  "gcor": 0.00657717,
  "gsr_x": -0.004369852598756552,
  "gsr_y": 0.10293017327785492,
  "provenance": {
    "md5sum": "e0f01c7094d7898dfe2497678034fc2a",
    "settings": {
      "fd_thres": 0.2,
      "testing": false
    },
    "software": "mriqc",
    "version": "22.0.1",
    "webapi_port": null,
    "webapi_url": "https://mriqc.nimh.nih.gov/api/v1"
  },
  "size_t": 821,
  "size_x": 100,
  "size_y": 100,
  "size_z": 72,
  "snr": 2.225452563778343,
  "spacing_tr": 0.875,
  "spacing_x": 1.7999999523162842,
  "spacing_y": 1.7999999523162842,
  "spacing_z": 1.7999999523162842,
  "summary_bg_k": 44.53151983850207,
  "summary_bg_mad": 13.951990781899873,
  "summary_bg_mean": 43.21146774291992,
  "summary_bg_median": 22.560293197631836,
  "summary_bg_n": 429111.0,
  "summary_bg_p05": 11.532278060913086,
  "summary_bg_p95": 147.28380584716797,
  "summary_bg_stdv": 58.60551834106445,
  "summary_fg_k": 3.7670431134279507,
  "summary_fg_mad": 120.85196617426593,
  "summary_fg_mean": 415.1352233886719,
  "summary_fg_median": 372.25274658203125,
  "summary_fg_n": 189710.0,
  "summary_fg_p05": 230.7124954223633,
  "summary_fg_p95": 750.1249938964839,
  "summary_fg_stdv": 167.2701416015625,
  "tsnr": 16.7810859446181
}