{
  "aor": 0.00019475030450669914,
  "aqi": 0.015310451522533497,
  "bids_meta": {
    "AcquisitionMatrixPE": 100,
    "AcquisitionNumber": 1,
    "AcquisitionTime": "16:07:51.365000",
    "BandwidthPerPixelPhaseEncode": 13.889,
    "BaseResolution": 100,
    "ConversionSoftware": "dcm2niix",
    "ConversionSoftwareVersion": "v1.0.20180404 Clang8.0.0",
    "DerivedVendorReportedEchoSpacing": 0.000719994,
    "DeviceSerialNumber": "35002",
    "DwellTime": 2.8e-06,
    "EchoTime": 0.0436,
    "EffectiveEchoSpacing": 0.000719994,
    "FlipAngle": 55,
    "ImageComments": "Unaliased_MB8_PE3_(remote)",
    "ImageOrientationPatientDICOM": [
      1,
      0.000270524,
      -0.000772323,
      -5.2106e-08,
      0.943799,
      0.33052
    ],
    "ImageType": [
      "ORIGINAL",
      "PRIMARY",
      "M",
      "MB",
      "ND",
      "MOSAIC"
    ],
    "InPlanePhaseEncodingDirectionDICOM": "COL",
    "InstitutionAddress": "University_Pkwy_1700_North_685_Provo_UT_US_84601",
    "InstitutionName": "Brigham_Young_University",
    "InstitutionalDepartmentName": "MRI",
    "MRAcquisitionType": "2D",
    "MagneticFieldStrength": 3,
    "Manufacturer": "Siemens",
    "ManufacturersModelName": "TrioTim",
    "Modality": "MR",
    "MultibandAccelerationFactor": 8,
    "PartialFourier": 1,
    "PatientPosition": "HFS",
    "PercentPhaseFOV": 100,
    "PhaseEncodingDirection": "j-",
    "PhaseEncodingSteps": 100,
    "PhaseResolution": 1,
    "PixelBandwidth": 1786,
    "ProcedureStepDescription": "Research_KIRWAN",
    "ProtocolName": "Resting_State",
    "PulseSequenceDetails": "%CustomerSeq%_cmrr_mbep2d_bold",
    "ReceiveCoilName": "32Ch_Head",
    "ReconMatrixPE": 100,
    "RepetitionTime": 0.875,
    "SAR": 0.103715,
    "ScanOptions": "FS",
    "ScanningSequence": "EP",
    "SequenceName": "epfid2d1_100",
    "SequenceVariant": "SK_SS",
    "SeriesDescription": "Resting_State",
    "SeriesNumber": 3,
    "ShimSetting": [
      -2776,
      -22940,
      2428,
      1052,
      40,
      358,
      205,
      411
    ],
    "SliceThickness": 1.8,
    "SliceTiming": [
      0,
      0.4875,
      0.0975,
      0.585,
      0.195,
      0.6825,
      0.2925,
      0.78,
      0.39,
      0,
      0.4875,
      0.0975,
      0.585,
      0.195,
      0.6825,
      0.2925,
      0.78,
      0.39,
      0,
      0.4875,
      0.0975,
      0.585,
      0.195,
      0.6825,
      0.2925,
      0.78,
      0.39,
      0,
      0.4875,
      0.0975,
      0.585,
      0.195,
      0.6825,
      0.2925,
      0.78,
      0.39,
      0,
      0.4875,
      0.0975,
      0.585,
      0.195,
      0.6825,
      0.2925,
      0.78,
      0.39,
      0,
      0.4875,
      0.0975,
      0.585,
      0.195,
      0.6825,
      0.2925,
      0.78,
      0.39,
      0,
      0.4875,
      0.0975,
      0.585,
      0.195,
      0.6825,
      0.2925,
      0.78,
      0.39,
      0,
      0.4875,
      0.0975,
      0.585,
      0.195,
      0.6825,
      0.2925,
      0.78,
      0.39
    ],
    "SoftwareVersions": "syngo_MR_B17",
    "SpacingBetweenSlices": 1.8,
    "StationName": "MININT-E41B04",
    "TaskName": "rest",
    "TotalReadoutTime": 0.0712794,
    "TxRefAmp": 374.592,
    "dataset": "ds001747",
    "modality": "bold",
    "run_id": 1,
    "subject_id": "3890",
    "task_id": "rest"
  },
  "dummy_trs": 2,
  "dvars_nstd": 67.9336897735,
  "dvars_std": 1.057878247378049,
  "dvars_vstd": 0.9946586539146323,
  "efc": 0.5593252032756966,
  "fber": 386.8712463378906,
  "fd_mean": 0.11372975402243457,
  "fd_num": 9,
  "fd_perc": 1.0962241169305724,
  "fwhm_avg": 3.2184537889636124,
  "fwhm_x": 3.030327858054051,
  "fwhm_y": 3.528944537929549,
  "fwhm_z": 3.0960889709072372,
  "gcor": 0.0117039,
  "gsr_x": -0.024748513475060463,
  "gsr_y": 0.1391994208097458,
  "provenance": {
    "md5sum": "5fc2c95f4583514dd3187b3cd580be02",
    "settings": {
      "fd_thres": 0.2,
      "testing": false
    },
    "software": "mriqc",
    "version": "22.0.1",
    "webapi_port": null,
    "webapi_url": "https://mriqc.nimh.nih.gov/api/v1"
  },
  "size_t": 821,
  "size_x": 100,
  "size_y": 100,
  "size_z": 72,
  "snr": 1.9686962778290806,
  "spacing_tr": 0.875,
  "spacing_x": 1.7999999523162842,
  "spacing_y": 1.7999999523162842,
  "spacing_z": 1.7999999523162842,
  "summary_bg_k": 126.21620015546165,
  "summary_bg_mad": 10.42516755959704,
  "summary_bg_mean": 37.350982666015625,
  "summary_bg_median": 19.218027114868164,
  "summary_bg_n": 432625.0,
  "summary_bg_p05": 11.342266082763672,
  "summary_bg_p95": 110.45774078369139,
  "summary_bg_stdv": 64.54959869384766,
  "summary_fg_k": 7.4123322190071885,
  "summary_fg_mad": 137.05677494091466,
  "summary_fg_mean": 437.5151062011719,
  "summary_fg_median": 391.47381591796875,
  "summary_fg_n": 182521.0,
  "summary_fg_p05": 221.9817352294922,
  "summary_fg_p95": 825.79296875,
  "summary_fg_stdv": 198.84872436523438,
  "tsnr": 20.646815381012857
}