{
  "aor": 0.00026925880923450794,
  "aqi": 0.03362033839611179,
  "bids_meta": {
    "AcquisitionMatrixPE": 100,
    "AcquisitionNumber": 1,
    "AcquisitionTime": "16:08:0.200000",
    "BandwidthPerPixelPhaseEncode": 13.889,
    "BaseResolution": 100,
    "ConversionSoftware": "dcm2niix",
    "ConversionSoftwareVersion": "v1.0.20180404 Clang8.0.0",
    "DerivedVendorReportedEchoSpacing": 0.000719994,
    "DeviceSerialNumber": "35002",
    "DwellTime": 2.8e-06,
    "EchoTime": 0.0436,
    "EffectiveEchoSpacing": 0.000719994,
    "FlipAngle": 55,
    "ImageComments": "Unaliased_MB8_PE3_(remote)",
    "ImageOrientationPatientDICOM": [
      1,
      -1e-16,
      0,
      1e-16,
      0.898028,
      0.439939
    ],
    "ImageType": [
      "ORIGINAL",
      "PRIMARY",
      "M",
      "MB",
      "ND",
      "MOSAIC"
    ],
    "InPlanePhaseEncodingDirectionDICOM": "COL",
    "InstitutionAddress": "University_Pkwy_1700_North_685_Provo_UT_US_84601",
    "InstitutionName": "Brigham_Young_University",
    "InstitutionalDepartmentName": "MRI",
    "MRAcquisitionType": "2D",
    "MagneticFieldStrength": 3,
    "Manufacturer": "Siemens",
    "ManufacturersModelName": "TrioTim",
    "Modality": "MR",
    "MultibandAccelerationFactor": 8,
    "PartialFourier": 1,
    "PatientPosition": "HFS",
    "PercentPhaseFOV": 100,
    "PhaseEncodingDirection": "j-",
    "PhaseEncodingSteps": 100,
    "PhaseResolution": 1,
    "PixelBandwidth": 1786,
    "ProcedureStepDescription": "Research_KIRWAN",
    "ProtocolName": "Resting_State",
    "PulseSequenceDetails": "%CustomerSeq%_cmrr_mbep2d_bold",
    "ReceiveCoilName": "32Ch_Head",
    "ReconMatrixPE": 100,
    "RepetitionTime": 0.875,
    "SAR": 0.121975,
    "ScanOptions": "FS",
    "ScanningSequence": "EP",
    "SequenceName": "epfid2d1_100",
    "SequenceVariant": "SK_SS",
    "SeriesDescription": "Resting_State",
    "SeriesNumber": 3,
    "ShimSetting": [
      -2842,
      -22797,
      2181,
      938,
      -184,
      845,
      -214,
      490
    ],
    "SliceThickness": 1.8,
    "SliceTiming": [
      0,
      0.4875,
      0.0975,
      0.585,
      0.195,
      0.6825,
      0.2925,
      0.78,
      0.39,
      0,
      0.4875,
      0.0975,
      0.585,
      0.195,
      0.6825,
      0.2925,
      0.78,
      0.39,
      0,
      0.4875,
      0.0975,
      0.585,
      0.195,
      0.6825,
      0.2925,
      0.78,
      0.39,
      0,
      0.4875,
      0.0975,
      0.585,
      0.195,
      0.6825,
      0.2925,
      0.78,
      0.39,
      0,
      0.4875,
      0.0975,
      0.585,
      0.195,
      0.6825,
      0.2925,
      0.78,
      0.39,
      0,
      0.4875,
      0.0975,
      0.585,
      0.195,
      0.6825,
      0.2925,
      0.78,
      0.39,
      0,
      0.4875,
      0.0975,
      0.585,
      0.195,
      0.6825,
      0.2925,
      0.78,
      0.39,
      0,
      0.4875,
      0.0975,
      0.585,
      0.195,
      0.6825,
      0.2925,
      0.78,
      0.39
    ],
    "SoftwareVersions": "syngo_MR_B17",
    "SpacingBetweenSlices": 1.8,
    "StationName": "MININT-E41B04",
    "TaskName": "rest",
    "TotalReadoutTime": 0.0712794,
    "TxRefAmp": 342.674,
    "dataset": "ds001747",
    "modality": "bold",
    "run_id": 1,
    "subject_id": "3788",
    "task_id": "rest"
  },
  "dummy_trs": 0,
  "dvars_nstd": 72.10850314217758,
  "dvars_std": 1.018176841532845,
  "dvars_vstd": 0.9875225062043809,
  "efc": 0.5765512961586348,
  "fber": 444.38043212890625,
  "fd_mean": 0.13766860179931226,
  "fd_num": 39,
  "fd_perc": 4.738760631834751,
  "fwhm_avg": 2.772996310161885,
  "fwhm_x": 2.6032389578511705,
  "fwhm_y": 3.0162445243476372,
  "fwhm_z": 2.699505448286847,
  "gcor": 0.00827367,
  "gsr_x": -0.012799486517906189,
  "gsr_y": 0.08774083107709885,
  "provenance": {
    "md5sum": "6feb1cb6ac7a52d877869daf2ae2079a",
    "settings": {
      "fd_thres": 0.2,
      "testing": false
    },
    "software": "mriqc",
    "version": "22.0.1",
    "webapi_port": null,
    "webapi_url": "https://mriqc.nimh.nih.gov/api/v1"
  },
  "size_t": 823,
  "size_x": 100,
  "size_y": 100,
  "size_z": 72,
  "snr": 3.175771686280013,
  "spacing_tr": 0.875,
  "spacing_x": 1.7999999523162842,
  "spacing_y": 1.7999999523162842,
  "spacing_z": 1.8000000715255737,
  "summary_bg_k": 67.68148996309135,
  "summary_bg_mad": 6.8653674891284995,
  "summary_bg_mean": 25.003398895263672,
  "summary_bg_median": 14.006075859069824,
  "summary_bg_n": 444827.0,
  "summary_bg_p05": 8.681653022766113,
  "summary_bg_p95": 72.65589828491188,
  "summary_bg_stdv": 36.68096160888672,
  "summary_fg_k": 1.5360235488428415,
  "summary_fg_mad": 79.30480802090315,
  "summary_fg_mean": 314.04022216796875,
  "summary_fg_median": 298.62335205078125,
  "summary_fg_n": 176952.0,
  "summary_fg_p05": 185.3046859741211,
  "summary_fg_p95": 491.7157043457027,
  "summary_fg_stdv": 94.03147888183594,
  "tsnr": 16.574206643621437
}