{
  "aor": 0.00016521263669501824,
  "aqi": 0.018931443985419197,
  "bids_meta": {
    "AcquisitionMatrixPE": 100,
    "AcquisitionNumber": 1,
    "AcquisitionTime": "10:39:38.175000",
    "BandwidthPerPixelPhaseEncode": 13.889,
    "BaseResolution": 100,
    "ConversionSoftware": "dcm2niix",
    "ConversionSoftwareVersion": "v1.0.20180404 Clang8.0.0",
    "DerivedVendorReportedEchoSpacing": 0.000719994,
    "DeviceSerialNumber": "35002",
    "DwellTime": 2.8e-06,
    "EchoTime": 0.0436,
    "EffectiveEchoSpacing": 0.000719994,
    "FlipAngle": 55,
    "ImageComments": "Unaliased_MB8_PE3_(remote)",
    "ImageOrientationPatientDICOM": [
      0.993089,
      -0.0603062,
      0.100683,
      7.39269e-09,
      0.857882,
      0.513847
    ],
    "ImageType": [
      "ORIGINAL",
      "PRIMARY",
      "M",
      "MB",
      "ND",
      "MOSAIC"
    ],
    "InPlanePhaseEncodingDirectionDICOM": "COL",
    "InstitutionAddress": "University_Pkwy_1700_North_685_Provo_UT_US_84601",
    "InstitutionName": "Brigham_Young_University",
    "InstitutionalDepartmentName": "MRI",
    "MRAcquisitionType": "2D",
    "MagneticFieldStrength": 3,
    "Manufacturer": "Siemens",
    "ManufacturersModelName": "TrioTim",
    "Modality": "MR",
    "MultibandAccelerationFactor": 8,
    "PartialFourier": 1,
    "PatientPosition": "HFS",
    "PercentPhaseFOV": 100,
    "PhaseEncodingDirection": "j-",
    "PhaseEncodingSteps": 100,
    "PhaseResolution": 1,
    "PixelBandwidth": 1786,
    "ProcedureStepDescription": "Research_KIRWAN",
    "ProtocolName": "Resting_State",
    "PulseSequenceDetails": "%CustomerSeq%_cmrr_mbep2d_bold",
    "ReceiveCoilName": "32Ch_Head",
    "ReconMatrixPE": 100,
    "RepetitionTime": 0.875,
    "SAR": 0.104148,
    "ScanOptions": "FS",
    "ScanningSequence": "EP",
    "SequenceName": "epfid2d1_100",
    "SequenceVariant": "SK_SS",
    "SeriesDescription": "Resting_State",
    "SeriesNumber": 3,
    "ShimSetting": [
      -2800,
      -22834,
      2210,
      789,
      -18,
      740,
      -79,
      307
    ],
    "SliceThickness": 1.8,
    "SliceTiming": [
      0,
      0.4875,
      0.0975,
      0.585,
      0.195,
      0.6825,
      0.2925,
      0.78,
      0.39,
      0,
      0.4875,
      0.0975,
      0.585,
      0.195,
      0.6825,
      0.2925,
      0.78,
      0.39,
      0,
      0.4875,
      0.0975,
      0.585,
      0.195,
      0.6825,
      0.2925,
      0.78,
      0.39,
      0,
      0.4875,
      0.0975,
      0.585,
      0.195,
      0.6825,
      0.2925,
      0.78,
      0.39,
      0,
      0.4875,
      0.0975,
      0.585,
      0.195,
      0.6825,
      0.2925,
      0.78,
      0.39,
      0,
      0.4875,
      0.0975,
      0.585,
      0.195,
      0.6825,
      0.2925,
      0.78,
      0.39,
      0,
      0.4875,
      0.0975,
      0.585,
      0.195,
      0.6825,
      0.2925,
      0.78,
      0.39,
      0,
      0.4875,
      0.0975,
      0.585,
      0.195,
      0.6825,
      0.2925,
      0.78,
      0.39
    ],
    "SoftwareVersions": "syngo_MR_B17",
    "SpacingBetweenSlices": 1.8,
    "StationName": "MININT-E41B04",
    "TaskName": "rest",
    "TotalReadoutTime": 0.0712794,
    "TxRefAmp": 394.948,
    "dataset": "ds001747",
    "modality": "bold",
    "run_id": 1,
    "subject_id": "3935",
    "task_id": "rest"
  },
  "dummy_trs": 0,
  "dvars_nstd": 67.55943156336987,
  "dvars_std": 1.0454207628953778,
  "dvars_vstd": 0.9866595402433094,
  "efc": 0.5827692732580884,
  "fber": 305.2894287109375,
  "fd_mean": 0.0885240764631266,
  "fd_num": 8,
  "fd_perc": 0.9720534629404617,
  "fwhm_avg": 2.9999426720639337,
  "fwhm_x": 2.8612056313516203,
  "fwhm_y": 3.301116754116396,
  "fwhm_z": 2.837505630723785,
  "gcor": 0.00933275,
  "gsr_x": -0.007672065868973732,
  "gsr_y": 0.07581592351198196,
  "provenance": {
    "md5sum": "cde6b486e12568709a46edf1612f7277",
    "settings": {
      "fd_thres": 0.2,
      "testing": false
    },
    "software": "mriqc",
    "version": "22.0.1",
    "webapi_port": null,
    "webapi_url": "https://mriqc.nimh.nih.gov/api/v1"
  },
  "size_t": 823,
  "size_x": 100,
  "size_y": 100,
  "size_z": 72,
  "snr": 2.5540545254974694,
  "spacing_tr": 0.875,
  "spacing_x": 1.7999999523162842,
  "spacing_y": 1.7999999523162842,
  "spacing_z": 1.7999999523162842,
  "summary_bg_k": 34.110691712078506,
  "summary_bg_mad": 12.986733282458877,
  "summary_bg_mean": 33.93584060668945,
  "summary_bg_median": 20.58930778503418,
  "summary_bg_n": 435657.0,
  "summary_bg_p05": 10.60024356842041,
  "summary_bg_p95": 100.13633575439448,
  "summary_bg_stdv": 40.28763198852539,
  "summary_fg_k": 3.445151306226692,
  "summary_fg_mad": 108.43082903309448,
  "summary_fg_mean": 394.87237548828125,
  "summary_fg_median": 365.239990234375,
  "summary_fg_n": 183400.0,
  "summary_fg_p05": 224.42279052734375,
  "summary_fg_p95": 673.2872894287108,
  "summary_fg_stdv": 143.00360107421875,
  "tsnr": 20.41150676831603
}