{
  "aor": 0.0023917982989064396,
  "aqi": 0.02020999465370595,
  "bids_meta": {
    "AcquisitionMatrixPE": 100,
    "AcquisitionNumber": 1,
    "AcquisitionTime": "17:24:11.537500",
    "BandwidthPerPixelPhaseEncode": 13.889,
    "BaseResolution": 100,
    "ConversionSoftware": "dcm2niix",
    "ConversionSoftwareVersion": "v1.0.20180404 Clang8.0.0",
    "DerivedVendorReportedEchoSpacing": 0.000719994,
    "DeviceSerialNumber": "35002",
    "DwellTime": 2.8e-06,
    "EchoTime": 0.0436,
    "EffectiveEchoSpacing": 0.000719994,
    "FlipAngle": 55,
    "ImageComments": "Unaliased_MB8_PE3_(remote)",
    "ImageOrientationPatientDICOM": [
      1,
      0,
      0,
      0,
      0.921185,
      0.389124
    ],
    "ImageType": [
      "ORIGINAL",
      "PRIMARY",
      "M",
      "MB",
      "ND",
      "MOSAIC"
    ],
    "InPlanePhaseEncodingDirectionDICOM": "COL",
    "InstitutionAddress": "University_Pkwy_1700_North_685_Provo_UT_US_84601",
    "InstitutionName": "Brigham_Young_University",
    "InstitutionalDepartmentName": "MRI",
    "MRAcquisitionType": "2D",
    "MagneticFieldStrength": 3,
    "Manufacturer": "Siemens",
    "ManufacturersModelName": "TrioTim",
    "Modality": "MR",
    "MultibandAccelerationFactor": 8,
    "PartialFourier": 1,
    "PatientPosition": "HFS",
    "PercentPhaseFOV": 100,
    "PhaseEncodingDirection": "j-",
    "PhaseEncodingSteps": 100,
    "PhaseResolution": 1,
    "PixelBandwidth": 1786,
    "ProcedureStepDescription": "Research_KIRWAN",
    "ProtocolName": "Resting_State",
    "PulseSequenceDetails": "%CustomerSeq%_cmrr_mbep2d_bold",
    "ReceiveCoilName": "32Ch_Head",
    "ReconMatrixPE": 100,
    "RepetitionTime": 0.875,
    "SAR": 0.123081,
    "ScanOptions": "FS",
    "ScanningSequence": "EP",
    "SequenceName": "epfid2d1_100",
    "SequenceVariant": "SK_SS",
    "SeriesDescription": "Resting_State",
    "SeriesNumber": 3,
    "ShimSetting": [
      -2810,
      -22935,
      2027,
      464,
      -116,
      190,
      -171,
      368
    ],
    "SliceThickness": 1.8,
    "SliceTiming": [
      0,
      0.4875,
      0.0975,
      0.585,
      0.195,
      0.6825,
      0.2925,
      0.78,
      0.39,
      0,
      0.4875,
      0.0975,
      0.585,
      0.195,
      0.6825,
      0.2925,
      0.78,
      0.39,
      0,
      0.4875,
      0.0975,
      0.585,
      0.195,
      0.6825,
      0.2925,
      0.78,
      0.39,
      0,
      0.4875,
      0.0975,
      0.585,
      0.195,
      0.6825,
      0.2925,
      0.78,
      0.39,
      0,
      0.4875,
      0.0975,
      0.585,
      0.195,
      0.6825,
      0.2925,
      0.78,
      0.39,
      0,
      0.4875,
      0.0975,
      0.585,
      0.195,
      0.6825,
      0.2925,
      0.78,
      0.39,
      0,
      0.4875,
      0.0975,
      0.585,
      0.195,
      0.6825,
      0.2925,
      0.78,
      0.39,
      0,
      0.4875,
      0.0975,
      0.585,
      0.195,
      0.6825,
      0.2925,
      0.78,
      0.39
    ],
    "SoftwareVersions": "syngo_MR_B17",
    "SpacingBetweenSlices": 1.8,
    "StationName": "MININT-E41B04",
    "TaskName": "rest",
    "TotalReadoutTime": 0.0712794,
    "TxRefAmp": 387.634,
    "dataset": "ds001747",
    "modality": "bold",
    "run_id": 1,
    "subject_id": "3895",
    "task_id": "rest"
  },
  "dummy_trs": 0,
  "dvars_nstd": 72.30773670072995,
  "dvars_std": 1.096462170462287,
  "dvars_vstd": 1.0443668329075433,
  "efc": 0.5305767338466535,
  "fber": 559.4075317382812,
  "fd_mean": 0.22349279276462694,
  "fd_num": 353,
  "fd_perc": 42.891859052247874,
  "fwhm_avg": 3.0324833505490703,
  "fwhm_x": 2.9034167435809435,
  "fwhm_y": 3.334900088344682,
  "fwhm_z": 2.8591332197215866,
  "gcor": 0.0209167,
  "gsr_x": -0.016621926799416542,
  "gsr_y": 0.09300538897514343,
  "provenance": {
    "md5sum": "8800e7e745af7172189a2fa6a406b662",
    "settings": {
      "fd_thres": 0.2,
      "testing": false
    },
    "software": "mriqc",
    "version": "22.0.1",
    "webapi_port": null,
    "webapi_url": "https://mriqc.nimh.nih.gov/api/v1"
  },
  "size_t": 823,
  "size_x": 100,
  "size_y": 100,
  "size_z": 72,
  "snr": 2.400334698748794,
  "spacing_tr": 0.875,
  "spacing_x": 1.7999999523162842,
  "spacing_y": 1.7999999523162842,
  "spacing_z": 1.8000000715255737,
  "summary_bg_k": 28.93767840384372,
  "summary_bg_mad": 6.885183573124658,
  "summary_bg_mean": 29.552988052368164,
  "summary_bg_median": 15.302552223205566,
  "summary_bg_n": 479110.0,
  "summary_bg_p05": 10.006075859069824,
  "summary_bg_p95": 96.40340423583984,
  "summary_bg_stdv": 38.743431091308594,
  "summary_fg_k": 2.7721668680677984,
  "summary_fg_mad": 113.34432426691845,
  "summary_fg_mean": 401.51300048828125,
  "summary_fg_median": 365.8438720703125,
  "summary_fg_n": 148284.0,
  "summary_fg_p05": 226.218115234375,
  "summary_fg_p95": 711.8435760498047,
  "summary_fg_stdv": 152.41317749023438,
  "tsnr": 18.981782955117524
}