{
  "bids_meta": {
    "AcquisitionMatrixPE": 215,
    "AcquisitionNumber": 1,
    "AcquisitionTime": "17:28:0.502500",
    "BaseResolution": 256,
    "ConversionSoftware": "dcm2niix",
    "ConversionSoftwareVersion": "v1.0.20180404 Clang8.0.0",
    "DeviceSerialNumber": "35002",
    "DwellTime": 9.8e-06,
    "EchoTime": 0.00226,
    "FlipAngle": 9,
    "ImageOrientationPatientDICOM": [
      -0.0941083,
      0.995562,
      0,
      0,
      -2e-16,
      -1
    ],
    "ImageType": [
      "ORIGINAL",
      "PRIMARY",
      "M",
      "ND",
      "NORM"
    ],
    "InPlanePhaseEncodingDirectionDICOM": "ROW",
    "InstitutionAddress": "University_Pkwy_1700_North_685_Provo_UT_US_84601",
    "InstitutionName": "Brigham_Young_University",
    "InstitutionalDepartmentName": "MRI",
    "InversionTime": 0.9,
    "MRAcquisitionType": "3D",
    "MagneticFieldStrength": 3,
    "Manufacturer": "Siemens",
    "ManufacturersModelName": "TrioTim",
    "Modality": "MR",
    "ParallelReductionFactorInPlane": 2,
    "PartialFourier": 0.875,
    "PatientPosition": "HFS",
    "PercentPhaseFOV": 87.5,
    "PhaseEncodingSteps": 226,
    "PhaseOversampling": 0.2,
    "PhaseResolution": 0.96,
    "PixelBandwidth": 199,
    "ProcedureStepDescription": "Research_KIRWAN",
    "ProtocolName": "t1_mpr_sag_iso_mprage_fast",
    "PulseSequenceDetails": "%SiemensSeq%_tfl",
    "ReceiveCoilName": "32Ch_Head",
    "ReconMatrixPE": 256,
    "RepetitionTime": 1.9,
    "SAR": 0.104435,
    "ScanOptions": "IR_PFP",
    "ScanningSequence": "GR_IR",
    "SequenceName": "_tfl3d1_ns",
    "SequenceVariant": "SP_MP_OSP",
    "SeriesDescription": "t1_mpr_sag_iso_mprage_fast",
    "SeriesNumber": 6,
    "ShimSetting": [
      -2837,
      -22915,
      1912,
      -81,
      -83,
      -37,
      -275,
      390
    ],
    "SliceThickness": 1,
    "SoftwareVersions": "syngo_MR_B17",
    "StationName": "MININT-E41B04",
    "TxRefAmp": 327.158,
    "dataset": "ds001747",
    "modality": "T1w",
    "run_id": 1,
    "subject_id": "3156"
  },
  "cjv": 0.35247828418626215,
  "cnr": 3.92630218215896,
  "efc": 0.5574906416481779,
  "fber": -1.0,
  "fwhm_avg": 4.48899076198208,
  "fwhm_x": 4.21104652594624,
  "fwhm_y": 4.77261824,
  "fwhm_z": 4.48330752,
  "icvs_csf": 0.18756900332082296,
  "icvs_gm": 0.4726156955420231,
  "icvs_wm": 0.33981530113715397,
  "inu_med": 0.43739767372608185,
  "inu_range": 0.16624189168214798,
  "provenance": {
    "md5sum": "fc9f66ab4eca457aa5af8f8f5c23f2f7",
    "settings": {
      "testing": false
    },
    "software": "mriqc",
    "version": "22.0.1",
    "warnings": {
      "large_rot_frame": true,
      "small_air_mask": false
    },
    "webapi_port": null,
    "webapi_url": "https://mriqc.nimh.nih.gov/api/v1"
  },
  "qi_1": 0.0,
  "qi_2": 0.03251512637749928,
  "rpve_csf": 20.405228878121992,
  "rpve_gm": 8.983928505055431,
  "rpve_wm": 13.61834932633211,
  "size_x": 176,
  "size_y": 224,
  "size_z": 256,
  "snr_csf": 3.0335412071357184,
  "snr_gm": 16.019180575033776,
  "snr_total": 14.99590910854122,
  "snr_wm": 25.935005543454164,
  "snrd_csf": 56.09059616766526,
  "snrd_gm": 143.20406236691858,
  "snrd_total": 129.269753155913,
  "snrd_wm": 188.51460093315515,
  "spacing_x": 0.9999984502792358,
  "spacing_y": 0.9765625,
  "spacing_z": 0.9765625,
  "summary_bg_k": 19.887891542166365,
  "summary_bg_mad": 0.0,
  "summary_bg_mean": 1.3356358704935307,
  "summary_bg_median": 0.0,
  "summary_bg_n": 2983564.0,
  "summary_bg_p05": 0.0,
  "summary_bg_p95": 7.939133405685425,
  "summary_bg_stdv": 3.4753992221829617,
  "summary_csf_k": 19.77224079218872,
  "summary_csf_mad": 55.419799101323726,
  "summary_csf_mean": 310.5243698405331,
  "summary_csf_median": 297.552104100585,
  "summary_csf_n": 46895.0,
  "summary_csf_p05": 183.44773622043436,
  "summary_csf_p95": 496.49355535805154,
  "summary_csf_stdv": 98.08633251734314,
  "summary_gm_k": -0.09358838532355573,
  "summary_gm_mad": 48.36971403865533,
  "summary_gm_mean": 758.374202908745,
  "summary_gm_median": 759.6758277565241,
  "summary_gm_n": 67054.0,
  "summary_gm_p05": 679.3334516771138,
  "summary_gm_p95": 834.7667978852987,
  "summary_gm_stdv": 47.42253572335123,
  "summary_wm_k": 0.4832090570170626,
  "summary_wm_mad": 36.35391688836833,
  "summary_wm_mean": 1002.2076233599387,
  "summary_wm_median": 1000.0413615442812,
  "summary_wm_n": 205881.0,
  "summary_wm_p05": 943.0615394972265,
  "summary_wm_p95": 1069.467429190874,
  "summary_wm_stdv": 38.55942622329216,
  "tpm_overlap_csf": 0.17318995433919815,
  "tpm_overlap_gm": 0.47888121183641774,
  "tpm_overlap_wm": 0.5103135337680714,
  "wm2max": 0.41832624581546446
}