{
  "bids_meta": {
    "AcquisitionMatrixPE": 215,
    "AcquisitionNumber": 1,
    "AcquisitionTime": "14:07:25.267500",
    "BaseResolution": 256,
    "ConversionSoftware": "dcm2niix",
    "ConversionSoftwareVersion": "v1.0.20180404 Clang8.0.0",
    "DeviceSerialNumber": "35002",
    "DwellTime": 9.8e-06,
    "EchoTime": 0.00226,
    "FlipAngle": 9,
    "ImageOrientationPatientDICOM": [
      0,
      1,
      0,
      0,
      0,
      -1
    ],
    "ImageType": [
      "ORIGINAL",
      "PRIMARY",
      "M",
      "ND",
      "NORM"
    ],
    "InPlanePhaseEncodingDirectionDICOM": "ROW",
    "InstitutionAddress": "University_Pkwy_1700_North_685_Provo_UT_US_84601",
    "InstitutionName": "Brigham_Young_University",
    "InstitutionalDepartmentName": "MRI",
    "InversionTime": 0.9,
    "MRAcquisitionType": "3D",
    "MagneticFieldStrength": 3,
    "Manufacturer": "Siemens",
    "ManufacturersModelName": "TrioTim",
    "Modality": "MR",
    "ParallelReductionFactorInPlane": 2,
    "PartialFourier": 0.875,
    "PatientPosition": "HFS",
    "PercentPhaseFOV": 87.5,
    "PhaseEncodingSteps": 226,
    "PhaseOversampling": 0.2,
    "PhaseResolution": 0.96,
    "PixelBandwidth": 199,
    "ProcedureStepDescription": "Research_KIRWAN",
    "ProtocolName": "t1_mpr_sag_iso_mprage_fast",
    "PulseSequenceDetails": "%SiemensSeq%_tfl",
    "ReceiveCoilName": "32Ch_Head",
    "ReconMatrixPE": 256,
    "RepetitionTime": 1.9,
    "SAR": 0.127076,
    "ScanOptions": "IR_PFP",
    "ScanningSequence": "GR_IR",
    "SequenceName": "_tfl3d1_ns",
    "SequenceVariant": "SP_MP_OSP",
    "SeriesDescription": "t1_mpr_sag_iso_mprage_fast",
    "SeriesNumber": 6,
    "ShimSetting": [
      -2830,
      -22913,
      1923,
      -81,
      -87,
      -38,
      -253,
      388
    ],
    "SliceThickness": 1,
    "SoftwareVersions": "syngo_MR_B17",
    "StationName": "MININT-E41B04",
    "TxRefAmp": 376.747,
    "dataset": "ds001747",
    "modality": "T1w",
    "run_id": 1,
    "subject_id": "3882"
  },
  "cjv": 0.3350110782200158,
  "cnr": 4.064465121482547,
  "efc": 0.6036548827013898,
  "fber": -1.0,
  "fwhm_avg": 4.771078613333334,
  "fwhm_x": 4.59352,
  "fwhm_y": 5.01274624,
  "fwhm_z": 4.706969600000001,
  "icvs_csf": 0.1680982130035481,
  "icvs_gm": 0.46408607225150056,
  "icvs_wm": 0.36781571474495134,
  "inu_med": 0.4598972350358963,
  "inu_range": 0.18492844104766848,
  "provenance": {
    "md5sum": "913230b77708a3c1f519fd7f39472e92",
    "settings": {
      "testing": false
    },
    "software": "mriqc",
    "version": "22.0.1",
    "warnings": {
      "large_rot_frame": true,
      "small_air_mask": false
    },
    "webapi_port": null,
    "webapi_url": "https://mriqc.nimh.nih.gov/api/v1"
  },
  "qi_1": 0.0005060658514719855,
  "qi_2": 0.008801760811846587,
  "rpve_csf": 23.371670721949148,
  "rpve_gm": 9.462526194702589,
  "rpve_wm": 13.051030082375249,
  "size_x": 176,
  "size_y": 224,
  "size_z": 256,
  "snr_csf": 2.9470381168666924,
  "snr_gm": 16.98194974338356,
  "snr_total": 14.927954553036848,
  "snr_wm": 24.85487579886029,
  "snrd_csf": 29.933797251230065,
  "snrd_gm": 77.70458037296015,
  "snrd_total": 70.18912891364276,
  "snrd_wm": 102.92900911673809,
  "spacing_x": 1.0,
  "spacing_y": 0.9765625,
  "spacing_z": 0.9765625,
  "summary_bg_k": 264.72069331073175,
  "summary_bg_mad": 0.0,
  "summary_bg_mean": 2.454095972719547,
  "summary_bg_median": 0.0,
  "summary_bg_n": 1949147.0,
  "summary_bg_p05": 0.0,
  "summary_bg_p95": 10.603829026222229,
  "summary_bg_stdv": 6.364934407937616,
  "summary_csf_k": 2.0281850776062367,
  "summary_csf_mad": 69.43556693861268,
  "summary_csf_mean": 309.7224961299144,
  "summary_csf_median": 290.8198294043541,
  "summary_csf_n": 29582.0,
  "summary_csf_p05": 178.25478419288993,
  "summary_csf_p95": 500.6357324905692,
  "summary_csf_stdv": 98.68040464496704,
  "summary_gm_k": 0.0403500014326208,
  "summary_gm_mad": 44.61635485678153,
  "summary_gm_mean": 753.6917996198162,
  "summary_gm_median": 754.9337165057659,
  "summary_gm_n": 66242.0,
  "summary_gm_p05": 679.4305264949799,
  "summary_gm_p95": 824.3495231866837,
  "summary_gm_stdv": 44.45473161745404,
  "summary_wm_k": 0.5983197504038098,
  "summary_wm_mad": 37.483560768747935,
  "summary_wm_mean": 1002.4566191293012,
  "summary_wm_median": 999.999987334013,
  "summary_wm_n": 238445.0,
  "summary_wm_p05": 940.5989080667496,
  "summary_wm_p95": 1072.7540364861488,
  "summary_wm_stdv": 40.23346962200754,
  "tpm_overlap_csf": 0.1636451689325143,
  "tpm_overlap_gm": 0.49006159794322535,
  "tpm_overlap_wm": 0.5189210587197938,
  "wm2max": 0.38647817042940846
}