{
  "bids_meta": {
    "AcquisitionMatrixPE": 215,
    "AcquisitionNumber": 1,
    "AcquisitionTime": "13:06:31.707500",
    "BaseResolution": 256,
    "ConversionSoftware": "dcm2niix",
    "ConversionSoftwareVersion": "v1.0.20180404 Clang8.0.0",
    "DeviceSerialNumber": "35002",
    "DwellTime": 9.8e-06,
    "EchoTime": 0.00226,
    "FlipAngle": 9,
    "ImageOrientationPatientDICOM": [
      0,
      1,
      0,
      0,
      0,
      -1
    ],
    "ImageType": [
      "ORIGINAL",
      "PRIMARY",
      "M",
      "ND",
      "NORM"
    ],
    "InPlanePhaseEncodingDirectionDICOM": "ROW",
    "InstitutionAddress": "University_Pkwy_1700_North_685_Provo_UT_US_84601",
    "InstitutionName": "Brigham_Young_University",
    "InstitutionalDepartmentName": "MRI",
    "InversionTime": 0.9,
    "MRAcquisitionType": "3D",
    "MagneticFieldStrength": 3,
    "Manufacturer": "Siemens",
    "ManufacturersModelName": "TrioTim",
    "Modality": "MR",
    "ParallelReductionFactorInPlane": 2,
    "PartialFourier": 0.875,
    "PatientPosition": "HFS",
    "PercentPhaseFOV": 87.5,
    "PhaseEncodingSteps": 226,
    "PhaseOversampling": 0.2,
    "PhaseResolution": 0.96,
    "PixelBandwidth": 199,
    "ProcedureStepDescription": "Research_KIRWAN",
    "ProtocolName": "t1_mpr_sag_iso_mprage_fast",
    "PulseSequenceDetails": "%SiemensSeq%_tfl",
    "ReceiveCoilName": "32Ch_Head",
    "ReconMatrixPE": 256,
    "RepetitionTime": 1.9,
    "SAR": 0.0895366,
    "ScanOptions": "IR_PFP",
    "ScanningSequence": "GR_IR",
    "SequenceName": "_tfl3d1_ns",
    "SequenceVariant": "SP_MP_OSP",
    "SeriesDescription": "t1_mpr_sag_iso_mprage_fast",
    "SeriesNumber": 6,
    "ShimSetting": [
      -2830,
      -22913,
      1923,
      -81,
      -87,
      -38,
      -253,
      388
    ],
    "SliceThickness": 1,
    "SoftwareVersions": "syngo_MR_B17",
    "StationName": "MININT-E41B04",
    "TxRefAmp": 409.316,
    "dataset": "ds001747",
    "modality": "T1w",
    "run_id": 1,
    "subject_id": "3965"
  },
  "cjv": 0.3308226634709983,
  "cnr": 4.061497002898439,
  "efc": 0.5955411347755776,
  "fber": -1.0,
  "fwhm_avg": 4.645709386666666,
  "fwhm_x": 4.38798,
  "fwhm_y": 4.901888,
  "fwhm_z": 4.64726016,
  "icvs_csf": 0.20290076421128395,
  "icvs_gm": 0.4544536601882341,
  "icvs_wm": 0.342645575600482,
  "inu_med": 0.411203533411026,
  "inu_range": 0.12908576130867006,
  "provenance": {
    "md5sum": "db5db6ce7c63b2cfe7b5ca216de10134",
    "settings": {
      "testing": false
    },
    "software": "mriqc",
    "version": "22.0.1",
    "warnings": {
      "large_rot_frame": true,
      "small_air_mask": false
    },
    "webapi_port": null,
    "webapi_url": "https://mriqc.nimh.nih.gov/api/v1"
  },
  "qi_1": 2.41222848214658e-06,
  "qi_2": 0.012747800888323134,
  "rpve_csf": 17.793820213718497,
  "rpve_gm": 8.484575839883671,
  "rpve_wm": 12.696434061647995,
  "size_x": 176,
  "size_y": 224,
  "size_z": 256,
  "snr_csf": 2.838391921481586,
  "snr_gm": 14.361374623947059,
  "snr_total": 15.127355626683018,
  "snr_wm": 28.182300334620408,
  "snrd_csf": 42.82467642547496,
  "snrd_gm": 111.48011005996656,
  "snrd_total": 101.36203355193709,
  "snrd_wm": 149.7813141703697,
  "spacing_x": 1.0,
  "spacing_y": 0.9765625,
  "spacing_z": 0.9765625,
  "summary_bg_k": 17.724602288659135,
  "summary_bg_mad": 0.0,
  "summary_bg_mean": 2.036261049965318,
  "summary_bg_median": 0.0,
  "summary_bg_n": 2632917.0,
  "summary_bg_p05": 0.0,
  "summary_bg_p95": 9.07703123986721,
  "summary_bg_stdv": 4.3741333984149975,
  "summary_csf_k": 1.2499789933497034,
  "summary_csf_mad": 66.43173884494342,
  "summary_csf_mean": 296.34799226879653,
  "summary_csf_median": 285.9264840558171,
  "summary_csf_n": 49380.0,
  "summary_csf_p05": 112.5964466072619,
  "summary_csf_p95": 482.7763472238554,
  "summary_csf_stdv": 100.73435832181613,
  "summary_gm_k": 0.05551203949204364,
  "summary_gm_mad": 51.68952055614843,
  "summary_gm_mean": 741.5872836478977,
  "summary_gm_median": 744.3165616691113,
  "summary_gm_n": 66979.0,
  "summary_gm_p05": 652.8861015439034,
  "summary_gm_p95": 822.2593785565346,
  "summary_gm_stdv": 51.82728149605638,
  "summary_wm_k": 0.7659498678519632,
  "summary_wm_mad": 32.9100142712519,
  "summary_wm_mean": 1001.3898348665236,
  "summary_wm_median": 1000.0412872359157,
  "summary_wm_n": 234035.0,
  "summary_wm_p05": 945.9091736599803,
  "summary_wm_p95": 1061.4350258037448,
  "summary_wm_stdv": 35.48465309215188,
  "tpm_overlap_csf": 0.14940305610275786,
  "tpm_overlap_gm": 0.4731871183826622,
  "tpm_overlap_wm": 0.49800455564355617,
  "wm2max": 0.41425589592335116
}