{
  "aor": 0.00032682481751824817,
  "aqi": 0.021332060218978103,
  "bids_meta": {
    "AcquisitionMatrixPE": 100,
    "AcquisitionNumber": 1,
    "AcquisitionTime": "18:39:35.227500",
    "BandwidthPerPixelPhaseEncode": 13.889,
    "BaseResolution": 100,
    "ConversionSoftware": "dcm2niix",
    "ConversionSoftwareVersion": "v1.0.20180404 Clang8.0.0",
    "DerivedVendorReportedEchoSpacing": 0.000719994,
    "DeviceSerialNumber": "35002",
    "DwellTime": 2.8e-06,
    "EchoTime": 0.0436,
    "EffectiveEchoSpacing": 0.000719994,
    "FlipAngle": 55,
    "ImageComments": "Unaliased_MB8_PE3_(remote)",
    "ImageOrientationPatientDICOM": [
      1,
      2e-16,
      0,
      -2e-16,
      0.873772,
      0.486335
    ],
    "ImageType": [
      "ORIGINAL",
      "PRIMARY",
      "M",
      "MB",
      "ND",
      "MOSAIC"
    ],
    "InPlanePhaseEncodingDirectionDICOM": "COL",
    "InstitutionAddress": "University_Pkwy_1700_North_685_Provo_UT_US_84601",
    "InstitutionName": "Brigham_Young_University",
    "InstitutionalDepartmentName": "MRI",
    "MRAcquisitionType": "2D",
    "MagneticFieldStrength": 3,
    "Manufacturer": "Siemens",
    "ManufacturersModelName": "TrioTim",
    "Modality": "MR",
    "MultibandAccelerationFactor": 8,
    "PartialFourier": 1,
    "PatientPosition": "HFS",
    "PercentPhaseFOV": 100,
    "PhaseEncodingDirection": "j-",
    "PhaseEncodingSteps": 100,
    "PhaseResolution": 1,
    "PixelBandwidth": 1786,
    "ProcedureStepDescription": "Research_KIRWAN",
    "ProtocolName": "Resting_State",
    "PulseSequenceDetails": "%CustomerSeq%_cmrr_mbep2d_bold",
    "ReceiveCoilName": "32Ch_Head",
    "ReconMatrixPE": 100,
    "RepetitionTime": 0.875,
    "SAR": 0.127545,
    "ScanOptions": "FS",
    "ScanningSequence": "EP",
    "SequenceName": "epfid2d1_100",
    "SequenceVariant": "SK_SS",
    "SeriesDescription": "Resting_State",
    "SeriesNumber": 3,
    "ShimSetting": [
      -2844,
      -22894,
      2465,
      752,
      -102,
      644,
      134,
      339
    ],
    "SliceThickness": 1.8,
    "SliceTiming": [
      0,
      0.4875,
      0.0975,
      0.585,
      0.195,
      0.6825,
      0.2925,
      0.78,
      0.39,
      0,
      0.4875,
      0.0975,
      0.585,
      0.195,
      0.6825,
      0.2925,
      0.78,
      0.39,
      0,
      0.4875,
      0.0975,
      0.585,
      0.195,
      0.6825,
      0.2925,
      0.78,
      0.39,
      0,
      0.4875,
      0.0975,
      0.585,
      0.195,
      0.6825,
      0.2925,
      0.78,
      0.39,
      0,
      0.4875,
      0.0975,
      0.585,
      0.195,
      0.6825,
      0.2925,
      0.78,
      0.39,
      0,
      0.4875,
      0.0975,
      0.585,
      0.195,
      0.6825,
      0.2925,
      0.78,
      0.39,
      0,
      0.4875,
      0.0975,
      0.585,
      0.195,
      0.6825,
      0.2925,
      0.78,
      0.39,
      0,
      0.4875,
      0.0975,
      0.585,
      0.195,
      0.6825,
      0.2925,
      0.78,
      0.39
    ],
    "SoftwareVersions": "syngo_MR_B17",
    "SpacingBetweenSlices": 1.8,
    "StationName": "MININT-E41B04",
    "TaskName": "rest",
    "TotalReadoutTime": 0.0712794,
    "TxRefAmp": 407.229,
    "dataset": "ds001747",
    "modality": "bold",
    "run_id": 1,
    "subject_id": "3952",
    "task_id": "rest"
  },
  "dummy_trs": 1,
  "dvars_nstd": 64.9437789684531,
  "dvars_std": 1.0198280527527408,
  "dvars_vstd": 0.9855659424725938,
  "efc": 0.5563096972888919,
  "fber": 393.56640625,
  "fd_mean": 0.12377652915936975,
  "fd_num": 58,
  "fd_perc": 7.0559610705596105,
  "fwhm_avg": 3.042412979412033,
  "fwhm_x": 2.866161187038453,
  "fwhm_y": 3.3553000888850977,
  "fwhm_z": 2.905777662312548,
  "gcor": 0.00483941,
  "gsr_x": -0.009230384603142738,
  "gsr_y": 0.09728366881608963,
  "provenance": {
    "md5sum": "898f6d187ae4728d89c0e98e1a1957ff",
    "settings": {
      "fd_thres": 0.2,
      "testing": false
    },
    "software": "mriqc",
    "version": "22.0.1",
    "webapi_port": null,
    "webapi_url": "https://mriqc.nimh.nih.gov/api/v1"
  },
  "size_t": 822,
  "size_x": 100,
  "size_y": 100,
  "size_z": 72,
  "snr": 2.4291288703368394,
  "spacing_tr": 0.875,
  "spacing_x": 1.7999999523162842,
  "spacing_y": 1.7999999523162842,
  "spacing_z": 1.8000000715255737,
  "summary_bg_k": 32.44783697994834,
  "summary_bg_mad": 9.97419647100205,
  "summary_bg_mean": 34.38013458251953,
  "summary_bg_median": 17.81508445739746,
  "summary_bg_n": 463496.0,
  "summary_bg_p05": 10.265206336975098,
  "summary_bg_p95": 113.53041458129883,
  "summary_bg_stdv": 49.26784896850586,
  "summary_fg_k": 3.265319222137922,
  "summary_fg_mad": 108.50953345689484,
  "summary_fg_mean": 392.75958251953125,
  "summary_fg_median": 360.01641845703125,
  "summary_fg_n": 157520.0,
  "summary_fg_p05": 219.97560195922853,
  "summary_fg_p95": 690.2999206542964,
  "summary_fg_stdv": 148.2075653076172,
  "tsnr": 19.188619265099987
}