{
  "bids_meta": {
    "AcquisitionMatrixPE": 215,
    "AcquisitionNumber": 1,
    "AcquisitionTime": "10:01:52.820000",
    "BaseResolution": 256,
    "ConversionSoftware": "dcm2niix",
    "ConversionSoftwareVersion": "v1.0.20180404 Clang8.0.0",
    "DeviceSerialNumber": "35002",
    "DwellTime": 9.8e-06,
    "EchoTime": 0.00226,
    "FlipAngle": 9,
    "ImageOrientationPatientDICOM": [
      -0.104529,
      0.994522,
      0,
      0,
      0,
      -1
    ],
    "ImageType": [
      "ORIGINAL",
      "PRIMARY",
      "M",
      "ND",
      "NORM"
    ],
    "InPlanePhaseEncodingDirectionDICOM": "ROW",
    "InstitutionAddress": "University_Pkwy_1700_North_685_Provo_UT_US_84601",
    "InstitutionName": "Brigham_Young_University",
    "InstitutionalDepartmentName": "MRI",
    "InversionTime": 0.9,
    "MRAcquisitionType": "3D",
    "MagneticFieldStrength": 3,
    "Manufacturer": "Siemens",
    "ManufacturersModelName": "TrioTim",
    "Modality": "MR",
    "ParallelReductionFactorInPlane": 2,
    "PartialFourier": 0.875,
    "PatientPosition": "HFS",
    "PercentPhaseFOV": 87.5,
    "PhaseEncodingSteps": 226,
    "PhaseOversampling": 0.2,
    "PhaseResolution": 0.96,
    "PixelBandwidth": 199,
    "ProcedureStepDescription": "Research_KIRWAN",
    "ProtocolName": "t1_mpr_sag_iso_mprage_fast",
    "PulseSequenceDetails": "%SiemensSeq%_tfl",
    "ReceiveCoilName": "32Ch_Head",
    "ReconMatrixPE": 256,
    "RepetitionTime": 1.9,
    "SAR": 0.125165,
    "ScanOptions": "IR_PFP",
    "ScanningSequence": "GR_IR",
    "SequenceName": "_tfl3d1_ns",
    "SequenceVariant": "SP_MP_OSP",
    "SeriesDescription": "t1_mpr_sag_iso_mprage_fast",
    "SeriesNumber": 6,
    "ShimSetting": [
      -2830,
      -22913,
      1923,
      -81,
      -87,
      -38,
      -253,
      388
    ],
    "SliceThickness": 1,
    "SoftwareVersions": "syngo_MR_B17",
    "StationName": "MININT-E41B04",
    "TxRefAmp": 382.953,
    "dataset": "ds001747",
    "modality": "T1w",
    "run_id": 1,
    "subject_id": "3912"
  },
  "cjv": 0.3288704718244098,
  "cnr": 4.089392035720124,
  "efc": 0.5844827716419313,
  "fber": -1.0,
  "fwhm_avg": 4.488791229735695,
  "fwhm_x": 4.220134969207085,
  "fwhm_y": 4.7421644800000005,
  "fwhm_z": 4.50407424,
  "icvs_csf": 0.20476480549550388,
  "icvs_gm": 0.4460736976317263,
  "icvs_wm": 0.34916149687276987,
  "inu_med": 0.4208475947380066,
  "inu_range": 0.14395148307085032,
  "provenance": {
    "md5sum": "8e9637e39c7b7eba1068a80115c7094a",
    "settings": {
      "testing": false
    },
    "software": "mriqc",
    "version": "22.0.1",
    "warnings": {
      "large_rot_frame": true,
      "small_air_mask": false
    },
    "webapi_port": null,
    "webapi_url": "https://mriqc.nimh.nih.gov/api/v1"
  },
  "qi_1": 0.0,
  "qi_2": 0.012382453519884656,
  "rpve_csf": 19.067932264154543,
  "rpve_gm": 9.31894300315353,
  "rpve_wm": 13.616372020056486,
  "size_x": 176,
  "size_y": 224,
  "size_z": 256,
  "snr_csf": 3.086003991508361,
  "snr_gm": 14.970142576492991,
  "snr_total": 15.725190001177594,
  "snr_wm": 29.119423435531434,
  "snrd_csf": 53.46926454346252,
  "snrd_gm": 135.65797070322347,
  "snrd_total": 123.25807258669938,
  "snrd_wm": 180.6469825134122,
  "spacing_x": 1.0000011920928955,
  "spacing_y": 0.9765625,
  "spacing_z": 0.9765625,
  "summary_bg_k": 56.20750348125381,
  "summary_bg_mad": 0.0,
  "summary_bg_mean": 1.463283542483488,
  "summary_bg_median": 0.0,
  "summary_bg_n": 2554260.0,
  "summary_bg_p05": 0.0,
  "summary_bg_p95": 7.722007893025875,
  "summary_bg_stdv": 3.6267423094103433,
  "summary_csf_k": 4.947962829145636,
  "summary_csf_mad": 64.19812729075475,
  "summary_csf_mean": 304.6565214982062,
  "summary_csf_median": 295.99827451631427,
  "summary_csf_n": 46235.0,
  "summary_csf_p05": 134.18612500838935,
  "summary_csf_p95": 476.56335627660155,
  "summary_csf_stdv": 95.91532424908371,
  "summary_gm_k": 0.006802402672170249,
  "summary_gm_mad": 51.03751119615003,
  "summary_gm_mean": 748.9961582808929,
  "summary_gm_median": 750.9833096712828,
  "summary_gm_n": 45091.0,
  "summary_gm_p05": 664.3091836944222,
  "summary_gm_p95": 827.5538739189506,
  "summary_gm_stdv": 50.16485169521588,
  "summary_wm_k": 1.5596874326244858,
  "summary_wm_mad": 30.868599538971246,
  "summary_wm_mean": 1001.946567707945,
  "summary_wm_median": 1000.0361062958837,
  "summary_wm_n": 210566.0,
  "summary_wm_p05": 949.8791391402483,
  "summary_wm_p95": 1059.791457094252,
  "summary_wm_stdv": 34.342497675784784,
  "tpm_overlap_csf": 0.16703369467323073,
  "tpm_overlap_gm": 0.45448792684751654,
  "tpm_overlap_wm": 0.4899527081810086,
  "wm2max": 0.5014499555558798
}