{
  "bids_meta": {
    "AcquisitionMatrixPE": 215,
    "AcquisitionNumber": 1,
    "AcquisitionTime": "17:27:4.862500",
    "BaseResolution": 256,
    "ConversionSoftware": "dcm2niix",
    "ConversionSoftwareVersion": "v1.0.20180404 Clang8.0.0",
    "DeviceSerialNumber": "35002",
    "DwellTime": 9.8e-06,
    "EchoTime": 0.00226,
    "FlipAngle": 9,
    "ImageOrientationPatientDICOM": [
      0,
      1,
      0,
      0,
      0,
      -1
    ],
    "ImageType": [
      "ORIGINAL",
      "PRIMARY",
      "M",
      "ND",
      "NORM"
    ],
    "InPlanePhaseEncodingDirectionDICOM": "ROW",
    "InstitutionAddress": "University_Pkwy_1700_North_685_Provo_UT_US_84601",
    "InstitutionName": "Brigham_Young_University",
    "InstitutionalDepartmentName": "MRI",
    "InversionTime": 0.9,
    "MRAcquisitionType": "3D",
    "MagneticFieldStrength": 3,
    "Manufacturer": "Siemens",
    "ManufacturersModelName": "TrioTim",
    "Modality": "MR",
    "ParallelReductionFactorInPlane": 2,
    "PartialFourier": 0.875,
    "PatientPosition": "HFS",
    "PercentPhaseFOV": 87.5,
    "PhaseEncodingSteps": 226,
    "PhaseOversampling": 0.2,
    "PhaseResolution": 0.96,
    "PixelBandwidth": 199,
    "ProcedureStepDescription": "Research_KIRWAN",
    "ProtocolName": "t1_mpr_sag_iso_mprage_fast",
    "PulseSequenceDetails": "%SiemensSeq%_tfl",
    "ReceiveCoilName": "32Ch_Head",
    "ReconMatrixPE": 256,
    "RepetitionTime": 1.9,
    "SAR": 0.131821,
    "ScanOptions": "IR_PFP",
    "ScanningSequence": "GR_IR",
    "SequenceName": "_tfl3d1_ns",
    "SequenceVariant": "SP_MP_OSP",
    "SeriesDescription": "t1_mpr_sag_iso_mprage_fast",
    "SeriesNumber": 6,
    "ShimSetting": [
      -2830,
      -22913,
      1923,
      -81,
      -87,
      -38,
      -253,
      388
    ],
    "SliceThickness": 1,
    "SoftwareVersions": "syngo_MR_B17",
    "StationName": "MININT-E41B04",
    "TxRefAmp": 382.912,
    "dataset": "ds001747",
    "modality": "T1w",
    "run_id": 1,
    "subject_id": "3968"
  },
  "cjv": 0.35333043525133506,
  "cnr": 3.8627030720662727,
  "efc": 0.5961368688882686,
  "fber": -1.0,
  "fwhm_avg": 4.59316592,
  "fwhm_x": 4.33746,
  "fwhm_y": 4.930877440000001,
  "fwhm_z": 4.51116032,
  "icvs_csf": 0.19867862153634064,
  "icvs_gm": 0.4450343338495878,
  "icvs_wm": 0.35628704461407157,
  "inu_med": 0.41872164607048035,
  "inu_range": 0.15276053547859192,
  "provenance": {
    "md5sum": "829c7a4a3da27e6fe73666101112fffa",
    "settings": {
      "testing": false
    },
    "software": "mriqc",
    "version": "22.0.1",
    "warnings": {
      "large_rot_frame": true,
      "small_air_mask": false
    },
    "webapi_port": null,
    "webapi_url": "https://mriqc.nimh.nih.gov/api/v1"
  },
  "qi_1": 0.0,
  "qi_2": 0.011542115902757093,
  "rpve_csf": 19.885186487759228,
  "rpve_gm": 9.500145147614646,
  "rpve_wm": 13.339539859746198,
  "size_x": 176,
  "size_y": 224,
  "size_z": 256,
  "snr_csf": 2.7211709219111193,
  "snr_gm": 15.068625559616374,
  "snr_total": 15.008740349029997,
  "snr_wm": 27.236424565562494,
  "snrd_csf": 37.71933263090422,
  "snrd_gm": 98.59086862135746,
  "snrd_total": 88.7613152288015,
  "snrd_wm": 129.97374443414282,
  "spacing_x": 1.0,
  "spacing_y": 0.9765625,
  "spacing_z": 0.9765625,
  "summary_bg_k": 17.24609112089927,
  "summary_bg_mad": 0.0,
  "summary_bg_mean": 2.020104301112643,
  "summary_bg_median": 0.0,
  "summary_bg_n": 2835401.0,
  "summary_bg_p05": 0.0,
  "summary_bg_p95": 11.706629287451506,
  "summary_bg_stdv": 5.040765862523373,
  "summary_csf_k": 6.436265863877454,
  "summary_csf_mad": 69.84332169439298,
  "summary_csf_mean": 303.03597551121095,
  "summary_csf_median": 290.2209742628038,
  "summary_csf_n": 44278.0,
  "summary_csf_p05": 122.46591686513274,
  "summary_csf_p95": 503.39211154673256,
  "summary_csf_stdv": 106.65177062129524,
  "summary_gm_k": -0.05633150775651652,
  "summary_gm_mad": 51.023264950394875,
  "summary_gm_mean": 756.8841378461381,
  "summary_gm_median": 758.5801749117672,
  "summary_gm_n": 54305.0,
  "summary_gm_p05": 672.0733560808003,
  "summary_gm_p95": 836.624370161444,
  "summary_gm_stdv": 50.34123301007795,
  "summary_wm_k": 0.770216313819367,
  "summary_wm_mad": 34.294325622396556,
  "summary_wm_mean": 1001.1126754862192,
  "summary_wm_median": 1000.0470344312489,
  "summary_wm_n": 230349.0,
  "summary_wm_p05": 943.2064127102494,
  "summary_wm_p95": 1062.6704489327967,
  "summary_wm_stdv": 36.7171858883373,
  "tpm_overlap_csf": 0.16345436684220252,
  "tpm_overlap_gm": 0.47772470086490854,
  "tpm_overlap_wm": 0.5248911145226388,
  "wm2max": 0.41249900091986824
}