{
  "bids_meta": {
    "AcquisitionMatrixPE": 215,
    "AcquisitionNumber": 1,
    "AcquisitionTime": "13:18:57.482500",
    "BaseResolution": 256,
    "ConversionSoftware": "dcm2niix",
    "ConversionSoftwareVersion": "v1.0.20180404 Clang8.0.0",
    "DeviceSerialNumber": "35002",
    "DwellTime": 9.8e-06,
    "EchoTime": 0.00226,
    "FlipAngle": 9,
    "ImageOrientationPatientDICOM": [
      -0.0941083,
      0.995562,
      2.54966e-08,
      -0.114427,
      -0.0108165,
      -0.993373
    ],
    "ImageType": [
      "ORIGINAL",
      "PRIMARY",
      "M",
      "ND",
      "NORM"
    ],
    "InPlanePhaseEncodingDirectionDICOM": "ROW",
    "InstitutionAddress": "University_Pkwy_1700_North_685_Provo_UT_US_84601",
    "InstitutionName": "Brigham_Young_University",
    "InstitutionalDepartmentName": "MRI",
    "InversionTime": 0.9,
    "MRAcquisitionType": "3D",
    "MagneticFieldStrength": 3,
    "Manufacturer": "Siemens",
    "ManufacturersModelName": "TrioTim",
    "Modality": "MR",
    "ParallelReductionFactorInPlane": 2,
    "PartialFourier": 0.875,
    "PatientPosition": "HFS",
    "PercentPhaseFOV": 87.5,
    "PhaseEncodingSteps": 226,
    "PhaseOversampling": 0.2,
    "PhaseResolution": 0.96,
    "PixelBandwidth": 199,
    "ProcedureStepDescription": "Research_KIRWAN",
    "ProtocolName": "t1_mpr_sag_iso_mprage_fast",
    "PulseSequenceDetails": "%SiemensSeq%_tfl",
    "ReceiveCoilName": "32Ch_Head",
    "ReconMatrixPE": 256,
    "RepetitionTime": 1.9,
    "SAR": 0.111322,
    "ScanOptions": "IR_PFP",
    "ScanningSequence": "GR_IR",
    "SequenceName": "_tfl3d1_ns",
    "SequenceVariant": "SP_MP_OSP",
    "SeriesDescription": "t1_mpr_sag_iso_mprage_fast",
    "SeriesNumber": 6,
    "ShimSetting": [
      -2830,
      -22913,
      1923,
      -81,
      -87,
      -38,
      -253,
      388
    ],
    "SliceThickness": 1,
    "SoftwareVersions": "syngo_MR_B17",
    "StationName": "MININT-E41B04",
    "TxRefAmp": 384.427,
    "dataset": "ds001747",
    "modality": "T1w",
    "run_id": 1,
    "subject_id": "3913"
  },
  "cjv": 0.2980932357114694,
  "cnr": 4.567697148926639,
  "efc": 0.5730500377788882,
  "fber": -1.0,
  "fwhm_avg": 4.5420269248753025,
  "fwhm_x": 4.289914374625908,
  "fwhm_y": 4.7990784,
  "fwhm_z": 4.537088,
  "icvs_csf": 0.16362887401924928,
  "icvs_gm": 0.49490059772807377,
  "icvs_wm": 0.341470528252677,
  "inu_med": 0.4121090769767761,
  "inu_range": 0.15196172297000882,
  "provenance": {
    "md5sum": "c21dd55076c15dcbf1ec48f72c9098e6",
    "settings": {
      "testing": false
    },
    "software": "mriqc",
    "version": "22.0.1",
    "warnings": {
      "large_rot_frame": true,
      "small_air_mask": false
    },
    "webapi_port": null,
    "webapi_url": "https://mriqc.nimh.nih.gov/api/v1"
  },
  "qi_1": 0.0,
  "qi_2": 0.0055843850348745805,
  "rpve_csf": 28.460333362660318,
  "rpve_gm": 10.852528192546062,
  "rpve_wm": 16.766837929175026,
  "size_x": 176,
  "size_y": 224,
  "size_z": 256,
  "snr_csf": 2.346795657114531,
  "snr_gm": 15.427039221821367,
  "snr_total": 14.83614677541558,
  "snr_wm": 26.734605447310845,
  "snrd_csf": 37.61829081358206,
  "snrd_gm": 89.52386413939686,
  "snrd_total": 83.5604929987346,
  "snrd_wm": 123.53932404322488,
  "spacing_x": 1.000001311302185,
  "spacing_y": 0.9765625,
  "spacing_z": 0.9765625,
  "summary_bg_k": 22.850988556824568,
  "summary_bg_mad": 0.0,
  "summary_bg_mean": 2.042951429155322,
  "summary_bg_median": 0.0,
  "summary_bg_n": 2516552.0,
  "summary_bg_p05": 0.0,
  "summary_bg_p95": 11.501597106456757,
  "summary_bg_stdv": 5.3033014960381415,
  "summary_csf_k": -0.05038151319369488,
  "summary_csf_mad": 106.71216932673674,
  "summary_csf_mean": 292.47879525971064,
  "summary_csf_median": 304.5184757709503,
  "summary_csf_n": 17560.0,
  "summary_csf_p05": 54.17160954624415,
  "summary_csf_p95": 501.91691817343235,
  "summary_csf_stdv": 129.75556858771554,
  "summary_gm_k": 0.019030120976216924,
  "summary_gm_mad": 47.29981379796384,
  "summary_gm_mean": 724.0159651681462,
  "summary_gm_median": 724.6919002234936,
  "summary_gm_n": 77104.0,
  "summary_gm_p05": 646.0063708126545,
  "summary_gm_p95": 799.7261289656162,
  "summary_gm_stdv": 46.975131802279726,
  "summary_wm_k": 0.5085489372901093,
  "summary_wm_mad": 34.781265081764545,
  "summary_wm_mean": 1000.6704404335248,
  "summary_wm_median": 1000.0456119030714,
  "summary_wm_n": 177035.0,
  "summary_wm_p05": 940.0273571610451,
  "summary_wm_p95": 1063.7151673138142,
  "summary_wm_stdv": 37.406304328705666,
  "tpm_overlap_csf": 0.13030532092287103,
  "tpm_overlap_gm": 0.4974542724457863,
  "tpm_overlap_wm": 0.5187855902297314,
  "wm2max": 0.424337965910552
}