{
  "aor": 0.0002791484184914842,
  "aqi": 0.025915579562043798,
  "bids_meta": {
    "AcquisitionMatrixPE": 100,
    "AcquisitionNumber": 1,
    "AcquisitionTime": "11:27:30.745000",
    "BandwidthPerPixelPhaseEncode": 13.889,
    "BaseResolution": 100,
    "ConversionSoftware": "dcm2niix",
    "ConversionSoftwareVersion": "v1.0.20180404 Clang8.0.0",
    "DerivedVendorReportedEchoSpacing": 0.000719994,
    "DeviceSerialNumber": "35002",
    "DwellTime": 2.8e-06,
    "EchoTime": 0.0436,
    "EffectiveEchoSpacing": 0.000719994,
    "FlipAngle": 55,
    "ImageComments": "Unaliased_MB8_PE3_(remote)",
    "ImageOrientationPatientDICOM": [
      1,
      0,
      0,
      0,
      0.998441,
      -0.0558215
    ],
    "ImageType": [
      "ORIGINAL",
      "PRIMARY",
      "M",
      "MB",
      "ND",
      "MOSAIC"
    ],
    "InPlanePhaseEncodingDirectionDICOM": "COL",
    "InstitutionAddress": "University_Pkwy_1700_North_685_Provo_UT_US_84601",
    "InstitutionName": "Brigham_Young_University",
    "InstitutionalDepartmentName": "MRI",
    "MRAcquisitionType": "2D",
    "MagneticFieldStrength": 3,
    "Manufacturer": "Siemens",
    "ManufacturersModelName": "TrioTim",
    "Modality": "MR",
    "MultibandAccelerationFactor": 8,
    "PartialFourier": 1,
    "PatientPosition": "HFS",
    "PercentPhaseFOV": 100,
    "PhaseEncodingDirection": "j-",
    "PhaseEncodingSteps": 100,
    "PhaseResolution": 1,
    "PixelBandwidth": 1786,
    "ProcedureStepDescription": "Research_KIRWAN",
    "ProtocolName": "Resting_State",
    "PulseSequenceDetails": "%CustomerSeq%_cmrr_mbep2d_bold",
    "ReceiveCoilName": "32Ch_Head",
    "ReconMatrixPE": 100,
    "RepetitionTime": 0.875,
    "SAR": 0.117908,
    "ScanOptions": "FS",
    "ScanningSequence": "EP",
    "SequenceName": "epfid2d1_100",
    "SequenceVariant": "SK_SS",
    "SeriesDescription": "Resting_State",
    "SeriesNumber": 3,
    "ShimSetting": [
      -2806,
      -22983,
      2463,
      1104,
      -35,
      247,
      -400,
      354
    ],
    "SliceThickness": 1.8,
    "SliceTiming": [
      0,
      0.4875,
      0.0975,
      0.585,
      0.195,
      0.6825,
      0.2925,
      0.78,
      0.39,
      0,
      0.4875,
      0.0975,
      0.585,
      0.195,
      0.6825,
      0.2925,
      0.78,
      0.39,
      0,
      0.4875,
      0.0975,
      0.585,
      0.195,
      0.6825,
      0.2925,
      0.78,
      0.39,
      0,
      0.4875,
      0.0975,
      0.585,
      0.195,
      0.6825,
      0.2925,
      0.78,
      0.39,
      0,
      0.4875,
      0.0975,
      0.585,
      0.195,
      0.6825,
      0.2925,
      0.78,
      0.39,
      0,
      0.4875,
      0.0975,
      0.585,
      0.195,
      0.6825,
      0.2925,
      0.78,
      0.39,
      0,
      0.4875,
      0.0975,
      0.585,
      0.195,
      0.6825,
      0.2925,
      0.78,
      0.39,
      0,
      0.4875,
      0.0975,
      0.585,
      0.195,
      0.6825,
      0.2925,
      0.78,
      0.39
    ],
    "SoftwareVersions": "syngo_MR_B17",
    "SpacingBetweenSlices": 1.8,
    "StationName": "MININT-E41B04",
    "TaskName": "rest",
    "TotalReadoutTime": 0.0712794,
    "TxRefAmp": 389.842,
    "dataset": "ds001747",
    "modality": "bold",
    "run_id": 1,
    "subject_id": "3880",
    "task_id": "rest"
  },
  "dummy_trs": 1,
  "dvars_nstd": 75.74400640911091,
  "dvars_std": 1.0398284827892808,
  "dvars_vstd": 0.987278688160779,
  "efc": 0.5836368136286484,
  "fber": 513.7142944335938,
  "fd_mean": 0.17379061981843985,
  "fd_num": 297,
  "fd_perc": 36.13138686131387,
  "fwhm_avg": 2.9065445214415795,
  "fwhm_x": 2.8282111860331214,
  "fwhm_y": 3.0761611926015533,
  "fwhm_z": 2.815261185690064,
  "gcor": 0.0027014,
  "gsr_x": -0.011135296896100044,
  "gsr_y": 0.10009593516588211,
  "provenance": {
    "md5sum": "60b51976f609eb67a195fa20975c6689",
    "settings": {
      "fd_thres": 0.2,
      "testing": false
    },
    "software": "mriqc",
    "version": "22.0.1",
    "webapi_port": null,
    "webapi_url": "https://mriqc.nimh.nih.gov/api/v1"
  },
  "size_t": 822,
  "size_x": 100,
  "size_y": 100,
  "size_z": 72,
  "snr": 2.633021008895093,
  "spacing_tr": 0.875,
  "spacing_x": 1.7999999523162842,
  "spacing_y": 1.7999999523162842,
  "spacing_z": 1.7999999523162842,
  "summary_bg_k": 43.063583664535734,
  "summary_bg_mad": 6.725819274637963,
  "summary_bg_mean": 27.702346801757812,
  "summary_bg_median": 15.03649616241455,
  "summary_bg_n": 421318.0,
  "summary_bg_p05": 9.861313819885254,
  "summary_bg_p95": 85.43673706054688,
  "summary_bg_stdv": 37.25762176513672,
  "summary_fg_k": 3.059602337402252,
  "summary_fg_mad": 103.07153058702272,
  "summary_fg_mean": 372.0597229003906,
  "summary_fg_median": 345.71533203125,
  "summary_fg_n": 198498.0,
  "summary_fg_p05": 214.27907028198243,
  "summary_fg_p95": 626.908447265625,
  "summary_fg_stdv": 131.29954528808594,
  "tsnr": 17.289402943337336
}