{
  "aor": 0.00023547445255474455,
  "aqi": 0.0349890296836983,
  "bids_meta": {
    "AcquisitionMatrixPE": 100,
    "AcquisitionNumber": 1,
    "AcquisitionTime": "16:39:27.820000",
    "BandwidthPerPixelPhaseEncode": 13.889,
    "BaseResolution": 100,
    "ConversionSoftware": "dcm2niix",
    "ConversionSoftwareVersion": "v1.0.20180404 Clang8.0.0",
    "DerivedVendorReportedEchoSpacing": 0.000719994,
    "DeviceSerialNumber": "35002",
    "DwellTime": 2.8e-06,
    "EchoTime": 0.0436,
    "EffectiveEchoSpacing": 0.000719994,
    "FlipAngle": 55,
    "ImageComments": "Unaliased_MB8_PE3_(remote)",
    "ImageOrientationPatientDICOM": [
      1,
      0,
      0,
      0,
      0.878817,
      0.477159
    ],
    "ImageType": [
      "ORIGINAL",
      "PRIMARY",
      "M",
      "MB",
      "ND",
      "MOSAIC"
    ],
    "InPlanePhaseEncodingDirectionDICOM": "COL",
    "InstitutionAddress": "University_Pkwy_1700_North_685_Provo_UT_US_84601",
    "InstitutionName": "Brigham_Young_University",
    "InstitutionalDepartmentName": "MRI",
    "MRAcquisitionType": "2D",
    "MagneticFieldStrength": 3,
    "Manufacturer": "Siemens",
    "ManufacturersModelName": "TrioTim",
    "Modality": "MR",
    "MultibandAccelerationFactor": 8,
    "PartialFourier": 1,
    "PatientPosition": "HFS",
    "PercentPhaseFOV": 100,
    "PhaseEncodingDirection": "j-",
    "PhaseEncodingSteps": 100,
    "PhaseResolution": 1,
    "PixelBandwidth": 1786,
    "ProcedureStepDescription": "Research_KIRWAN",
    "ProtocolName": "Resting_State",
    "PulseSequenceDetails": "%CustomerSeq%_cmrr_mbep2d_bold",
    "ReceiveCoilName": "32Ch_Head",
    "ReconMatrixPE": 100,
    "RepetitionTime": 0.875,
    "SAR": 0.119174,
    "ScanOptions": "FS",
    "ScanningSequence": "EP",
    "SequenceName": "epfid2d1_100",
    "SequenceVariant": "SK_SS",
    "SeriesDescription": "Resting_State",
    "SeriesNumber": 3,
    "ShimSetting": [
      -2798,
      -22920,
      2426,
      754,
      3,
      247,
      -214,
      383
    ],
    "SliceThickness": 1.8,
    "SliceTiming": [
      0,
      0.4875,
      0.0975,
      0.585,
      0.195,
      0.6825,
      0.2925,
      0.78,
      0.39,
      0,
      0.4875,
      0.0975,
      0.585,
      0.195,
      0.6825,
      0.2925,
      0.78,
      0.39,
      0,
      0.4875,
      0.0975,
      0.585,
      0.195,
      0.6825,
      0.2925,
      0.78,
      0.39,
      0,
      0.4875,
      0.0975,
      0.585,
      0.195,
      0.6825,
      0.2925,
      0.78,
      0.39,
      0,
      0.4875,
      0.0975,
      0.585,
      0.195,
      0.6825,
      0.2925,
      0.78,
      0.39,
      0,
      0.4875,
      0.0975,
      0.585,
      0.195,
      0.6825,
      0.2925,
      0.78,
      0.39,
      0,
      0.4875,
      0.0975,
      0.585,
      0.195,
      0.6825,
      0.2925,
      0.78,
      0.39,
      0,
      0.4875,
      0.0975,
      0.585,
      0.195,
      0.6825,
      0.2925,
      0.78,
      0.39
    ],
    "SoftwareVersions": "syngo_MR_B17",
    "SpacingBetweenSlices": 1.8,
    "StationName": "MININT-E41B04",
    "TaskName": "rest",
    "TotalReadoutTime": 0.0712794,
    "TxRefAmp": 388.064,
    "dataset": "ds001747",
    "modality": "bold",
    "run_id": 1,
    "subject_id": "3900",
    "task_id": "rest"
  },
  "dummy_trs": 1,
  "dvars_nstd": 77.40832031647986,
  "dvars_std": 1.012049898769792,
  "dvars_vstd": 0.9802017385870889,
  "efc": 0.5773569272645667,
  "fber": 236.7655029296875,
  "fd_mean": 0.10559935475850557,
  "fd_num": 38,
  "fd_perc": 4.622871046228711,
  "fwhm_avg": 3.2177574258486215,
  "fwhm_x": 3.062027858893815,
  "fwhm_y": 3.5652945388924953,
  "fwhm_z": 3.025949879759555,
  "gcor": 0.00612403,
  "gsr_x": 0.022960355505347252,
  "gsr_y": 0.0954817607998848,
  "provenance": {
    "md5sum": "0ad48f9a0f92c0103f5d738c098b0904",
    "settings": {
      "fd_thres": 0.2,
      "testing": false
    },
    "software": "mriqc",
    "version": "22.0.1",
    "webapi_port": null,
    "webapi_url": "https://mriqc.nimh.nih.gov/api/v1"
  },
  "size_t": 822,
  "size_x": 100,
  "size_y": 100,
  "size_z": 72,
  "snr": 1.8857942082160926,
  "spacing_tr": 0.875,
  "spacing_x": 1.7999999523162842,
  "spacing_y": 1.7999999523162842,
  "spacing_z": 1.8000000715255737,
  "summary_bg_k": 40.770964105982046,
  "summary_bg_mad": 13.906159990130234,
  "summary_bg_mean": 42.46039962768555,
  "summary_bg_median": 22.4270076751709,
  "summary_bg_n": 434496.0,
  "summary_bg_p05": 11.35401439666748,
  "summary_bg_p95": 137.14324951171875,
  "summary_bg_stdv": 60.893470764160156,
  "summary_fg_k": 6.291836720403413,
  "summary_fg_mad": 116.74497071292922,
  "summary_fg_mean": 399.4432373046875,
  "summary_fg_median": 348.8612976074219,
  "summary_fg_n": 180685.0,
  "summary_fg_p05": 209.51410827636718,
  "summary_fg_p95": 773.068359375,
  "summary_fg_stdv": 184.9938507080078,
  "tsnr": 14.908539834083058
}