{
  "bids_meta": {
    "AcquisitionMatrixPE": 215,
    "AcquisitionNumber": 1,
    "AcquisitionTime": "16:05:37.805000",
    "BaseResolution": 256,
    "ConversionSoftware": "dcm2niix",
    "ConversionSoftwareVersion": "v1.0.20180404 Clang8.0.0",
    "DeviceSerialNumber": "35002",
    "DwellTime": 9.8e-06,
    "EchoTime": 0.00226,
    "FlipAngle": 9,
    "ImageOrientationPatientDICOM": [
      0.076719,
      0.997053,
      0,
      0,
      -2e-16,
      -1
    ],
    "ImageType": [
      "ORIGINAL",
      "PRIMARY",
      "M",
      "ND",
      "NORM"
    ],
    "InPlanePhaseEncodingDirectionDICOM": "ROW",
    "InstitutionAddress": "University_Pkwy_1700_North_685_Provo_UT_US_84601",
    "InstitutionName": "Brigham_Young_University",
    "InstitutionalDepartmentName": "MRI",
    "InversionTime": 0.9,
    "MRAcquisitionType": "3D",
    "MagneticFieldStrength": 3,
    "Manufacturer": "Siemens",
    "ManufacturersModelName": "TrioTim",
    "Modality": "MR",
    "ParallelReductionFactorInPlane": 2,
    "PartialFourier": 0.875,
    "PatientPosition": "HFS",
    "PercentPhaseFOV": 87.5,
    "PhaseEncodingSteps": 226,
    "PhaseOversampling": 0.2,
    "PhaseResolution": 0.96,
    "PixelBandwidth": 199,
    "ProcedureStepDescription": "Research_KIRWAN",
    "ProtocolName": "t1_mpr_sag_iso_mprage_fast",
    "PulseSequenceDetails": "%SiemensSeq%_tfl",
    "ReceiveCoilName": "32Ch_Head",
    "ReconMatrixPE": 256,
    "RepetitionTime": 1.9,
    "SAR": 0.108381,
    "ScanOptions": "IR_PFP",
    "ScanningSequence": "GR_IR",
    "SequenceName": "_tfl3d1_ns",
    "SequenceVariant": "SP_MP_OSP",
    "SeriesDescription": "t1_mpr_sag_iso_mprage_fast",
    "SeriesNumber": 6,
    "ShimSetting": [
      -2830,
      -22913,
      1923,
      -81,
      -87,
      -38,
      -253,
      388
    ],
    "SliceThickness": 1,
    "SoftwareVersions": "syngo_MR_B17",
    "StationName": "MININT-E41B04",
    "TxRefAmp": 397.711,
    "dataset": "ds001747",
    "modality": "T1w",
    "run_id": 1,
    "subject_id": "3911"
  },
  "cjv": 0.3260932751299053,
  "cnr": 4.092507214153363,
  "efc": 0.5655839863303828,
  "fber": -1.0,
  "fwhm_avg": 4.209418933289769,
  "fwhm_x": 3.9807508798693076,
  "fwhm_y": 4.40423424,
  "fwhm_z": 4.243271679999999,
  "icvs_csf": 0.16222591207898351,
  "icvs_gm": 0.4788700049655976,
  "icvs_wm": 0.35890408295541887,
  "inu_med": 0.4126479923725128,
  "inu_range": 0.13074792027473447,
  "provenance": {
    "md5sum": "f0ec736403e9d03b27d4c4d687509524",
    "settings": {
      "testing": false
    },
    "software": "mriqc",
    "version": "22.0.1",
    "warnings": {
      "large_rot_frame": true,
      "small_air_mask": false
    },
    "webapi_port": null,
    "webapi_url": "https://mriqc.nimh.nih.gov/api/v1"
  },
  "qi_1": 0.0,
  "qi_2": 0.012921901365586179,
  "rpve_csf": 22.391105622411793,
  "rpve_gm": 8.723035226055584,
  "rpve_wm": 12.738182727222869,
  "size_x": 176,
  "size_y": 224,
  "size_z": 256,
  "snr_csf": 2.1797299509300707,
  "snr_gm": 17.591473821276917,
  "snr_total": 15.588992925648109,
  "snr_wm": 26.995775004737336,
  "snrd_csf": 59.885346146424176,
  "snrd_gm": 145.25600816346434,
  "snrd_total": 131.61739240087311,
  "snrd_wm": 189.71082289273085,
  "spacing_x": 0.9999947547912598,
  "spacing_y": 0.9765625,
  "spacing_z": 0.9765625,
  "summary_bg_k": 12.814444628478173,
  "summary_bg_mad": 0.0,
  "summary_bg_mean": 1.4276480221888843,
  "summary_bg_median": 0.0,
  "summary_bg_n": 2767455.0,
  "summary_bg_p05": 0.0,
  "summary_bg_p95": 7.971286982297897,
  "summary_bg_stdv": 3.453486507068133,
  "summary_csf_k": 27.969616914571436,
  "summary_csf_mad": 95.78349496929799,
  "summary_csf_mean": 330.8843187042729,
  "summary_csf_median": 315.67965829372406,
  "summary_csf_n": 22653.0,
  "summary_csf_p05": 100.52168495059014,
  "summary_csf_p95": 559.1169199049473,
  "summary_csf_stdv": 144.82192638548196,
  "summary_gm_k": 0.1462583603354326,
  "summary_gm_mad": 43.31294992151718,
  "summary_gm_mean": 763.9033793629641,
  "summary_gm_median": 765.7026296555996,
  "summary_gm_n": 62199.0,
  "summary_gm_p05": 690.2049430012703,
  "summary_gm_p95": 831.9811681717633,
  "summary_gm_stdv": 43.52656759435105,
  "summary_wm_k": 1.0242561776658974,
  "summary_wm_mad": 33.10346886858813,
  "summary_wm_mean": 1002.9913788302729,
  "summary_wm_median": 1000.0417731404305,
  "summary_wm_n": 221303.0,
  "summary_wm_p05": 947.414585262537,
  "summary_wm_p95": 1068.5698004961014,
  "summary_wm_stdv": 37.04429724733678,
  "tpm_overlap_csf": 0.1535754673674103,
  "tpm_overlap_gm": 0.47323467272630165,
  "tpm_overlap_wm": 0.4940484178626874,
  "wm2max": 0.42406866648969116
}