{
  "bids_meta": {
    "AcquisitionMatrixPE": 215,
    "AcquisitionNumber": 1,
    "AcquisitionTime": "12:10:42.117500",
    "BaseResolution": 256,
    "ConversionSoftware": "dcm2niix",
    "ConversionSoftwareVersion": "v1.0.20180404 Clang8.0.0",
    "DeviceSerialNumber": "35002",
    "DwellTime": 9.8e-06,
    "EchoTime": 0.00226,
    "FlipAngle": 9,
    "ImageOrientationPatientDICOM": [
      0,
      1,
      0,
      -0.0680153,
      0,
      -0.997684
    ],
    "ImageType": [
      "ORIGINAL",
      "PRIMARY",
      "M",
      "ND",
      "NORM"
    ],
    "InPlanePhaseEncodingDirectionDICOM": "ROW",
    "InstitutionAddress": "University_Pkwy_1700_North_685_Provo_UT_US_84601",
    "InstitutionName": "Brigham_Young_University",
    "InstitutionalDepartmentName": "MRI",
    "InversionTime": 0.9,
    "MRAcquisitionType": "3D",
    "MagneticFieldStrength": 3,
    "Manufacturer": "Siemens",
    "ManufacturersModelName": "TrioTim",
    "Modality": "MR",
    "ParallelReductionFactorInPlane": 2,
    "PartialFourier": 0.875,
    "PatientPosition": "HFS",
    "PercentPhaseFOV": 87.5,
    "PhaseEncodingSteps": 226,
    "PhaseOversampling": 0.2,
    "PhaseResolution": 0.96,
    "PixelBandwidth": 199,
    "ProcedureStepDescription": "Research_KIRWAN",
    "ProtocolName": "t1_mpr_sag_iso_mprage_fast",
    "PulseSequenceDetails": "%SiemensSeq%_tfl",
    "ReceiveCoilName": "32Ch_Head",
    "ReconMatrixPE": 256,
    "RepetitionTime": 1.9,
    "SAR": 0.102208,
    "ScanOptions": "IR_PFP",
    "ScanningSequence": "GR_IR",
    "SequenceName": "_tfl3d1_ns",
    "SequenceVariant": "SP_MP_OSP",
    "SeriesDescription": "t1_mpr_sag_iso_mprage_fast",
    "SeriesNumber": 6,
    "ShimSetting": [
      -2830,
      -22913,
      1923,
      -81,
      -87,
      -38,
      -253,
      388
    ],
    "SliceThickness": 1,
    "SoftwareVersions": "syngo_MR_B17",
    "StationName": "MININT-E41B04",
    "TxRefAmp": 398.763,
    "dataset": "ds001747",
    "modality": "T1w",
    "run_id": 1,
    "subject_id": "3901"
  },
  "cjv": 0.3332570426395516,
  "cnr": 4.120097088005082,
  "efc": 0.5931571991714997,
  "fber": -1.0,
  "fwhm_avg": 4.405848622711715,
  "fwhm_x": 4.244090774468251,
  "fwhm_y": 4.60985344,
  "fwhm_z": 4.363601653666891,
  "icvs_csf": 0.16928046742588848,
  "icvs_gm": 0.4718540907924258,
  "icvs_wm": 0.3588654417816857,
  "inu_med": 0.37847578525543213,
  "inu_range": 0.12111925780773164,
  "provenance": {
    "md5sum": "9e2acb9d7021d41e21b247d43b62751a",
    "settings": {
      "testing": false
    },
    "software": "mriqc",
    "version": "22.0.1",
    "warnings": {
      "large_rot_frame": true,
      "small_air_mask": false
    },
    "webapi_port": null,
    "webapi_url": "https://mriqc.nimh.nih.gov/api/v1"
  },
  "qi_1": 0.0,
  "qi_2": 0.013028391640416198,
  "rpve_csf": 21.46768675014104,
  "rpve_gm": 8.792469969563717,
  "rpve_wm": 12.812619921942591,
  "size_x": 176,
  "size_y": 224,
  "size_z": 256,
  "snr_csf": 2.790225212973505,
  "snr_gm": 16.144135733700576,
  "snr_total": 15.822499215479985,
  "snr_wm": 28.533136699765873,
  "snrd_csf": 57.30797408698782,
  "snrd_gm": 141.00091965704306,
  "snrd_total": 128.09717125596902,
  "snrd_wm": 185.9826200238762,
  "spacing_x": 1.000004529953003,
  "spacing_y": 0.9765625,
  "spacing_z": 0.9765625596046448,
  "summary_bg_k": 25.085990958914383,
  "summary_bg_mad": 0.0,
  "summary_bg_mean": 1.4987960309409838,
  "summary_bg_median": 0.0,
  "summary_bg_n": 2137186.0,
  "summary_bg_p05": 0.0,
  "summary_bg_p95": 7.501751512289047,
  "summary_bg_stdv": 3.5227129286857934,
  "summary_csf_k": 3.8231922061593995,
  "summary_csf_mad": 73.76038964725592,
  "summary_csf_mean": 321.5421012730643,
  "summary_csf_median": 308.14886981248856,
  "summary_csf_n": 31542.0,
  "summary_csf_p05": 136.47623266354205,
  "summary_csf_p95": 529.2856657654047,
  "summary_csf_stdv": 110.43695813588837,
  "summary_gm_k": 0.033238903189544367,
  "summary_gm_mad": 46.74954273417629,
  "summary_gm_mean": 757.0508668785152,
  "summary_gm_median": 758.171523720026,
  "summary_gm_n": 77814.0,
  "summary_gm_p05": 678.3314540535212,
  "summary_gm_p95": 832.5851890645918,
  "summary_gm_stdv": 46.96235614711393,
  "summary_wm_k": 0.3638480774466908,
  "summary_wm_mad": 33.85522441141655,
  "summary_wm_mean": 1001.4129064456064,
  "summary_wm_median": 1000.0411823689938,
  "summary_wm_n": 248129.0,
  "summary_wm_p05": 946.5396798253059,
  "summary_wm_p95": 1061.1680916696787,
  "summary_wm_stdv": 35.04834318518224,
  "tpm_overlap_csf": 0.1514450595425364,
  "tpm_overlap_gm": 0.4684068887423031,
  "tpm_overlap_wm": 0.49471057339634655,
  "wm2max": 0.43892682481786743
}